{
  "aor": 0.0010031034482758622,
  "aqi": 0.0033161377931034478,
  "bids_meta": {
    "CogAtlasID": "trm_4c8a834779883",
    "EPIFactor": 39,
    "EchoTime": 0.035,
    "FlipAngle": 75.0,
    "MagneticFieldStrength": 3.0,
    "Manufacturer": "Philips",
    "ManufacturerModelName": "Achieva",
    "NumberOfEchoes": 1,
    "NumberOfSlices": 30,
    "PatientPosition": "Head First Supine",
    "PhaseEncodingDirection": "i",
    "PixelBandwidth": 3738.1578119999995,
    "PreparationDirection": "Anterior-Posterior",
    "RepetitionTime": 1.67123,
    "ScanDuration": 247.0,
    "ScanMode": "MS",
    "ScanOptions": [
      "FS"
    ],
    "ScanningSequence": "FEEPI",
    "TaskDescription": "Resting state BOLD data were separated in three runs lasting four minutes each.",
    "TaskInstructions": " Subjects were asked to relax while fixating the central point in the middle of a grey-background screen that was projected on a LCD screen and viewed through a mirror placed above the subject head.",
    "TaskName": "Resting State",
    "dataset": "ds000133",
    "modality": "bold",
    "run_id": 2,
    "session_id": "post",
    "subject_id": "02",
    "task_id": "rest"
  },
  "dummy_trs": 0,
  "dvars_nstd": 17.771731561805556,
  "dvars_std": 1.2935869388194439,
  "dvars_vstd": 0.9942906844444442,
  "efc": 0.3691641305786876,
  "fber": 362712.4375,
  "fd_mean": 0.06296680595531069,
  "fd_num": 6,
  "fd_perc": 4.137931034482759,
  "fwhm_avg": 1.8221658333333333,
  "fwhm_x": 1.71923,
  "fwhm_y": 2.033905,
  "fwhm_z": 1.7133625,
  "gcor": 0.034526,
  "gsr_x": -0.020084012299776077,
  "gsr_y": 0.010654234327375889,
  "provenance": {
    "md5sum": "a6392315251f2c0b04468794c956714b",
    "settings": {
      "fd_thres": 0.2,
      "testing": false
    },
    "software": "mriqc",
    "version": "21.0.0rc2",
    "webapi_port": null,
    "webapi_url": "https://mriqc.nimh.nih.gov/api/v1"
  },
  "size_t": 145,
  "size_x": 64,
  "size_y": 64,
  "size_z": 30,
  "snr": 6.154491392903085,
  "spacing_tr": 1.6712340116500854,
  "spacing_x": 4.0,
  "spacing_y": 4.0,
  "spacing_z": 4.0,
  "summary_bg_k": 233.53456551268704,
  "summary_bg_mad": 3394.92250051294,
  "summary_bg_mean": 18932.935546875,
  "summary_bg_median": 2347.803466796875,
  "summary_bg_n": 84482.0,
  "summary_bg_p05": 12.243689632415773,
  "summary_bg_p95": 87179.05585937493,
  "summary_bg_stdv": 62160.5078125,
  "summary_fg_k": 1.135904671784325,
  "summary_fg_mad": 217186.2136636083,
  "summary_fg_mean": 1437117.125,
  "summary_fg_median": 1423853.5,
  "summary_fg_n": 13246.0,
  "summary_fg_p05": 1087873.65625,
  "summary_fg_p95": 1817772.625,
  "summary_fg_stdv": 231343.203125,
  "tsnr": 94.6706314086914
}