{
  "aor": 0.0033113103448275862,
  "aqi": 0.007047792896551724,
  "bids_meta": {
    "CogAtlasID": "trm_4c8a834779883",
    "EPIFactor": 39,
    "EchoTime": 0.035,
    "FlipAngle": 75.0,
    "MagneticFieldStrength": 3.0,
    "Manufacturer": "Philips",
    "ManufacturerModelName": "Achieva",
    "NumberOfEchoes": 1,
    "NumberOfSlices": 30,
    "PatientPosition": "Head First Supine",
    "PhaseEncodingDirection": "i",
    "PixelBandwidth": 3725.996964,
    "PreparationDirection": "Anterior-Posterior",
    "RepetitionTime": 1.67032,
    "ScanDuration": 247.0,
    "ScanMode": "MS",
    "ScanOptions": [
      "FS"
    ],
    "ScanningSequence": "FEEPI",
    "TaskDescription": "Resting state BOLD data were separated in three runs lasting four minutes each.",
    "TaskInstructions": " Subjects were asked to relax while fixating the central point in the middle of a grey-background screen that was projected on a LCD screen and viewed through a mirror placed above the subject head.",
    "TaskName": "Resting State",
    "dataset": "ds000133",
    "modality": "bold",
    "run_id": 3,
    "session_id": "pre",
    "subject_id": "13",
    "task_id": "rest"
  },
  "dummy_trs": 0,
  "dvars_nstd": 16.692070338333334,
  "dvars_std": 1.0751692822916672,
  "dvars_vstd": 0.9804083331944451,
  "efc": 0.3932077974621491,
  "fber": 268001.625,
  "fd_mean": 0.21145435720607425,
  "fd_num": 57,
  "fd_perc": 39.310344827586206,
  "fwhm_avg": 1.8318283333333332,
  "fwhm_x": 1.7478425,
  "fwhm_y": 2.0322175,
  "fwhm_z": 1.715425,
  "gcor": 0.0477935,
  "gsr_x": -0.0071644471026957035,
  "gsr_y": 0.011882960796356201,
  "provenance": {
    "md5sum": "4926245ac20f2e1041533a4cd6934a9f",
    "settings": {
      "fd_thres": 0.2,
      "testing": false
    },
    "software": "mriqc",
    "version": "21.0.0rc2",
    "webapi_port": null,
    "webapi_url": "https://mriqc.nimh.nih.gov/api/v1"
  },
  "size_t": 145,
  "size_x": 64,
  "size_y": 64,
  "size_z": 30,
  "snr": 5.982489061454268,
  "spacing_tr": 1.6703189611434937,
  "spacing_x": 4.0,
  "spacing_y": 4.0,
  "spacing_z": 4.0,
  "summary_bg_k": 430.5171184235521,
  "summary_bg_mad": 3417.7776096914145,
  "summary_bg_mean": 14468.587890625,
  "summary_bg_median": 2548.783447265625,
  "summary_bg_n": 81439.0,
  "summary_bg_p05": 75.33753967285156,
  "summary_bg_p95": 54540.944531249945,
  "summary_bg_stdv": 55489.890625,
  "summary_fg_k": 2.763604168984955,
  "summary_fg_mad": 188676.88495340946,
  "summary_fg_mean": 1343895.375,
  "summary_fg_median": 1323697.75,
  "summary_fg_n": 16515.0,
  "summary_fg_p05": 1049409.7875,
  "summary_fg_p95": 1730097.95,
  "summary_fg_stdv": 221255.34375,
  "tsnr": 68.47199249267578
}