{
  "aor": 0.008911724137931034,
  "aqi": 0.00786975503448276,
  "bids_meta": {
    "CogAtlasID": "trm_4c8a834779883",
    "EPIFactor": 39,
    "EchoTime": 0.035,
    "FlipAngle": 75.0,
    "MagneticFieldStrength": 3.0,
    "Manufacturer": "Philips",
    "ManufacturerModelName": "Achieva",
    "NumberOfEchoes": 1,
    "NumberOfSlices": 30,
    "PatientPosition": "Head First Supine",
    "PhaseEncodingDirection": "i",
    "PixelBandwidth": 3732.0773879999997,
    "PreparationDirection": "Anterior-Posterior",
    "RepetitionTime": 1.67075,
    "ScanDuration": 247.0,
    "ScanMode": "MS",
    "ScanOptions": [
      "FS"
    ],
    "ScanningSequence": "FEEPI",
    "TaskDescription": "Resting state BOLD data were separated in three runs lasting four minutes each.",
    "TaskInstructions": " Subjects were asked to relax while fixating the central point in the middle of a grey-background screen that was projected on a LCD screen and viewed through a mirror placed above the subject head.",
    "TaskName": "Resting State",
    "dataset": "ds000133",
    "modality": "bold",
    "run_id": 2,
    "session_id": "pre",
    "subject_id": "20",
    "task_id": "rest"
  },
  "dummy_trs": 0,
  "dvars_nstd": 20.16465721555555,
  "dvars_std": 1.131733544583333,
  "dvars_vstd": 1.0233713103472224,
  "efc": 0.3837089720517298,
  "fber": 252546.234375,
  "fd_mean": 0.332026954881818,
  "fd_num": 86,
  "fd_perc": 59.310344827586206,
  "fwhm_avg": 1.8788475,
  "fwhm_x": 1.804355,
  "fwhm_y": 2.0691275,
  "fwhm_z": 1.76306,
  "gcor": 0.0673499,
  "gsr_x": -0.015114492736756802,
  "gsr_y": 0.008014558814466,
  "provenance": {
    "md5sum": "30a2a41ae7d0d044d41c3e1d72691332",
    "settings": {
      "fd_thres": 0.2,
      "testing": false
    },
    "software": "mriqc",
    "version": "21.0.0rc2",
    "webapi_port": null,
    "webapi_url": "https://mriqc.nimh.nih.gov/api/v1"
  },
  "size_t": 145,
  "size_x": 64,
  "size_y": 64,
  "size_z": 30,
  "snr": 6.062295086405784,
  "spacing_tr": 1.670754075050354,
  "spacing_x": 4.0,
  "spacing_y": 4.0,
  "spacing_z": 4.0,
  "summary_bg_k": 141.88652940857835,
  "summary_bg_mad": 2881.0172173662213,
  "summary_bg_mean": 15113.8642578125,
  "summary_bg_median": 2274.75,
  "summary_bg_n": 83022.0,
  "summary_bg_p05": 84.13059883117675,
  "summary_bg_p95": 71396.30468749999,
  "summary_bg_stdv": 47636.3515625,
  "summary_fg_k": 1.2596361939492038,
  "summary_fg_mad": 178421.16943217427,
  "summary_fg_mean": 1151266.375,
  "summary_fg_median": 1137681.375,
  "summary_fg_n": 14861.0,
  "summary_fg_p05": 872820.375,
  "summary_fg_p95": 1467190.125,
  "summary_fg_stdv": 187658.8125,
  "tsnr": 57.31968688964844
}