{
  "aor": 0.006283034482758621,
  "aqi": 0.005146978275862069,
  "bids_meta": {
    "CogAtlasID": "trm_4c8a834779883",
    "EPIFactor": 39,
    "EchoTime": 0.035,
    "FlipAngle": 75.0,
    "MagneticFieldStrength": 3.0,
    "Manufacturer": "Philips",
    "ManufacturerModelName": "Achieva",
    "NumberOfEchoes": 1,
    "NumberOfSlices": 30,
    "PatientPosition": "Head First Supine",
    "PhaseEncodingDirection": "i",
    "PixelBandwidth": 3732.0773879999997,
    "PreparationDirection": "Anterior-Posterior",
    "RepetitionTime": 1.67075,
    "ScanDuration": 247.0,
    "ScanMode": "MS",
    "ScanOptions": [
      "FS"
    ],
    "ScanningSequence": "FEEPI",
    "TaskDescription": "Resting state BOLD data were separated in three runs lasting four minutes each.",
    "TaskInstructions": " Subjects were asked to relax while fixating the central point in the middle of a grey-background screen that was projected on a LCD screen and viewed through a mirror placed above the subject head.",
    "TaskName": "Resting State",
    "dataset": "ds000133",
    "modality": "bold",
    "run_id": 1,
    "session_id": "pre",
    "subject_id": "20",
    "task_id": "rest"
  },
  "dummy_trs": 0,
  "dvars_nstd": 16.12239962847222,
  "dvars_std": 1.1009313265277774,
  "dvars_vstd": 1.0131852752083335,
  "efc": 0.38275100991815364,
  "fber": 249255.078125,
  "fd_mean": 0.2066180199382146,
  "fd_num": 30,
  "fd_perc": 20.689655172413794,
  "fwhm_avg": 1.8657158333333335,
  "fwhm_x": 1.7819875,
  "fwhm_y": 2.059315,
  "fwhm_z": 1.755845,
  "gcor": 0.0524807,
  "gsr_x": -0.015053918585181236,
  "gsr_y": 0.008222063072025776,
  "provenance": {
    "md5sum": "bb8a1ea7ec7505c0491b8fa21bdeaabd",
    "settings": {
      "fd_thres": 0.2,
      "testing": false
    },
    "software": "mriqc",
    "version": "21.0.0rc2",
    "webapi_port": null,
    "webapi_url": "https://mriqc.nimh.nih.gov/api/v1"
  },
  "size_t": 145,
  "size_x": 64,
  "size_y": 64,
  "size_z": 30,
  "snr": 6.029258689380032,
  "spacing_tr": 1.670754075050354,
  "spacing_x": 4.0,
  "spacing_y": 4.0,
  "spacing_z": 4.0,
  "summary_bg_k": 171.31448807372564,
  "summary_bg_mad": 2882.705912513966,
  "summary_bg_mean": 15165.9873046875,
  "summary_bg_median": 2325.51953125,
  "summary_bg_n": 83120.0,
  "summary_bg_p05": 97.51159172058105,
  "summary_bg_p95": 70682.93750000004,
  "summary_bg_stdv": 49294.90234375,
  "summary_fg_k": 1.271237965129587,
  "summary_fg_mad": 179764.26804818236,
  "summary_fg_mean": 1162298.125,
  "summary_fg_median": 1148036.375,
  "summary_fg_n": 14736.0,
  "summary_fg_p05": 881785.78125,
  "summary_fg_p95": 1482717.75,
  "summary_fg_stdv": 190404.40625,
  "tsnr": 67.90260314941406
}