{
  "aor": 0.005713517241379311,
  "aqi": 0.006443044344827586,
  "bids_meta": {
    "CogAtlasID": "trm_4c8a834779883",
    "EPIFactor": 39,
    "EchoTime": 0.035,
    "FlipAngle": 75.0,
    "MagneticFieldStrength": 3.0,
    "Manufacturer": "Philips",
    "ManufacturerModelName": "Achieva",
    "NumberOfEchoes": 1,
    "NumberOfSlices": 30,
    "PatientPosition": "Head First Supine",
    "PhaseEncodingDirection": "i",
    "PixelBandwidth": 3732.0773879999997,
    "PreparationDirection": "Anterior-Posterior",
    "RepetitionTime": 1.67075,
    "ScanDuration": 247.0,
    "ScanMode": "MS",
    "ScanOptions": [
      "FS"
    ],
    "ScanningSequence": "FEEPI",
    "TaskDescription": "Resting state BOLD data were separated in three runs lasting four minutes each.",
    "TaskInstructions": " Subjects were asked to relax while fixating the central point in the middle of a grey-background screen that was projected on a LCD screen and viewed through a mirror placed above the subject head.",
    "TaskName": "Resting State",
    "dataset": "ds000133",
    "modality": "bold",
    "run_id": 3,
    "session_id": "pre",
    "subject_id": "20",
    "task_id": "rest"
  },
  "dummy_trs": 0,
  "dvars_nstd": 18.401352398611113,
  "dvars_std": 1.1263563546527784,
  "dvars_vstd": 1.0120989438888885,
  "efc": 0.38315130484654264,
  "fber": 228382.234375,
  "fd_mean": 0.26533158072694324,
  "fd_num": 57,
  "fd_perc": 39.310344827586206,
  "fwhm_avg": 1.8594549999999999,
  "fwhm_x": 1.770395,
  "fwhm_y": 2.0516225,
  "fwhm_z": 1.7563475,
  "gcor": 0.0705296,
  "gsr_x": -0.015257188118994236,
  "gsr_y": 0.009264199063181877,
  "provenance": {
    "md5sum": "a6012064c6865eb68c7977f6a8eb7def",
    "settings": {
      "fd_thres": 0.2,
      "testing": false
    },
    "software": "mriqc",
    "version": "21.0.0rc2",
    "webapi_port": null,
    "webapi_url": "https://mriqc.nimh.nih.gov/api/v1"
  },
  "size_t": 145,
  "size_x": 64,
  "size_y": 64,
  "size_z": 30,
  "snr": 6.087364760877345,
  "spacing_tr": 1.670754075050354,
  "spacing_x": 4.0,
  "spacing_y": 4.0,
  "spacing_z": 4.0,
  "summary_bg_k": 165.33699212624992,
  "summary_bg_mad": 2939.2859549539166,
  "summary_bg_mean": 15376.68359375,
  "summary_bg_median": 2415.226806640625,
  "summary_bg_n": 83190.0,
  "summary_bg_p05": 129.46165161132814,
  "summary_bg_p95": 71490.5726562501,
  "summary_bg_stdv": 49355.51171875,
  "summary_fg_k": 1.4258138276741699,
  "summary_fg_mad": 177896.79156001657,
  "summary_fg_mean": 1157453.0,
  "summary_fg_median": 1144875.5,
  "summary_fg_n": 14721.0,
  "summary_fg_p05": 879042.5,
  "summary_fg_p95": 1472148.375,
  "summary_fg_stdv": 188067.6875,
  "tsnr": 61.81492614746094
}