{
  "aor": 0.0007010344827586206,
  "aqi": 0.003019516275862069,
  "bids_meta": {
    "CogAtlasID": "trm_4c8a834779883",
    "EPIFactor": 39,
    "EchoTime": 0.035,
    "FlipAngle": 75.0,
    "MagneticFieldStrength": 3.0,
    "Manufacturer": "Philips",
    "ManufacturerModelName": "Achieva",
    "NumberOfEchoes": 1,
    "NumberOfSlices": 30,
    "PatientPosition": "Head First Supine",
    "PhaseEncodingDirection": "i",
    "PixelBandwidth": 3730.340124,
    "PreparationDirection": "Anterior-Posterior",
    "RepetitionTime": 1.67066,
    "ScanDuration": 247.0,
    "ScanMode": "MS",
    "ScanOptions": [
      "FS"
    ],
    "ScanningSequence": "FEEPI",
    "TaskDescription": "Resting state BOLD data were separated in three runs lasting four minutes each.",
    "TaskInstructions": " Subjects were asked to relax while fixating the central point in the middle of a grey-background screen that was projected on a LCD screen and viewed through a mirror placed above the subject head.",
    "TaskName": "Resting State",
    "dataset": "ds000133",
    "modality": "bold",
    "run_id": 1,
    "session_id": "pre",
    "subject_id": "08",
    "task_id": "rest"
  },
  "dummy_trs": 0,
  "dvars_nstd": 18.772188968402773,
  "dvars_std": 1.3364068993055556,
  "dvars_vstd": 0.9793994414583342,
  "efc": 0.3801731474263117,
  "fber": 339101.21875,
  "fd_mean": 0.1280787120174423,
  "fd_num": 22,
  "fd_perc": 15.172413793103448,
  "fwhm_avg": 1.8775075,
  "fwhm_x": 1.8052925,
  "fwhm_y": 2.0563825,
  "fwhm_z": 1.7708475,
  "gcor": 0.036143,
  "gsr_x": -0.016235407441854477,
  "gsr_y": 0.003915203735232353,
  "provenance": {
    "md5sum": "8071f8da55f62f9ff00e09907d84c283",
    "settings": {
      "fd_thres": 0.2,
      "testing": false
    },
    "software": "mriqc",
    "version": "21.0.0rc2",
    "webapi_port": null,
    "webapi_url": "https://mriqc.nimh.nih.gov/api/v1"
  },
  "size_t": 145,
  "size_x": 64,
  "size_y": 64,
  "size_z": 30,
  "snr": 5.8989785743061285,
  "spacing_tr": 1.670657992362976,
  "spacing_x": 4.0,
  "spacing_y": 4.0,
  "spacing_z": 4.0,
  "summary_bg_k": 148.80333147016972,
  "summary_bg_mad": 3589.5363561718314,
  "summary_bg_mean": 21618.416015625,
  "summary_bg_median": 2525.51318359375,
  "summary_bg_n": 83456.0,
  "summary_bg_p05": 28.764090061187744,
  "summary_bg_p95": 100278.875,
  "summary_bg_stdv": 69773.2734375,
  "summary_fg_k": 1.845776022487204,
  "summary_fg_mad": 222544.8940571195,
  "summary_fg_mean": 1497915.75,
  "summary_fg_median": 1472829.25,
  "summary_fg_n": 14261.0,
  "summary_fg_p05": 1151749.375,
  "summary_fg_p95": 1941581.25,
  "summary_fg_stdv": 249666.546875,
  "tsnr": 94.93838500976562
}