{
  "aor": 0.0011356944444444446,
  "aqi": 0.003285861111111111,
  "bids_meta": {
    "CogAtlasID": "trm_4c8a834779883",
    "EPIFactor": 39,
    "EchoTime": 0.035,
    "FlipAngle": 75.0,
    "MagneticFieldStrength": 3.0,
    "Manufacturer": "Philips",
    "ManufacturerModelName": "Achieva",
    "NumberOfEchoes": 1,
    "NumberOfSlices": 30,
    "PatientPosition": "Head First Supine",
    "PhaseEncodingDirection": "i",
    "PixelBandwidth": 3730.340124,
    "PreparationDirection": "Anterior-Posterior",
    "RepetitionTime": 1.67066,
    "ScanDuration": 247.0,
    "ScanMode": "MS",
    "ScanOptions": [
      "FS"
    ],
    "ScanningSequence": "FEEPI",
    "TaskDescription": "Resting state BOLD data were separated in three runs lasting four minutes each.",
    "TaskInstructions": " Subjects were asked to relax while fixating the central point in the middle of a grey-background screen that was projected on a LCD screen and viewed through a mirror placed above the subject head.",
    "TaskName": "Resting State",
    "dataset": "ds000133",
    "modality": "bold",
    "run_id": 2,
    "session_id": "pre",
    "subject_id": "08",
    "task_id": "rest"
  },
  "dummy_trs": 1,
  "dvars_nstd": 18.72801981433567,
  "dvars_std": 1.3613995913986012,
  "dvars_vstd": 0.9749180477622374,
  "efc": 0.3803166129384683,
  "fber": 284488.375,
  "fd_mean": 0.10133918888427573,
  "fd_num": 10,
  "fd_perc": 6.944444444444445,
  "fwhm_avg": 1.86608,
  "fwhm_x": 1.799245,
  "fwhm_y": 2.0359075,
  "fwhm_z": 1.7630875,
  "gcor": 0.0268106,
  "gsr_x": -0.01621798798441887,
  "gsr_y": 0.004679033067077398,
  "provenance": {
    "md5sum": "adc8a8d657312c2b8d6fd2afcbb933fc",
    "settings": {
      "fd_thres": 0.2,
      "testing": false
    },
    "software": "mriqc",
    "version": "21.0.0rc2",
    "webapi_port": null,
    "webapi_url": "https://mriqc.nimh.nih.gov/api/v1"
  },
  "size_t": 144,
  "size_x": 64,
  "size_y": 64,
  "size_z": 30,
  "snr": 5.929985979770849,
  "spacing_tr": 1.670657992362976,
  "spacing_x": 4.0,
  "spacing_y": 4.0,
  "spacing_z": 4.0,
  "summary_bg_k": 153.30747409123282,
  "summary_bg_mad": 3783.5710675112787,
  "summary_bg_mean": 21811.740234375,
  "summary_bg_median": 2786.732177734375,
  "summary_bg_n": 83453.0,
  "summary_bg_p05": 48.263867950439455,
  "summary_bg_p95": 101528.1781249996,
  "summary_bg_stdv": 68886.75,
  "summary_fg_k": 1.8814125767873167,
  "summary_fg_mad": 224238.0257906529,
  "summary_fg_mean": 1519420.125,
  "summary_fg_median": 1492783.125,
  "summary_fg_n": 14219.0,
  "summary_fg_p05": 1171278.6125,
  "summary_fg_p95": 1966290.4124999996,
  "summary_fg_stdv": 251725.828125,
  "tsnr": 100.04033660888672
}