{
  "aor": 0.0017335416666666667,
  "aqi": 0.0028317788888888888,
  "bids_meta": {
    "CogAtlasID": "trm_4c8a834779883",
    "EPIFactor": 39,
    "EchoTime": 0.035,
    "FlipAngle": 75.0,
    "MagneticFieldStrength": 3.0,
    "Manufacturer": "Philips",
    "ManufacturerModelName": "Achieva",
    "NumberOfEchoes": 1,
    "NumberOfSlices": 30,
    "PatientPosition": "Head First Supine",
    "PhaseEncodingDirection": "i",
    "PixelBandwidth": 3730.340124,
    "PreparationDirection": "Anterior-Posterior",
    "RepetitionTime": 1.67066,
    "ScanDuration": 247.0,
    "ScanMode": "MS",
    "ScanOptions": [
      "FS"
    ],
    "ScanningSequence": "FEEPI",
    "TaskDescription": "Resting state BOLD data were separated in three runs lasting four minutes each.",
    "TaskInstructions": " Subjects were asked to relax while fixating the central point in the middle of a grey-background screen that was projected on a LCD screen and viewed through a mirror placed above the subject head.",
    "TaskName": "Resting State",
    "dataset": "ds000133",
    "modality": "bold",
    "run_id": 3,
    "session_id": "pre",
    "subject_id": "08",
    "task_id": "rest"
  },
  "dummy_trs": 1,
  "dvars_nstd": 18.22284262314686,
  "dvars_std": 1.3492859234265733,
  "dvars_vstd": 0.9894352875524477,
  "efc": 0.38012221538657753,
  "fber": 318328.03125,
  "fd_mean": 0.10355197912644576,
  "fd_num": 15,
  "fd_perc": 10.416666666666666,
  "fwhm_avg": 1.8714250000000001,
  "fwhm_x": 1.8111925,
  "fwhm_y": 2.0313625,
  "fwhm_z": 1.77172,
  "gcor": 0.0153357,
  "gsr_x": -0.016518009826540947,
  "gsr_y": 0.004134760703891516,
  "provenance": {
    "md5sum": "8e2f2c3621a6ac92a05042dc8d231ae2",
    "settings": {
      "fd_thres": 0.2,
      "testing": false
    },
    "software": "mriqc",
    "version": "21.0.0rc2",
    "webapi_port": null,
    "webapi_url": "https://mriqc.nimh.nih.gov/api/v1"
  },
  "size_t": 144,
  "size_x": 64,
  "size_y": 64,
  "size_z": 30,
  "snr": 5.902212991909637,
  "spacing_tr": 1.670657992362976,
  "spacing_x": 4.0,
  "spacing_y": 4.0,
  "spacing_z": 4.0,
  "summary_bg_k": 164.70630426637376,
  "summary_bg_mad": 3643.490404811899,
  "summary_bg_mean": 21289.267578125,
  "summary_bg_median": 2591.416015625,
  "summary_bg_n": 83430.0,
  "summary_bg_p05": 32.10100383758545,
  "summary_bg_p95": 100554.69921875015,
  "summary_bg_stdv": 67329.9921875,
  "summary_fg_k": 1.8370729726504056,
  "summary_fg_mad": 221400.5104697105,
  "summary_fg_mean": 1494760.75,
  "summary_fg_median": 1468389.75,
  "summary_fg_n": 14232.0,
  "summary_fg_p05": 1146768.21875,
  "summary_fg_p95": 1934920.79375,
  "summary_fg_stdv": 248777.5625,
  "tsnr": 99.15950775146484
}