{
  "aor": 0.0012401388888888887,
  "aqi": 0.003223462986111111,
  "bids_meta": {
    "CogAtlasID": "trm_4c8a834779883",
    "EPIFactor": 39,
    "EchoTime": 0.035,
    "FlipAngle": 75.0,
    "MagneticFieldStrength": 3.0,
    "Manufacturer": "Philips",
    "ManufacturerModelName": "Achieva",
    "NumberOfEchoes": 1,
    "NumberOfSlices": 30,
    "PatientPosition": "Head First Supine",
    "PhaseEncodingDirection": "i",
    "PixelBandwidth": 3730.340124,
    "PreparationDirection": "Anterior-Posterior",
    "RepetitionTime": 1.67066,
    "ScanDuration": 247.0,
    "ScanMode": "MS",
    "ScanOptions": [
      "FS"
    ],
    "ScanningSequence": "FEEPI",
    "TaskDescription": "Resting state BOLD data were separated in three runs lasting four minutes each.",
    "TaskInstructions": " Subjects were asked to relax while fixating the central point in the middle of a grey-background screen that was projected on a LCD screen and viewed through a mirror placed above the subject head.",
    "TaskName": "Resting State",
    "dataset": "ds000133",
    "modality": "bold",
    "run_id": 3,
    "session_id": "pre",
    "subject_id": "17",
    "task_id": "rest"
  },
  "dummy_trs": 1,
  "dvars_nstd": 12.767558164125882,
  "dvars_std": 1.0539682979020977,
  "dvars_vstd": 0.9821854561538463,
  "efc": 0.3761264274921717,
  "fber": 261783.015625,
  "fd_mean": 0.0843162291140087,
  "fd_num": 11,
  "fd_perc": 7.638888888888889,
  "fwhm_avg": 1.8548716666666667,
  "fwhm_x": 1.77754,
  "fwhm_y": 2.0465325,
  "fwhm_z": 1.7405425,
  "gcor": 0.0471079,
  "gsr_x": -0.01254762802273035,
  "gsr_y": 0.004144276492297649,
  "provenance": {
    "md5sum": "4931ae8fb1d21606d74c4b9aad6828c3",
    "settings": {
      "fd_thres": 0.2,
      "testing": false
    },
    "software": "mriqc",
    "version": "21.0.0rc2",
    "webapi_port": null,
    "webapi_url": "https://mriqc.nimh.nih.gov/api/v1"
  },
  "size_t": 144,
  "size_x": 64,
  "size_y": 64,
  "size_z": 30,
  "snr": 6.305350409743954,
  "spacing_tr": 1.670657992362976,
  "spacing_x": 4.0,
  "spacing_y": 4.0,
  "spacing_z": 4.0,
  "summary_bg_k": 179.5329905594577,
  "summary_bg_mad": 4076.8848997887903,
  "summary_bg_mean": 20105.783203125,
  "summary_bg_median": 3064.87841796875,
  "summary_bg_n": 83572.0,
  "summary_bg_p05": 67.30242500305177,
  "summary_bg_p95": 89705.89179687494,
  "summary_bg_stdv": 62201.91015625,
  "summary_fg_k": 2.0382756500917782,
  "summary_fg_mad": 222354.93564787347,
  "summary_fg_mean": 1567660.0,
  "summary_fg_median": 1554515.875,
  "summary_fg_n": 14137.0,
  "summary_fg_p05": 1204507.8,
  "summary_fg_p95": 1975832.5499999998,
  "summary_fg_stdv": 246530.453125,
  "tsnr": 94.09860229492188
}