{
  "aor": 0.0016631034482758622,
  "aqi": 0.0041184680689655175,
  "bids_meta": {
    "CogAtlasID": "trm_4c8a834779883",
    "EPIFactor": 39,
    "EchoTime": 0.035,
    "FlipAngle": 75.0,
    "MagneticFieldStrength": 3.0,
    "Manufacturer": "Philips",
    "ManufacturerModelName": "Achieva",
    "NumberOfEchoes": 1,
    "NumberOfSlices": 30,
    "PatientPosition": "Head First Supine",
    "PhaseEncodingDirection": "i",
    "PixelBandwidth": 3729.037176,
    "PreparationDirection": "Anterior-Posterior",
    "RepetitionTime": 1.67079,
    "ScanDuration": 247.0,
    "ScanMode": "MS",
    "ScanOptions": [
      "FS"
    ],
    "ScanningSequence": "FEEPI",
    "TaskDescription": "Resting state BOLD data were separated in three runs lasting four minutes each.",
    "TaskInstructions": " Subjects were asked to relax while fixating the central point in the middle of a grey-background screen that was projected on a LCD screen and viewed through a mirror placed above the subject head.",
    "TaskName": "Resting State",
    "dataset": "ds000133",
    "modality": "bold",
    "run_id": 1,
    "session_id": "pre",
    "subject_id": "26",
    "task_id": "rest"
  },
  "dummy_trs": 0,
  "dvars_nstd": 20.240790618750005,
  "dvars_std": 1.2321450972916663,
  "dvars_vstd": 0.9973275308333336,
  "efc": 0.3735921276434162,
  "fber": 239173.8125,
  "fd_mean": 0.1834116960367608,
  "fd_num": 60,
  "fd_perc": 41.37931034482759,
  "fwhm_avg": 1.8662008333333333,
  "fwhm_x": 1.7935375,
  "fwhm_y": 2.0624575,
  "fwhm_z": 1.7426075,
  "gcor": 0.0435307,
  "gsr_x": -0.01853296533226967,
  "gsr_y": 0.004456695169210434,
  "provenance": {
    "md5sum": "fe9bc73b084f4a6d24bdfe1c5e65047a",
    "settings": {
      "fd_thres": 0.2,
      "testing": false
    },
    "software": "mriqc",
    "version": "21.0.0rc2",
    "webapi_port": null,
    "webapi_url": "https://mriqc.nimh.nih.gov/api/v1"
  },
  "size_t": 145,
  "size_x": 64,
  "size_y": 64,
  "size_z": 30,
  "snr": 6.393281429267939,
  "spacing_tr": 1.6707900762557983,
  "spacing_x": 4.0,
  "spacing_y": 4.0,
  "spacing_z": 4.0,
  "summary_bg_k": 94.30709766068355,
  "summary_bg_mad": 3356.2771042215686,
  "summary_bg_mean": 15300.986328125,
  "summary_bg_median": 2526.831787109375,
  "summary_bg_n": 83851.0,
  "summary_bg_p05": 42.56104850769043,
  "summary_bg_p95": 74981.96484375,
  "summary_bg_stdv": 44268.6953125,
  "summary_fg_k": 1.856914652269924,
  "summary_fg_mad": 174675.5602523972,
  "summary_fg_mean": 1235867.0,
  "summary_fg_median": 1219644.25,
  "summary_fg_n": 13922.0,
  "summary_fg_p05": 964250.521875,
  "summary_fg_p95": 1559461.61875,
  "summary_fg_stdv": 190762.828125,
  "tsnr": 84.73368072509766
}