{
  "aor": 0.0019054482758620688,
  "aqi": 0.003572599862068965,
  "bids_meta": {
    "CogAtlasID": "trm_4c8a834779883",
    "EPIFactor": 39,
    "EchoTime": 0.035,
    "FlipAngle": 75.0,
    "MagneticFieldStrength": 3.0,
    "Manufacturer": "Philips",
    "ManufacturerModelName": "Achieva",
    "NumberOfEchoes": 1,
    "NumberOfSlices": 30,
    "PatientPosition": "Head First Supine",
    "PhaseEncodingDirection": "i",
    "PixelBandwidth": 3729.037176,
    "PreparationDirection": "Anterior-Posterior",
    "RepetitionTime": 1.67079,
    "ScanDuration": 247.0,
    "ScanMode": "MS",
    "ScanOptions": [
      "FS"
    ],
    "ScanningSequence": "FEEPI",
    "TaskDescription": "Resting state BOLD data were separated in three runs lasting four minutes each.",
    "TaskInstructions": " Subjects were asked to relax while fixating the central point in the middle of a grey-background screen that was projected on a LCD screen and viewed through a mirror placed above the subject head.",
    "TaskName": "Resting State",
    "dataset": "ds000133",
    "modality": "bold",
    "run_id": 3,
    "session_id": "pre",
    "subject_id": "26",
    "task_id": "rest"
  },
  "dummy_trs": 0,
  "dvars_nstd": 17.70192380743056,
  "dvars_std": 1.2875013147222223,
  "dvars_vstd": 1.0067985829861117,
  "efc": 0.37393391312825996,
  "fber": 208521.125,
  "fd_mean": 0.11651605565089072,
  "fd_num": 10,
  "fd_perc": 6.896551724137931,
  "fwhm_avg": 1.8707833333333335,
  "fwhm_x": 1.80665,
  "fwhm_y": 2.066165,
  "fwhm_z": 1.739535,
  "gcor": 0.0648758,
  "gsr_x": -0.0183119960129261,
  "gsr_y": 0.005080321338027716,
  "provenance": {
    "md5sum": "62886ad8a36b8c9118bbed91e39a17a8",
    "settings": {
      "fd_thres": 0.2,
      "testing": false
    },
    "software": "mriqc",
    "version": "21.0.0rc2",
    "webapi_port": null,
    "webapi_url": "https://mriqc.nimh.nih.gov/api/v1"
  },
  "size_t": 145,
  "size_x": 64,
  "size_y": 64,
  "size_z": 30,
  "snr": 6.323955984337171,
  "spacing_tr": 1.6707900762557983,
  "spacing_x": 4.0,
  "spacing_y": 4.0,
  "spacing_z": 4.0,
  "summary_bg_k": 90.67025364346522,
  "summary_bg_mad": 3306.920517149218,
  "summary_bg_mean": 15260.13671875,
  "summary_bg_median": 2672.1630859375,
  "summary_bg_n": 83816.0,
  "summary_bg_p05": 85.3498420715332,
  "summary_bg_p95": 74454.794921875,
  "summary_bg_stdv": 43486.4609375,
  "summary_fg_k": 2.026860893154396,
  "summary_fg_mad": 174025.4391795825,
  "summary_fg_mean": 1225533.125,
  "summary_fg_median": 1209874.75,
  "summary_fg_n": 13947.0,
  "summary_fg_p05": 956447.4375,
  "summary_fg_p95": 1548661.45,
  "summary_fg_stdv": 191309.265625,
  "tsnr": 93.43566131591797
}