{
  "aor": 0.0008726896551724137,
  "aqi": 0.0023310815862068964,
  "bids_meta": {
    "CogAtlasID": "trm_4c8a834779883",
    "EPIFactor": 39,
    "EchoTime": 0.035,
    "FlipAngle": 75.0,
    "MagneticFieldStrength": 3.0,
    "Manufacturer": "Philips",
    "ManufacturerModelName": "Achieva",
    "NumberOfEchoes": 1,
    "NumberOfSlices": 30,
    "PatientPosition": "Head First Supine",
    "PhaseEncodingDirection": "i",
    "PixelBandwidth": 3730.340124,
    "PreparationDirection": "Anterior-Posterior",
    "RepetitionTime": 1.67065,
    "ScanDuration": 247.0,
    "ScanMode": "MS",
    "ScanOptions": [
      "FS"
    ],
    "ScanningSequence": "FEEPI",
    "TaskDescription": "Resting state BOLD data were separated in three runs lasting four minutes each.",
    "TaskInstructions": " Subjects were asked to relax while fixating the central point in the middle of a grey-background screen that was projected on a LCD screen and viewed through a mirror placed above the subject head.",
    "TaskName": "Resting State",
    "dataset": "ds000133",
    "modality": "bold",
    "run_id": 3,
    "session_id": "pre",
    "subject_id": "12",
    "task_id": "rest"
  },
  "dummy_trs": 0,
  "dvars_nstd": 12.526615553402783,
  "dvars_std": 1.0861534999999998,
  "dvars_vstd": 0.9926141163194442,
  "efc": 0.361078446406073,
  "fber": 255264.640625,
  "fd_mean": 0.10296049247683275,
  "fd_num": 1,
  "fd_perc": 0.6896551724137931,
  "fwhm_avg": 1.8304166666666666,
  "fwhm_x": 1.7621075,
  "fwhm_y": 2.0166,
  "fwhm_z": 1.7125425,
  "gcor": 0.0340989,
  "gsr_x": -0.01766238547861576,
  "gsr_y": -0.000894113618414849,
  "provenance": {
    "md5sum": "d1c4c99d5fd140209e16d5eba6e1462e",
    "settings": {
      "fd_thres": 0.2,
      "testing": false
    },
    "software": "mriqc",
    "version": "21.0.0rc2",
    "webapi_port": null,
    "webapi_url": "https://mriqc.nimh.nih.gov/api/v1"
  },
  "size_t": 145,
  "size_x": 64,
  "size_y": 64,
  "size_z": 30,
  "snr": 6.5306348255345075,
  "spacing_tr": 1.6706520318984985,
  "spacing_x": 4.0,
  "spacing_y": 4.0,
  "spacing_z": 4.0,
  "summary_bg_k": 50.70189070918136,
  "summary_bg_mad": 3173.652300340116,
  "summary_bg_mean": 20368.55859375,
  "summary_bg_median": 2636.413818359375,
  "summary_bg_n": 86233.0,
  "summary_bg_p05": 119.16145477294923,
  "summary_bg_p95": 111653.52499999992,
  "summary_bg_stdv": 62041.84375,
  "summary_fg_k": 1.5982495710850069,
  "summary_fg_mad": 187598.47716472397,
  "summary_fg_mean": 1346509.875,
  "summary_fg_median": 1336095.0,
  "summary_fg_n": 12406.0,
  "summary_fg_p05": 1037887.953125,
  "summary_fg_p95": 1687615.78125,
  "summary_fg_stdv": 204580.59375,
  "tsnr": 107.68079376220703
}