{
  "aor": 0.0037748965517241375,
  "aqi": 0.005098906068965517,
  "bids_meta": {
    "CogAtlasID": "trm_4c8a834779883",
    "EPIFactor": 39,
    "EchoTime": 0.035,
    "FlipAngle": 75.0,
    "MagneticFieldStrength": 3.0,
    "Manufacturer": "Philips",
    "ManufacturerModelName": "Achieva",
    "NumberOfEchoes": 1,
    "NumberOfSlices": 30,
    "PatientPosition": "Head First Supine",
    "PhaseEncodingDirection": "i",
    "PixelBandwidth": 3740.7637079999995,
    "PreparationDirection": "Anterior-Posterior",
    "RepetitionTime": 1.67149,
    "ScanDuration": 247.0,
    "ScanMode": "MS",
    "ScanOptions": [
      "FS"
    ],
    "ScanningSequence": "FEEPI",
    "TaskDescription": "Resting state BOLD data were separated in three runs lasting four minutes each.",
    "TaskInstructions": " Subjects were asked to relax while fixating the central point in the middle of a grey-background screen that was projected on a LCD screen and viewed through a mirror placed above the subject head.",
    "TaskName": "Resting State",
    "dataset": "ds000133",
    "modality": "bold",
    "run_id": 2,
    "session_id": "pre",
    "subject_id": "16",
    "task_id": "rest"
  },
  "dummy_trs": 0,
  "dvars_nstd": 22.184920012916674,
  "dvars_std": 1.2259798181250006,
  "dvars_vstd": 1.0211693466666665,
  "efc": 0.36850519360021333,
  "fber": 242576.34375,
  "fd_mean": 0.3049051676757637,
  "fd_num": 83,
  "fd_perc": 57.241379310344826,
  "fwhm_avg": 1.8629508333333333,
  "fwhm_x": 1.8040975,
  "fwhm_y": 2.0293475,
  "fwhm_z": 1.7554075,
  "gcor": 0.044125,
  "gsr_x": -0.015711335465312004,
  "gsr_y": 0.002253830200061202,
  "provenance": {
    "md5sum": "3a5eae16e1b34fee3f7aa1a0a14913d6",
    "settings": {
      "fd_thres": 0.2,
      "testing": false
    },
    "software": "mriqc",
    "version": "21.0.0rc2",
    "webapi_port": null,
    "webapi_url": "https://mriqc.nimh.nih.gov/api/v1"
  },
  "size_t": 145,
  "size_x": 64,
  "size_y": 64,
  "size_z": 30,
  "snr": 5.803996639039011,
  "spacing_tr": 1.6714919805526733,
  "spacing_x": 4.0,
  "spacing_y": 4.0,
  "spacing_z": 4.0,
  "summary_bg_k": 87.63464500641231,
  "summary_bg_mad": 3964.1943719713777,
  "summary_bg_mean": 18603.94921875,
  "summary_bg_median": 3040.506103515625,
  "summary_bg_n": 84486.0,
  "summary_bg_p05": 77.19369506835938,
  "summary_bg_p95": 86794.69140625,
  "summary_bg_stdv": 55756.28515625,
  "summary_fg_k": 3.469927169691662,
  "summary_fg_mad": 214758.4525308054,
  "summary_fg_mean": 1525964.375,
  "summary_fg_median": 1494472.25,
  "summary_fg_n": 13739.0,
  "summary_fg_p05": 1185470.8125,
  "summary_fg_p95": 1948502.95,
  "summary_fg_stdv": 257480.828125,
  "tsnr": 72.918212890625
}