{
  "aor": 0.003093241379310345,
  "aqi": 0.005380536689655172,
  "bids_meta": {
    "CogAtlasID": "trm_4c8a834779883",
    "EPIFactor": 39,
    "EchoTime": 0.035,
    "FlipAngle": 75.0,
    "MagneticFieldStrength": 3.0,
    "Manufacturer": "Philips",
    "ManufacturerModelName": "Achieva",
    "NumberOfEchoes": 1,
    "NumberOfSlices": 30,
    "PatientPosition": "Head First Supine",
    "PhaseEncodingDirection": "i",
    "PixelBandwidth": 3740.7637079999995,
    "PreparationDirection": "Anterior-Posterior",
    "RepetitionTime": 1.67149,
    "ScanDuration": 247.0,
    "ScanMode": "MS",
    "ScanOptions": [
      "FS"
    ],
    "ScanningSequence": "FEEPI",
    "TaskDescription": "Resting state BOLD data were separated in three runs lasting four minutes each.",
    "TaskInstructions": " Subjects were asked to relax while fixating the central point in the middle of a grey-background screen that was projected on a LCD screen and viewed through a mirror placed above the subject head.",
    "TaskName": "Resting State",
    "dataset": "ds000133",
    "modality": "bold",
    "run_id": 1,
    "session_id": "pre",
    "subject_id": "16",
    "task_id": "rest"
  },
  "dummy_trs": 0,
  "dvars_nstd": 23.035763853124994,
  "dvars_std": 1.204331851180555,
  "dvars_vstd": 1.0057884779861113,
  "efc": 0.368092031943,
  "fber": 234171.40625,
  "fd_mean": 0.3244827081627015,
  "fd_num": 88,
  "fd_perc": 60.689655172413794,
  "fwhm_avg": 1.8902241666666668,
  "fwhm_x": 1.831355,
  "fwhm_y": 2.055405,
  "fwhm_z": 1.7839125,
  "gcor": 0.0197088,
  "gsr_x": -0.015734026208519936,
  "gsr_y": 0.002696747425943613,
  "provenance": {
    "md5sum": "1fcc75581954accde3461bbb3cdf145d",
    "settings": {
      "fd_thres": 0.2,
      "testing": false
    },
    "software": "mriqc",
    "version": "21.0.0rc2",
    "webapi_port": null,
    "webapi_url": "https://mriqc.nimh.nih.gov/api/v1"
  },
  "size_t": 145,
  "size_x": 64,
  "size_y": 64,
  "size_z": 30,
  "snr": 5.817740032999255,
  "spacing_tr": 1.6714919805526733,
  "spacing_x": 4.0,
  "spacing_y": 4.0,
  "spacing_z": 4.0,
  "summary_bg_k": 79.15453898734795,
  "summary_bg_mad": 4023.500542001337,
  "summary_bg_mean": 18842.953125,
  "summary_bg_median": 3120.2353515625,
  "summary_bg_n": 84537.0,
  "summary_bg_p05": 87.27305908203125,
  "summary_bg_p95": 85946.05781249997,
  "summary_bg_stdv": 56355.08203125,
  "summary_fg_k": 3.4749682609062367,
  "summary_fg_mad": 219785.9566537579,
  "summary_fg_mean": 1547680.25,
  "summary_fg_median": 1517901.75,
  "summary_fg_n": 13661.0,
  "summary_fg_p05": 1202712.125,
  "summary_fg_p95": 1979782.375,
  "summary_fg_stdv": 260899.625,
  "tsnr": 72.58769989013672
}