{
  "aor": 0.00428951724137931,
  "aqi": 0.00802769924137931,
  "bids_meta": {
    "CogAtlasID": "trm_4c8a834779883",
    "EPIFactor": 39,
    "EchoTime": 0.035,
    "FlipAngle": 75.0,
    "MagneticFieldStrength": 3.0,
    "Manufacturer": "Philips",
    "ManufacturerModelName": "Achieva",
    "NumberOfEchoes": 1,
    "NumberOfSlices": 30,
    "PatientPosition": "Head First Supine",
    "PhaseEncodingDirection": "i",
    "PixelBandwidth": 3740.7637079999995,
    "PreparationDirection": "Anterior-Posterior",
    "RepetitionTime": 1.67149,
    "ScanDuration": 247.0,
    "ScanMode": "MS",
    "ScanOptions": [
      "FS"
    ],
    "ScanningSequence": "FEEPI",
    "TaskDescription": "Resting state BOLD data were separated in three runs lasting four minutes each.",
    "TaskInstructions": " Subjects were asked to relax while fixating the central point in the middle of a grey-background screen that was projected on a LCD screen and viewed through a mirror placed above the subject head.",
    "TaskName": "Resting State",
    "dataset": "ds000133",
    "modality": "bold",
    "run_id": 3,
    "session_id": "pre",
    "subject_id": "16",
    "task_id": "rest"
  },
  "dummy_trs": 0,
  "dvars_nstd": 26.181869705833332,
  "dvars_std": 1.1808188895138887,
  "dvars_vstd": 1.0133493774305555,
  "efc": 0.3690148705812636,
  "fber": 242384.21875,
  "fd_mean": 0.3780233065407154,
  "fd_num": 120,
  "fd_perc": 82.75862068965517,
  "fwhm_avg": 1.867955,
  "fwhm_x": 1.806935,
  "fwhm_y": 2.0385125,
  "fwhm_z": 1.7584175,
  "gcor": 0.0334956,
  "gsr_x": -0.01613004319369793,
  "gsr_y": 0.002509291283786297,
  "provenance": {
    "md5sum": "b99b6cea82e0f4cb65cd04d4b8113682",
    "settings": {
      "fd_thres": 0.2,
      "testing": false
    },
    "software": "mriqc",
    "version": "21.0.0rc2",
    "webapi_port": null,
    "webapi_url": "https://mriqc.nimh.nih.gov/api/v1"
  },
  "size_t": 145,
  "size_x": 64,
  "size_y": 64,
  "size_z": 30,
  "snr": 5.846727851540152,
  "spacing_tr": 1.6714919805526733,
  "spacing_x": 4.0,
  "spacing_y": 4.0,
  "spacing_z": 4.0,
  "summary_bg_k": 92.39054337412142,
  "summary_bg_mad": 3812.409169235828,
  "summary_bg_mean": 18685.5859375,
  "summary_bg_median": 2993.692626953125,
  "summary_bg_n": 84501.0,
  "summary_bg_p05": 98.17342376708984,
  "summary_bg_p95": 86938.390625,
  "summary_bg_stdv": 56477.5703125,
  "summary_fg_k": 3.571424124543597,
  "summary_fg_mad": 209306.0902096124,
  "summary_fg_mean": 1508660.75,
  "summary_fg_median": 1478443.75,
  "summary_fg_n": 13728.0,
  "summary_fg_p05": 1175633.55625,
  "summary_fg_p95": 1925566.8375,
  "summary_fg_stdv": 252857.65625,
  "tsnr": 60.98652267456055
}