{
  "aor": 0.0014513103448275863,
  "aqi": 0.002775062206896552,
  "bids_meta": {
    "CogAtlasID": "trm_4c8a834779883",
    "EPIFactor": 39,
    "EchoTime": 0.035,
    "FlipAngle": 75.0,
    "MagneticFieldStrength": 3.0,
    "Manufacturer": "Philips",
    "ManufacturerModelName": "Achieva",
    "NumberOfEchoes": 1,
    "NumberOfSlices": 30,
    "PatientPosition": "Head First Supine",
    "PhaseEncodingDirection": "i",
    "PixelBandwidth": 3730.340124,
    "PreparationDirection": "Anterior-Posterior",
    "RepetitionTime": 1.67066,
    "ScanDuration": 247.0,
    "ScanMode": "MS",
    "ScanOptions": [
      "FS"
    ],
    "ScanningSequence": "FEEPI",
    "TaskDescription": "Resting state BOLD data were separated in three runs lasting four minutes each.",
    "TaskInstructions": " Subjects were asked to relax while fixating the central point in the middle of a grey-background screen that was projected on a LCD screen and viewed through a mirror placed above the subject head.",
    "TaskName": "Resting State",
    "dataset": "ds000133",
    "modality": "bold",
    "run_id": 3,
    "session_id": "post",
    "subject_id": "08",
    "task_id": "rest"
  },
  "dummy_trs": 0,
  "dvars_nstd": 19.62977697486112,
  "dvars_std": 1.2925688948611103,
  "dvars_vstd": 0.9912139691666663,
  "efc": 0.3746324606137153,
  "fber": 303830.46875,
  "fd_mean": 0.1772156049174978,
  "fd_num": 47,
  "fd_perc": 32.41379310344828,
  "fwhm_avg": 1.8533233333333332,
  "fwhm_x": 1.761665,
  "fwhm_y": 2.0465825,
  "fwhm_z": 1.7517225,
  "gcor": 0.0259199,
  "gsr_x": -0.014831043779850006,
  "gsr_y": 0.005198150873184204,
  "provenance": {
    "md5sum": "912a016711ff7c73a3df5f276581a9a2",
    "settings": {
      "fd_thres": 0.2,
      "testing": false
    },
    "software": "mriqc",
    "version": "21.0.0rc2",
    "webapi_port": null,
    "webapi_url": "https://mriqc.nimh.nih.gov/api/v1"
  },
  "size_t": 145,
  "size_x": 64,
  "size_y": 64,
  "size_z": 30,
  "snr": 6.075822337788817,
  "spacing_tr": 1.6706609725952148,
  "spacing_x": 4.0,
  "spacing_y": 4.0,
  "spacing_z": 4.0,
  "summary_bg_k": 176.24516699606554,
  "summary_bg_mad": 3548.94599745052,
  "summary_bg_mean": 18824.677734375,
  "summary_bg_median": 2614.182861328125,
  "summary_bg_n": 83830.0,
  "summary_bg_p05": 50.29979915618896,
  "summary_bg_p95": 84993.13437500001,
  "summary_bg_stdv": 62720.75,
  "summary_fg_k": 1.894709824103284,
  "summary_fg_mad": 210369.9499640288,
  "summary_fg_mean": 1449169.875,
  "summary_fg_median": 1425572.875,
  "summary_fg_n": 13976.0,
  "summary_fg_p05": 1120057.625,
  "summary_fg_p95": 1858479.78125,
  "summary_fg_stdv": 234622.046875,
  "tsnr": 96.20806884765625
}