{
  "aor": 0.0007484827586206897,
  "aqi": 0.002751100689655172,
  "bids_meta": {
    "CogAtlasID": "trm_4c8a834779883",
    "EPIFactor": 39,
    "EchoTime": 0.035,
    "FlipAngle": 75.0,
    "MagneticFieldStrength": 3.0,
    "Manufacturer": "Philips",
    "ManufacturerModelName": "Achieva",
    "NumberOfEchoes": 1,
    "NumberOfSlices": 30,
    "PatientPosition": "Head First Supine",
    "PhaseEncodingDirection": "i",
    "PixelBandwidth": 3730.340124,
    "PreparationDirection": "Anterior-Posterior",
    "RepetitionTime": 1.67066,
    "ScanDuration": 247.0,
    "ScanMode": "MS",
    "ScanOptions": [
      "FS"
    ],
    "ScanningSequence": "FEEPI",
    "TaskDescription": "Resting state BOLD data were separated in three runs lasting four minutes each.",
    "TaskInstructions": " Subjects were asked to relax while fixating the central point in the middle of a grey-background screen that was projected on a LCD screen and viewed through a mirror placed above the subject head.",
    "TaskName": "Resting State",
    "dataset": "ds000133",
    "modality": "bold",
    "run_id": 2,
    "session_id": "post",
    "subject_id": "08",
    "task_id": "rest"
  },
  "dummy_trs": 0,
  "dvars_nstd": 19.275088681180556,
  "dvars_std": 1.301653369791666,
  "dvars_vstd": 0.9852341598611107,
  "efc": 0.37456536344585084,
  "fber": 314753.625,
  "fd_mean": 0.17150873852818924,
  "fd_num": 47,
  "fd_perc": 32.41379310344828,
  "fwhm_avg": 1.8522325000000002,
  "fwhm_x": 1.760115,
  "fwhm_y": 2.03477,
  "fwhm_z": 1.7618125,
  "gcor": 0.0180904,
  "gsr_x": -0.014663959853351116,
  "gsr_y": 0.004822468385100365,
  "provenance": {
    "md5sum": "b212d2e238a75f3b7f2e061e1ef417f9",
    "settings": {
      "fd_thres": 0.2,
      "testing": false
    },
    "software": "mriqc",
    "version": "21.0.0rc2",
    "webapi_port": null,
    "webapi_url": "https://mriqc.nimh.nih.gov/api/v1"
  },
  "size_t": 145,
  "size_x": 64,
  "size_y": 64,
  "size_z": 30,
  "snr": 6.079596160238298,
  "spacing_tr": 1.6706609725952148,
  "spacing_x": 4.0,
  "spacing_y": 4.0,
  "spacing_z": 4.0,
  "summary_bg_k": 166.87109781013592,
  "summary_bg_mad": 3521.8509193226246,
  "summary_bg_mean": 18747.15625,
  "summary_bg_median": 2561.09033203125,
  "summary_bg_n": 83804.0,
  "summary_bg_p05": 39.2277738571167,
  "summary_bg_p95": 84306.86914062481,
  "summary_bg_stdv": 62575.85546875,
  "summary_fg_k": 1.897045148710495,
  "summary_fg_mad": 210408.31229643265,
  "summary_fg_mean": 1455231.0,
  "summary_fg_median": 1431342.75,
  "summary_fg_n": 13988.0,
  "summary_fg_p05": 1125243.19375,
  "summary_fg_p95": 1865509.1624999999,
  "summary_fg_stdv": 235425.4375,
  "tsnr": 97.05058288574219
}