{
  "aor": 0.0013921379310344827,
  "aqi": 0.0034925475862068963,
  "bids_meta": {
    "CogAtlasID": "trm_4c8a834779883",
    "EPIFactor": 39,
    "EchoTime": 0.035,
    "FlipAngle": 75.0,
    "MagneticFieldStrength": 3.0,
    "Manufacturer": "Philips",
    "ManufacturerModelName": "Achieva",
    "NumberOfEchoes": 1,
    "NumberOfSlices": 30,
    "PatientPosition": "Head First Supine",
    "PhaseEncodingDirection": "i",
    "PixelBandwidth": 3729.037176,
    "PreparationDirection": "Anterior-Posterior",
    "RepetitionTime": 1.67054,
    "ScanDuration": 247.0,
    "ScanMode": "MS",
    "ScanOptions": [
      "FS"
    ],
    "ScanningSequence": "FEEPI",
    "TaskDescription": "Resting state BOLD data were separated in three runs lasting four minutes each.",
    "TaskInstructions": " Subjects were asked to relax while fixating the central point in the middle of a grey-background screen that was projected on a LCD screen and viewed through a mirror placed above the subject head.",
    "TaskName": "Resting State",
    "dataset": "ds000133",
    "modality": "bold",
    "run_id": 2,
    "session_id": "post",
    "subject_id": "25",
    "task_id": "rest"
  },
  "dummy_trs": 0,
  "dvars_nstd": 20.11688778805556,
  "dvars_std": 1.1323093757638882,
  "dvars_vstd": 0.9753766078472224,
  "efc": 0.38196979444288476,
  "fber": 172935.8125,
  "fd_mean": 0.236835090962394,
  "fd_num": 91,
  "fd_perc": 62.758620689655174,
  "fwhm_avg": 1.9299533704012655,
  "fwhm_x": 1.8656901112037965,
  "fwhm_y": 2.096295,
  "fwhm_z": 1.827875,
  "gcor": 0.0312586,
  "gsr_x": -0.008948888629674911,
  "gsr_y": 0.00031244641286320984,
  "provenance": {
    "md5sum": "596c0cc7b48e3bd27de209d4d2202b2d",
    "settings": {
      "fd_thres": 0.2,
      "testing": false
    },
    "software": "mriqc",
    "version": "21.0.0rc2",
    "webapi_port": null,
    "webapi_url": "https://mriqc.nimh.nih.gov/api/v1"
  },
  "size_t": 145,
  "size_x": 64,
  "size_y": 64,
  "size_z": 30,
  "snr": 5.026459287763232,
  "spacing_tr": 1.6705410480499268,
  "spacing_x": 3.999999761581421,
  "spacing_y": 4.0,
  "spacing_z": 4.0,
  "summary_bg_k": 97.78487053782561,
  "summary_bg_mad": 3944.9225565523966,
  "summary_bg_mean": 13999.259765625,
  "summary_bg_median": 2838.51318359375,
  "summary_bg_n": 82827.0,
  "summary_bg_p05": 29.67763271331787,
  "summary_bg_p95": 60099.69726562499,
  "summary_bg_stdv": 39371.74609375,
  "summary_fg_k": 2.7120238082734627,
  "summary_fg_mad": 197603.4475857544,
  "summary_fg_mean": 1185674.5,
  "summary_fg_median": 1150415.75,
  "summary_fg_n": 15117.0,
  "summary_fg_p05": 896949.15,
  "summary_fg_p95": 1588945.5499999998,
  "summary_fg_stdv": 228864.421875,
  "tsnr": 79.83139038085938
}