{
  "aor": 0.0011111724137931036,
  "aqi": 0.0021056364827586205,
  "bids_meta": {
    "CogAtlasID": "trm_4c8a834779883",
    "EPIFactor": 39,
    "EchoTime": 0.035,
    "FlipAngle": 75.0,
    "MagneticFieldStrength": 3.0,
    "Manufacturer": "Philips",
    "ManufacturerModelName": "Achieva",
    "NumberOfEchoes": 1,
    "NumberOfSlices": 30,
    "PatientPosition": "Head First Supine",
    "PhaseEncodingDirection": "i",
    "PixelBandwidth": 3729.037176,
    "PreparationDirection": "Anterior-Posterior",
    "RepetitionTime": 1.67054,
    "ScanDuration": 247.0,
    "ScanMode": "MS",
    "ScanOptions": [
      "FS"
    ],
    "ScanningSequence": "FEEPI",
    "TaskDescription": "Resting state BOLD data were separated in three runs lasting four minutes each.",
    "TaskInstructions": " Subjects were asked to relax while fixating the central point in the middle of a grey-background screen that was projected on a LCD screen and viewed through a mirror placed above the subject head.",
    "TaskName": "Resting State",
    "dataset": "ds000133",
    "modality": "bold",
    "run_id": 1,
    "session_id": "post",
    "subject_id": "25",
    "task_id": "rest"
  },
  "dummy_trs": 0,
  "dvars_nstd": 15.097371008680547,
  "dvars_std": 1.1552597021527775,
  "dvars_vstd": 0.9997408236805554,
  "efc": 0.38196973501226666,
  "fber": 199539.03125,
  "fd_mean": 0.1346488301726967,
  "fd_num": 19,
  "fd_perc": 13.10344827586207,
  "fwhm_avg": 1.919720036777757,
  "fwhm_x": 1.8510851103332706,
  "fwhm_y": 2.0792075,
  "fwhm_z": 1.8288675,
  "gcor": 0.0349242,
  "gsr_x": -0.00918523222208023,
  "gsr_y": 0.0005889176391065121,
  "provenance": {
    "md5sum": "243aa0db904d84b1c537a37c6b71059f",
    "settings": {
      "fd_thres": 0.2,
      "testing": false
    },
    "software": "mriqc",
    "version": "21.0.0rc2",
    "webapi_port": null,
    "webapi_url": "https://mriqc.nimh.nih.gov/api/v1"
  },
  "size_t": 145,
  "size_x": 64,
  "size_y": 64,
  "size_z": 30,
  "snr": 5.023652952470297,
  "spacing_tr": 1.6705410480499268,
  "spacing_x": 3.999999761581421,
  "spacing_y": 4.0,
  "spacing_z": 4.0,
  "summary_bg_k": 88.20355518617046,
  "summary_bg_mad": 3849.991877652018,
  "summary_bg_mean": 13789.5,
  "summary_bg_median": 2677.232177734375,
  "summary_bg_n": 82672.0,
  "summary_bg_p05": 17.018155670166017,
  "summary_bg_p95": 60002.565039062356,
  "summary_bg_stdv": 38093.13671875,
  "summary_fg_k": 2.700499651343411,
  "summary_fg_mad": 200545.30103782413,
  "summary_fg_mean": 1205069.75,
  "summary_fg_median": 1168283.0,
  "summary_fg_n": 15184.0,
  "summary_fg_p05": 909133.7625000001,
  "summary_fg_p95": 1616692.0499999998,
  "summary_fg_stdv": 232548.8125,
  "tsnr": 102.49149322509766
}