{
  "aor": 0.0019582638888888887,
  "aqi": 0.0025839758333333334,
  "bids_meta": {
    "CogAtlasID": "trm_4c8a834779883",
    "EPIFactor": 39,
    "EchoTime": 0.035,
    "FlipAngle": 75.0,
    "MagneticFieldStrength": 3.0,
    "Manufacturer": "Philips",
    "ManufacturerModelName": "Achieva",
    "NumberOfEchoes": 1,
    "NumberOfSlices": 30,
    "PatientPosition": "Head First Supine",
    "PhaseEncodingDirection": "i",
    "PixelBandwidth": 3729.037176,
    "PreparationDirection": "Anterior-Posterior",
    "RepetitionTime": 1.67054,
    "ScanDuration": 247.0,
    "ScanMode": "MS",
    "ScanOptions": [
      "FS"
    ],
    "ScanningSequence": "FEEPI",
    "TaskDescription": "Resting state BOLD data were separated in three runs lasting four minutes each.",
    "TaskInstructions": " Subjects were asked to relax while fixating the central point in the middle of a grey-background screen that was projected on a LCD screen and viewed through a mirror placed above the subject head.",
    "TaskName": "Resting State",
    "dataset": "ds000133",
    "modality": "bold",
    "run_id": 3,
    "session_id": "post",
    "subject_id": "19",
    "task_id": "rest"
  },
  "dummy_trs": 1,
  "dvars_nstd": 15.700983554405601,
  "dvars_std": 1.2814395943356647,
  "dvars_vstd": 0.9844701502797203,
  "efc": 0.35727090499458186,
  "fber": 328867.8125,
  "fd_mean": 0.10567163731465869,
  "fd_num": 23,
  "fd_perc": 15.972222222222221,
  "fwhm_avg": 1.8452300401617114,
  "fwhm_x": 1.821685,
  "fwhm_y": 2.0214051204851344,
  "fwhm_z": 1.6926,
  "gcor": 0.0634231,
  "gsr_x": -0.011463019996881485,
  "gsr_y": -0.003986529540270567,
  "provenance": {
    "md5sum": "1ef2d5c9d9af21e6c40886b19c1ae1ee",
    "settings": {
      "fd_thres": 0.2,
      "testing": false
    },
    "software": "mriqc",
    "version": "21.0.0rc2",
    "webapi_port": null,
    "webapi_url": "https://mriqc.nimh.nih.gov/api/v1"
  },
  "size_t": 144,
  "size_x": 64,
  "size_y": 64,
  "size_z": 30,
  "snr": 5.931526646652277,
  "spacing_tr": 1.670543909072876,
  "spacing_x": 4.0,
  "spacing_y": 3.999999761581421,
  "spacing_z": 4.0,
  "summary_bg_k": 197.47583253074086,
  "summary_bg_mad": 3308.2214363474477,
  "summary_bg_mean": 17600.037109375,
  "summary_bg_median": 2452.63037109375,
  "summary_bg_n": 85425.0,
  "summary_bg_p05": 49.49436569213867,
  "summary_bg_p95": 77043.85000000008,
  "summary_bg_stdv": 62956.82421875,
  "summary_fg_k": 2.1780665985773835,
  "summary_fg_mad": 214867.42379386554,
  "summary_fg_mean": 1425232.5,
  "summary_fg_median": 1404655.5,
  "summary_fg_n": 12239.0,
  "summary_fg_p05": 1092370.3375,
  "summary_fg_p95": 1821310.2625,
  "summary_fg_stdv": 236802.125,
  "tsnr": 96.67102813720703
}