{
  "aor": 0.0008251724137931034,
  "aqi": 0.0027776710344827584,
  "bids_meta": {
    "CogAtlasID": "trm_4c8a834779883",
    "EPIFactor": 39,
    "EchoTime": 0.035,
    "FlipAngle": 75.0,
    "MagneticFieldStrength": 3.0,
    "Manufacturer": "Philips",
    "ManufacturerModelName": "Achieva",
    "NumberOfEchoes": 1,
    "NumberOfSlices": 30,
    "PatientPosition": "Head First Supine",
    "PhaseEncodingDirection": "i",
    "PixelBandwidth": 3729.037176,
    "PreparationDirection": "Anterior-Posterior",
    "RepetitionTime": 1.67054,
    "ScanDuration": 247.0,
    "ScanMode": "MS",
    "ScanOptions": [
      "FS"
    ],
    "ScanningSequence": "FEEPI",
    "TaskDescription": "Resting state BOLD data were separated in three runs lasting four minutes each.",
    "TaskInstructions": " Subjects were asked to relax while fixating the central point in the middle of a grey-background screen that was projected on a LCD screen and viewed through a mirror placed above the subject head.",
    "TaskName": "Resting State",
    "dataset": "ds000133",
    "modality": "bold",
    "run_id": 1,
    "session_id": "post",
    "subject_id": "19",
    "task_id": "rest"
  },
  "dummy_trs": 0,
  "dvars_nstd": 17.167521476388888,
  "dvars_std": 1.213405445763888,
  "dvars_vstd": 0.9735557938888889,
  "efc": 0.35665648154908414,
  "fber": 324730.6875,
  "fd_mean": 0.15227909503174233,
  "fd_num": 54,
  "fd_perc": 37.241379310344826,
  "fwhm_avg": 1.8643417068704986,
  "fwhm_x": 1.8518775,
  "fwhm_y": 2.0235251206114957,
  "fwhm_z": 1.7176225,
  "gcor": 0.0597924,
  "gsr_x": -0.011694265529513359,
  "gsr_y": -0.003968753851950169,
  "provenance": {
    "md5sum": "f10d0c6295d1acb802f40ee75daf04cd",
    "settings": {
      "fd_thres": 0.2,
      "testing": false
    },
    "software": "mriqc",
    "version": "21.0.0rc2",
    "webapi_port": null,
    "webapi_url": "https://mriqc.nimh.nih.gov/api/v1"
  },
  "size_t": 145,
  "size_x": 64,
  "size_y": 64,
  "size_z": 30,
  "snr": 5.8440792570273254,
  "spacing_tr": 1.670543909072876,
  "spacing_x": 4.0,
  "spacing_y": 3.999999761581421,
  "spacing_z": 4.0,
  "summary_bg_k": 213.34550527498763,
  "summary_bg_mad": 3368.4300717048704,
  "summary_bg_mean": 17373.46875,
  "summary_bg_median": 2475.248291015625,
  "summary_bg_n": 85419.0,
  "summary_bg_p05": 29.639064407348638,
  "summary_bg_p95": 75587.98046874991,
  "summary_bg_stdv": 62082.078125,
  "summary_fg_k": 2.166799211840658,
  "summary_fg_mad": 219001.47475489113,
  "summary_fg_mean": 1431324.625,
  "summary_fg_median": 1409653.0,
  "summary_fg_n": 12234.0,
  "summary_fg_p05": 1093691.8625,
  "summary_fg_p95": 1838284.08125,
  "summary_fg_stdv": 241200.59375,
  "tsnr": 89.63680267333984
}