{
  "aor": 0.0012210344827586206,
  "aqi": 0.0048832955862068966,
  "bids_meta": {
    "CogAtlasID": "trm_4c8a834779883",
    "EPIFactor": 39,
    "EchoTime": 0.035,
    "FlipAngle": 75.0,
    "MagneticFieldStrength": 3.0,
    "Manufacturer": "Philips",
    "ManufacturerModelName": "Achieva",
    "NumberOfEchoes": 1,
    "NumberOfSlices": 30,
    "PatientPosition": "Head First Supine",
    "PhaseEncodingDirection": "i",
    "PixelBandwidth": 3730.340124,
    "PreparationDirection": "Anterior-Posterior",
    "RepetitionTime": 1.67066,
    "ScanDuration": 247.0,
    "ScanMode": "MS",
    "ScanOptions": [
      "FS"
    ],
    "ScanningSequence": "FEEPI",
    "TaskDescription": "Resting state BOLD data were separated in three runs lasting four minutes each.",
    "TaskInstructions": " Subjects were asked to relax while fixating the central point in the middle of a grey-background screen that was projected on a LCD screen and viewed through a mirror placed above the subject head.",
    "TaskName": "Resting State",
    "dataset": "ds000133",
    "modality": "bold",
    "run_id": 3,
    "session_id": "post",
    "subject_id": "12",
    "task_id": "rest"
  },
  "dummy_trs": 0,
  "dvars_nstd": 16.87845570493056,
  "dvars_std": 1.1461434408333335,
  "dvars_vstd": 0.9720335481250001,
  "efc": 0.3619882103083488,
  "fber": 286136.5625,
  "fd_mean": 0.183238654055485,
  "fd_num": 47,
  "fd_perc": 32.41379310344828,
  "fwhm_avg": 1.8567591666666665,
  "fwhm_x": 1.7833925,
  "fwhm_y": 2.0530925,
  "fwhm_z": 1.7337925,
  "gcor": 0.0762961,
  "gsr_x": -0.01844192110002041,
  "gsr_y": 4.878568688582163e-06,
  "provenance": {
    "md5sum": "33f8656856a98046abfca82385b8e79c",
    "settings": {
      "fd_thres": 0.2,
      "testing": false
    },
    "software": "mriqc",
    "version": "21.0.0rc2",
    "webapi_port": null,
    "webapi_url": "https://mriqc.nimh.nih.gov/api/v1"
  },
  "size_t": 145,
  "size_x": 64,
  "size_y": 64,
  "size_z": 30,
  "snr": 6.584239719022275,
  "spacing_tr": 1.670657992362976,
  "spacing_x": 4.0,
  "spacing_y": 4.0,
  "spacing_z": 4.0,
  "summary_bg_k": 67.87301718483769,
  "summary_bg_mad": 3168.597481008712,
  "summary_bg_mean": 20871.244140625,
  "summary_bg_median": 2567.203369140625,
  "summary_bg_n": 86060.0,
  "summary_bg_p05": 106.5305004119873,
  "summary_bg_p95": 112688.20703125006,
  "summary_bg_stdv": 65344.609375,
  "summary_fg_k": 1.5307590502601522,
  "summary_fg_mad": 189430.51019360358,
  "summary_fg_mean": 1364401.0,
  "summary_fg_median": 1352583.75,
  "summary_fg_n": 12486.0,
  "summary_fg_p05": 1060984.71875,
  "summary_fg_p95": 1708876.59375,
  "summary_fg_stdv": 205419.25,
  "tsnr": 81.74714660644531
}