{
  "aor": 0.0008406896551724139,
  "aqi": 0.0021308007586206892,
  "bids_meta": {
    "CogAtlasID": "trm_4c8a834779883",
    "EPIFactor": 39,
    "EchoTime": 0.035,
    "FlipAngle": 75.0,
    "MagneticFieldStrength": 3.0,
    "Manufacturer": "Philips",
    "ManufacturerModelName": "Achieva",
    "NumberOfEchoes": 1,
    "NumberOfSlices": 30,
    "PatientPosition": "Head First Supine",
    "PhaseEncodingDirection": "i",
    "PixelBandwidth": 3730.340124,
    "PreparationDirection": "Anterior-Posterior",
    "RepetitionTime": 1.67066,
    "ScanDuration": 247.0,
    "ScanMode": "MS",
    "ScanOptions": [
      "FS"
    ],
    "ScanningSequence": "FEEPI",
    "TaskDescription": "Resting state BOLD data were separated in three runs lasting four minutes each.",
    "TaskInstructions": " Subjects were asked to relax while fixating the central point in the middle of a grey-background screen that was projected on a LCD screen and viewed through a mirror placed above the subject head.",
    "TaskName": "Resting State",
    "dataset": "ds000133",
    "modality": "bold",
    "run_id": 1,
    "session_id": "post",
    "subject_id": "12",
    "task_id": "rest"
  },
  "dummy_trs": 0,
  "dvars_nstd": 14.47785491416667,
  "dvars_std": 1.194536574097223,
  "dvars_vstd": 0.9872232175694451,
  "efc": 0.36095292894059045,
  "fber": 264762.0625,
  "fd_mean": 0.09741585836579394,
  "fd_num": 6,
  "fd_perc": 4.137931034482759,
  "fwhm_avg": 1.8581233333333333,
  "fwhm_x": 1.7920075,
  "fwhm_y": 2.05119,
  "fwhm_z": 1.7311725,
  "gcor": 0.0414397,
  "gsr_x": -0.018258213996887207,
  "gsr_y": -0.0011758340988308191,
  "provenance": {
    "md5sum": "5bf5cb1bfb906f1162d35a1598ac7eef",
    "settings": {
      "fd_thres": 0.2,
      "testing": false
    },
    "software": "mriqc",
    "version": "21.0.0rc2",
    "webapi_port": null,
    "webapi_url": "https://mriqc.nimh.nih.gov/api/v1"
  },
  "size_t": 145,
  "size_x": 64,
  "size_y": 64,
  "size_z": 30,
  "snr": 6.398680279040477,
  "spacing_tr": 1.670657992362976,
  "spacing_x": 4.0,
  "spacing_y": 4.0,
  "spacing_z": 4.0,
  "summary_bg_k": 50.57589238788903,
  "summary_bg_mad": 3244.3872168935836,
  "summary_bg_mean": 20644.42578125,
  "summary_bg_median": 2674.316650390625,
  "summary_bg_n": 86146.0,
  "summary_bg_p05": 128.70656204223633,
  "summary_bg_p95": 109692.38671875,
  "summary_bg_stdv": 63984.1171875,
  "summary_fg_k": 1.704655201562142,
  "summary_fg_mad": 194400.84146850498,
  "summary_fg_mean": 1373913.5,
  "summary_fg_median": 1360733.0,
  "summary_fg_n": 12407.0,
  "summary_fg_p05": 1068129.175,
  "summary_fg_p95": 1729704.1624999999,
  "summary_fg_stdv": 212649.8125,
  "tsnr": 110.6143569946289
}