{
  "aor": 0.0010400000000000001,
  "aqi": 0.003527984027777778,
  "bids_meta": {
    "CogAtlasID": "trm_4c8a834779883",
    "EPIFactor": 39,
    "EchoTime": 0.035,
    "FlipAngle": 75.0,
    "MagneticFieldStrength": 3.0,
    "Manufacturer": "Philips",
    "ManufacturerModelName": "Achieva",
    "NumberOfEchoes": 1,
    "NumberOfSlices": 30,
    "PatientPosition": "Head First Supine",
    "PhaseEncodingDirection": "i",
    "PixelBandwidth": 3732.0773879999997,
    "PreparationDirection": "Anterior-Posterior",
    "RepetitionTime": 1.67075,
    "ScanDuration": 247.0,
    "ScanMode": "MS",
    "ScanOptions": [
      "FS"
    ],
    "ScanningSequence": "FEEPI",
    "TaskDescription": "Resting state BOLD data were separated in three runs lasting four minutes each.",
    "TaskInstructions": " Subjects were asked to relax while fixating the central point in the middle of a grey-background screen that was projected on a LCD screen and viewed through a mirror placed above the subject head.",
    "TaskName": "Resting State",
    "dataset": "ds000133",
    "modality": "bold",
    "run_id": 1,
    "session_id": "pre",
    "subject_id": "09",
    "task_id": "rest"
  },
  "dummy_trs": 1,
  "dvars_nstd": 14.982617424965031,
  "dvars_std": 1.1093275376223777,
  "dvars_vstd": 0.9678453688811194,
  "efc": 0.3804492323628169,
  "fber": 249193.390625,
  "fd_mean": 0.11470005675904586,
  "fd_num": 19,
  "fd_perc": 13.194444444444445,
  "fwhm_avg": 1.985998333333333,
  "fwhm_x": 1.901385,
  "fwhm_y": 2.17705,
  "fwhm_z": 1.87956,
  "gcor": 0.0290159,
  "gsr_x": -0.019048338755965233,
  "gsr_y": -3.507710789563134e-05,
  "provenance": {
    "md5sum": "be5cee32217b10721eeeb8c6045d58d5",
    "settings": {
      "fd_thres": 0.2,
      "testing": false
    },
    "software": "mriqc",
    "version": "21.0.0rc2",
    "webapi_port": null,
    "webapi_url": "https://mriqc.nimh.nih.gov/api/v1"
  },
  "size_t": 144,
  "size_x": 64,
  "size_y": 64,
  "size_z": 30,
  "snr": 5.925492446466796,
  "spacing_tr": 1.6707509756088257,
  "spacing_x": 4.0,
  "spacing_y": 4.0,
  "spacing_z": 4.0,
  "summary_bg_k": 64.83625794629204,
  "summary_bg_mad": 4259.316222904346,
  "summary_bg_mean": 24726.771484375,
  "summary_bg_median": 2965.762939453125,
  "summary_bg_n": 83939.0,
  "summary_bg_p05": 32.22950553894044,
  "summary_bg_p95": 105281.06328124985,
  "summary_bg_stdv": 78474.171875,
  "summary_fg_k": 1.752471816667767,
  "summary_fg_mad": 221146.98549034604,
  "summary_fg_mean": 1472556.625,
  "summary_fg_median": 1448354.0,
  "summary_fg_n": 14030.0,
  "summary_fg_p05": 1125864.43125,
  "summary_fg_p95": 1886846.8,
  "summary_fg_stdv": 244418.90625,
  "tsnr": 88.36997985839844
}