{
  "aor": 0.0030106206896551727,
  "aqi": 0.003245816620689655,
  "bids_meta": {
    "CogAtlasID": "trm_4c8a834779883",
    "EPIFactor": 39,
    "EchoTime": 0.035,
    "FlipAngle": 75.0,
    "MagneticFieldStrength": 3.0,
    "Manufacturer": "Philips",
    "ManufacturerModelName": "Achieva",
    "NumberOfEchoes": 1,
    "NumberOfSlices": 30,
    "PatientPosition": "Head First Supine",
    "PhaseEncodingDirection": "i",
    "PixelBandwidth": 3732.0773879999997,
    "PreparationDirection": "Anterior-Posterior",
    "RepetitionTime": 1.67075,
    "ScanDuration": 247.0,
    "ScanMode": "MS",
    "ScanOptions": [
      "FS"
    ],
    "ScanningSequence": "FEEPI",
    "TaskDescription": "Resting state BOLD data were separated in three runs lasting four minutes each.",
    "TaskInstructions": " Subjects were asked to relax while fixating the central point in the middle of a grey-background screen that was projected on a LCD screen and viewed through a mirror placed above the subject head.",
    "TaskName": "Resting State",
    "dataset": "ds000133",
    "modality": "bold",
    "run_id": 3,
    "session_id": "pre",
    "subject_id": "09",
    "task_id": "rest"
  },
  "dummy_trs": 0,
  "dvars_nstd": 19.22071929770834,
  "dvars_std": 1.291178100347222,
  "dvars_vstd": 1.0261758121527775,
  "efc": 0.3802263972601527,
  "fber": 189151.46875,
  "fd_mean": 0.18133596320736028,
  "fd_num": 55,
  "fd_perc": 37.93103448275862,
  "fwhm_avg": 1.9625666666666666,
  "fwhm_x": 1.87418,
  "fwhm_y": 2.146395,
  "fwhm_z": 1.867125,
  "gcor": 0.0536103,
  "gsr_x": -0.0186613742262125,
  "gsr_y": 0.00044142710976302624,
  "provenance": {
    "md5sum": "e64550bf68fd0cc22671e16ad99fb017",
    "settings": {
      "fd_thres": 0.2,
      "testing": false
    },
    "software": "mriqc",
    "version": "21.0.0rc2",
    "webapi_port": null,
    "webapi_url": "https://mriqc.nimh.nih.gov/api/v1"
  },
  "size_t": 145,
  "size_x": 64,
  "size_y": 64,
  "size_z": 30,
  "snr": 6.030915110916599,
  "spacing_tr": 1.6707509756088257,
  "spacing_x": 4.0,
  "spacing_y": 4.0,
  "spacing_z": 4.0,
  "summary_bg_k": 64.92939021245213,
  "summary_bg_mad": 4950.643925462167,
  "summary_bg_mean": 24929.8125,
  "summary_bg_median": 3505.3935546875,
  "summary_bg_n": 83926.0,
  "summary_bg_p05": 41.133524894714355,
  "summary_bg_p95": 104629.271484375,
  "summary_bg_stdv": 77396.390625,
  "summary_fg_k": 1.8188767051835004,
  "summary_fg_mad": 223192.4205760518,
  "summary_fg_mean": 1520096.0,
  "summary_fg_median": 1496401.625,
  "summary_fg_n": 13994.0,
  "summary_fg_p05": 1169604.25,
  "summary_fg_p95": 1940670.3999999997,
  "summary_fg_stdv": 248112.953125,
  "tsnr": 91.95809936523438
}