{
  "aor": 0.0018928275862068965,
  "aqi": 0.003751499172413793,
  "bids_meta": {
    "CogAtlasID": "trm_4c8a834779883",
    "EPIFactor": 39,
    "EchoTime": 0.035,
    "FlipAngle": 75.0,
    "MagneticFieldStrength": 3.0,
    "Manufacturer": "Philips",
    "ManufacturerModelName": "Achieva",
    "NumberOfEchoes": 1,
    "NumberOfSlices": 30,
    "PatientPosition": "Head First Supine",
    "PhaseEncodingDirection": "i",
    "PixelBandwidth": 3732.0773879999997,
    "PreparationDirection": "Anterior-Posterior",
    "RepetitionTime": 1.67075,
    "ScanDuration": 247.0,
    "ScanMode": "MS",
    "ScanOptions": [
      "FS"
    ],
    "ScanningSequence": "FEEPI",
    "TaskDescription": "Resting state BOLD data were separated in three runs lasting four minutes each.",
    "TaskInstructions": " Subjects were asked to relax while fixating the central point in the middle of a grey-background screen that was projected on a LCD screen and viewed through a mirror placed above the subject head.",
    "TaskName": "Resting State",
    "dataset": "ds000133",
    "modality": "bold",
    "run_id": 2,
    "session_id": "pre",
    "subject_id": "09",
    "task_id": "rest"
  },
  "dummy_trs": 0,
  "dvars_nstd": 17.862292620902778,
  "dvars_std": 1.231697223680556,
  "dvars_vstd": 0.993704604861111,
  "efc": 0.38061768844989563,
  "fber": 169812.625,
  "fd_mean": 0.12969739469163663,
  "fd_num": 28,
  "fd_perc": 19.310344827586206,
  "fwhm_avg": 1.9791699999999999,
  "fwhm_x": 1.8908875,
  "fwhm_y": 2.164665,
  "fwhm_z": 1.8819575,
  "gcor": 0.0652161,
  "gsr_x": -0.018891630694270134,
  "gsr_y": -0.00011690261453622952,
  "provenance": {
    "md5sum": "46deee10b8abcc2ebf11dfee8f89d432",
    "settings": {
      "fd_thres": 0.2,
      "testing": false
    },
    "software": "mriqc",
    "version": "21.0.0rc2",
    "webapi_port": null,
    "webapi_url": "https://mriqc.nimh.nih.gov/api/v1"
  },
  "size_t": 145,
  "size_x": 64,
  "size_y": 64,
  "size_z": 30,
  "snr": 5.95620374091156,
  "spacing_tr": 1.6707509756088257,
  "spacing_x": 4.0,
  "spacing_y": 4.0,
  "spacing_z": 4.0,
  "summary_bg_k": 69.9640785207559,
  "summary_bg_mad": 5094.571716501241,
  "summary_bg_mean": 25302.83203125,
  "summary_bg_median": 3678.599609375,
  "summary_bg_n": 83941.0,
  "summary_bg_p05": 61.054325103759766,
  "summary_bg_p95": 104796.5859375,
  "summary_bg_stdv": 78702.8125,
  "summary_fg_k": 1.8201328631425984,
  "summary_fg_mad": 224286.76633858628,
  "summary_fg_mean": 1516050.625,
  "summary_fg_median": 1491384.75,
  "summary_fg_n": 13982.0,
  "summary_fg_p05": 1162093.2875,
  "summary_fg_p95": 1940035.54375,
  "summary_fg_stdv": 250382.875,
  "tsnr": 84.47915649414062
}