{
  "aor": 0.0006466666666666667,
  "aqi": 0.0028017670833333334,
  "bids_meta": {
    "CogAtlasID": "trm_4c8a834779883",
    "EPIFactor": 39,
    "EchoTime": 0.035,
    "FlipAngle": 75.0,
    "MagneticFieldStrength": 3.0,
    "Manufacturer": "Philips",
    "ManufacturerModelName": "Achieva",
    "NumberOfEchoes": 1,
    "NumberOfSlices": 30,
    "PatientPosition": "Head First Supine",
    "PhaseEncodingDirection": "i",
    "PixelBandwidth": 3730.340124,
    "PreparationDirection": "Anterior-Posterior",
    "RepetitionTime": 1.67065,
    "ScanDuration": 247.0,
    "ScanMode": "MS",
    "ScanOptions": [
      "FS"
    ],
    "ScanningSequence": "FEEPI",
    "TaskDescription": "Resting state BOLD data were separated in three runs lasting four minutes each.",
    "TaskInstructions": " Subjects were asked to relax while fixating the central point in the middle of a grey-background screen that was projected on a LCD screen and viewed through a mirror placed above the subject head.",
    "TaskName": "Resting State",
    "dataset": "ds000133",
    "modality": "bold",
    "run_id": 1,
    "session_id": "pre",
    "subject_id": "02",
    "task_id": "rest"
  },
  "dummy_trs": 1,
  "dvars_nstd": 21.361111320769222,
  "dvars_std": 1.4540075079020975,
  "dvars_vstd": 0.9753670201398603,
  "efc": 0.3689440887150753,
  "fber": 209636.390625,
  "fd_mean": 0.0788406980532696,
  "fd_num": 7,
  "fd_perc": 4.861111111111111,
  "fwhm_avg": 1.8398033333333332,
  "fwhm_x": 1.75155,
  "fwhm_y": 2.0251375,
  "fwhm_z": 1.7427225,
  "gcor": 0.0345287,
  "gsr_x": -0.020067082718014717,
  "gsr_y": 0.008675982244312763,
  "provenance": {
    "md5sum": "3aba36ed7e697a0afd78503d9059fba3",
    "settings": {
      "fd_thres": 0.2,
      "testing": false
    },
    "software": "mriqc",
    "version": "21.0.0rc2",
    "webapi_port": null,
    "webapi_url": "https://mriqc.nimh.nih.gov/api/v1"
  },
  "size_t": 144,
  "size_x": 64,
  "size_y": 64,
  "size_z": 30,
  "snr": 5.9959887483536,
  "spacing_tr": 1.6706490516662598,
  "spacing_x": 4.0,
  "spacing_y": 4.0,
  "spacing_z": 4.0,
  "summary_bg_k": 148.32957602654201,
  "summary_bg_mad": 4024.4745177293844,
  "summary_bg_mean": 19164.328125,
  "summary_bg_median": 2996.76611328125,
  "summary_bg_n": 84704.0,
  "summary_bg_p05": 49.13410320281984,
  "summary_bg_p95": 87472.94374999995,
  "summary_bg_stdv": 58219.39453125,
  "summary_fg_k": 1.2960750839082325,
  "summary_fg_mad": 223318.2564393475,
  "summary_fg_mean": 1421746.625,
  "summary_fg_median": 1411971.75,
  "summary_fg_n": 13136.0,
  "summary_fg_p05": 1063358.09375,
  "summary_fg_p95": 1809766.96875,
  "summary_fg_stdv": 235477.09375,
  "tsnr": 89.99539947509766
}