{
  "aor": 0.0008315862068965517,
  "aqi": 0.0028113525517241378,
  "bids_meta": {
    "CogAtlasID": "trm_4c8a834779883",
    "EPIFactor": 39,
    "EchoTime": 0.035,
    "FlipAngle": 75.0,
    "MagneticFieldStrength": 3.0,
    "Manufacturer": "Philips",
    "ManufacturerModelName": "Achieva",
    "NumberOfEchoes": 1,
    "NumberOfSlices": 30,
    "PatientPosition": "Head First Supine",
    "PhaseEncodingDirection": "i",
    "PixelBandwidth": 3730.340124,
    "PreparationDirection": "Anterior-Posterior",
    "RepetitionTime": 1.67065,
    "ScanDuration": 247.0,
    "ScanMode": "MS",
    "ScanOptions": [
      "FS"
    ],
    "ScanningSequence": "FEEPI",
    "TaskDescription": "Resting state BOLD data were separated in three runs lasting four minutes each.",
    "TaskInstructions": " Subjects were asked to relax while fixating the central point in the middle of a grey-background screen that was projected on a LCD screen and viewed through a mirror placed above the subject head.",
    "TaskName": "Resting State",
    "dataset": "ds000133",
    "modality": "bold",
    "run_id": 3,
    "session_id": "pre",
    "subject_id": "02",
    "task_id": "rest"
  },
  "dummy_trs": 0,
  "dvars_nstd": 20.61817657951389,
  "dvars_std": 1.453310241597222,
  "dvars_vstd": 0.9934621653472221,
  "efc": 0.36987833803201914,
  "fber": 208045.375,
  "fd_mean": 0.08217547540059389,
  "fd_num": 10,
  "fd_perc": 6.896551724137931,
  "fwhm_avg": 1.8444224999999996,
  "fwhm_x": 1.7500275,
  "fwhm_y": 2.04857,
  "fwhm_z": 1.73467,
  "gcor": 0.0319801,
  "gsr_x": -0.020211726427078247,
  "gsr_y": 0.008219484239816666,
  "provenance": {
    "md5sum": "ea1c0ded8a4c3be85d8d168e8ee9419a",
    "settings": {
      "fd_thres": 0.2,
      "testing": false
    },
    "software": "mriqc",
    "version": "21.0.0rc2",
    "webapi_port": null,
    "webapi_url": "https://mriqc.nimh.nih.gov/api/v1"
  },
  "size_t": 145,
  "size_x": 64,
  "size_y": 64,
  "size_z": 30,
  "snr": 5.948581762893278,
  "spacing_tr": 1.6706490516662598,
  "spacing_x": 4.0,
  "spacing_y": 4.0,
  "spacing_z": 4.0,
  "summary_bg_k": 169.31925761083897,
  "summary_bg_mad": 3960.5291755018193,
  "summary_bg_mean": 19410.01953125,
  "summary_bg_median": 3012.27392578125,
  "summary_bg_n": 84635.0,
  "summary_bg_p05": 58.670556640624994,
  "summary_bg_p95": 89404.09531250002,
  "summary_bg_stdv": 59174.46875,
  "summary_fg_k": 1.2381612162997495,
  "summary_fg_mad": 222787.11419456784,
  "summary_fg_mean": 1423571.125,
  "summary_fg_median": 1413485.875,
  "summary_fg_n": 13235.0,
  "summary_fg_p05": 1060790.05,
  "summary_fg_p95": 1817401.3749999998,
  "summary_fg_stdv": 237608.3125,
  "tsnr": 92.31768035888672
}