{
  "aor": 0.005977172413793103,
  "aqi": 0.005012624,
  "bids_meta": {
    "CogAtlasID": "trm_4c8a834779883",
    "EPIFactor": 39,
    "EchoTime": 0.035,
    "FlipAngle": 75.0,
    "MagneticFieldStrength": 3.0,
    "Manufacturer": "Philips",
    "ManufacturerModelName": "Achieva",
    "NumberOfEchoes": 1,
    "NumberOfSlices": 30,
    "PatientPosition": "Head First Supine",
    "PhaseEncodingDirection": "i",
    "PixelBandwidth": 3730.340124,
    "PreparationDirection": "Anterior-Posterior",
    "RepetitionTime": 1.67066,
    "ScanDuration": 247.0,
    "ScanMode": "MS",
    "ScanOptions": [
      "FS"
    ],
    "ScanningSequence": "FEEPI",
    "TaskDescription": "Resting state BOLD data were separated in three runs lasting four minutes each.",
    "TaskInstructions": " Subjects were asked to relax while fixating the central point in the middle of a grey-background screen that was projected on a LCD screen and viewed through a mirror placed above the subject head.",
    "TaskName": "Resting State",
    "dataset": "ds000133",
    "modality": "bold",
    "run_id": 2,
    "session_id": "pre",
    "subject_id": "21",
    "task_id": "rest"
  },
  "dummy_trs": 0,
  "dvars_nstd": 22.7025243175,
  "dvars_std": 1.2450744093055555,
  "dvars_vstd": 1.0611777963888889,
  "efc": 0.3585250990442081,
  "fber": 239252.703125,
  "fd_mean": 0.315141223551082,
  "fd_num": 120,
  "fd_perc": 82.75862068965517,
  "fwhm_avg": 1.9825783333333333,
  "fwhm_x": 1.9370075,
  "fwhm_y": 2.180765,
  "fwhm_z": 1.8299625,
  "gcor": 0.0717383,
  "gsr_x": -0.015662571415305138,
  "gsr_y": 0.0044263084419071674,
  "provenance": {
    "md5sum": "865117723f26184060440f6a931b4d07",
    "settings": {
      "fd_thres": 0.2,
      "testing": false
    },
    "software": "mriqc",
    "version": "21.0.0rc2",
    "webapi_port": null,
    "webapi_url": "https://mriqc.nimh.nih.gov/api/v1"
  },
  "size_t": 145,
  "size_x": 64,
  "size_y": 64,
  "size_z": 30,
  "snr": 5.975158775454826,
  "spacing_tr": 1.6706609725952148,
  "spacing_x": 4.0,
  "spacing_y": 4.0,
  "spacing_z": 4.0,
  "summary_bg_k": 187.70483270855092,
  "summary_bg_mad": 3211.9124006970515,
  "summary_bg_mean": 14975.18359375,
  "summary_bg_median": 2449.005615234375,
  "summary_bg_n": 85780.0,
  "summary_bg_p05": 51.4169807434082,
  "summary_bg_p95": 70794.2953125,
  "summary_bg_stdv": 46744.44921875,
  "summary_fg_k": 2.6612104045324783,
  "summary_fg_mad": 164863.88409560444,
  "summary_fg_mean": 1191736.75,
  "summary_fg_median": 1177424.5,
  "summary_fg_n": 12625.0,
  "summary_fg_p05": 914191.325,
  "summary_fg_p95": 1511340.45,
  "summary_fg_stdv": 197045.453125,
  "tsnr": 72.60779571533203
}