{
  "aor": 0.0052609027777777775,
  "aqi": 0.005278441666666667,
  "bids_meta": {
    "CogAtlasID": "trm_4c8a834779883",
    "EPIFactor": 39,
    "EchoTime": 0.035,
    "FlipAngle": 75.0,
    "MagneticFieldStrength": 3.0,
    "Manufacturer": "Philips",
    "ManufacturerModelName": "Achieva",
    "NumberOfEchoes": 1,
    "NumberOfSlices": 30,
    "PatientPosition": "Head First Supine",
    "PhaseEncodingDirection": "i",
    "PixelBandwidth": 3730.340124,
    "PreparationDirection": "Anterior-Posterior",
    "RepetitionTime": 1.67066,
    "ScanDuration": 247.0,
    "ScanMode": "MS",
    "ScanOptions": [
      "FS"
    ],
    "ScanningSequence": "FEEPI",
    "TaskDescription": "Resting state BOLD data were separated in three runs lasting four minutes each.",
    "TaskInstructions": " Subjects were asked to relax while fixating the central point in the middle of a grey-background screen that was projected on a LCD screen and viewed through a mirror placed above the subject head.",
    "TaskName": "Resting State",
    "dataset": "ds000133",
    "modality": "bold",
    "run_id": 3,
    "session_id": "pre",
    "subject_id": "21",
    "task_id": "rest"
  },
  "dummy_trs": 1,
  "dvars_nstd": 21.892009614965026,
  "dvars_std": 1.2684728172727273,
  "dvars_vstd": 1.0490410332867128,
  "efc": 0.3583709657360978,
  "fber": 249003.609375,
  "fd_mean": 0.2621368132073488,
  "fd_num": 81,
  "fd_perc": 56.25,
  "fwhm_avg": 1.9745566666666667,
  "fwhm_x": 1.916435,
  "fwhm_y": 2.181905,
  "fwhm_z": 1.82533,
  "gcor": 0.0792595,
  "gsr_x": -0.015737509354948997,
  "gsr_y": 0.004312078468501568,
  "provenance": {
    "md5sum": "1ca80db6611c9469032b681b5dabe03c",
    "settings": {
      "fd_thres": 0.2,
      "testing": false
    },
    "software": "mriqc",
    "version": "21.0.0rc2",
    "webapi_port": null,
    "webapi_url": "https://mriqc.nimh.nih.gov/api/v1"
  },
  "size_t": 144,
  "size_x": 64,
  "size_y": 64,
  "size_z": 30,
  "snr": 5.967852007167013,
  "spacing_tr": 1.6706609725952148,
  "spacing_x": 4.0,
  "spacing_y": 4.0,
  "spacing_z": 4.0,
  "summary_bg_k": 180.35023611099263,
  "summary_bg_mad": 3233.1213765373036,
  "summary_bg_mean": 14986.982421875,
  "summary_bg_median": 2406.67333984375,
  "summary_bg_n": 85805.0,
  "summary_bg_p05": 52.46793060302734,
  "summary_bg_p95": 71836.121875,
  "summary_bg_stdv": 46610.66796875,
  "summary_fg_k": 2.6804426752541923,
  "summary_fg_mad": 164815.97751141898,
  "summary_fg_mean": 1191830.125,
  "summary_fg_median": 1178049.625,
  "summary_fg_n": 12628.0,
  "summary_fg_p05": 911477.41875,
  "summary_fg_p95": 1509244.25,
  "summary_fg_stdv": 197391.453125,
  "tsnr": 70.2996826171875
}