{
  "aor": 0.001461448275862069,
  "aqi": 0.002804911655172414,
  "bids_meta": {
    "CogAtlasID": "trm_4c8a834779883",
    "EPIFactor": 39,
    "EchoTime": 0.035,
    "FlipAngle": 75.0,
    "MagneticFieldStrength": 3.0,
    "Manufacturer": "Philips",
    "ManufacturerModelName": "Achieva",
    "NumberOfEchoes": 1,
    "NumberOfSlices": 30,
    "PatientPosition": "Head First Supine",
    "PhaseEncodingDirection": "i",
    "PixelBandwidth": 3729.037176,
    "PreparationDirection": "Anterior-Posterior",
    "RepetitionTime": 1.67054,
    "ScanDuration": 247.0,
    "ScanMode": "MS",
    "ScanOptions": [
      "FS"
    ],
    "ScanningSequence": "FEEPI",
    "TaskDescription": "Resting state BOLD data were separated in three runs lasting four minutes each.",
    "TaskInstructions": " Subjects were asked to relax while fixating the central point in the middle of a grey-background screen that was projected on a LCD screen and viewed through a mirror placed above the subject head.",
    "TaskName": "Resting State",
    "dataset": "ds000133",
    "modality": "bold",
    "run_id": 2,
    "session_id": "post",
    "subject_id": "19",
    "task_id": "rest"
  },
  "dummy_trs": 0,
  "dvars_nstd": 15.226708299583342,
  "dvars_std": 1.2358876520138893,
  "dvars_vstd": 0.98226985125,
  "efc": 0.3568917673662458,
  "fber": 358959.21875,
  "fd_mean": 0.1085329747407343,
  "fd_num": 19,
  "fd_perc": 13.10344827586207,
  "fwhm_avg": 1.8594325403138523,
  "fwhm_x": 1.8454275,
  "fwhm_y": 2.029062620941557,
  "fwhm_z": 1.7038075,
  "gcor": 0.0381536,
  "gsr_x": -0.011260448954999447,
  "gsr_y": -0.0038652285002171993,
  "provenance": {
    "md5sum": "b764b31a4a26b2e9ed6c2ae0d58c1ce0",
    "settings": {
      "fd_thres": 0.2,
      "testing": false
    },
    "software": "mriqc",
    "version": "21.0.0rc2",
    "webapi_port": null,
    "webapi_url": "https://mriqc.nimh.nih.gov/api/v1"
  },
  "size_t": 145,
  "size_x": 64,
  "size_y": 64,
  "size_z": 30,
  "snr": 5.896904747782695,
  "spacing_tr": 1.670543909072876,
  "spacing_x": 4.0,
  "spacing_y": 3.999999761581421,
  "spacing_z": 4.0,
  "summary_bg_k": 206.4653738818285,
  "summary_bg_mad": 3243.994656239949,
  "summary_bg_mean": 17455.68359375,
  "summary_bg_median": 2333.015625,
  "summary_bg_n": 85386.0,
  "summary_bg_p05": 25.248427867889404,
  "summary_bg_p95": 76244.1796875,
  "summary_bg_stdv": 63216.48046875,
  "summary_fg_k": 2.213414852974778,
  "summary_fg_mad": 216625.23404918125,
  "summary_fg_mean": 1424518.625,
  "summary_fg_median": 1402900.25,
  "summary_fg_n": 12283.0,
  "summary_fg_p05": 1091848.125,
  "summary_fg_p95": 1821488.2,
  "summary_fg_stdv": 237894.828125,
  "tsnr": 93.18804168701172
}