{
  "aor": 0.0055413103448275864,
  "aqi": 0.004870258344827586,
  "bids_meta": {
    "CogAtlasID": "trm_4c8a834779883",
    "EPIFactor": 39,
    "EchoTime": 0.035,
    "FlipAngle": 75.0,
    "MagneticFieldStrength": 3.0,
    "Manufacturer": "Philips",
    "ManufacturerModelName": "Achieva",
    "NumberOfEchoes": 1,
    "NumberOfSlices": 30,
    "PatientPosition": "Head First Supine",
    "PhaseEncodingDirection": "i",
    "PixelBandwidth": 3754.66182,
    "PreparationDirection": "Anterior-Posterior",
    "RepetitionTime": 1.67256,
    "ScanDuration": 248.0,
    "ScanMode": "MS",
    "ScanOptions": [
      "FS"
    ],
    "ScanningSequence": "FEEPI",
    "TaskDescription": "Resting state BOLD data were separated in three runs lasting four minutes each.",
    "TaskInstructions": " Subjects were asked to relax while fixating the central point in the middle of a grey-background screen that was projected on a LCD screen and viewed through a mirror placed above the subject head.",
    "TaskName": "Resting State",
    "dataset": "ds000133",
    "modality": "bold",
    "run_id": 3,
    "session_id": "pre",
    "subject_id": "05",
    "task_id": "rest"
  },
  "dummy_trs": 0,
  "dvars_nstd": 19.136320564583333,
  "dvars_std": 1.21022661625,
  "dvars_vstd": 1.0441688765277768,
  "efc": 0.4019329550858016,
  "fber": 153819.625,
  "fd_mean": 0.22868351320113453,
  "fd_num": 64,
  "fd_perc": 44.13793103448276,
  "fwhm_avg": 1.8782141666666667,
  "fwhm_x": 1.791365,
  "fwhm_y": 2.033025,
  "fwhm_z": 1.8102525,
  "gcor": 0.0541781,
  "gsr_x": -0.008076713420450687,
  "gsr_y": 0.0057171983644366264,
  "provenance": {
    "md5sum": "d8a1a7d3c0a1f90b3e8bb541f558a10c",
    "settings": {
      "fd_thres": 0.2,
      "testing": false
    },
    "software": "mriqc",
    "version": "21.0.0rc2",
    "webapi_port": null,
    "webapi_url": "https://mriqc.nimh.nih.gov/api/v1"
  },
  "size_t": 145,
  "size_x": 64,
  "size_y": 64,
  "size_z": 30,
  "snr": 5.887024783138703,
  "spacing_tr": 1.6725629568099976,
  "spacing_x": 4.0,
  "spacing_y": 4.0,
  "spacing_z": 4.0,
  "summary_bg_k": 89.72849338781327,
  "summary_bg_mad": 4642.78110876156,
  "summary_bg_mean": 20971.181640625,
  "summary_bg_median": 3710.70703125,
  "summary_bg_n": 80896.0,
  "summary_bg_p05": 145.0835418701172,
  "summary_bg_p95": 96127.08203125,
  "summary_bg_stdv": 62987.70703125,
  "summary_fg_k": 3.1036128914273746,
  "summary_fg_mad": 214056.99635617493,
  "summary_fg_mean": 1488577.375,
  "summary_fg_median": 1462443.25,
  "summary_fg_n": 16172.0,
  "summary_fg_p05": 1157937.96875,
  "summary_fg_p95": 1908173.4999999998,
  "summary_fg_stdv": 248410.375,
  "tsnr": 75.34052276611328
}