{
  "aor": 0.001105138888888889,
  "aqi": 0.0029345365972222224,
  "bids_meta": {
    "CogAtlasID": "trm_4c8a834779883",
    "EPIFactor": 39,
    "EchoTime": 0.035,
    "FlipAngle": 75.0,
    "MagneticFieldStrength": 3.0,
    "Manufacturer": "Philips",
    "ManufacturerModelName": "Achieva",
    "NumberOfEchoes": 1,
    "NumberOfSlices": 30,
    "PatientPosition": "Head First Supine",
    "PhaseEncodingDirection": "i",
    "PixelBandwidth": 3754.66182,
    "PreparationDirection": "Anterior-Posterior",
    "RepetitionTime": 1.67256,
    "ScanDuration": 248.0,
    "ScanMode": "MS",
    "ScanOptions": [
      "FS"
    ],
    "ScanningSequence": "FEEPI",
    "TaskDescription": "Resting state BOLD data were separated in three runs lasting four minutes each.",
    "TaskInstructions": " Subjects were asked to relax while fixating the central point in the middle of a grey-background screen that was projected on a LCD screen and viewed through a mirror placed above the subject head.",
    "TaskName": "Resting State",
    "dataset": "ds000133",
    "modality": "bold",
    "run_id": 2,
    "session_id": "pre",
    "subject_id": "05",
    "task_id": "rest"
  },
  "dummy_trs": 1,
  "dvars_nstd": 15.72146751160839,
  "dvars_std": 1.152269915454545,
  "dvars_vstd": 0.9985786232167826,
  "efc": 0.4014370660081566,
  "fber": 148001.78125,
  "fd_mean": 0.15489047495732683,
  "fd_num": 31,
  "fd_perc": 21.52777777777778,
  "fwhm_avg": 1.8673024999999999,
  "fwhm_x": 1.78254,
  "fwhm_y": 2.0174225,
  "fwhm_z": 1.801945,
  "gcor": 0.0196091,
  "gsr_x": -0.008206160739064217,
  "gsr_y": 0.004418692085891962,
  "provenance": {
    "md5sum": "0791dad2ea63f056fe28e1ca14400315",
    "settings": {
      "fd_thres": 0.2,
      "testing": false
    },
    "software": "mriqc",
    "version": "21.0.0rc2",
    "webapi_port": null,
    "webapi_url": "https://mriqc.nimh.nih.gov/api/v1"
  },
  "size_t": 144,
  "size_x": 64,
  "size_y": 64,
  "size_z": 30,
  "snr": 5.843586262190874,
  "spacing_tr": 1.6725629568099976,
  "spacing_x": 4.0,
  "spacing_y": 4.0,
  "spacing_z": 4.0,
  "summary_bg_k": 86.418689220403,
  "summary_bg_mad": 4678.477625732283,
  "summary_bg_mean": 20704.830078125,
  "summary_bg_median": 3723.701416015625,
  "summary_bg_n": 80941.0,
  "summary_bg_p05": 128.26966857910156,
  "summary_bg_p95": 94706.234375,
  "summary_bg_stdv": 62192.328125,
  "summary_fg_k": 2.979913815121943,
  "summary_fg_mad": 213788.18204143213,
  "summary_fg_mean": 1475655.875,
  "summary_fg_median": 1449983.25,
  "summary_fg_n": 16158.0,
  "summary_fg_p05": 1144265.93125,
  "summary_fg_p95": 1894161.0625,
  "summary_fg_stdv": 248124.75,
  "tsnr": 99.91773986816406
}