{
  "aor": 0.0013952413793103448,
  "aqi": 0.003860379034482759,
  "bids_meta": {
    "CogAtlasID": "trm_4c8a834779883",
    "EPIFactor": 39,
    "EchoTime": 0.035,
    "FlipAngle": 75.0,
    "MagneticFieldStrength": 3.0,
    "Manufacturer": "Philips",
    "ManufacturerModelName": "Achieva",
    "NumberOfEchoes": 1,
    "NumberOfSlices": 30,
    "PatientPosition": "Head First Supine",
    "PhaseEncodingDirection": "i",
    "PixelBandwidth": 3736.4205479999996,
    "PreparationDirection": "Anterior-Posterior",
    "RepetitionTime": 1.67112,
    "ScanDuration": 247.0,
    "ScanMode": "MS",
    "ScanOptions": [
      "FS"
    ],
    "ScanningSequence": "FEEPI",
    "TaskDescription": "Resting state BOLD data were separated in three runs lasting four minutes each.",
    "TaskInstructions": " Subjects were asked to relax while fixating the central point in the middle of a grey-background screen that was projected on a LCD screen and viewed through a mirror placed above the subject head.",
    "TaskName": "Resting State",
    "dataset": "ds000133",
    "modality": "bold",
    "run_id": 2,
    "session_id": "post",
    "subject_id": "04",
    "task_id": "rest"
  },
  "dummy_trs": 0,
  "dvars_nstd": 21.310015559166672,
  "dvars_std": 1.490058320069444,
  "dvars_vstd": 1.0013377999305553,
  "efc": 0.37149936757202934,
  "fber": 605739.1875,
  "fd_mean": 0.0872344390141625,
  "fd_num": 7,
  "fd_perc": 4.827586206896552,
  "fwhm_avg": 1.93294,
  "fwhm_x": 1.88657,
  "fwhm_y": 2.1094,
  "fwhm_z": 1.80285,
  "gcor": 0.0718377,
  "gsr_x": -0.013690689578652382,
  "gsr_y": 0.006003267597407103,
  "provenance": {
    "md5sum": "49511d0e994d5919ff1473784c23ca94",
    "settings": {
      "fd_thres": 0.2,
      "testing": false
    },
    "software": "mriqc",
    "version": "21.0.0rc2",
    "webapi_port": null,
    "webapi_url": "https://mriqc.nimh.nih.gov/api/v1"
  },
  "size_t": 145,
  "size_x": 64,
  "size_y": 64,
  "size_z": 30,
  "snr": 6.41683977325746,
  "spacing_tr": 1.671120047569275,
  "spacing_x": 4.0,
  "spacing_y": 4.0,
  "spacing_z": 4.0,
  "summary_bg_k": 122.13826988436824,
  "summary_bg_mad": 2665.1681067563295,
  "summary_bg_mean": 17764.943359375,
  "summary_bg_median": 1884.7398681640625,
  "summary_bg_n": 84059.0,
  "summary_bg_p05": 19.394515609741212,
  "summary_bg_p95": 85572.63984374997,
  "summary_bg_stdv": 59905.51171875,
  "summary_fg_k": 1.7109265111973109,
  "summary_fg_mad": 208439.87986345048,
  "summary_fg_mean": 1471162.25,
  "summary_fg_median": 1455366.5,
  "summary_fg_n": 14020.0,
  "summary_fg_p05": 1138986.45,
  "summary_fg_p95": 1851355.50625,
  "summary_fg_stdv": 226796.15625,
  "tsnr": 92.47633361816406
}