{
  "aor": 0.0006984027777777777,
  "aqi": 0.003830715625,
  "bids_meta": {
    "CogAtlasID": "trm_4c8a834779883",
    "EPIFactor": 39,
    "EchoTime": 0.035,
    "FlipAngle": 75.0,
    "MagneticFieldStrength": 3.0,
    "Manufacturer": "Philips",
    "ManufacturerModelName": "Achieva",
    "NumberOfEchoes": 1,
    "NumberOfSlices": 30,
    "PatientPosition": "Head First Supine",
    "PhaseEncodingDirection": "i",
    "PixelBandwidth": 3733.3803359999997,
    "PreparationDirection": "Anterior-Posterior",
    "RepetitionTime": 1.67088,
    "ScanDuration": 247.0,
    "ScanMode": "MS",
    "ScanOptions": [
      "FS"
    ],
    "ScanningSequence": "FEEPI",
    "TaskDescription": "Resting state BOLD data were separated in three runs lasting four minutes each.",
    "TaskInstructions": " Subjects were asked to relax while fixating the central point in the middle of a grey-background screen that was projected on a LCD screen and viewed through a mirror placed above the subject head.",
    "TaskName": "Resting State",
    "dataset": "ds000133",
    "modality": "bold",
    "run_id": 1,
    "session_id": "pre",
    "subject_id": "04",
    "task_id": "rest"
  },
  "dummy_trs": 1,
  "dvars_nstd": 21.527076461678327,
  "dvars_std": 1.406738467272727,
  "dvars_vstd": 0.9663856579020982,
  "efc": 0.37264905287968064,
  "fber": 321967.0625,
  "fd_mean": 0.12409232903210145,
  "fd_num": 10,
  "fd_perc": 6.944444444444445,
  "fwhm_avg": 1.898155,
  "fwhm_x": 1.8364575,
  "fwhm_y": 2.0478025,
  "fwhm_z": 1.810205,
  "gcor": 0.0439724,
  "gsr_x": -0.012887703254818916,
  "gsr_y": 0.005240908358246088,
  "provenance": {
    "md5sum": "f08b5ceae534ef714885c0bba64b4ae2",
    "settings": {
      "fd_thres": 0.2,
      "testing": false
    },
    "software": "mriqc",
    "version": "21.0.0rc2",
    "webapi_port": null,
    "webapi_url": "https://mriqc.nimh.nih.gov/api/v1"
  },
  "size_t": 144,
  "size_x": 64,
  "size_y": 64,
  "size_z": 30,
  "snr": 6.398559123998286,
  "spacing_tr": 1.6708769798278809,
  "spacing_x": 4.0,
  "spacing_y": 4.0,
  "spacing_z": 4.0,
  "summary_bg_k": 114.0506177514681,
  "summary_bg_mad": 3754.236872280114,
  "summary_bg_mean": 18688.279296875,
  "summary_bg_median": 2732.34912109375,
  "summary_bg_n": 84070.0,
  "summary_bg_p05": 44.63810310363769,
  "summary_bg_p95": 86290.09960937501,
  "summary_bg_stdv": 60846.3984375,
  "summary_fg_k": 1.5736349827058076,
  "summary_fg_mad": 216663.31839366912,
  "summary_fg_mean": 1531885.875,
  "summary_fg_median": 1514529.75,
  "summary_fg_n": 14052.0,
  "summary_fg_p05": 1185892.6375,
  "summary_fg_p95": 1927126.3937499998,
  "summary_fg_stdv": 236690.140625,
  "tsnr": 91.60780334472656
}