{
  "aor": 0.0020052777777777777,
  "aqi": 0.0038731314583333332,
  "bids_meta": {
    "CogAtlasID": "trm_4c8a834779883",
    "EPIFactor": 39,
    "EchoTime": 0.035,
    "FlipAngle": 75.0,
    "MagneticFieldStrength": 3.0,
    "Manufacturer": "Philips",
    "ManufacturerModelName": "Achieva",
    "NumberOfEchoes": 1,
    "NumberOfSlices": 30,
    "PatientPosition": "Head First Supine",
    "PhaseEncodingDirection": "i",
    "PixelBandwidth": 3736.4205479999996,
    "PreparationDirection": "Anterior-Posterior",
    "RepetitionTime": 1.67116,
    "ScanDuration": 247.0,
    "ScanMode": "MS",
    "ScanOptions": [
      "FS"
    ],
    "ScanningSequence": "FEEPI",
    "TaskDescription": "Resting state BOLD data were separated in three runs lasting four minutes each.",
    "TaskInstructions": " Subjects were asked to relax while fixating the central point in the middle of a grey-background screen that was projected on a LCD screen and viewed through a mirror placed above the subject head.",
    "TaskName": "Resting State",
    "dataset": "ds000133",
    "modality": "bold",
    "run_id": 1,
    "session_id": "pre",
    "subject_id": "11",
    "task_id": "rest"
  },
  "dummy_trs": 1,
  "dvars_nstd": 22.89469434825175,
  "dvars_std": 1.2720363745454542,
  "dvars_vstd": 0.9858876970629369,
  "efc": 0.38615094643522624,
  "fber": 174945.53125,
  "fd_mean": 0.17734668279233098,
  "fd_num": 41,
  "fd_perc": 28.47222222222222,
  "fwhm_avg": 1.7499566666666666,
  "fwhm_x": 1.71102,
  "fwhm_y": 1.90666,
  "fwhm_z": 1.63219,
  "gcor": 0.030142,
  "gsr_x": -0.014462769031524658,
  "gsr_y": 0.0025227325968444347,
  "provenance": {
    "md5sum": "614652d6ebe214f7a9542b4013014f16",
    "settings": {
      "fd_thres": 0.2,
      "testing": false
    },
    "software": "mriqc",
    "version": "21.0.0rc2",
    "webapi_port": null,
    "webapi_url": "https://mriqc.nimh.nih.gov/api/v1"
  },
  "size_t": 144,
  "size_x": 64,
  "size_y": 64,
  "size_z": 30,
  "snr": 5.504302918244706,
  "spacing_tr": 1.6711620092391968,
  "spacing_x": 4.0,
  "spacing_y": 4.0,
  "spacing_z": 4.0,
  "summary_bg_k": 114.48389898084507,
  "summary_bg_mad": 4797.679219637194,
  "summary_bg_mean": 19625.140625,
  "summary_bg_median": 3435.023193359375,
  "summary_bg_n": 82345.0,
  "summary_bg_p05": 49.012133789062496,
  "summary_bg_p95": 81878.12968750003,
  "summary_bg_stdv": 58562.1796875,
  "summary_fg_k": 2.097105979828841,
  "summary_fg_mad": 242287.96649984934,
  "summary_fg_mean": 1486355.5,
  "summary_fg_median": 1460419.25,
  "summary_fg_n": 14827.0,
  "summary_fg_p05": 1120541.1625,
  "summary_fg_p95": 1926793.1124999998,
  "summary_fg_stdv": 265314.25,
  "tsnr": 78.43045043945312
}