{
  "aor": 0.0020768965517241377,
  "aqi": 0.004819568413793104,
  "bids_meta": {
    "CogAtlasID": "trm_4c8a834779883",
    "EPIFactor": 39,
    "EchoTime": 0.035,
    "FlipAngle": 75.0,
    "MagneticFieldStrength": 3.0,
    "Manufacturer": "Philips",
    "ManufacturerModelName": "Achieva",
    "NumberOfEchoes": 1,
    "NumberOfSlices": 30,
    "PatientPosition": "Head First Supine",
    "PhaseEncodingDirection": "i",
    "PixelBandwidth": 3736.4205479999996,
    "PreparationDirection": "Anterior-Posterior",
    "RepetitionTime": 1.67116,
    "ScanDuration": 247.0,
    "ScanMode": "MS",
    "ScanOptions": [
      "FS"
    ],
    "ScanningSequence": "FEEPI",
    "TaskDescription": "Resting state BOLD data were separated in three runs lasting four minutes each.",
    "TaskInstructions": " Subjects were asked to relax while fixating the central point in the middle of a grey-background screen that was projected on a LCD screen and viewed through a mirror placed above the subject head.",
    "TaskName": "Resting State",
    "dataset": "ds000133",
    "modality": "bold",
    "run_id": 3,
    "session_id": "pre",
    "subject_id": "11",
    "task_id": "rest"
  },
  "dummy_trs": 0,
  "dvars_nstd": 23.222152445208327,
  "dvars_std": 1.2845899813194444,
  "dvars_vstd": 0.9867164413194447,
  "efc": 0.38595414194330135,
  "fber": 188759.578125,
  "fd_mean": 0.2005212128682085,
  "fd_num": 43,
  "fd_perc": 29.655172413793103,
  "fwhm_avg": 1.7354775,
  "fwhm_x": 1.68894,
  "fwhm_y": 1.879195,
  "fwhm_z": 1.6382975,
  "gcor": 0.0357293,
  "gsr_x": -0.013658544979989529,
  "gsr_y": 0.0016144312685355544,
  "provenance": {
    "md5sum": "afa66ce8c81576e9e7dc83e0b8016636",
    "settings": {
      "fd_thres": 0.2,
      "testing": false
    },
    "software": "mriqc",
    "version": "21.0.0rc2",
    "webapi_port": null,
    "webapi_url": "https://mriqc.nimh.nih.gov/api/v1"
  },
  "size_t": 145,
  "size_x": 64,
  "size_y": 64,
  "size_z": 30,
  "snr": 5.541315045948425,
  "spacing_tr": 1.6711620092391968,
  "spacing_x": 4.0,
  "spacing_y": 4.0,
  "spacing_z": 4.0,
  "summary_bg_k": 104.05212418531173,
  "summary_bg_mad": 4609.204702104397,
  "summary_bg_mean": 19966.990234375,
  "summary_bg_median": 3291.94189453125,
  "summary_bg_n": 82447.0,
  "summary_bg_p05": 51.98784637451172,
  "summary_bg_p95": 83287.98515624998,
  "summary_bg_stdv": 60208.875,
  "summary_fg_k": 2.200519171815504,
  "summary_fg_mad": 237928.18935105632,
  "summary_fg_mean": 1470548.75,
  "summary_fg_median": 1444549.5,
  "summary_fg_n": 14840.0,
  "summary_fg_p05": 1115402.35625,
  "summary_fg_p95": 1901093.2125,
  "summary_fg_stdv": 260678.34375,
  "tsnr": 71.5465087890625
}