{
  "aor": 0.0006781944444444444,
  "aqi": 0.007736424166666666,
  "bids_meta": {
    "CogAtlasID": "trm_4c8a834779883",
    "EPIFactor": 39,
    "EchoTime": 0.035,
    "FlipAngle": 75.0,
    "MagneticFieldStrength": 3.0,
    "Manufacturer": "Philips",
    "ManufacturerModelName": "Achieva",
    "NumberOfEchoes": 1,
    "NumberOfSlices": 30,
    "PatientPosition": "Head First Supine",
    "PhaseEncodingDirection": "i",
    "PixelBandwidth": 3736.4205479999996,
    "PreparationDirection": "Anterior-Posterior",
    "RepetitionTime": 1.67116,
    "ScanDuration": 247.0,
    "ScanMode": "MS",
    "ScanOptions": [
      "FS"
    ],
    "ScanningSequence": "FEEPI",
    "TaskDescription": "Resting state BOLD data were separated in three runs lasting four minutes each.",
    "TaskInstructions": " Subjects were asked to relax while fixating the central point in the middle of a grey-background screen that was projected on a LCD screen and viewed through a mirror placed above the subject head.",
    "TaskName": "Resting State",
    "dataset": "ds000133",
    "modality": "bold",
    "run_id": 2,
    "session_id": "pre",
    "subject_id": "11",
    "task_id": "rest"
  },
  "dummy_trs": 1,
  "dvars_nstd": 22.896415390559444,
  "dvars_std": 1.182695294195804,
  "dvars_vstd": 0.9346425284615383,
  "efc": 0.38600967985594026,
  "fber": 165629.03125,
  "fd_mean": 0.20659819417629766,
  "fd_num": 64,
  "fd_perc": 44.44444444444444,
  "fwhm_avg": 1.7505141666666668,
  "fwhm_x": 1.709205,
  "fwhm_y": 1.903265,
  "fwhm_z": 1.6390725,
  "gcor": 0.0189068,
  "gsr_x": -0.013798503205180168,
  "gsr_y": 0.0015600560000166297,
  "provenance": {
    "md5sum": "88547da24e160f1cefc4351c50a41e67",
    "settings": {
      "fd_thres": 0.2,
      "testing": false
    },
    "software": "mriqc",
    "version": "21.0.0rc2",
    "webapi_port": null,
    "webapi_url": "https://mriqc.nimh.nih.gov/api/v1"
  },
  "size_t": 144,
  "size_x": 64,
  "size_y": 64,
  "size_z": 30,
  "snr": 5.455941888807178,
  "spacing_tr": 1.6711620092391968,
  "spacing_x": 4.0,
  "spacing_y": 4.0,
  "spacing_z": 4.0,
  "summary_bg_k": 103.93421743004217,
  "summary_bg_mad": 4577.474648292438,
  "summary_bg_mean": 19792.87109375,
  "summary_bg_median": 3470.47314453125,
  "summary_bg_n": 82454.0,
  "summary_bg_p05": 118.57654914855961,
  "summary_bg_p95": 80616.42695312493,
  "summary_bg_stdv": 59278.3359375,
  "summary_fg_k": 2.1439896272326058,
  "summary_fg_mad": 238022.33459193143,
  "summary_fg_mean": 1454361.75,
  "summary_fg_median": 1428174.375,
  "summary_fg_n": 14799.0,
  "summary_fg_p05": 1093716.8875,
  "summary_fg_p95": 1891921.0749999993,
  "summary_fg_stdv": 261756.109375,
  "tsnr": 63.82279968261719
}