{
  "aor": 0.0008606206896551723,
  "aqi": 0.0035547160000000003,
  "bids_meta": {
    "CogAtlasID": "trm_4c8a834779883",
    "EPIFactor": 39,
    "EchoTime": 0.035,
    "FlipAngle": 75.0,
    "MagneticFieldStrength": 3.0,
    "Manufacturer": "Philips",
    "ManufacturerModelName": "Achieva",
    "NumberOfEchoes": 1,
    "NumberOfSlices": 30,
    "PatientPosition": "Head First Supine",
    "PhaseEncodingDirection": "i",
    "PixelBandwidth": 3729.037176,
    "PreparationDirection": "Anterior-Posterior",
    "RepetitionTime": 1.67053,
    "ScanDuration": 247.0,
    "ScanMode": "MS",
    "ScanOptions": [
      "FS"
    ],
    "ScanningSequence": "FEEPI",
    "TaskDescription": "Resting state BOLD data were separated in three runs lasting four minutes each.",
    "TaskInstructions": " Subjects were asked to relax while fixating the central point in the middle of a grey-background screen that was projected on a LCD screen and viewed through a mirror placed above the subject head.",
    "TaskName": "Resting State",
    "dataset": "ds000133",
    "modality": "bold",
    "run_id": 1,
    "session_id": "pre",
    "subject_id": "07",
    "task_id": "rest"
  },
  "dummy_trs": 0,
  "dvars_nstd": 19.01550130055554,
  "dvars_std": 1.2284606909722224,
  "dvars_vstd": 0.9807893027777776,
  "efc": 0.3701701423670188,
  "fber": 139227.5625,
  "fd_mean": 0.1737247472082261,
  "fd_num": 39,
  "fd_perc": 26.896551724137932,
  "fwhm_avg": 1.846209166666667,
  "fwhm_x": 1.7667675,
  "fwhm_y": 2.0274,
  "fwhm_z": 1.74446,
  "gcor": 0.0230507,
  "gsr_x": -0.016667906194925308,
  "gsr_y": 0.006286048796027899,
  "provenance": {
    "md5sum": "6a068bf6bc58fa47a17bb1e8b1a72311",
    "settings": {
      "fd_thres": 0.2,
      "testing": false
    },
    "software": "mriqc",
    "version": "21.0.0rc2",
    "webapi_port": null,
    "webapi_url": "https://mriqc.nimh.nih.gov/api/v1"
  },
  "size_t": 145,
  "size_x": 64,
  "size_y": 64,
  "size_z": 30,
  "snr": 6.155270004319937,
  "spacing_tr": 1.6705260276794434,
  "spacing_x": 4.0,
  "spacing_y": 4.0,
  "spacing_z": 4.0,
  "summary_bg_k": 120.3653914344797,
  "summary_bg_mad": 4487.146017715146,
  "summary_bg_mean": 17633.080078125,
  "summary_bg_median": 3867.22314453125,
  "summary_bg_n": 84374.0,
  "summary_bg_p05": 251.13160400390635,
  "summary_bg_p95": 74831.70624999997,
  "summary_bg_stdv": 50643.5546875,
  "summary_fg_k": 1.47092761326821,
  "summary_fg_mad": 216200.09786302477,
  "summary_fg_mean": 1452454.0,
  "summary_fg_median": 1435864.875,
  "summary_fg_n": 13713.0,
  "summary_fg_p05": 1107709.35,
  "summary_fg_p95": 1846271.4,
  "summary_fg_stdv": 233265.5625,
  "tsnr": 88.95892333984375
}