{
  "aor": 0.0009155862068965519,
  "aqi": 0.003373457655172414,
  "bids_meta": {
    "CogAtlasID": "trm_4c8a834779883",
    "EPIFactor": 39,
    "EchoTime": 0.035,
    "FlipAngle": 75.0,
    "MagneticFieldStrength": 3.0,
    "Manufacturer": "Philips",
    "ManufacturerModelName": "Achieva",
    "NumberOfEchoes": 1,
    "NumberOfSlices": 30,
    "PatientPosition": "Head First Supine",
    "PhaseEncodingDirection": "i",
    "PixelBandwidth": 3729.037176,
    "PreparationDirection": "Anterior-Posterior",
    "RepetitionTime": 1.67053,
    "ScanDuration": 247.0,
    "ScanMode": "MS",
    "ScanOptions": [
      "FS"
    ],
    "ScanningSequence": "FEEPI",
    "TaskDescription": "Resting state BOLD data were separated in three runs lasting four minutes each.",
    "TaskInstructions": " Subjects were asked to relax while fixating the central point in the middle of a grey-background screen that was projected on a LCD screen and viewed through a mirror placed above the subject head.",
    "TaskName": "Resting State",
    "dataset": "ds000133",
    "modality": "bold",
    "run_id": 3,
    "session_id": "pre",
    "subject_id": "07",
    "task_id": "rest"
  },
  "dummy_trs": 0,
  "dvars_nstd": 18.914713170902772,
  "dvars_std": 1.2493257195833327,
  "dvars_vstd": 0.9988328105555555,
  "efc": 0.36984303624485215,
  "fber": 139753.890625,
  "fd_mean": 0.19753707638428894,
  "fd_num": 65,
  "fd_perc": 44.827586206896555,
  "fwhm_avg": 1.8484675,
  "fwhm_x": 1.7835025,
  "fwhm_y": 2.0146,
  "fwhm_z": 1.7473,
  "gcor": 0.0264069,
  "gsr_x": -0.016461467370390892,
  "gsr_y": 0.00646072207018733,
  "provenance": {
    "md5sum": "5d94bf632af065c2ec86492bcc654633",
    "settings": {
      "fd_thres": 0.2,
      "testing": false
    },
    "software": "mriqc",
    "version": "21.0.0rc2",
    "webapi_port": null,
    "webapi_url": "https://mriqc.nimh.nih.gov/api/v1"
  },
  "size_t": 145,
  "size_x": 64,
  "size_y": 64,
  "size_z": 30,
  "snr": 6.198305123706424,
  "spacing_tr": 1.6705260276794434,
  "spacing_x": 4.0,
  "spacing_y": 4.0,
  "spacing_z": 4.0,
  "summary_bg_k": 123.7818491892983,
  "summary_bg_mad": 4461.703608062128,
  "summary_bg_mean": 17538.98046875,
  "summary_bg_median": 3852.902099609375,
  "summary_bg_n": 84385.0,
  "summary_bg_p05": 262.23553466796875,
  "summary_bg_p95": 74815.15468750005,
  "summary_bg_stdv": 50165.71484375,
  "summary_fg_k": 1.3563147756473182,
  "summary_fg_mad": 214781.0622146376,
  "summary_fg_mean": 1452660.125,
  "summary_fg_median": 1433655.75,
  "summary_fg_n": 13662.0,
  "summary_fg_p05": 1112744.4,
  "summary_fg_p95": 1848913.76875,
  "summary_fg_stdv": 231289.5625,
  "tsnr": 89.1925048828125
}