{
  "aor": 0.009850972222222221,
  "aqi": 0.007342684305555557,
  "bids_meta": {
    "CogAtlasID": "trm_4c8a834779883",
    "EPIFactor": 39,
    "EchoTime": 0.035,
    "FlipAngle": 75.0,
    "MagneticFieldStrength": 3.0,
    "Manufacturer": "Philips",
    "ManufacturerModelName": "Achieva",
    "NumberOfEchoes": 1,
    "NumberOfSlices": 30,
    "PatientPosition": "Head First Supine",
    "PhaseEncodingDirection": "i",
    "PixelBandwidth": 3730.340124,
    "PreparationDirection": "Anterior-Posterior",
    "RepetitionTime": 1.67066,
    "ScanDuration": 247.0,
    "ScanMode": "MS",
    "ScanOptions": [
      "FS"
    ],
    "ScanningSequence": "FEEPI",
    "TaskDescription": "Resting state BOLD data were separated in three runs lasting four minutes each.",
    "TaskInstructions": " Subjects were asked to relax while fixating the central point in the middle of a grey-background screen that was projected on a LCD screen and viewed through a mirror placed above the subject head.",
    "TaskName": "Resting State",
    "dataset": "ds000133",
    "modality": "bold",
    "run_id": 2,
    "session_id": "pre",
    "subject_id": "06",
    "task_id": "rest"
  },
  "dummy_trs": 1,
  "dvars_nstd": 30.32202563321678,
  "dvars_std": 1.3685382588811186,
  "dvars_vstd": 1.0523386980419585,
  "efc": 0.39273155020379485,
  "fber": 181847.25,
  "fd_mean": 0.34489981332706116,
  "fd_num": 78,
  "fd_perc": 54.166666666666664,
  "fwhm_avg": 1.8919041666666667,
  "fwhm_x": 1.7915775,
  "fwhm_y": 2.1009125,
  "fwhm_z": 1.7832225,
  "gcor": 0.0375376,
  "gsr_x": -0.012659378349781036,
  "gsr_y": 0.00836836639791727,
  "provenance": {
    "md5sum": "baf438e1c23971144b412e6fee0c191f",
    "settings": {
      "fd_thres": 0.2,
      "testing": false
    },
    "software": "mriqc",
    "version": "21.0.0rc2",
    "webapi_port": null,
    "webapi_url": "https://mriqc.nimh.nih.gov/api/v1"
  },
  "size_t": 144,
  "size_x": 64,
  "size_y": 64,
  "size_z": 30,
  "snr": 5.475183159676645,
  "spacing_tr": 1.6706639528274536,
  "spacing_x": 4.0,
  "spacing_y": 4.0,
  "spacing_z": 4.0,
  "summary_bg_k": 247.78212280392123,
  "summary_bg_mad": 4356.880672162724,
  "summary_bg_mean": 18432.39453125,
  "summary_bg_median": 3583.82373046875,
  "summary_bg_n": 81538.0,
  "summary_bg_p05": 201.72527618408205,
  "summary_bg_p95": 83204.86718749988,
  "summary_bg_stdv": 56130.8203125,
  "summary_fg_k": 3.1792273293450863,
  "summary_fg_mad": 239991.87897657746,
  "summary_fg_mean": 1558659.125,
  "summary_fg_median": 1524778.75,
  "summary_fg_n": 16044.0,
  "summary_fg_p05": 1199268.40625,
  "summary_fg_p95": 2028994.5687499999,
  "summary_fg_stdv": 278480.40625,
  "tsnr": 62.579322814941406
}