{
  "aor": 0.008296689655172414,
  "aqi": 0.0071557201379310355,
  "bids_meta": {
    "CogAtlasID": "trm_4c8a834779883",
    "EPIFactor": 39,
    "EchoTime": 0.035,
    "FlipAngle": 75.0,
    "MagneticFieldStrength": 3.0,
    "Manufacturer": "Philips",
    "ManufacturerModelName": "Achieva",
    "NumberOfEchoes": 1,
    "NumberOfSlices": 30,
    "PatientPosition": "Head First Supine",
    "PhaseEncodingDirection": "i",
    "PixelBandwidth": 3730.340124,
    "PreparationDirection": "Anterior-Posterior",
    "RepetitionTime": 1.67066,
    "ScanDuration": 247.0,
    "ScanMode": "MS",
    "ScanOptions": [
      "FS"
    ],
    "ScanningSequence": "FEEPI",
    "TaskDescription": "Resting state BOLD data were separated in three runs lasting four minutes each.",
    "TaskInstructions": " Subjects were asked to relax while fixating the central point in the middle of a grey-background screen that was projected on a LCD screen and viewed through a mirror placed above the subject head.",
    "TaskName": "Resting State",
    "dataset": "ds000133",
    "modality": "bold",
    "run_id": 3,
    "session_id": "pre",
    "subject_id": "06",
    "task_id": "rest"
  },
  "dummy_trs": 0,
  "dvars_nstd": 31.440657628819437,
  "dvars_std": 1.3445319899305557,
  "dvars_vstd": 1.0486803501388895,
  "efc": 0.39300606022891976,
  "fber": 182865.59375,
  "fd_mean": 0.40215123222154986,
  "fd_num": 91,
  "fd_perc": 62.758620689655174,
  "fwhm_avg": 1.8893475000000002,
  "fwhm_x": 1.788265,
  "fwhm_y": 2.1023025,
  "fwhm_z": 1.777475,
  "gcor": 0.0485405,
  "gsr_x": -0.012580683454871178,
  "gsr_y": 0.008269363082945347,
  "provenance": {
    "md5sum": "f2dcc12390183b6a42052cab0d763717",
    "settings": {
      "fd_thres": 0.2,
      "testing": false
    },
    "software": "mriqc",
    "version": "21.0.0rc2",
    "webapi_port": null,
    "webapi_url": "https://mriqc.nimh.nih.gov/api/v1"
  },
  "size_t": 145,
  "size_x": 64,
  "size_y": 64,
  "size_z": 30,
  "snr": 5.514312130415542,
  "spacing_tr": 1.6706639528274536,
  "spacing_x": 4.0,
  "spacing_y": 4.0,
  "spacing_z": 4.0,
  "summary_bg_k": 292.1966663312575,
  "summary_bg_mad": 4242.525248293237,
  "summary_bg_mean": 18126.154296875,
  "summary_bg_median": 3521.478759765625,
  "summary_bg_n": 81474.0,
  "summary_bg_p05": 211.43977203369144,
  "summary_bg_p95": 82228.90859374987,
  "summary_bg_stdv": 54762.66015625,
  "summary_fg_k": 3.155130382691775,
  "summary_fg_mad": 235090.39604219794,
  "summary_fg_mean": 1536668.125,
  "summary_fg_median": 1505263.625,
  "summary_fg_n": 16072.0,
  "summary_fg_p05": 1183767.01875,
  "summary_fg_p95": 1998365.93125,
  "summary_fg_stdv": 272965.46875,
  "tsnr": 62.24129867553711
}