{
  "aor": 0.001272638888888889,
  "aqi": 0.002917404513888889,
  "bids_meta": {
    "CogAtlasID": "trm_4c8a834779883",
    "EPIFactor": 39,
    "EchoTime": 0.035,
    "FlipAngle": 75.0,
    "MagneticFieldStrength": 3.0,
    "Manufacturer": "Philips",
    "ManufacturerModelName": "Achieva",
    "NumberOfEchoes": 1,
    "NumberOfSlices": 30,
    "PatientPosition": "Head First Supine",
    "PhaseEncodingDirection": "i",
    "PixelBandwidth": 3739.4607599999995,
    "PreparationDirection": "Anterior-Posterior",
    "RepetitionTime": 1.67136,
    "ScanDuration": 247.0,
    "ScanMode": "MS",
    "ScanOptions": [
      "FS"
    ],
    "ScanningSequence": "FEEPI",
    "TaskDescription": "Resting state BOLD data were separated in three runs lasting four minutes each.",
    "TaskInstructions": " Subjects were asked to relax while fixating the central point in the middle of a grey-background screen that was projected on a LCD screen and viewed through a mirror placed above the subject head.",
    "TaskName": "Resting State",
    "dataset": "ds000133",
    "modality": "bold",
    "run_id": 2,
    "session_id": "pre",
    "subject_id": "10",
    "task_id": "rest"
  },
  "dummy_trs": 1,
  "dvars_nstd": 16.769950679930073,
  "dvars_std": 1.1677045430769228,
  "dvars_vstd": 0.9868902206993009,
  "efc": 0.3721654362246787,
  "fber": 293393.6875,
  "fd_mean": 0.20244716790652612,
  "fd_num": 64,
  "fd_perc": 44.44444444444444,
  "fwhm_avg": 1.8724308333333333,
  "fwhm_x": 1.83393,
  "fwhm_y": 2.0577075,
  "fwhm_z": 1.725655,
  "gcor": 0.0294305,
  "gsr_x": -0.016278082504868507,
  "gsr_y": 0.002054655458778143,
  "provenance": {
    "md5sum": "31489c24fdedba0000086176e01725aa",
    "settings": {
      "fd_thres": 0.2,
      "testing": false
    },
    "software": "mriqc",
    "version": "21.0.0rc2",
    "webapi_port": null,
    "webapi_url": "https://mriqc.nimh.nih.gov/api/v1"
  },
  "size_t": 144,
  "size_x": 64,
  "size_y": 64,
  "size_z": 30,
  "snr": 6.343518455635141,
  "spacing_tr": 1.6713600158691406,
  "spacing_x": 4.0,
  "spacing_y": 4.0,
  "spacing_z": 4.0,
  "summary_bg_k": 150.40735537949803,
  "summary_bg_mad": 3591.316633723614,
  "summary_bg_mean": 18900.8203125,
  "summary_bg_median": 2658.15673828125,
  "summary_bg_n": 84149.0,
  "summary_bg_p05": 40.547216033935555,
  "summary_bg_p95": 92823.59687499962,
  "summary_bg_stdv": 58363.87109375,
  "summary_fg_k": 1.6187743516047046,
  "summary_fg_mad": 208532.9131526617,
  "summary_fg_mean": 1454242.75,
  "summary_fg_median": 1437704.25,
  "summary_fg_n": 13554.0,
  "summary_fg_p05": 1123648.425,
  "summary_fg_p95": 1836354.3312499998,
  "summary_fg_stdv": 226633.09375,
  "tsnr": 93.82901000976562
}