{
  "aor": 0.0012755555555555556,
  "aqi": 0.0036555945833333333,
  "bids_meta": {
    "CogAtlasID": "trm_4c8a834779883",
    "EPIFactor": 39,
    "EchoTime": 0.035,
    "FlipAngle": 75.0,
    "MagneticFieldStrength": 3.0,
    "Manufacturer": "Philips",
    "ManufacturerModelName": "Achieva",
    "NumberOfEchoes": 1,
    "NumberOfSlices": 30,
    "PatientPosition": "Head First Supine",
    "PhaseEncodingDirection": "i",
    "PixelBandwidth": 3739.4607599999995,
    "PreparationDirection": "Anterior-Posterior",
    "RepetitionTime": 1.67136,
    "ScanDuration": 247.0,
    "ScanMode": "MS",
    "ScanOptions": [
      "FS"
    ],
    "ScanningSequence": "FEEPI",
    "TaskDescription": "Resting state BOLD data were separated in three runs lasting four minutes each.",
    "TaskInstructions": " Subjects were asked to relax while fixating the central point in the middle of a grey-background screen that was projected on a LCD screen and viewed through a mirror placed above the subject head.",
    "TaskName": "Resting State",
    "dataset": "ds000133",
    "modality": "bold",
    "run_id": 1,
    "session_id": "pre",
    "subject_id": "10",
    "task_id": "rest"
  },
  "dummy_trs": 1,
  "dvars_nstd": 18.295797081328676,
  "dvars_std": 1.189512867482518,
  "dvars_vstd": 0.9967362024475526,
  "efc": 0.37129139012389667,
  "fber": 398310.0625,
  "fd_mean": 0.22880409970754587,
  "fd_num": 77,
  "fd_perc": 53.47222222222222,
  "fwhm_avg": 1.8771866666666668,
  "fwhm_x": 1.8434025,
  "fwhm_y": 2.0685375,
  "fwhm_z": 1.71962,
  "gcor": 0.0195676,
  "gsr_x": -0.01617082767188549,
  "gsr_y": 0.001857286668382585,
  "provenance": {
    "md5sum": "d58a7377e37bf958151a88f22bb2ccb6",
    "settings": {
      "fd_thres": 0.2,
      "testing": false
    },
    "software": "mriqc",
    "version": "21.0.0rc2",
    "webapi_port": null,
    "webapi_url": "https://mriqc.nimh.nih.gov/api/v1"
  },
  "size_t": 144,
  "size_x": 64,
  "size_y": 64,
  "size_z": 30,
  "snr": 6.388440685977166,
  "spacing_tr": 1.6713600158691406,
  "spacing_x": 4.0,
  "spacing_y": 4.0,
  "spacing_z": 4.0,
  "summary_bg_k": 131.93253960198115,
  "summary_bg_mad": 3091.8251953869917,
  "summary_bg_mean": 17913.556640625,
  "summary_bg_median": 2226.501220703125,
  "summary_bg_n": 84123.0,
  "summary_bg_p05": 30.003337287902834,
  "summary_bg_p95": 88728.43359374999,
  "summary_bg_stdv": 55508.5390625,
  "summary_fg_k": 1.56757042253237,
  "summary_fg_mad": 204632.46470368945,
  "summary_fg_mean": 1418772.625,
  "summary_fg_median": 1403459.375,
  "summary_fg_n": 13543.0,
  "summary_fg_p05": 1098533.4,
  "summary_fg_p95": 1784606.4749999999,
  "summary_fg_stdv": 219679.203125,
  "tsnr": 86.5823745727539
}