{
  "aor": 0.0023964827586206894,
  "aqi": 0.003571282413793104,
  "bids_meta": {
    "CogAtlasID": "trm_4c8a834779883",
    "EPIFactor": 39,
    "EchoTime": 0.035,
    "FlipAngle": 75.0,
    "MagneticFieldStrength": 3.0,
    "Manufacturer": "Philips",
    "ManufacturerModelName": "Achieva",
    "NumberOfEchoes": 1,
    "NumberOfSlices": 30,
    "PatientPosition": "Head First Supine",
    "PhaseEncodingDirection": "i",
    "PixelBandwidth": 3748.581396,
    "PreparationDirection": "Anterior-Posterior",
    "RepetitionTime": 1.67204,
    "ScanDuration": 247.0,
    "ScanMode": "MS",
    "ScanOptions": [
      "FS"
    ],
    "ScanningSequence": "FEEPI",
    "TaskDescription": "Resting state BOLD data were separated in three runs lasting four minutes each.",
    "TaskInstructions": " Subjects were asked to relax while fixating the central point in the middle of a grey-background screen that was projected on a LCD screen and viewed through a mirror placed above the subject head.",
    "TaskName": "Resting State",
    "dataset": "ds000133",
    "modality": "bold",
    "run_id": 3,
    "session_id": "post",
    "subject_id": "05",
    "task_id": "rest"
  },
  "dummy_trs": 0,
  "dvars_nstd": 16.325616048472224,
  "dvars_std": 1.1335482215277777,
  "dvars_vstd": 1.0158483054166672,
  "efc": 0.4040767363428498,
  "fber": 231879.71875,
  "fd_mean": 0.17574616483989589,
  "fd_num": 48,
  "fd_perc": 33.10344827586207,
  "fwhm_avg": 1.8896775000000001,
  "fwhm_x": 1.8214675,
  "fwhm_y": 2.0135525,
  "fwhm_z": 1.8340125,
  "gcor": 0.028089,
  "gsr_x": -0.009088885970413685,
  "gsr_y": 0.0040611205622553825,
  "provenance": {
    "md5sum": "d358ee163d1a494f21f515309af1c428",
    "settings": {
      "fd_thres": 0.2,
      "testing": false
    },
    "software": "mriqc",
    "version": "21.0.0rc2",
    "webapi_port": null,
    "webapi_url": "https://mriqc.nimh.nih.gov/api/v1"
  },
  "size_t": 145,
  "size_x": 64,
  "size_y": 64,
  "size_z": 30,
  "snr": 5.883774778239677,
  "spacing_tr": 1.6720410585403442,
  "spacing_x": 4.0,
  "spacing_y": 4.0,
  "spacing_z": 4.0,
  "summary_bg_k": 85.85159626997196,
  "summary_bg_mad": 3787.4396874297627,
  "summary_bg_mean": 19845.546875,
  "summary_bg_median": 2887.86376953125,
  "summary_bg_n": 80494.0,
  "summary_bg_p05": 74.70198097229004,
  "summary_bg_p95": 93868.74531249962,
  "summary_bg_stdv": 60181.9609375,
  "summary_fg_k": 2.8205202013680273,
  "summary_fg_mad": 205060.010118451,
  "summary_fg_mean": 1438224.875,
  "summary_fg_median": 1412883.25,
  "summary_fg_n": 16419.0,
  "summary_fg_p05": 1111803.4125,
  "summary_fg_p95": 1840952.0249999992,
  "summary_fg_stdv": 240124.796875,
  "tsnr": 89.54356384277344
}