{
  "aor": 0.0032326206896551727,
  "aqi": 0.0034353424827586205,
  "bids_meta": {
    "CogAtlasID": "trm_4c8a834779883",
    "EPIFactor": 39,
    "EchoTime": 0.035,
    "FlipAngle": 75.0,
    "MagneticFieldStrength": 3.0,
    "Manufacturer": "Philips",
    "ManufacturerModelName": "Achieva",
    "NumberOfEchoes": 1,
    "NumberOfSlices": 30,
    "PatientPosition": "Head First Supine",
    "PhaseEncodingDirection": "i",
    "PixelBandwidth": 3729.037176,
    "PreparationDirection": "Anterior-Posterior",
    "RepetitionTime": 1.67053,
    "ScanDuration": 247.0,
    "ScanMode": "MS",
    "ScanOptions": [
      "FS"
    ],
    "ScanningSequence": "FEEPI",
    "TaskDescription": "Resting state BOLD data were separated in three runs lasting four minutes each.",
    "TaskInstructions": " Subjects were asked to relax while fixating the central point in the middle of a grey-background screen that was projected on a LCD screen and viewed through a mirror placed above the subject head.",
    "TaskName": "Resting State",
    "dataset": "ds000133",
    "modality": "bold",
    "run_id": 2,
    "session_id": "pre",
    "subject_id": "14",
    "task_id": "rest"
  },
  "dummy_trs": 0,
  "dvars_nstd": 21.294860661250006,
  "dvars_std": 1.3277663135416669,
  "dvars_vstd": 1.007179141180556,
  "efc": 0.3668046161778412,
  "fber": 244825.5,
  "fd_mean": 0.21849014397428942,
  "fd_num": 79,
  "fd_perc": 54.48275862068966,
  "fwhm_avg": 1.8267999999999998,
  "fwhm_x": 1.7268,
  "fwhm_y": 2.0330725,
  "fwhm_z": 1.7205275,
  "gcor": 0.0476729,
  "gsr_x": -0.016298362985253334,
  "gsr_y": 0.004615294747054577,
  "provenance": {
    "md5sum": "433b9983f5293d6159ea67622d373ab1",
    "settings": {
      "fd_thres": 0.2,
      "testing": false
    },
    "software": "mriqc",
    "version": "21.0.0rc2",
    "webapi_port": null,
    "webapi_url": "https://mriqc.nimh.nih.gov/api/v1"
  },
  "size_t": 145,
  "size_x": 64,
  "size_y": 64,
  "size_z": 30,
  "snr": 5.853861247796532,
  "spacing_tr": 1.6705260276794434,
  "spacing_x": 4.0,
  "spacing_y": 4.0,
  "spacing_z": 4.0,
  "summary_bg_k": 136.78692023876494,
  "summary_bg_mad": 3867.2914221967994,
  "summary_bg_mean": 18306.0859375,
  "summary_bg_median": 2924.39599609375,
  "summary_bg_n": 84869.0,
  "summary_bg_p05": 48.55705261230469,
  "summary_bg_p95": 88422.4109374997,
  "summary_bg_stdv": 59569.1796875,
  "summary_fg_k": 1.7225436051158773,
  "summary_fg_mad": 228600.58281860565,
  "summary_fg_mean": 1458690.5,
  "summary_fg_median": 1436366.0,
  "summary_fg_n": 13645.0,
  "summary_fg_p05": 1117961.4,
  "summary_fg_p95": 1880453.0999999999,
  "summary_fg_stdv": 245361.703125,
  "tsnr": 85.72687530517578
}