{
  "aor": 0.001477291666666667,
  "aqi": 0.0027832734027777774,
  "bids_meta": {
    "CogAtlasID": "trm_4c8a834779883",
    "EPIFactor": 39,
    "EchoTime": 0.035,
    "FlipAngle": 75.0,
    "MagneticFieldStrength": 3.0,
    "Manufacturer": "Philips",
    "ManufacturerModelName": "Achieva",
    "NumberOfEchoes": 1,
    "NumberOfSlices": 30,
    "PatientPosition": "Head First Supine",
    "PhaseEncodingDirection": "i",
    "PixelBandwidth": 3729.037176,
    "PreparationDirection": "Anterior-Posterior",
    "RepetitionTime": 1.67053,
    "ScanDuration": 247.0,
    "ScanMode": "MS",
    "ScanOptions": [
      "FS"
    ],
    "ScanningSequence": "FEEPI",
    "TaskDescription": "Resting state BOLD data were separated in three runs lasting four minutes each.",
    "TaskInstructions": " Subjects were asked to relax while fixating the central point in the middle of a grey-background screen that was projected on a LCD screen and viewed through a mirror placed above the subject head.",
    "TaskName": "Resting State",
    "dataset": "ds000133",
    "modality": "bold",
    "run_id": 3,
    "session_id": "pre",
    "subject_id": "14",
    "task_id": "rest"
  },
  "dummy_trs": 1,
  "dvars_nstd": 19.663847749720283,
  "dvars_std": 1.3851184044755243,
  "dvars_vstd": 0.9930334076223777,
  "efc": 0.3676858830987256,
  "fber": 216887.34375,
  "fd_mean": 0.17441708136810086,
  "fd_num": 41,
  "fd_perc": 28.47222222222222,
  "fwhm_avg": 1.8122983333333333,
  "fwhm_x": 1.7123325,
  "fwhm_y": 2.009765,
  "fwhm_z": 1.7147975,
  "gcor": 0.0457934,
  "gsr_x": -0.01628451608121395,
  "gsr_y": 0.0045315418392419815,
  "provenance": {
    "md5sum": "a371b3fbd64c8f203deb21c7f4b82c43",
    "settings": {
      "fd_thres": 0.2,
      "testing": false
    },
    "software": "mriqc",
    "version": "21.0.0rc2",
    "webapi_port": null,
    "webapi_url": "https://mriqc.nimh.nih.gov/api/v1"
  },
  "size_t": 144,
  "size_x": 64,
  "size_y": 64,
  "size_z": 30,
  "snr": 5.8645396761980395,
  "spacing_tr": 1.6705260276794434,
  "spacing_x": 4.0,
  "spacing_y": 4.0,
  "spacing_z": 4.0,
  "summary_bg_k": 139.44575572574385,
  "summary_bg_mad": 3794.903712743524,
  "summary_bg_mean": 18519.20703125,
  "summary_bg_median": 3086.576171875,
  "summary_bg_n": 84804.0,
  "summary_bg_p05": 96.53487586975099,
  "summary_bg_p95": 88720.18515624956,
  "summary_bg_stdv": 59971.8984375,
  "summary_fg_k": 1.742714174544835,
  "summary_fg_mad": 228086.86114989343,
  "summary_fg_mean": 1455079.125,
  "summary_fg_median": 1429992.0,
  "summary_fg_n": 13627.0,
  "summary_fg_p05": 1117296.45,
  "summary_fg_p95": 1867235.3749999998,
  "summary_fg_stdv": 243828.09375,
  "tsnr": 98.77267456054688
}