{
  "aor": 0.0007661379310344828,
  "aqi": 0.0036070003448275857,
  "bids_meta": {
    "CogAtlasID": "trm_4c8a834779883",
    "EPIFactor": 39,
    "EchoTime": 0.035,
    "FlipAngle": 75.0,
    "MagneticFieldStrength": 3.0,
    "Manufacturer": "Philips",
    "ManufacturerModelName": "Achieva",
    "NumberOfEchoes": 1,
    "NumberOfSlices": 30,
    "PatientPosition": "Head First Supine",
    "PhaseEncodingDirection": "i",
    "PixelBandwidth": 3721.2194879999997,
    "PreparationDirection": "Anterior-Posterior",
    "RepetitionTime": 1.66993,
    "ScanDuration": 247.0,
    "ScanMode": "MS",
    "ScanOptions": [
      "FS"
    ],
    "ScanningSequence": "FEEPI",
    "TaskDescription": "Resting state BOLD data were separated in three runs lasting four minutes each.",
    "TaskInstructions": " Subjects were asked to relax while fixating the central point in the middle of a grey-background screen that was projected on a LCD screen and viewed through a mirror placed above the subject head.",
    "TaskName": "Resting State",
    "dataset": "ds000133",
    "modality": "bold",
    "run_id": 3,
    "session_id": "pre",
    "subject_id": "18",
    "task_id": "rest"
  },
  "dummy_trs": 0,
  "dvars_nstd": 12.26540480701389,
  "dvars_std": 1.085390617291667,
  "dvars_vstd": 0.9689680977083334,
  "efc": 0.36082643086990884,
  "fber": 366863.125,
  "fd_mean": 0.05842529811645636,
  "fd_num": 4,
  "fd_perc": 2.7586206896551726,
  "fwhm_avg": 1.805455,
  "fwhm_x": 1.68628,
  "fwhm_y": 2.04344,
  "fwhm_z": 1.686645,
  "gcor": 0.0787146,
  "gsr_x": -0.019103895872831345,
  "gsr_y": 0.0025155944749712944,
  "provenance": {
    "md5sum": "1509bea0b4d1aa49eaa56f976449cde2",
    "settings": {
      "fd_thres": 0.2,
      "testing": false
    },
    "software": "mriqc",
    "version": "21.0.0rc2",
    "webapi_port": null,
    "webapi_url": "https://mriqc.nimh.nih.gov/api/v1"
  },
  "size_t": 145,
  "size_x": 64,
  "size_y": 64,
  "size_z": 30,
  "snr": 6.662506537204786,
  "spacing_tr": 1.6699289083480835,
  "spacing_x": 4.0,
  "spacing_y": 4.0,
  "spacing_z": 4.0,
  "summary_bg_k": 111.2840031423157,
  "summary_bg_mad": 2803.6433485200973,
  "summary_bg_mean": 18633.333984375,
  "summary_bg_median": 2244.9677734375,
  "summary_bg_n": 85664.0,
  "summary_bg_p05": 84.55598487854012,
  "summary_bg_p95": 95780.66640624993,
  "summary_bg_stdv": 59797.203125,
  "summary_fg_k": 2.369092439585571,
  "summary_fg_mad": 178843.34041389375,
  "summary_fg_mean": 1375161.625,
  "summary_fg_median": 1363141.625,
  "summary_fg_n": 12360.0,
  "summary_fg_p05": 1080658.45625,
  "summary_fg_p95": 1712784.8124999998,
  "summary_fg_stdv": 204590.640625,
  "tsnr": 88.80940246582031
}