{
  "aor": 0.000819103448275862,
  "aqi": 0.004010631034482759,
  "bids_meta": {
    "CogAtlasID": "trm_4c8a834779883",
    "EPIFactor": 39,
    "EchoTime": 0.035,
    "FlipAngle": 75.0,
    "MagneticFieldStrength": 3.0,
    "Manufacturer": "Philips",
    "ManufacturerModelName": "Achieva",
    "NumberOfEchoes": 1,
    "NumberOfSlices": 30,
    "PatientPosition": "Head First Supine",
    "PhaseEncodingDirection": "i",
    "PixelBandwidth": 3721.2194879999997,
    "PreparationDirection": "Anterior-Posterior",
    "RepetitionTime": 1.66993,
    "ScanDuration": 247.0,
    "ScanMode": "MS",
    "ScanOptions": [
      "FS"
    ],
    "ScanningSequence": "FEEPI",
    "TaskDescription": "Resting state BOLD data were separated in three runs lasting four minutes each.",
    "TaskInstructions": " Subjects were asked to relax while fixating the central point in the middle of a grey-background screen that was projected on a LCD screen and viewed through a mirror placed above the subject head.",
    "TaskName": "Resting State",
    "dataset": "ds000133",
    "modality": "bold",
    "run_id": 1,
    "session_id": "pre",
    "subject_id": "18",
    "task_id": "rest"
  },
  "dummy_trs": 0,
  "dvars_nstd": 12.047238502500003,
  "dvars_std": 1.0411140822916671,
  "dvars_vstd": 0.9710654877777782,
  "efc": 0.35890913969853955,
  "fber": 385937.0,
  "fd_mean": 0.07188597081890752,
  "fd_num": 8,
  "fd_perc": 5.517241379310345,
  "fwhm_avg": 1.8283633333333331,
  "fwhm_x": 1.699325,
  "fwhm_y": 2.0655775,
  "fwhm_z": 1.7201875,
  "gcor": 0.0664577,
  "gsr_x": -0.0184230487793684,
  "gsr_y": 0.0025082433130592108,
  "provenance": {
    "md5sum": "efb572330c5f9e9009eaf1de25ac2d12",
    "settings": {
      "fd_thres": 0.2,
      "testing": false
    },
    "software": "mriqc",
    "version": "21.0.0rc2",
    "webapi_port": null,
    "webapi_url": "https://mriqc.nimh.nih.gov/api/v1"
  },
  "size_t": 145,
  "size_x": 64,
  "size_y": 64,
  "size_z": 30,
  "snr": 6.607553250697956,
  "spacing_tr": 1.6699289083480835,
  "spacing_x": 4.0,
  "spacing_y": 4.0,
  "spacing_z": 4.0,
  "summary_bg_k": 111.01133269499451,
  "summary_bg_mad": 2886.540824587821,
  "summary_bg_mean": 18441.607421875,
  "summary_bg_median": 2218.968505859375,
  "summary_bg_n": 85717.0,
  "summary_bg_p05": 57.27806777954102,
  "summary_bg_p95": 93176.47656249996,
  "summary_bg_stdv": 59213.05859375,
  "summary_fg_k": 2.285430877107226,
  "summary_fg_mad": 185001.6993790114,
  "summary_fg_mean": 1405216.25,
  "summary_fg_median": 1390497.75,
  "summary_fg_n": 12264.0,
  "summary_fg_p05": 1103853.16875,
  "summary_fg_p95": 1758340.05,
  "summary_fg_stdv": 210432.0625,
  "tsnr": 84.1144027709961
}