{
  "aor": 0.001613448275862069,
  "aqi": 0.003870512965517242,
  "bids_meta": {
    "CogAtlasID": "trm_4c8a834779883",
    "EPIFactor": 39,
    "EchoTime": 0.035,
    "FlipAngle": 75.0,
    "MagneticFieldStrength": 3.0,
    "Manufacturer": "Philips",
    "ManufacturerModelName": "Achieva",
    "NumberOfEchoes": 1,
    "NumberOfSlices": 30,
    "PatientPosition": "Head First Supine",
    "PhaseEncodingDirection": "i",
    "PixelBandwidth": 3721.2194879999997,
    "PreparationDirection": "Anterior-Posterior",
    "RepetitionTime": 1.66993,
    "ScanDuration": 247.0,
    "ScanMode": "MS",
    "ScanOptions": [
      "FS"
    ],
    "ScanningSequence": "FEEPI",
    "TaskDescription": "Resting state BOLD data were separated in three runs lasting four minutes each.",
    "TaskInstructions": " Subjects were asked to relax while fixating the central point in the middle of a grey-background screen that was projected on a LCD screen and viewed through a mirror placed above the subject head.",
    "TaskName": "Resting State",
    "dataset": "ds000133",
    "modality": "bold",
    "run_id": 2,
    "session_id": "pre",
    "subject_id": "18",
    "task_id": "rest"
  },
  "dummy_trs": 0,
  "dvars_nstd": 11.624275233888886,
  "dvars_std": 1.056266485833333,
  "dvars_vstd": 0.9784542645833328,
  "efc": 0.36016544353510926,
  "fber": 358356.4375,
  "fd_mean": 0.06231778461450494,
  "fd_num": 7,
  "fd_perc": 4.827586206896552,
  "fwhm_avg": 1.8291691666666665,
  "fwhm_x": 1.688555,
  "fwhm_y": 2.067675,
  "fwhm_z": 1.7312775,
  "gcor": 0.0559358,
  "gsr_x": -0.01879972591996193,
  "gsr_y": 0.0027811501640826464,
  "provenance": {
    "md5sum": "876afb80bfdef4ea549d596d9dcc647e",
    "settings": {
      "fd_thres": 0.2,
      "testing": false
    },
    "software": "mriqc",
    "version": "21.0.0rc2",
    "webapi_port": null,
    "webapi_url": "https://mriqc.nimh.nih.gov/api/v1"
  },
  "size_t": 145,
  "size_x": 64,
  "size_y": 64,
  "size_z": 30,
  "snr": 6.654946052219765,
  "spacing_tr": 1.6699289083480835,
  "spacing_x": 4.0,
  "spacing_y": 4.0,
  "spacing_z": 4.0,
  "summary_bg_k": 110.06824013828201,
  "summary_bg_mad": 2888.5023496726258,
  "summary_bg_mean": 18557.6015625,
  "summary_bg_median": 2289.030029296875,
  "summary_bg_n": 85699.0,
  "summary_bg_p05": 77.79344635009768,
  "summary_bg_p95": 94172.86093749988,
  "summary_bg_stdv": 59442.76171875,
  "summary_fg_k": 2.397317215565998,
  "summary_fg_mad": 181160.4623561407,
  "summary_fg_mean": 1389742.125,
  "summary_fg_median": 1376677.75,
  "summary_fg_n": 12363.0,
  "summary_fg_p05": 1087605.7875,
  "summary_fg_p95": 1734618.8125,
  "summary_fg_stdv": 206856.984375,
  "tsnr": 87.22544860839844
}