{
  "aor": 0.002066275862068966,
  "aqi": 0.005906059379310344,
  "bids_meta": {
    "CogAtlasID": "trm_4c8a834779883",
    "EPIFactor": 39,
    "EchoTime": 0.035,
    "FlipAngle": 75.0,
    "MagneticFieldStrength": 3.0,
    "Manufacturer": "Philips",
    "ManufacturerModelName": "Achieva",
    "NumberOfEchoes": 1,
    "NumberOfSlices": 30,
    "PatientPosition": "Head First Supine",
    "PhaseEncodingDirection": "i",
    "PixelBandwidth": 3729.037176,
    "PreparationDirection": "Anterior-Posterior",
    "RepetitionTime": 1.67052,
    "ScanDuration": 247.0,
    "ScanMode": "MS",
    "ScanOptions": [
      "FS"
    ],
    "ScanningSequence": "FEEPI",
    "TaskDescription": "Resting state BOLD data were separated in three runs lasting four minutes each.",
    "TaskInstructions": " Subjects were asked to relax while fixating the central point in the middle of a grey-background screen that was projected on a LCD screen and viewed through a mirror placed above the subject head.",
    "TaskName": "Resting State",
    "dataset": "ds000133",
    "modality": "bold",
    "run_id": 3,
    "session_id": "post",
    "subject_id": "20",
    "task_id": "rest"
  },
  "dummy_trs": 0,
  "dvars_nstd": 17.71931244930555,
  "dvars_std": 1.1629999000694442,
  "dvars_vstd": 0.9957995528472221,
  "efc": 0.3824711511373974,
  "fber": 210739.984375,
  "fd_mean": 0.1851194576565951,
  "fd_num": 56,
  "fd_perc": 38.62068965517241,
  "fwhm_avg": 1.8625766666666665,
  "fwhm_x": 1.7818125,
  "fwhm_y": 2.060275,
  "fwhm_z": 1.7456425,
  "gcor": 0.107507,
  "gsr_x": -0.016091201454401016,
  "gsr_y": 0.011605237610638142,
  "provenance": {
    "md5sum": "81bc20632363ca936b2254e485a64079",
    "settings": {
      "fd_thres": 0.2,
      "testing": false
    },
    "software": "mriqc",
    "version": "21.0.0rc2",
    "webapi_port": null,
    "webapi_url": "https://mriqc.nimh.nih.gov/api/v1"
  },
  "size_t": 145,
  "size_x": 64,
  "size_y": 64,
  "size_z": 30,
  "snr": 6.107049155278453,
  "spacing_tr": 1.670522928237915,
  "spacing_x": 4.0,
  "spacing_y": 4.0,
  "spacing_z": 4.0,
  "summary_bg_k": 190.39676335983995,
  "summary_bg_mad": 3149.9866334397384,
  "summary_bg_mean": 17172.263671875,
  "summary_bg_median": 2625.0908203125,
  "summary_bg_n": 83299.0,
  "summary_bg_p05": 135.81729431152348,
  "summary_bg_p95": 76108.63359374992,
  "summary_bg_stdv": 59681.30078125,
  "summary_fg_k": 1.384727763382049,
  "summary_fg_mad": 184526.71069325766,
  "summary_fg_mean": 1237854.125,
  "summary_fg_median": 1218997.5,
  "summary_fg_n": 14633.0,
  "summary_fg_p05": 948001.3,
  "summary_fg_p95": 1575573.175,
  "summary_fg_stdv": 199598.171875,
  "tsnr": 74.60929870605469
}