{
  "aor": 0.003936413793103448,
  "aqi": 0.01338030806896552,
  "bids_meta": {
    "CogAtlasID": "trm_4c8a834779883",
    "EPIFactor": 39,
    "EchoTime": 0.035,
    "FlipAngle": 75.0,
    "MagneticFieldStrength": 3.0,
    "Manufacturer": "Philips",
    "ManufacturerModelName": "Achieva",
    "NumberOfEchoes": 1,
    "NumberOfSlices": 30,
    "PatientPosition": "Head First Supine",
    "PhaseEncodingDirection": "i",
    "PixelBandwidth": 3727.299912,
    "PreparationDirection": "Anterior-Posterior",
    "RepetitionTime": 1.67044,
    "ScanDuration": 247.0,
    "ScanMode": "MS",
    "ScanOptions": [
      "FS"
    ],
    "ScanningSequence": "FEEPI",
    "TaskDescription": "Resting state BOLD data were separated in three runs lasting four minutes each.",
    "TaskInstructions": " Subjects were asked to relax while fixating the central point in the middle of a grey-background screen that was projected on a LCD screen and viewed through a mirror placed above the subject head.",
    "TaskName": "Resting State",
    "dataset": "ds000133",
    "modality": "bold",
    "run_id": 1,
    "session_id": "post",
    "subject_id": "13",
    "task_id": "rest"
  },
  "dummy_trs": 0,
  "dvars_nstd": 19.69438814465277,
  "dvars_std": 1.0475128765277777,
  "dvars_vstd": 0.9494357518055558,
  "efc": 0.40440630883566864,
  "fber": 96002.8515625,
  "fd_mean": 0.28300038372472147,
  "fd_num": 87,
  "fd_perc": 60.0,
  "fwhm_avg": 1.8285900000000002,
  "fwhm_x": 1.74771,
  "fwhm_y": 2.01347,
  "fwhm_z": 1.72459,
  "gcor": 0.023744,
  "gsr_x": -0.008544186130166054,
  "gsr_y": 0.010719201527535915,
  "provenance": {
    "md5sum": "1762be6f2574d3aac3ddd7b72fd9d137",
    "settings": {
      "fd_thres": 0.2,
      "testing": false
    },
    "software": "mriqc",
    "version": "21.0.0rc2",
    "webapi_port": null,
    "webapi_url": "https://mriqc.nimh.nih.gov/api/v1"
  },
  "size_t": 145,
  "size_x": 64,
  "size_y": 64,
  "size_z": 30,
  "snr": 5.937673497341028,
  "spacing_tr": 1.6704360246658325,
  "spacing_x": 4.0,
  "spacing_y": 4.0,
  "spacing_z": 4.0,
  "summary_bg_k": 389.23224949350265,
  "summary_bg_mad": 5018.972961572312,
  "summary_bg_mean": 16677.794921875,
  "summary_bg_median": 4262.802734375,
  "summary_bg_n": 80508.0,
  "summary_bg_p05": 275.02808990478513,
  "summary_bg_p95": 63209.561718749974,
  "summary_bg_stdv": 55475.78515625,
  "summary_fg_k": 2.6921536049618773,
  "summary_fg_mad": 188557.9061253744,
  "summary_fg_mean": 1341809.25,
  "summary_fg_median": 1319303.5,
  "summary_fg_n": 17032.0,
  "summary_fg_p05": 1046122.028125,
  "summary_fg_p95": 1730244.9562499993,
  "summary_fg_stdv": 222185.46875,
  "tsnr": 54.74193572998047
}