{
  "aor": 0.0008098611111111111,
  "aqi": 0.004821354583333333,
  "bids_meta": {
    "CogAtlasID": "trm_4c8a834779883",
    "EPIFactor": 39,
    "EchoTime": 0.035,
    "FlipAngle": 75.0,
    "MagneticFieldStrength": 3.0,
    "Manufacturer": "Philips",
    "ManufacturerModelName": "Achieva",
    "NumberOfEchoes": 1,
    "NumberOfSlices": 30,
    "PatientPosition": "Head First Supine",
    "PhaseEncodingDirection": "i",
    "PixelBandwidth": 3727.299912,
    "PreparationDirection": "Anterior-Posterior",
    "RepetitionTime": 1.67044,
    "ScanDuration": 247.0,
    "ScanMode": "MS",
    "ScanOptions": [
      "FS"
    ],
    "ScanningSequence": "FEEPI",
    "TaskDescription": "Resting state BOLD data were separated in three runs lasting four minutes each.",
    "TaskInstructions": " Subjects were asked to relax while fixating the central point in the middle of a grey-background screen that was projected on a LCD screen and viewed through a mirror placed above the subject head.",
    "TaskName": "Resting State",
    "dataset": "ds000133",
    "modality": "bold",
    "run_id": 2,
    "session_id": "post",
    "subject_id": "13",
    "task_id": "rest"
  },
  "dummy_trs": 1,
  "dvars_nstd": 15.680963796083908,
  "dvars_std": 1.1459527454545457,
  "dvars_vstd": 0.9608162267832163,
  "efc": 0.4018602120092151,
  "fber": 93294.7265625,
  "fd_mean": 0.09272251372019834,
  "fd_num": 8,
  "fd_perc": 5.555555555555555,
  "fwhm_avg": 1.815035,
  "fwhm_x": 1.7380775,
  "fwhm_y": 1.9974875,
  "fwhm_z": 1.70954,
  "gcor": 0.0165022,
  "gsr_x": -0.008028512820601463,
  "gsr_y": 0.011515503749251366,
  "provenance": {
    "md5sum": "48f4ddf26d3ae5f41dbcbfc0d39497e5",
    "settings": {
      "fd_thres": 0.2,
      "testing": false
    },
    "software": "mriqc",
    "version": "21.0.0rc2",
    "webapi_port": null,
    "webapi_url": "https://mriqc.nimh.nih.gov/api/v1"
  },
  "size_t": 144,
  "size_x": 64,
  "size_y": 64,
  "size_z": 30,
  "snr": 5.934522971376948,
  "spacing_tr": 1.6704360246658325,
  "spacing_x": 4.0,
  "spacing_y": 4.0,
  "spacing_z": 4.0,
  "summary_bg_k": 364.031000006144,
  "summary_bg_mad": 5065.757142399789,
  "summary_bg_mean": 17068.1953125,
  "summary_bg_median": 4362.55712890625,
  "summary_bg_n": 80883.0,
  "summary_bg_p05": 275.3528930664063,
  "summary_bg_p95": 65421.0812499998,
  "summary_bg_stdv": 56015.86328125,
  "summary_fg_k": 2.620875537298801,
  "summary_fg_mad": 188582.4617246184,
  "summary_fg_mean": 1353842.75,
  "summary_fg_median": 1331735.625,
  "summary_fg_n": 16810.0,
  "summary_fg_p05": 1051969.48125,
  "summary_fg_p95": 1746624.2812499998,
  "summary_fg_stdv": 224398.15625,
  "tsnr": 84.28711700439453
}