{
  "aor": 0.003872965517241379,
  "aqi": 0.005338610344827586,
  "bids_meta": {
    "CogAtlasID": "trm_4c8a834779883",
    "EPIFactor": 39,
    "EchoTime": 0.035,
    "FlipAngle": 75.0,
    "MagneticFieldStrength": 3.0,
    "Manufacturer": "Philips",
    "ManufacturerModelName": "Achieva",
    "NumberOfEchoes": 1,
    "NumberOfSlices": 30,
    "PatientPosition": "Head First Supine",
    "PhaseEncodingDirection": "i",
    "PixelBandwidth": 3727.299912,
    "PreparationDirection": "Anterior-Posterior",
    "RepetitionTime": 1.67044,
    "ScanDuration": 247.0,
    "ScanMode": "MS",
    "ScanOptions": [
      "FS"
    ],
    "ScanningSequence": "FEEPI",
    "TaskDescription": "Resting state BOLD data were separated in three runs lasting four minutes each.",
    "TaskInstructions": " Subjects were asked to relax while fixating the central point in the middle of a grey-background screen that was projected on a LCD screen and viewed through a mirror placed above the subject head.",
    "TaskName": "Resting State",
    "dataset": "ds000133",
    "modality": "bold",
    "run_id": 3,
    "session_id": "post",
    "subject_id": "13",
    "task_id": "rest"
  },
  "dummy_trs": 0,
  "dvars_nstd": 17.19825149208334,
  "dvars_std": 1.188290978263889,
  "dvars_vstd": 0.9953185136805559,
  "efc": 0.4020049552796615,
  "fber": 92400.71875,
  "fd_mean": 0.14292749295275564,
  "fd_num": 28,
  "fd_perc": 19.310344827586206,
  "fwhm_avg": 1.8136074999999998,
  "fwhm_x": 1.7326125,
  "fwhm_y": 1.9909275,
  "fwhm_z": 1.7172825,
  "gcor": 0.0161901,
  "gsr_x": -0.007802431005984545,
  "gsr_y": 0.011767474003136158,
  "provenance": {
    "md5sum": "c0296be5e37d20a05dacff3b5e1dff6e",
    "settings": {
      "fd_thres": 0.2,
      "testing": false
    },
    "software": "mriqc",
    "version": "21.0.0rc2",
    "webapi_port": null,
    "webapi_url": "https://mriqc.nimh.nih.gov/api/v1"
  },
  "size_t": 145,
  "size_x": 64,
  "size_y": 64,
  "size_z": 30,
  "snr": 5.998412758149828,
  "spacing_tr": 1.6704360246658325,
  "spacing_x": 4.0,
  "spacing_y": 4.0,
  "spacing_z": 4.0,
  "summary_bg_k": 371.6859932971907,
  "summary_bg_mad": 4960.442026723378,
  "summary_bg_mean": 16928.771484375,
  "summary_bg_median": 4340.1328125,
  "summary_bg_n": 80890.0,
  "summary_bg_p05": 346.06159362792977,
  "summary_bg_p95": 64925.04472656256,
  "summary_bg_stdv": 55293.21875,
  "summary_fg_k": 2.539882381445633,
  "summary_fg_mad": 184758.73794045378,
  "summary_fg_mean": 1337345.25,
  "summary_fg_median": 1316007.75,
  "summary_fg_n": 16778.0,
  "summary_fg_p05": 1038901.6,
  "summary_fg_p95": 1722142.3875,
  "summary_fg_stdv": 219386.125,
  "tsnr": 78.48328399658203
}