{
  "aor": 0.004500758620689656,
  "aqi": 0.006356356413793104,
  "bids_meta": {
    "CogAtlasID": "trm_4c8a834779883",
    "EPIFactor": 39,
    "EchoTime": 0.035,
    "FlipAngle": 75.0,
    "MagneticFieldStrength": 3.0,
    "Manufacturer": "Philips",
    "ManufacturerModelName": "Achieva",
    "NumberOfEchoes": 1,
    "NumberOfSlices": 30,
    "PatientPosition": "Head First Supine",
    "PhaseEncodingDirection": "i",
    "PixelBandwidth": 3735.1175999999996,
    "PreparationDirection": "Anterior-Posterior",
    "RepetitionTime": 1.67099,
    "ScanDuration": 247.0,
    "ScanMode": "MS",
    "ScanOptions": [
      "FS"
    ],
    "ScanningSequence": "FEEPI",
    "TaskDescription": "Resting state BOLD data were separated in three runs lasting four minutes each.",
    "TaskInstructions": " Subjects were asked to relax while fixating the central point in the middle of a grey-background screen that was projected on a LCD screen and viewed through a mirror placed above the subject head.",
    "TaskName": "Resting State",
    "dataset": "ds000133",
    "modality": "bold",
    "run_id": 2,
    "session_id": "post",
    "subject_id": "03",
    "task_id": "rest"
  },
  "dummy_trs": 0,
  "dvars_nstd": 18.223667966319454,
  "dvars_std": 1.1963860752777775,
  "dvars_vstd": 1.0150764093055555,
  "efc": 0.3665847228907743,
  "fber": 302879.25,
  "fd_mean": 0.1572411647972638,
  "fd_num": 26,
  "fd_perc": 17.93103448275862,
  "fwhm_avg": 1.7879041666666666,
  "fwhm_x": 1.726085,
  "fwhm_y": 1.945,
  "fwhm_z": 1.6926275,
  "gcor": 0.101119,
  "gsr_x": -0.017520498484373093,
  "gsr_y": -0.0012253605527803302,
  "provenance": {
    "md5sum": "eb037d1c46acbff93ad4079cb1cd3211",
    "settings": {
      "fd_thres": 0.2,
      "testing": false
    },
    "software": "mriqc",
    "version": "21.0.0rc2",
    "webapi_port": null,
    "webapi_url": "https://mriqc.nimh.nih.gov/api/v1"
  },
  "size_t": 145,
  "size_x": 64,
  "size_y": 64,
  "size_z": 30,
  "snr": 6.5267391023882,
  "spacing_tr": 1.6709940433502197,
  "spacing_x": 4.0,
  "spacing_y": 4.0,
  "spacing_z": 4.0,
  "summary_bg_k": 63.97865506375591,
  "summary_bg_mad": 3407.838387937054,
  "summary_bg_mean": 20553.802734375,
  "summary_bg_median": 2628.17578125,
  "summary_bg_n": 85216.0,
  "summary_bg_p05": 78.1673526763916,
  "summary_bg_p95": 94946.11328125,
  "summary_bg_stdv": 63990.32421875,
  "summary_fg_k": 2.1261069338822534,
  "summary_fg_mad": 204766.36221654824,
  "summary_fg_mean": 1465916.375,
  "summary_fg_median": 1451739.75,
  "summary_fg_n": 13078.0,
  "summary_fg_p05": 1148114.31875,
  "summary_fg_p95": 1839514.9,
  "summary_fg_stdv": 222421.0625,
  "tsnr": 70.26334381103516
}