{
  "aor": 0.005155379310344828,
  "aqi": 0.0055863972413793105,
  "bids_meta": {
    "CogAtlasID": "trm_4c8a834779883",
    "EPIFactor": 39,
    "EchoTime": 0.035,
    "FlipAngle": 75.0,
    "MagneticFieldStrength": 3.0,
    "Manufacturer": "Philips",
    "ManufacturerModelName": "Achieva",
    "NumberOfEchoes": 1,
    "NumberOfSlices": 30,
    "PatientPosition": "Head First Supine",
    "PhaseEncodingDirection": "i",
    "PixelBandwidth": 3735.1175999999996,
    "PreparationDirection": "Anterior-Posterior",
    "RepetitionTime": 1.67099,
    "ScanDuration": 247.0,
    "ScanMode": "MS",
    "ScanOptions": [
      "FS"
    ],
    "ScanningSequence": "FEEPI",
    "TaskDescription": "Resting state BOLD data were separated in three runs lasting four minutes each.",
    "TaskInstructions": " Subjects were asked to relax while fixating the central point in the middle of a grey-background screen that was projected on a LCD screen and viewed through a mirror placed above the subject head.",
    "TaskName": "Resting State",
    "dataset": "ds000133",
    "modality": "bold",
    "run_id": 3,
    "session_id": "post",
    "subject_id": "03",
    "task_id": "rest"
  },
  "dummy_trs": 0,
  "dvars_nstd": 18.728030615555554,
  "dvars_std": 1.1882935785416664,
  "dvars_vstd": 1.0108280488194439,
  "efc": 0.36655441327552996,
  "fber": 313533.34375,
  "fd_mean": 0.19835783996289538,
  "fd_num": 53,
  "fd_perc": 36.55172413793103,
  "fwhm_avg": 1.7919733333333332,
  "fwhm_x": 1.727605,
  "fwhm_y": 1.950255,
  "fwhm_z": 1.69806,
  "gcor": 0.0830901,
  "gsr_x": -0.017165657132864,
  "gsr_y": -0.0011620334116742015,
  "provenance": {
    "md5sum": "0bf6a8d6188b7e751d22ab9801a9adc8",
    "settings": {
      "fd_thres": 0.2,
      "testing": false
    },
    "software": "mriqc",
    "version": "21.0.0rc2",
    "webapi_port": null,
    "webapi_url": "https://mriqc.nimh.nih.gov/api/v1"
  },
  "size_t": 145,
  "size_x": 64,
  "size_y": 64,
  "size_z": 30,
  "snr": 6.583494629991085,
  "spacing_tr": 1.6709940433502197,
  "spacing_x": 4.0,
  "spacing_y": 4.0,
  "spacing_z": 4.0,
  "summary_bg_k": 64.9800415912587,
  "summary_bg_mad": 3334.5542760438057,
  "summary_bg_mean": 20189.1953125,
  "summary_bg_median": 2576.85693359375,
  "summary_bg_n": 85177.0,
  "summary_bg_p05": 78.862890625,
  "summary_bg_p95": 93129.92812499999,
  "summary_bg_stdv": 63017.1875,
  "summary_fg_k": 2.275284603808144,
  "summary_fg_mad": 202070.34274483443,
  "summary_fg_mean": 1449737.625,
  "summary_fg_median": 1434717.25,
  "summary_fg_n": 13102.0,
  "summary_fg_p05": 1143661.5,
  "summary_fg_p95": 1816176.9624999997,
  "summary_fg_stdv": 217918.078125,
  "tsnr": 74.421630859375
}