{
  "aor": 0.008247172413793103,
  "aqi": 0.006210676896551725,
  "bids_meta": {
    "CogAtlasID": "trm_4c8a834779883",
    "EPIFactor": 39,
    "EchoTime": 0.035,
    "FlipAngle": 75.0,
    "MagneticFieldStrength": 3.0,
    "Manufacturer": "Philips",
    "ManufacturerModelName": "Achieva",
    "NumberOfEchoes": 1,
    "NumberOfSlices": 30,
    "PatientPosition": "Head First Supine",
    "PhaseEncodingDirection": "i",
    "PixelBandwidth": 3735.1175999999996,
    "PreparationDirection": "Anterior-Posterior",
    "RepetitionTime": 1.67099,
    "ScanDuration": 247.0,
    "ScanMode": "MS",
    "ScanOptions": [
      "FS"
    ],
    "ScanningSequence": "FEEPI",
    "TaskDescription": "Resting state BOLD data were separated in three runs lasting four minutes each.",
    "TaskInstructions": " Subjects were asked to relax while fixating the central point in the middle of a grey-background screen that was projected on a LCD screen and viewed through a mirror placed above the subject head.",
    "TaskName": "Resting State",
    "dataset": "ds000133",
    "modality": "bold",
    "run_id": 1,
    "session_id": "post",
    "subject_id": "03",
    "task_id": "rest"
  },
  "dummy_trs": 0,
  "dvars_nstd": 17.861619459374996,
  "dvars_std": 1.2129758568750006,
  "dvars_vstd": 1.0564923595138898,
  "efc": 0.36680526991464063,
  "fber": 297104.375,
  "fd_mean": 0.22174999611268342,
  "fd_num": 54,
  "fd_perc": 37.241379310344826,
  "fwhm_avg": 1.7886499999999999,
  "fwhm_x": 1.72149,
  "fwhm_y": 1.947765,
  "fwhm_z": 1.696695,
  "gcor": 0.109596,
  "gsr_x": -0.017360366880893707,
  "gsr_y": -0.0010508809937164187,
  "provenance": {
    "md5sum": "866516d914c9a560e2c6ac20b2d12b02",
    "settings": {
      "fd_thres": 0.2,
      "testing": false
    },
    "software": "mriqc",
    "version": "21.0.0rc2",
    "webapi_port": null,
    "webapi_url": "https://mriqc.nimh.nih.gov/api/v1"
  },
  "size_t": 145,
  "size_x": 64,
  "size_y": 64,
  "size_z": 30,
  "snr": 6.580241915887439,
  "spacing_tr": 1.6709940433502197,
  "spacing_x": 4.0,
  "spacing_y": 4.0,
  "spacing_z": 4.0,
  "summary_bg_k": 64.68988034179989,
  "summary_bg_mad": 3446.878248017919,
  "summary_bg_mean": 20672.35546875,
  "summary_bg_median": 2673.07275390625,
  "summary_bg_n": 85194.0,
  "summary_bg_p05": 82.45459213256837,
  "summary_bg_p95": 94207.67109374992,
  "summary_bg_stdv": 64803.94921875,
  "summary_fg_k": 2.1958384699360636,
  "summary_fg_mad": 204360.59252187097,
  "summary_fg_mean": 1469599.125,
  "summary_fg_median": 1454920.875,
  "summary_fg_n": 13107.0,
  "summary_fg_p05": 1159401.1875,
  "summary_fg_p95": 1840525.062499999,
  "summary_fg_stdv": 221096.03125,
  "tsnr": 71.34737396240234
}