{
  "aor": 0.0013457241379310344,
  "aqi": 0.005491273241379311,
  "bids_meta": {
    "CogAtlasID": "trm_4c8a834779883",
    "EPIFactor": 39,
    "EchoTime": 0.035,
    "FlipAngle": 75.0,
    "MagneticFieldStrength": 3.0,
    "Manufacturer": "Philips",
    "ManufacturerModelName": "Achieva",
    "NumberOfEchoes": 1,
    "NumberOfSlices": 30,
    "PatientPosition": "Head First Supine",
    "PhaseEncodingDirection": "i",
    "PixelBandwidth": 3748.581396,
    "PreparationDirection": "Anterior-Posterior",
    "RepetitionTime": 1.67203,
    "ScanDuration": 247.0,
    "ScanMode": "MS",
    "ScanOptions": [
      "FS"
    ],
    "ScanningSequence": "FEEPI",
    "TaskDescription": "Resting state BOLD data were separated in three runs lasting four minutes each.",
    "TaskInstructions": " Subjects were asked to relax while fixating the central point in the middle of a grey-background screen that was projected on a LCD screen and viewed through a mirror placed above the subject head.",
    "TaskName": "Resting State",
    "dataset": "ds000133",
    "modality": "bold",
    "run_id": 2,
    "session_id": "post",
    "subject_id": "16",
    "task_id": "rest"
  },
  "dummy_trs": 0,
  "dvars_nstd": 18.271520601527772,
  "dvars_std": 1.1579418671527777,
  "dvars_vstd": 0.9805438147916673,
  "efc": 0.3687278801263322,
  "fber": 221567.3125,
  "fd_mean": 0.21788619123735103,
  "fd_num": 65,
  "fd_perc": 44.827586206896555,
  "fwhm_avg": 1.8904166666666669,
  "fwhm_x": 1.8337375,
  "fwhm_y": 2.052095,
  "fwhm_z": 1.7854175,
  "gcor": 0.0644157,
  "gsr_x": -0.015084962360560894,
  "gsr_y": 0.002473298227414489,
  "provenance": {
    "md5sum": "f4b81dfa697be99d02b38034dfeb2949",
    "settings": {
      "fd_thres": 0.2,
      "testing": false
    },
    "software": "mriqc",
    "version": "21.0.0rc2",
    "webapi_port": null,
    "webapi_url": "https://mriqc.nimh.nih.gov/api/v1"
  },
  "size_t": 145,
  "size_x": 64,
  "size_y": 64,
  "size_z": 30,
  "snr": 6.0216088133838666,
  "spacing_tr": 1.6720319986343384,
  "spacing_x": 4.0,
  "spacing_y": 4.0,
  "spacing_z": 4.0,
  "summary_bg_k": 105.11558476281647,
  "summary_bg_mad": 4430.973749704342,
  "summary_bg_mean": 18661.60546875,
  "summary_bg_median": 3316.61328125,
  "summary_bg_n": 84408.0,
  "summary_bg_p05": 51.65469741821289,
  "summary_bg_p95": 83197.61757812493,
  "summary_bg_stdv": 57371.17578125,
  "summary_fg_k": 3.631483926846906,
  "summary_fg_mad": 216536.64856662555,
  "summary_fg_mean": 1571749.5,
  "summary_fg_median": 1540491.875,
  "summary_fg_n": 13813.0,
  "summary_fg_p05": 1233557.675,
  "summary_fg_p95": 1991481.525,
  "summary_fg_stdv": 255818.03125,
  "tsnr": 75.78054809570312
}