{
  "aor": 0.0016519999999999998,
  "aqi": 0.0036857447586206896,
  "bids_meta": {
    "CogAtlasID": "trm_4c8a834779883",
    "EPIFactor": 39,
    "EchoTime": 0.035,
    "FlipAngle": 75.0,
    "MagneticFieldStrength": 3.0,
    "Manufacturer": "Philips",
    "ManufacturerModelName": "Achieva",
    "NumberOfEchoes": 1,
    "NumberOfSlices": 30,
    "PatientPosition": "Head First Supine",
    "PhaseEncodingDirection": "i",
    "PixelBandwidth": 3748.581396,
    "PreparationDirection": "Anterior-Posterior",
    "RepetitionTime": 1.67203,
    "ScanDuration": 247.0,
    "ScanMode": "MS",
    "ScanOptions": [
      "FS"
    ],
    "ScanningSequence": "FEEPI",
    "TaskDescription": "Resting state BOLD data were separated in three runs lasting four minutes each.",
    "TaskInstructions": " Subjects were asked to relax while fixating the central point in the middle of a grey-background screen that was projected on a LCD screen and viewed through a mirror placed above the subject head.",
    "TaskName": "Resting State",
    "dataset": "ds000133",
    "modality": "bold",
    "run_id": 1,
    "session_id": "post",
    "subject_id": "16",
    "task_id": "rest"
  },
  "dummy_trs": 0,
  "dvars_nstd": 14.447380244861115,
  "dvars_std": 1.162560164027778,
  "dvars_vstd": 0.9899596161805562,
  "efc": 0.36755139160990596,
  "fber": 207035.4375,
  "fd_mean": 0.12294814169745269,
  "fd_num": 17,
  "fd_perc": 11.724137931034482,
  "fwhm_avg": 1.8978541666666666,
  "fwhm_x": 1.8417875,
  "fwhm_y": 2.0600775,
  "fwhm_z": 1.7916975,
  "gcor": 0.0301198,
  "gsr_x": -0.014682488515973091,
  "gsr_y": 0.00271237432025373,
  "provenance": {
    "md5sum": "b2a8716fc2499aabebe27096bd454f59",
    "settings": {
      "fd_thres": 0.2,
      "testing": false
    },
    "software": "mriqc",
    "version": "21.0.0rc2",
    "webapi_port": null,
    "webapi_url": "https://mriqc.nimh.nih.gov/api/v1"
  },
  "size_t": 145,
  "size_x": 64,
  "size_y": 64,
  "size_z": 30,
  "snr": 5.951000503156133,
  "spacing_tr": 1.6720319986343384,
  "spacing_x": 4.0,
  "spacing_y": 4.0,
  "spacing_z": 4.0,
  "summary_bg_k": 95.66778482949012,
  "summary_bg_mad": 4547.678157890144,
  "summary_bg_mean": 18863.396484375,
  "summary_bg_median": 3515.80419921875,
  "summary_bg_n": 84507.0,
  "summary_bg_p05": 70.31163558959962,
  "summary_bg_p95": 83795.53359374998,
  "summary_bg_stdv": 57424.2421875,
  "summary_fg_k": 3.6217334108137678,
  "summary_fg_mad": 225531.2255757444,
  "summary_fg_mean": 1618078.0,
  "summary_fg_median": 1585165.5,
  "summary_fg_n": 13769.0,
  "summary_fg_p05": 1267018.325,
  "summary_fg_p95": 2058249.8749999998,
  "summary_fg_stdv": 266359.90625,
  "tsnr": 90.1021728515625
}