{
  "aor": 0.0008655172413793103,
  "aqi": 0.006212447172413794,
  "bids_meta": {
    "CogAtlasID": "trm_4c8a834779883",
    "EPIFactor": 39,
    "EchoTime": 0.035,
    "FlipAngle": 75.0,
    "MagneticFieldStrength": 3.0,
    "Manufacturer": "Philips",
    "ManufacturerModelName": "Achieva",
    "NumberOfEchoes": 1,
    "NumberOfSlices": 30,
    "PatientPosition": "Head First Supine",
    "PhaseEncodingDirection": "i",
    "PixelBandwidth": 3748.581396,
    "PreparationDirection": "Anterior-Posterior",
    "RepetitionTime": 1.67203,
    "ScanDuration": 247.0,
    "ScanMode": "MS",
    "ScanOptions": [
      "FS"
    ],
    "ScanningSequence": "FEEPI",
    "TaskDescription": "Resting state BOLD data were separated in three runs lasting four minutes each.",
    "TaskInstructions": " Subjects were asked to relax while fixating the central point in the middle of a grey-background screen that was projected on a LCD screen and viewed through a mirror placed above the subject head.",
    "TaskName": "Resting State",
    "dataset": "ds000133",
    "modality": "bold",
    "run_id": 3,
    "session_id": "post",
    "subject_id": "16",
    "task_id": "rest"
  },
  "dummy_trs": 0,
  "dvars_nstd": 20.78427736652778,
  "dvars_std": 1.1897281330555556,
  "dvars_vstd": 0.9825408853472227,
  "efc": 0.36923797312170936,
  "fber": 210140.1875,
  "fd_mean": 0.22414579960696968,
  "fd_num": 71,
  "fd_perc": 48.96551724137931,
  "fwhm_avg": 1.8919608333333333,
  "fwhm_x": 1.8500525,
  "fwhm_y": 2.0515,
  "fwhm_z": 1.77433,
  "gcor": 0.0654348,
  "gsr_x": -0.015396569855511189,
  "gsr_y": 0.0032302415929734707,
  "provenance": {
    "md5sum": "cc7246def7f417f2dc288c12bee040d5",
    "settings": {
      "fd_thres": 0.2,
      "testing": false
    },
    "software": "mriqc",
    "version": "21.0.0rc2",
    "webapi_port": null,
    "webapi_url": "https://mriqc.nimh.nih.gov/api/v1"
  },
  "size_t": 145,
  "size_x": 64,
  "size_y": 64,
  "size_z": 30,
  "snr": 6.032216507270661,
  "spacing_tr": 1.6720319986343384,
  "spacing_x": 4.0,
  "spacing_y": 4.0,
  "spacing_z": 4.0,
  "summary_bg_k": 136.30306240344999,
  "summary_bg_mad": 4533.402682085543,
  "summary_bg_mean": 19298.609375,
  "summary_bg_median": 3454.542724609375,
  "summary_bg_n": 84387.0,
  "summary_bg_p05": 59.63689689636231,
  "summary_bg_p95": 86437.71640624988,
  "summary_bg_stdv": 60363.02734375,
  "summary_fg_k": 3.573514448792574,
  "summary_fg_mad": 220433.9464858835,
  "summary_fg_mean": 1596168.75,
  "summary_fg_median": 1563332.5,
  "summary_fg_n": 13848.0,
  "summary_fg_p05": 1250964.74375,
  "summary_fg_p95": 2021783.85625,
  "summary_fg_stdv": 259154.5,
  "tsnr": 71.68771362304688
}