{
  "aor": 0.003926689655172413,
  "aqi": 0.007818638206896551,
  "bids_meta": {
    "CogAtlasID": "trm_4c8a834779883",
    "EPIFactor": 39,
    "EchoTime": 0.035,
    "FlipAngle": 75.0,
    "MagneticFieldStrength": 3.0,
    "Manufacturer": "Philips",
    "ManufacturerModelName": "Achieva",
    "NumberOfEchoes": 1,
    "NumberOfSlices": 30,
    "PatientPosition": "Head First Supine",
    "PhaseEncodingDirection": "i",
    "PixelBandwidth": 3727.299912,
    "PreparationDirection": "Anterior-Posterior",
    "RepetitionTime": 1.67042,
    "ScanDuration": 247.0,
    "ScanMode": "MS",
    "ScanOptions": [
      "FS"
    ],
    "ScanningSequence": "FEEPI",
    "TaskDescription": "Resting state BOLD data were separated in three runs lasting four minutes each.",
    "TaskInstructions": " Subjects were asked to relax while fixating the central point in the middle of a grey-background screen that was projected on a LCD screen and viewed through a mirror placed above the subject head.",
    "TaskName": "Resting State",
    "dataset": "ds000133",
    "modality": "bold",
    "run_id": 1,
    "session_id": "post",
    "subject_id": "21",
    "task_id": "rest"
  },
  "dummy_trs": 0,
  "dvars_nstd": 27.18029902993055,
  "dvars_std": 1.2477229211805558,
  "dvars_vstd": 1.0236953118750003,
  "efc": 0.35675558210480957,
  "fber": 303692.46875,
  "fd_mean": 0.4251281753103177,
  "fd_num": 113,
  "fd_perc": 77.93103448275862,
  "fwhm_avg": 2.0085883333333334,
  "fwhm_x": 1.96412,
  "fwhm_y": 2.1940925,
  "fwhm_z": 1.8675525,
  "gcor": 0.0718149,
  "gsr_x": -0.015387668274343014,
  "gsr_y": 0.0030641790945082903,
  "provenance": {
    "md5sum": "0d23ed6fed7108b338efc6bb72703271",
    "settings": {
      "fd_thres": 0.2,
      "testing": false
    },
    "software": "mriqc",
    "version": "21.0.0rc2",
    "webapi_port": null,
    "webapi_url": "https://mriqc.nimh.nih.gov/api/v1"
  },
  "size_t": 145,
  "size_x": 64,
  "size_y": 64,
  "size_z": 30,
  "snr": 5.961627242608004,
  "spacing_tr": 1.6704180240631104,
  "spacing_x": 4.0,
  "spacing_y": 4.0,
  "spacing_z": 4.0,
  "summary_bg_k": 195.7836929757989,
  "summary_bg_mad": 2965.3406936207325,
  "summary_bg_mean": 15228.71484375,
  "summary_bg_median": 2238.294921875,
  "summary_bg_n": 85963.0,
  "summary_bg_p05": 64.70061416625978,
  "summary_bg_p95": 71034.9921874999,
  "summary_bg_stdv": 48821.2734375,
  "summary_fg_k": 2.8171436135404546,
  "summary_fg_mad": 171660.1326652341,
  "summary_fg_mean": 1232385.5,
  "summary_fg_median": 1217836.25,
  "summary_fg_n": 12482.0,
  "summary_fg_p05": 947586.8718750001,
  "summary_fg_p95": 1565464.1687499995,
  "summary_fg_stdv": 204270.984375,
  "tsnr": 58.339454650878906
}