{
  "aor": 0.0008759027777777777,
  "aqi": 0.002753153819444445,
  "bids_meta": {
    "CogAtlasID": "trm_4c8a834779883",
    "EPIFactor": 39,
    "EchoTime": 0.035,
    "FlipAngle": 75.0,
    "MagneticFieldStrength": 3.0,
    "Manufacturer": "Philips",
    "ManufacturerModelName": "Achieva",
    "NumberOfEchoes": 1,
    "NumberOfSlices": 30,
    "PatientPosition": "Head First Supine",
    "PhaseEncodingDirection": "i",
    "PixelBandwidth": 3730.340124,
    "PreparationDirection": "Anterior-Posterior",
    "RepetitionTime": 1.67065,
    "ScanDuration": 247.0,
    "ScanMode": "MS",
    "ScanOptions": [
      "FS"
    ],
    "ScanningSequence": "FEEPI",
    "TaskDescription": "Resting state BOLD data were separated in three runs lasting four minutes each.",
    "TaskInstructions": " Subjects were asked to relax while fixating the central point in the middle of a grey-background screen that was projected on a LCD screen and viewed through a mirror placed above the subject head.",
    "TaskName": "Resting State",
    "dataset": "ds000133",
    "modality": "bold",
    "run_id": 2,
    "session_id": "pre",
    "subject_id": "01",
    "task_id": "rest"
  },
  "dummy_trs": 1,
  "dvars_nstd": 19.54944675958042,
  "dvars_std": 1.3759297818881124,
  "dvars_vstd": 0.9797395030069933,
  "efc": 0.3777740819491024,
  "fber": 223000.765625,
  "fd_mean": 0.11811144113493137,
  "fd_num": 9,
  "fd_perc": 6.25,
  "fwhm_avg": 1.8952625,
  "fwhm_x": 1.7992975,
  "fwhm_y": 2.1161125,
  "fwhm_z": 1.7703775,
  "gcor": 0.0277898,
  "gsr_x": -0.01862168312072754,
  "gsr_y": 0.006738233380019665,
  "provenance": {
    "md5sum": "c77fb66addaa95d482947e14da403f99",
    "settings": {
      "fd_thres": 0.2,
      "testing": false
    },
    "software": "mriqc",
    "version": "21.0.0rc2",
    "webapi_port": null,
    "webapi_url": "https://mriqc.nimh.nih.gov/api/v1"
  },
  "size_t": 144,
  "size_x": 64,
  "size_y": 64,
  "size_z": 30,
  "snr": 5.692581933756118,
  "spacing_tr": 1.6706520318984985,
  "spacing_x": 4.0,
  "spacing_y": 4.0,
  "spacing_z": 4.0,
  "summary_bg_k": 161.96236127780702,
  "summary_bg_mad": 4146.600391580748,
  "summary_bg_mean": 19718.849609375,
  "summary_bg_median": 3033.012451171875,
  "summary_bg_n": 83615.0,
  "summary_bg_p05": 30.587087249755857,
  "summary_bg_p95": 92393.30703125005,
  "summary_bg_stdv": 64344.75,
  "summary_fg_k": 2.88082276109417,
  "summary_fg_mad": 212783.4410504786,
  "summary_fg_mean": 1449584.0,
  "summary_fg_median": 1426451.125,
  "summary_fg_n": 14336.0,
  "summary_fg_p05": 1105864.875,
  "summary_fg_p95": 1859436.6875,
  "summary_fg_stdv": 250571.953125,
  "tsnr": 100.76315307617188
}