{
  "aor": 0.0007041666666666666,
  "aqi": 0.0020770590277777775,
  "bids_meta": {
    "CogAtlasID": "trm_4c8a834779883",
    "EPIFactor": 39,
    "EchoTime": 0.035,
    "FlipAngle": 75.0,
    "MagneticFieldStrength": 3.0,
    "Manufacturer": "Philips",
    "ManufacturerModelName": "Achieva",
    "NumberOfEchoes": 1,
    "NumberOfSlices": 30,
    "PatientPosition": "Head First Supine",
    "PhaseEncodingDirection": "i",
    "PixelBandwidth": 3730.340124,
    "PreparationDirection": "Anterior-Posterior",
    "RepetitionTime": 1.67065,
    "ScanDuration": 247.0,
    "ScanMode": "MS",
    "ScanOptions": [
      "FS"
    ],
    "ScanningSequence": "FEEPI",
    "TaskDescription": "Resting state BOLD data were separated in three runs lasting four minutes each.",
    "TaskInstructions": " Subjects were asked to relax while fixating the central point in the middle of a grey-background screen that was projected on a LCD screen and viewed through a mirror placed above the subject head.",
    "TaskName": "Resting State",
    "dataset": "ds000133",
    "modality": "bold",
    "run_id": 1,
    "session_id": "pre",
    "subject_id": "01",
    "task_id": "rest"
  },
  "dummy_trs": 1,
  "dvars_nstd": 17.834062549860132,
  "dvars_std": 1.3497157631468528,
  "dvars_vstd": 0.9936867099999995,
  "efc": 0.37778980134759677,
  "fber": 205458.234375,
  "fd_mean": 0.11074137836868961,
  "fd_num": 9,
  "fd_perc": 6.25,
  "fwhm_avg": 1.8886775,
  "fwhm_x": 1.7907125,
  "fwhm_y": 2.1132875,
  "fwhm_z": 1.7620325,
  "gcor": 0.0326054,
  "gsr_x": -0.018222788348793983,
  "gsr_y": 0.00693903723731637,
  "provenance": {
    "md5sum": "609d0c9545da787f4b4f6473cf23e599",
    "settings": {
      "fd_thres": 0.2,
      "testing": false
    },
    "software": "mriqc",
    "version": "21.0.0rc2",
    "webapi_port": null,
    "webapi_url": "https://mriqc.nimh.nih.gov/api/v1"
  },
  "size_t": 144,
  "size_x": 64,
  "size_y": 64,
  "size_z": 30,
  "snr": 5.71228413764721,
  "spacing_tr": 1.6706520318984985,
  "spacing_x": 4.0,
  "spacing_y": 4.0,
  "spacing_z": 4.0,
  "summary_bg_k": 162.1487305355905,
  "summary_bg_mad": 4205.245978346848,
  "summary_bg_mean": 19779.515625,
  "summary_bg_median": 3188.613037109375,
  "summary_bg_n": 83618.0,
  "summary_bg_p05": 51.34442195892334,
  "summary_bg_p95": 91672.97656249997,
  "summary_bg_stdv": 64034.265625,
  "summary_fg_k": 2.9435499159287737,
  "summary_fg_mad": 212048.44100065448,
  "summary_fg_mean": 1462088.25,
  "summary_fg_median": 1438883.625,
  "summary_fg_n": 14357.0,
  "summary_fg_p05": 1116399.85,
  "summary_fg_p95": 1872249.125,
  "summary_fg_stdv": 251884.09375,
  "tsnr": 114.02379608154297
}