{
  "aor": 0.0006484137931034482,
  "aqi": 0.0024134162758620687,
  "bids_meta": {
    "CogAtlasID": "trm_4c8a834779883",
    "EPIFactor": 39,
    "EchoTime": 0.035,
    "FlipAngle": 75.0,
    "MagneticFieldStrength": 3.0,
    "Manufacturer": "Philips",
    "ManufacturerModelName": "Achieva",
    "NumberOfEchoes": 1,
    "NumberOfSlices": 30,
    "PatientPosition": "Head First Supine",
    "PhaseEncodingDirection": "i",
    "PixelBandwidth": 3730.340124,
    "PreparationDirection": "Anterior-Posterior",
    "RepetitionTime": 1.67065,
    "ScanDuration": 247.0,
    "ScanMode": "MS",
    "ScanOptions": [
      "FS"
    ],
    "ScanningSequence": "FEEPI",
    "TaskDescription": "Resting state BOLD data were separated in three runs lasting four minutes each.",
    "TaskInstructions": " Subjects were asked to relax while fixating the central point in the middle of a grey-background screen that was projected on a LCD screen and viewed through a mirror placed above the subject head.",
    "TaskName": "Resting State",
    "dataset": "ds000133",
    "modality": "bold",
    "run_id": 3,
    "session_id": "pre",
    "subject_id": "01",
    "task_id": "rest"
  },
  "dummy_trs": 0,
  "dvars_nstd": 18.995136207916673,
  "dvars_std": 1.3337826117361107,
  "dvars_vstd": 0.9927391968055554,
  "efc": 0.3781920574863839,
  "fber": 225072.375,
  "fd_mean": 0.14468891103328058,
  "fd_num": 22,
  "fd_perc": 15.172413793103448,
  "fwhm_avg": 1.8926033333333334,
  "fwhm_x": 1.8008775,
  "fwhm_y": 2.1150225,
  "fwhm_z": 1.76191,
  "gcor": 0.0191985,
  "gsr_x": -0.01858570985496044,
  "gsr_y": 0.0067849489860236645,
  "provenance": {
    "md5sum": "42bfbd014bf995f4531a4e28df52112f",
    "settings": {
      "fd_thres": 0.2,
      "testing": false
    },
    "software": "mriqc",
    "version": "21.0.0rc2",
    "webapi_port": null,
    "webapi_url": "https://mriqc.nimh.nih.gov/api/v1"
  },
  "size_t": 145,
  "size_x": 64,
  "size_y": 64,
  "size_z": 30,
  "snr": 5.720034609889906,
  "spacing_tr": 1.6706520318984985,
  "spacing_x": 4.0,
  "spacing_y": 4.0,
  "spacing_z": 4.0,
  "summary_bg_k": 159.3677180801761,
  "summary_bg_mad": 3996.820760355165,
  "summary_bg_mean": 19393.9609375,
  "summary_bg_median": 2952.623779296875,
  "summary_bg_n": 83579.0,
  "summary_bg_p05": 31.502418518066428,
  "summary_bg_p95": 91711.41249999998,
  "summary_bg_stdv": 62585.640625,
  "summary_fg_k": 2.892084696135144,
  "summary_fg_mad": 206077.63121617778,
  "summary_fg_mean": 1419338.875,
  "summary_fg_median": 1397704.75,
  "summary_fg_n": 14376.0,
  "summary_fg_p05": 1082880.625,
  "summary_fg_p95": 1817946.75,
  "summary_fg_stdv": 244344.0,
  "tsnr": 107.08577728271484
}