{
  "aor": 0.004695862068965517,
  "aqi": 0.0045317275862068965,
  "bids_meta": {
    "CogAtlasID": "trm_4c8a834779883",
    "EPIFactor": 39,
    "EchoTime": 0.035,
    "FlipAngle": 75.0,
    "MagneticFieldStrength": 3.0,
    "Manufacturer": "Philips",
    "ManufacturerModelName": "Achieva",
    "NumberOfEchoes": 1,
    "NumberOfSlices": 30,
    "PatientPosition": "Head First Supine",
    "PhaseEncodingDirection": "i",
    "PixelBandwidth": 3729.037176,
    "PreparationDirection": "Anterior-Posterior",
    "RepetitionTime": 1.67056,
    "ScanDuration": 247.0,
    "ScanMode": "MS",
    "ScanOptions": [
      "FS"
    ],
    "ScanningSequence": "FEEPI",
    "TaskDescription": "Resting state BOLD data were separated in three runs lasting four minutes each.",
    "TaskInstructions": " Subjects were asked to relax while fixating the central point in the middle of a grey-background screen that was projected on a LCD screen and viewed through a mirror placed above the subject head.",
    "TaskName": "Resting State",
    "dataset": "ds000133",
    "modality": "bold",
    "run_id": 1,
    "session_id": "post",
    "subject_id": "11",
    "task_id": "rest"
  },
  "dummy_trs": 0,
  "dvars_nstd": 20.14362735263889,
  "dvars_std": 1.2944326082638888,
  "dvars_vstd": 1.0024766970138888,
  "efc": 0.38390063579518685,
  "fber": 133199.109375,
  "fd_mean": 0.1778449706232311,
  "fd_num": 29,
  "fd_perc": 20.0,
  "fwhm_avg": 1.7856808333333334,
  "fwhm_x": 1.7455725,
  "fwhm_y": 1.936535,
  "fwhm_z": 1.674935,
  "gcor": 0.0514894,
  "gsr_x": -0.014879823662340641,
  "gsr_y": 0.001584522076882422,
  "provenance": {
    "md5sum": "3ab5182cd754c0638cfb24257afef4e4",
    "settings": {
      "fd_thres": 0.2,
      "testing": false
    },
    "software": "mriqc",
    "version": "21.0.0rc2",
    "webapi_port": null,
    "webapi_url": "https://mriqc.nimh.nih.gov/api/v1"
  },
  "size_t": 145,
  "size_x": 64,
  "size_y": 64,
  "size_z": 30,
  "snr": 5.327705280645968,
  "spacing_tr": 1.6705560684204102,
  "spacing_x": 4.0,
  "spacing_y": 4.0,
  "spacing_z": 4.0,
  "summary_bg_k": 121.11415257878215,
  "summary_bg_mad": 5337.784697021548,
  "summary_bg_mean": 19466.017578125,
  "summary_bg_median": 4015.9306640625,
  "summary_bg_n": 82495.0,
  "summary_bg_p05": 93.78597869873046,
  "summary_bg_p95": 77662.84453125,
  "summary_bg_stdv": 57514.0703125,
  "summary_fg_k": 2.1892921596339843,
  "summary_fg_mad": 250005.09637244832,
  "summary_fg_mean": 1499438.5,
  "summary_fg_median": 1470372.0,
  "summary_fg_n": 14691.0,
  "summary_fg_p05": 1123725.9375,
  "summary_fg_p95": 1965066.5,
  "summary_fg_stdv": 275976.59375,
  "tsnr": 70.75135803222656
}