{
  "aor": 0.003120896551724138,
  "aqi": 0.0049008817931034485,
  "bids_meta": {
    "CogAtlasID": "trm_4c8a834779883",
    "EPIFactor": 39,
    "EchoTime": 0.035,
    "FlipAngle": 75.0,
    "MagneticFieldStrength": 3.0,
    "Manufacturer": "Philips",
    "ManufacturerModelName": "Achieva",
    "NumberOfEchoes": 1,
    "NumberOfSlices": 30,
    "PatientPosition": "Head First Supine",
    "PhaseEncodingDirection": "i",
    "PixelBandwidth": 3729.037176,
    "PreparationDirection": "Anterior-Posterior",
    "RepetitionTime": 1.67056,
    "ScanDuration": 247.0,
    "ScanMode": "MS",
    "ScanOptions": [
      "FS"
    ],
    "ScanningSequence": "FEEPI",
    "TaskDescription": "Resting state BOLD data were separated in three runs lasting four minutes each.",
    "TaskInstructions": " Subjects were asked to relax while fixating the central point in the middle of a grey-background screen that was projected on a LCD screen and viewed through a mirror placed above the subject head.",
    "TaskName": "Resting State",
    "dataset": "ds000133",
    "modality": "bold",
    "run_id": 3,
    "session_id": "post",
    "subject_id": "11",
    "task_id": "rest"
  },
  "dummy_trs": 0,
  "dvars_nstd": 22.474539246597224,
  "dvars_std": 1.2576951993055552,
  "dvars_vstd": 0.9698065214583339,
  "efc": 0.3881026182191815,
  "fber": 116686.0859375,
  "fd_mean": 0.23894292156429112,
  "fd_num": 75,
  "fd_perc": 51.724137931034484,
  "fwhm_avg": 1.7758424999999998,
  "fwhm_x": 1.72731,
  "fwhm_y": 1.94247,
  "fwhm_z": 1.6577475,
  "gcor": 0.0299726,
  "gsr_x": -0.01503872312605381,
  "gsr_y": 0.0023348387330770493,
  "provenance": {
    "md5sum": "58545666e7d8052c58fc742d981b36f0",
    "settings": {
      "fd_thres": 0.2,
      "testing": false
    },
    "software": "mriqc",
    "version": "21.0.0rc2",
    "webapi_port": null,
    "webapi_url": "https://mriqc.nimh.nih.gov/api/v1"
  },
  "size_t": 145,
  "size_x": 64,
  "size_y": 64,
  "size_z": 30,
  "snr": 5.46304483471949,
  "spacing_tr": 1.6705560684204102,
  "spacing_x": 4.0,
  "spacing_y": 4.0,
  "spacing_z": 4.0,
  "summary_bg_k": 123.3341244354599,
  "summary_bg_mad": 5271.623120566444,
  "summary_bg_mean": 19782.416015625,
  "summary_bg_median": 4236.28125,
  "summary_bg_n": 82105.0,
  "summary_bg_p05": 216.4236877441406,
  "summary_bg_p95": 79862.94843750002,
  "summary_bg_stdv": 57359.42578125,
  "summary_fg_k": 1.9855908619884595,
  "summary_fg_mad": 244868.528323797,
  "summary_fg_mean": 1487564.625,
  "summary_fg_median": 1459871.125,
  "summary_fg_n": 14922.0,
  "summary_fg_p05": 1118899.23125,
  "summary_fg_p95": 1942347.30625,
  "summary_fg_stdv": 267217.6875,
  "tsnr": 71.37512969970703
}