{
  "aor": 0.00456448275862069,
  "aqi": 0.0048648826896551724,
  "bids_meta": {
    "CogAtlasID": "trm_4c8a834779883",
    "EPIFactor": 39,
    "EchoTime": 0.035,
    "FlipAngle": 75.0,
    "MagneticFieldStrength": 3.0,
    "Manufacturer": "Philips",
    "ManufacturerModelName": "Achieva",
    "NumberOfEchoes": 1,
    "NumberOfSlices": 30,
    "PatientPosition": "Head First Supine",
    "PhaseEncodingDirection": "i",
    "PixelBandwidth": 3729.037176,
    "PreparationDirection": "Anterior-Posterior",
    "RepetitionTime": 1.67056,
    "ScanDuration": 247.0,
    "ScanMode": "MS",
    "ScanOptions": [
      "FS"
    ],
    "ScanningSequence": "FEEPI",
    "TaskDescription": "Resting state BOLD data were separated in three runs lasting four minutes each.",
    "TaskInstructions": " Subjects were asked to relax while fixating the central point in the middle of a grey-background screen that was projected on a LCD screen and viewed through a mirror placed above the subject head.",
    "TaskName": "Resting State",
    "dataset": "ds000133",
    "modality": "bold",
    "run_id": 2,
    "session_id": "post",
    "subject_id": "11",
    "task_id": "rest"
  },
  "dummy_trs": 0,
  "dvars_nstd": 20.53802583611111,
  "dvars_std": 1.2993193915277774,
  "dvars_vstd": 1.0067241897916666,
  "efc": 0.38717273705266997,
  "fber": 118104.6640625,
  "fd_mean": 0.16916418191278262,
  "fd_num": 30,
  "fd_perc": 20.689655172413794,
  "fwhm_avg": 1.7820091666666666,
  "fwhm_x": 1.73662,
  "fwhm_y": 1.946045,
  "fwhm_z": 1.6633625,
  "gcor": 0.0392534,
  "gsr_x": -0.014898265711963177,
  "gsr_y": 0.0024672001600265503,
  "provenance": {
    "md5sum": "9acd80f4f168a1094212284fae938d28",
    "settings": {
      "fd_thres": 0.2,
      "testing": false
    },
    "software": "mriqc",
    "version": "21.0.0rc2",
    "webapi_port": null,
    "webapi_url": "https://mriqc.nimh.nih.gov/api/v1"
  },
  "size_t": 145,
  "size_x": 64,
  "size_y": 64,
  "size_z": 30,
  "snr": 5.441336081428562,
  "spacing_tr": 1.6705560684204102,
  "spacing_x": 4.0,
  "spacing_y": 4.0,
  "spacing_z": 4.0,
  "summary_bg_k": 127.68945467978389,
  "summary_bg_mad": 5273.051428270112,
  "summary_bg_mean": 19418.056640625,
  "summary_bg_median": 4206.66943359375,
  "summary_bg_n": 82147.0,
  "summary_bg_p05": 206.440592956543,
  "summary_bg_p95": 78512.31328124998,
  "summary_bg_stdv": 56395.66015625,
  "summary_fg_k": 1.9337256665986944,
  "summary_fg_mad": 245871.04541142276,
  "summary_fg_mean": 1485376.125,
  "summary_fg_median": 1456870.875,
  "summary_fg_n": 14905.0,
  "summary_fg_p05": 1119002.125,
  "summary_fg_p95": 1939395.8249999997,
  "summary_fg_stdv": 267732.40625,
  "tsnr": 70.13260650634766
}