{
  "aor": 0.0011293103448275863,
  "aqi": 0.005324880827586207,
  "bids_meta": {
    "CogAtlasID": "trm_4c8a834779883",
    "EPIFactor": 39,
    "EchoTime": 0.035,
    "FlipAngle": 75.0,
    "MagneticFieldStrength": 3.0,
    "Manufacturer": "Philips",
    "ManufacturerModelName": "Achieva",
    "NumberOfEchoes": 1,
    "NumberOfSlices": 30,
    "PatientPosition": "Head First Supine",
    "PhaseEncodingDirection": "i",
    "PixelBandwidth": 3743.8039199999994,
    "PreparationDirection": "Anterior-Posterior",
    "RepetitionTime": 1.67175,
    "ScanDuration": 247.0,
    "ScanMode": "MS",
    "ScanOptions": [
      "FS"
    ],
    "ScanningSequence": "FEEPI",
    "TaskDescription": "Resting state BOLD data were separated in three runs lasting four minutes each.",
    "TaskInstructions": " Subjects were asked to relax while fixating the central point in the middle of a grey-background screen that was projected on a LCD screen and viewed through a mirror placed above the subject head.",
    "TaskName": "Resting State",
    "dataset": "ds000133",
    "modality": "bold",
    "run_id": 2,
    "session_id": "pre",
    "subject_id": "24",
    "task_id": "rest"
  },
  "dummy_trs": 0,
  "dvars_nstd": 18.63261247354166,
  "dvars_std": 1.3979579181944446,
  "dvars_vstd": 0.9597768520138883,
  "efc": 0.38146582280117464,
  "fber": 379315.5,
  "fd_mean": 0.08983262314627961,
  "fd_num": 13,
  "fd_perc": 8.96551724137931,
  "fwhm_avg": 1.831035,
  "fwhm_x": 1.79051,
  "fwhm_y": 1.96935,
  "fwhm_z": 1.733245,
  "gcor": 0.0282192,
  "gsr_x": -0.017058445140719414,
  "gsr_y": 0.002253068145364523,
  "provenance": {
    "md5sum": "1b0bbe0772ac1ddb0cc5918b47473a11",
    "settings": {
      "fd_thres": 0.2,
      "testing": false
    },
    "software": "mriqc",
    "version": "21.0.0rc2",
    "webapi_port": null,
    "webapi_url": "https://mriqc.nimh.nih.gov/api/v1"
  },
  "size_t": 145,
  "size_x": 64,
  "size_y": 64,
  "size_z": 30,
  "snr": 6.501206763596089,
  "spacing_tr": 1.6717469692230225,
  "spacing_x": 4.0,
  "spacing_y": 4.0,
  "spacing_z": 4.0,
  "summary_bg_k": 207.12891587982196,
  "summary_bg_mad": 2826.9830447270174,
  "summary_bg_mean": 15449.802734375,
  "summary_bg_median": 2074.578125,
  "summary_bg_n": 83169.0,
  "summary_bg_p05": 35.76398468017579,
  "summary_bg_p95": 82536.59218749969,
  "summary_bg_stdv": 47276.4140625,
  "summary_fg_k": 2.4784389188312295,
  "summary_fg_mad": 167738.8351225641,
  "summary_fg_mean": 1271377.25,
  "summary_fg_median": 1253306.625,
  "summary_fg_n": 14857.0,
  "summary_fg_p05": 1003937.0125,
  "summary_fg_p95": 1599099.95,
  "summary_fg_stdv": 192774.125,
  "tsnr": 91.39778900146484
}