{
  "aor": 0.001132206896551724,
  "aqi": 0.005694341655172415,
  "bids_meta": {
    "CogAtlasID": "trm_4c8a834779883",
    "EPIFactor": 39,
    "EchoTime": 0.035,
    "FlipAngle": 75.0,
    "MagneticFieldStrength": 3.0,
    "Manufacturer": "Philips",
    "ManufacturerModelName": "Achieva",
    "NumberOfEchoes": 1,
    "NumberOfSlices": 30,
    "PatientPosition": "Head First Supine",
    "PhaseEncodingDirection": "i",
    "PixelBandwidth": 3743.8039199999994,
    "PreparationDirection": "Anterior-Posterior",
    "RepetitionTime": 1.67175,
    "ScanDuration": 247.0,
    "ScanMode": "MS",
    "ScanOptions": [
      "FS"
    ],
    "ScanningSequence": "FEEPI",
    "TaskDescription": "Resting state BOLD data were separated in three runs lasting four minutes each.",
    "TaskInstructions": " Subjects were asked to relax while fixating the central point in the middle of a grey-background screen that was projected on a LCD screen and viewed through a mirror placed above the subject head.",
    "TaskName": "Resting State",
    "dataset": "ds000133",
    "modality": "bold",
    "run_id": 1,
    "session_id": "pre",
    "subject_id": "24",
    "task_id": "rest"
  },
  "dummy_trs": 0,
  "dvars_nstd": 19.68298218631945,
  "dvars_std": 1.3515207286111108,
  "dvars_vstd": 0.9600253740277775,
  "efc": 0.3815455489753909,
  "fber": 396191.96875,
  "fd_mean": 0.18371092268210232,
  "fd_num": 81,
  "fd_perc": 55.86206896551724,
  "fwhm_avg": 1.8352483333333334,
  "fwhm_x": 1.7915125,
  "fwhm_y": 1.9729075,
  "fwhm_z": 1.741325,
  "gcor": 0.0381077,
  "gsr_x": -0.017084278166294098,
  "gsr_y": 0.0024048257619142532,
  "provenance": {
    "md5sum": "b6aa246625c453caf20a86731175ae3e",
    "settings": {
      "fd_thres": 0.2,
      "testing": false
    },
    "software": "mriqc",
    "version": "21.0.0rc2",
    "webapi_port": null,
    "webapi_url": "https://mriqc.nimh.nih.gov/api/v1"
  },
  "size_t": 145,
  "size_x": 64,
  "size_y": 64,
  "size_z": 30,
  "snr": 6.513922266306145,
  "spacing_tr": 1.6717469692230225,
  "spacing_x": 4.0,
  "spacing_y": 4.0,
  "spacing_z": 4.0,
  "summary_bg_k": 194.17219047145784,
  "summary_bg_mad": 2856.736099517442,
  "summary_bg_mean": 15296.208984375,
  "summary_bg_median": 2036.1363525390625,
  "summary_bg_n": 83146.0,
  "summary_bg_p05": 31.22447109222412,
  "summary_bg_p95": 81045.71875,
  "summary_bg_stdv": 46939.46484375,
  "summary_fg_k": 2.521991388669931,
  "summary_fg_mad": 167805.55222239686,
  "summary_fg_mean": 1272847.625,
  "summary_fg_median": 1254474.5,
  "summary_fg_n": 14871.0,
  "summary_fg_p05": 1004034.65625,
  "summary_fg_p95": 1600638.5,
  "summary_fg_stdv": 192577.109375,
  "tsnr": 85.88066101074219
}