{
  "aor": 0.001190551724137931,
  "aqi": 0.0032091984137931034,
  "bids_meta": {
    "CogAtlasID": "trm_4c8a834779883",
    "EPIFactor": 39,
    "EchoTime": 0.035,
    "FlipAngle": 75.0,
    "MagneticFieldStrength": 3.0,
    "Manufacturer": "Philips",
    "ManufacturerModelName": "Achieva",
    "NumberOfEchoes": 1,
    "NumberOfSlices": 30,
    "PatientPosition": "Head First Supine",
    "PhaseEncodingDirection": "i",
    "PixelBandwidth": 3729.037176,
    "PreparationDirection": "Anterior-Posterior",
    "RepetitionTime": 1.67054,
    "ScanDuration": 247.0,
    "ScanMode": "MS",
    "ScanOptions": [
      "FS"
    ],
    "ScanningSequence": "FEEPI",
    "TaskDescription": "Resting state BOLD data were separated in three runs lasting four minutes each.",
    "TaskInstructions": " Subjects were asked to relax while fixating the central point in the middle of a grey-background screen that was projected on a LCD screen and viewed through a mirror placed above the subject head.",
    "TaskName": "Resting State",
    "dataset": "ds000133",
    "modality": "bold",
    "run_id": 3,
    "session_id": "post",
    "subject_id": "25",
    "task_id": "rest"
  },
  "dummy_trs": 0,
  "dvars_nstd": 22.094766736666674,
  "dvars_std": 1.157663864930555,
  "dvars_vstd": 0.9801643877083335,
  "efc": 0.3818591940625519,
  "fber": 183018.71875,
  "fd_mean": 0.2297736154410953,
  "fd_num": 92,
  "fd_perc": 63.44827586206897,
  "fwhm_avg": 1.940525870556337,
  "fwhm_x": 1.8734951116690106,
  "fwhm_y": 2.1096875,
  "fwhm_z": 1.838395,
  "gcor": 0.0358543,
  "gsr_x": -0.00900107529014349,
  "gsr_y": 8.041170076467097e-05,
  "provenance": {
    "md5sum": "11689eb9b8605669936fa43efbac4068",
    "settings": {
      "fd_thres": 0.2,
      "testing": false
    },
    "software": "mriqc",
    "version": "21.0.0rc2",
    "webapi_port": null,
    "webapi_url": "https://mriqc.nimh.nih.gov/api/v1"
  },
  "size_t": 145,
  "size_x": 64,
  "size_y": 64,
  "size_z": 30,
  "snr": 4.99807894295628,
  "spacing_tr": 1.6705410480499268,
  "spacing_x": 3.999999761581421,
  "spacing_y": 4.0,
  "spacing_z": 4.0,
  "summary_bg_k": 93.83909205566049,
  "summary_bg_mad": 3922.796308818031,
  "summary_bg_mean": 13887.0126953125,
  "summary_bg_median": 2760.844482421875,
  "summary_bg_n": 82813.0,
  "summary_bg_p05": 19.278882217407226,
  "summary_bg_p95": 59790.23359374999,
  "summary_bg_stdv": 38563.8671875,
  "summary_fg_k": 2.714179647672922,
  "summary_fg_mad": 196649.4857207847,
  "summary_fg_mean": 1188348.125,
  "summary_fg_median": 1151299.0,
  "summary_fg_n": 15125.0,
  "summary_fg_p05": 896971.9,
  "summary_fg_p95": 1593620.6749999996,
  "summary_fg_stdv": 230340.6875,
  "tsnr": 84.92316436767578
}