{
  "aor": 0.002494,
  "aqi": 0.004464422551724139,
  "bids_meta": {
    "CogAtlasID": "trm_4c8a834779883",
    "EPIFactor": 39,
    "EchoTime": 0.035,
    "FlipAngle": 75.0,
    "MagneticFieldStrength": 3.0,
    "Manufacturer": "Philips",
    "ManufacturerModelName": "Achieva",
    "NumberOfEchoes": 1,
    "NumberOfSlices": 30,
    "PatientPosition": "Head First Supine",
    "PhaseEncodingDirection": "i",
    "PixelBandwidth": 3725.996964,
    "PreparationDirection": "Anterior-Posterior",
    "RepetitionTime": 1.67098,
    "ScanDuration": 247.0,
    "ScanMode": "MS",
    "ScanOptions": [
      "FS"
    ],
    "ScanningSequence": "FEEPI",
    "TaskDescription": "Resting state BOLD data were separated in three runs lasting four minutes each.",
    "TaskInstructions": " Subjects were asked to relax while fixating the central point in the middle of a grey-background screen that was projected on a LCD screen and viewed through a mirror placed above the subject head.",
    "TaskName": "Resting State",
    "dataset": "ds000133",
    "modality": "bold",
    "run_id": 2,
    "session_id": "post",
    "subject_id": "26",
    "task_id": "rest"
  },
  "dummy_trs": 0,
  "dvars_nstd": 21.44077645444445,
  "dvars_std": 1.5023265448611107,
  "dvars_vstd": 0.9999695215972226,
  "efc": 0.37547786115656046,
  "fber": 342569.28125,
  "fd_mean": 0.09905237865992075,
  "fd_num": 13,
  "fd_perc": 8.96551724137931,
  "fwhm_avg": 1.8709524999999998,
  "fwhm_x": 1.8150975,
  "fwhm_y": 2.041065,
  "fwhm_z": 1.756695,
  "gcor": 0.0322169,
  "gsr_x": -0.01930241286754608,
  "gsr_y": 0.003309802617877722,
  "provenance": {
    "md5sum": "12a91b079a0beed8157bd189e502ff7a",
    "settings": {
      "fd_thres": 0.2,
      "testing": false
    },
    "software": "mriqc",
    "version": "21.0.0rc2",
    "webapi_port": null,
    "webapi_url": "https://mriqc.nimh.nih.gov/api/v1"
  },
  "size_t": 145,
  "size_x": 64,
  "size_y": 64,
  "size_z": 30,
  "snr": 6.283760609214883,
  "spacing_tr": 1.670975923538208,
  "spacing_x": 4.0,
  "spacing_y": 4.0,
  "spacing_z": 4.0,
  "summary_bg_k": 103.27230022017397,
  "summary_bg_mad": 2681.852765920572,
  "summary_bg_mean": 14238.01953125,
  "summary_bg_median": 1982.5064697265625,
  "summary_bg_n": 83657.0,
  "summary_bg_p05": 30.370925903320312,
  "summary_bg_p95": 70569.99218749996,
  "summary_bg_stdv": 41572.3125,
  "summary_fg_k": 1.878245192659456,
  "summary_fg_mad": 171575.8096640566,
  "summary_fg_mean": 1189919.875,
  "summary_fg_median": 1172410.75,
  "summary_fg_n": 14199.0,
  "summary_fg_p05": 925679.89375,
  "summary_fg_p95": 1504922.7375,
  "summary_fg_stdv": 186571.3125,
  "tsnr": 84.31886291503906
}