{
  "aor": 0.0008352777777777778,
  "aqi": 0.005092233125,
  "bids_meta": {
    "CogAtlasID": "trm_4c8a834779883",
    "EPIFactor": 39,
    "EchoTime": 0.035,
    "FlipAngle": 75.0,
    "MagneticFieldStrength": 3.0,
    "Manufacturer": "Philips",
    "ManufacturerModelName": "Achieva",
    "NumberOfEchoes": 1,
    "NumberOfSlices": 30,
    "PatientPosition": "Head First Supine",
    "PhaseEncodingDirection": "i",
    "PixelBandwidth": 3730.340124,
    "PreparationDirection": "Anterior-Posterior",
    "RepetitionTime": 1.67096,
    "ScanDuration": 247.0,
    "ScanMode": "MS",
    "ScanOptions": [
      "FS"
    ],
    "ScanningSequence": "FEEPI",
    "TaskDescription": "Resting state BOLD data were separated in three runs lasting four minutes each.",
    "TaskInstructions": " Subjects were asked to relax while fixating the central point in the middle of a grey-background screen that was projected on a LCD screen and viewed through a mirror placed above the subject head.",
    "TaskName": "Resting State",
    "dataset": "ds000133",
    "modality": "bold",
    "run_id": 1,
    "session_id": "pre",
    "subject_id": "22",
    "task_id": "rest"
  },
  "dummy_trs": 1,
  "dvars_nstd": 17.732611823076926,
  "dvars_std": 1.1211700681118877,
  "dvars_vstd": 0.9533131501398607,
  "efc": 0.3748585644003764,
  "fber": 260163.875,
  "fd_mean": 0.15439162618807623,
  "fd_num": 23,
  "fd_perc": 15.972222222222221,
  "fwhm_avg": 1.7841308333333334,
  "fwhm_x": 1.731945,
  "fwhm_y": 1.9603075,
  "fwhm_z": 1.66014,
  "gcor": 0.0274326,
  "gsr_x": -0.015049497596919537,
  "gsr_y": 0.004817694425582886,
  "provenance": {
    "md5sum": "b3802bd7e412ac87da92bb51ce2bf282",
    "settings": {
      "fd_thres": 0.2,
      "testing": false
    },
    "software": "mriqc",
    "version": "21.0.0rc2",
    "webapi_port": null,
    "webapi_url": "https://mriqc.nimh.nih.gov/api/v1"
  },
  "size_t": 144,
  "size_x": 64,
  "size_y": 64,
  "size_z": 30,
  "snr": 5.944377692766789,
  "spacing_tr": 1.6709580421447754,
  "spacing_x": 4.0,
  "spacing_y": 4.0,
  "spacing_z": 4.0,
  "summary_bg_k": 235.2402264747677,
  "summary_bg_mad": 3020.601718690841,
  "summary_bg_mean": 13158.625,
  "summary_bg_median": 2337.593017578125,
  "summary_bg_n": 83553.0,
  "summary_bg_p05": 75.08023223876954,
  "summary_bg_p95": 57114.44375,
  "summary_bg_stdv": 40748.12109375,
  "summary_fg_k": 2.7985567481912836,
  "summary_fg_mad": 174476.7062298401,
  "summary_fg_mean": 1208958.75,
  "summary_fg_median": 1189615.625,
  "summary_fg_n": 14355.0,
  "summary_fg_p05": 936406.45,
  "summary_fg_p95": 1538395.9749999999,
  "summary_fg_stdv": 200117.53125,
  "tsnr": 73.98856353759766
}