{
  "aor": 0.0006540689655172414,
  "aqi": 0.004825277517241379,
  "bids_meta": {
    "CogAtlasID": "trm_4c8a834779883",
    "EPIFactor": 39,
    "EchoTime": 0.035,
    "FlipAngle": 75.0,
    "MagneticFieldStrength": 3.0,
    "Manufacturer": "Philips",
    "ManufacturerModelName": "Achieva",
    "NumberOfEchoes": 1,
    "NumberOfSlices": 30,
    "PatientPosition": "Head First Supine",
    "PhaseEncodingDirection": "i",
    "PixelBandwidth": 3730.340124,
    "PreparationDirection": "Anterior-Posterior",
    "RepetitionTime": 1.67096,
    "ScanDuration": 247.0,
    "ScanMode": "MS",
    "ScanOptions": [
      "FS"
    ],
    "ScanningSequence": "FEEPI",
    "TaskDescription": "Resting state BOLD data were separated in three runs lasting four minutes each.",
    "TaskInstructions": " Subjects were asked to relax while fixating the central point in the middle of a grey-background screen that was projected on a LCD screen and viewed through a mirror placed above the subject head.",
    "TaskName": "Resting State",
    "dataset": "ds000133",
    "modality": "bold",
    "run_id": 2,
    "session_id": "pre",
    "subject_id": "22",
    "task_id": "rest"
  },
  "dummy_trs": 0,
  "dvars_nstd": 21.585412111875012,
  "dvars_std": 1.1485538911111113,
  "dvars_vstd": 0.9736596514583332,
  "efc": 0.3735293094800568,
  "fber": 264066.125,
  "fd_mean": 0.23395527506816696,
  "fd_num": 83,
  "fd_perc": 57.241379310344826,
  "fwhm_avg": 1.7735041666666669,
  "fwhm_x": 1.72438,
  "fwhm_y": 1.9436675,
  "fwhm_z": 1.652465,
  "gcor": 0.0238573,
  "gsr_x": -0.014820346608757973,
  "gsr_y": 0.004337732680141926,
  "provenance": {
    "md5sum": "2eaa7dc12d23ac3f5229463719db9ddb",
    "settings": {
      "fd_thres": 0.2,
      "testing": false
    },
    "software": "mriqc",
    "version": "21.0.0rc2",
    "webapi_port": null,
    "webapi_url": "https://mriqc.nimh.nih.gov/api/v1"
  },
  "size_t": 145,
  "size_x": 64,
  "size_y": 64,
  "size_z": 30,
  "snr": 5.902150417101842,
  "spacing_tr": 1.6709580421447754,
  "spacing_x": 4.0,
  "spacing_y": 4.0,
  "spacing_z": 4.0,
  "summary_bg_k": 238.0830634873062,
  "summary_bg_mad": 3054.5442513597277,
  "summary_bg_mean": 13168.7822265625,
  "summary_bg_median": 2340.95703125,
  "summary_bg_n": 83689.0,
  "summary_bg_p05": 65.41456756591798,
  "summary_bg_p95": 57107.27812499999,
  "summary_bg_stdv": 41688.54296875,
  "summary_fg_k": 2.9436905577054056,
  "summary_fg_mad": 177207.28886577283,
  "summary_fg_mean": 1217836.0,
  "summary_fg_median": 1199903.0,
  "summary_fg_n": 14277.0,
  "summary_fg_p05": 940235.9,
  "summary_fg_p95": 1549916.1749999998,
  "summary_fg_stdv": 203292.171875,
  "tsnr": 75.00284576416016
}