{
  "aor": 0.0022119310344827585,
  "aqi": 0.004819874965517241,
  "bids_meta": {
    "CogAtlasID": "trm_4c8a834779883",
    "EPIFactor": 39,
    "EchoTime": 0.035,
    "FlipAngle": 75.0,
    "MagneticFieldStrength": 3.0,
    "Manufacturer": "Philips",
    "ManufacturerModelName": "Achieva",
    "NumberOfEchoes": 1,
    "NumberOfSlices": 30,
    "PatientPosition": "Head First Supine",
    "PhaseEncodingDirection": "i",
    "PixelBandwidth": 3748.581396,
    "PreparationDirection": "Anterior-Posterior",
    "RepetitionTime": 1.67204,
    "ScanDuration": 247.0,
    "ScanMode": "MS",
    "ScanOptions": [
      "FS"
    ],
    "ScanningSequence": "FEEPI",
    "TaskDescription": "Resting state BOLD data were separated in three runs lasting four minutes each.",
    "TaskInstructions": " Subjects were asked to relax while fixating the central point in the middle of a grey-background screen that was projected on a LCD screen and viewed through a mirror placed above the subject head.",
    "TaskName": "Resting State",
    "dataset": "ds000133",
    "modality": "bold",
    "run_id": 2,
    "session_id": "post",
    "subject_id": "06",
    "task_id": "rest"
  },
  "dummy_trs": 0,
  "dvars_nstd": 22.535334812361132,
  "dvars_std": 1.276674330902778,
  "dvars_vstd": 0.9880979436111106,
  "efc": 0.39397064887641703,
  "fber": 237541.28125,
  "fd_mean": 0.13074366781587224,
  "fd_num": 23,
  "fd_perc": 15.862068965517242,
  "fwhm_avg": 1.8707666666666667,
  "fwhm_x": 1.7888625,
  "fwhm_y": 2.064325,
  "fwhm_z": 1.7591125,
  "gcor": 0.0593783,
  "gsr_x": -0.010207654908299446,
  "gsr_y": 0.009487888775765896,
  "provenance": {
    "md5sum": "4866208dbcee9b5a5a30d8d93b5469b2",
    "settings": {
      "fd_thres": 0.2,
      "testing": false
    },
    "software": "mriqc",
    "version": "21.0.0rc2",
    "webapi_port": null,
    "webapi_url": "https://mriqc.nimh.nih.gov/api/v1"
  },
  "size_t": 145,
  "size_x": 64,
  "size_y": 64,
  "size_z": 30,
  "snr": 5.677680671914317,
  "spacing_tr": 1.6720410585403442,
  "spacing_x": 4.0,
  "spacing_y": 4.0,
  "spacing_z": 4.0,
  "summary_bg_k": 190.78991275561833,
  "summary_bg_mad": 3764.965174316784,
  "summary_bg_mean": 16524.208984375,
  "summary_bg_median": 2866.1435546875,
  "summary_bg_n": 81469.0,
  "summary_bg_p05": 60.424146270751955,
  "summary_bg_p95": 81253.08281249995,
  "summary_bg_stdv": 47725.96875,
  "summary_fg_k": 3.433048557386657,
  "summary_fg_mad": 206965.24663186935,
  "summary_fg_mean": 1419124.5,
  "summary_fg_median": 1390940.75,
  "summary_fg_n": 16162.0,
  "summary_fg_p05": 1100560.075,
  "summary_fg_p95": 1821907.43125,
  "summary_fg_stdv": 244976.390625,
  "tsnr": 80.80368041992188
}