{
  "aor": 0.004747724137931035,
  "aqi": 0.00467151475862069,
  "bids_meta": {
    "CogAtlasID": "trm_4c8a834779883",
    "EPIFactor": 39,
    "EchoTime": 0.035,
    "FlipAngle": 75.0,
    "MagneticFieldStrength": 3.0,
    "Manufacturer": "Philips",
    "ManufacturerModelName": "Achieva",
    "NumberOfEchoes": 1,
    "NumberOfSlices": 30,
    "PatientPosition": "Head First Supine",
    "PhaseEncodingDirection": "i",
    "PixelBandwidth": 3748.581396,
    "PreparationDirection": "Anterior-Posterior",
    "RepetitionTime": 1.67204,
    "ScanDuration": 247.0,
    "ScanMode": "MS",
    "ScanOptions": [
      "FS"
    ],
    "ScanningSequence": "FEEPI",
    "TaskDescription": "Resting state BOLD data were separated in three runs lasting four minutes each.",
    "TaskInstructions": " Subjects were asked to relax while fixating the central point in the middle of a grey-background screen that was projected on a LCD screen and viewed through a mirror placed above the subject head.",
    "TaskName": "Resting State",
    "dataset": "ds000133",
    "modality": "bold",
    "run_id": 1,
    "session_id": "post",
    "subject_id": "06",
    "task_id": "rest"
  },
  "dummy_trs": 0,
  "dvars_nstd": 22.767045007986113,
  "dvars_std": 1.374295927986111,
  "dvars_vstd": 1.028940472430556,
  "efc": 0.3948110275320305,
  "fber": 183309.453125,
  "fd_mean": 0.13787792706307678,
  "fd_num": 14,
  "fd_perc": 9.655172413793103,
  "fwhm_avg": 1.8455808333333332,
  "fwhm_x": 1.76556,
  "fwhm_y": 2.034575,
  "fwhm_z": 1.7366075,
  "gcor": 0.0319048,
  "gsr_x": -0.010161479003727436,
  "gsr_y": 0.00952432956546545,
  "provenance": {
    "md5sum": "d3e38fab7d578a1bd75945beec6b1be2",
    "settings": {
      "fd_thres": 0.2,
      "testing": false
    },
    "software": "mriqc",
    "version": "21.0.0rc2",
    "webapi_port": null,
    "webapi_url": "https://mriqc.nimh.nih.gov/api/v1"
  },
  "size_t": 145,
  "size_x": 64,
  "size_y": 64,
  "size_z": 30,
  "snr": 5.786431493987429,
  "spacing_tr": 1.6720410585403442,
  "spacing_x": 4.0,
  "spacing_y": 4.0,
  "spacing_z": 4.0,
  "summary_bg_k": 211.86940319384664,
  "summary_bg_mad": 4108.05492830291,
  "summary_bg_mean": 17381.185546875,
  "summary_bg_median": 3364.370849609375,
  "summary_bg_n": 81432.0,
  "summary_bg_p05": 174.71577758789064,
  "summary_bg_p95": 82528.27304687492,
  "summary_bg_stdv": 49739.91796875,
  "summary_fg_k": 3.509064437507331,
  "summary_fg_mad": 209476.2188141859,
  "summary_fg_mean": 1468928.875,
  "summary_fg_median": 1442695.25,
  "summary_fg_n": 16184.0,
  "summary_fg_p05": 1144471.2375,
  "summary_fg_p95": 1874551.3187499996,
  "summary_fg_stdv": 249316.125,
  "tsnr": 85.36618041992188
}