{
  "aor": 0.003962206896551724,
  "aqi": 0.005346214689655172,
  "bids_meta": {
    "CogAtlasID": "trm_4c8a834779883",
    "EPIFactor": 39,
    "EchoTime": 0.035,
    "FlipAngle": 75.0,
    "MagneticFieldStrength": 3.0,
    "Manufacturer": "Philips",
    "ManufacturerModelName": "Achieva",
    "NumberOfEchoes": 1,
    "NumberOfSlices": 30,
    "PatientPosition": "Head First Supine",
    "PhaseEncodingDirection": "i",
    "PixelBandwidth": 3748.581396,
    "PreparationDirection": "Anterior-Posterior",
    "RepetitionTime": 1.67204,
    "ScanDuration": 247.0,
    "ScanMode": "MS",
    "ScanOptions": [
      "FS"
    ],
    "ScanningSequence": "FEEPI",
    "TaskDescription": "Resting state BOLD data were separated in three runs lasting four minutes each.",
    "TaskInstructions": " Subjects were asked to relax while fixating the central point in the middle of a grey-background screen that was projected on a LCD screen and viewed through a mirror placed above the subject head.",
    "TaskName": "Resting State",
    "dataset": "ds000133",
    "modality": "bold",
    "run_id": 3,
    "session_id": "post",
    "subject_id": "06",
    "task_id": "rest"
  },
  "dummy_trs": 0,
  "dvars_nstd": 23.362049699166647,
  "dvars_std": 1.329309190833333,
  "dvars_vstd": 1.0250768968055555,
  "efc": 0.39502958363018964,
  "fber": 193189.71875,
  "fd_mean": 0.18300991659817767,
  "fd_num": 44,
  "fd_perc": 30.344827586206897,
  "fwhm_avg": 1.8639891666666666,
  "fwhm_x": 1.77814,
  "fwhm_y": 2.0598425,
  "fwhm_z": 1.753985,
  "gcor": 0.0300047,
  "gsr_x": -0.010575537569820881,
  "gsr_y": 0.009545739740133286,
  "provenance": {
    "md5sum": "35fb6fcd45b5cda6efba82571ecf3e2e",
    "settings": {
      "fd_thres": 0.2,
      "testing": false
    },
    "software": "mriqc",
    "version": "21.0.0rc2",
    "webapi_port": null,
    "webapi_url": "https://mriqc.nimh.nih.gov/api/v1"
  },
  "size_t": 145,
  "size_x": 64,
  "size_y": 64,
  "size_z": 30,
  "snr": 5.71495931686894,
  "spacing_tr": 1.6720410585403442,
  "spacing_x": 4.0,
  "spacing_y": 4.0,
  "spacing_z": 4.0,
  "summary_bg_k": 215.99177935376076,
  "summary_bg_mad": 4159.050417928356,
  "summary_bg_mean": 17640.279296875,
  "summary_bg_median": 3274.95849609375,
  "summary_bg_n": 81432.0,
  "summary_bg_p05": 103.21110076904299,
  "summary_bg_p95": 85509.47070312499,
  "summary_bg_stdv": 50951.67578125,
  "summary_fg_k": 3.3523414764849573,
  "summary_fg_mad": 213422.7205945705,
  "summary_fg_mean": 1467879.125,
  "summary_fg_median": 1438337.0,
  "summary_fg_n": 16184.0,
  "summary_fg_p05": 1137160.35,
  "summary_fg_p95": 1882471.3624999998,
  "summary_fg_stdv": 251671.53125,
  "tsnr": 77.93647766113281
}