{
  "aor": 0.0011236805555555557,
  "aqi": 0.003301321597222222,
  "bids_meta": {
    "CogAtlasID": "trm_4c8a834779883",
    "EPIFactor": 39,
    "EchoTime": 0.035,
    "FlipAngle": 75.0,
    "MagneticFieldStrength": 3.0,
    "Manufacturer": "Philips",
    "ManufacturerModelName": "Achieva",
    "NumberOfEchoes": 1,
    "NumberOfSlices": 30,
    "PatientPosition": "Head First Supine",
    "PhaseEncodingDirection": "i",
    "PixelBandwidth": 3733.3803359999997,
    "PreparationDirection": "Anterior-Posterior",
    "RepetitionTime": 1.67089,
    "ScanDuration": 247.0,
    "ScanMode": "MS",
    "ScanOptions": [
      "FS"
    ],
    "ScanningSequence": "FEEPI",
    "TaskDescription": "Resting state BOLD data were separated in three runs lasting four minutes each.",
    "TaskInstructions": " Subjects were asked to relax while fixating the central point in the middle of a grey-background screen that was projected on a LCD screen and viewed through a mirror placed above the subject head.",
    "TaskName": "Resting State",
    "dataset": "ds000133",
    "modality": "bold",
    "run_id": 1,
    "session_id": "post",
    "subject_id": "07",
    "task_id": "rest"
  },
  "dummy_trs": 1,
  "dvars_nstd": 19.50570345888111,
  "dvars_std": 1.25154782006993,
  "dvars_vstd": 0.9937271756643352,
  "efc": 0.3666167262786353,
  "fber": 153824.90625,
  "fd_mean": 0.19710642688933608,
  "fd_num": 59,
  "fd_perc": 40.97222222222222,
  "fwhm_avg": 1.8259566666666667,
  "fwhm_x": 1.759075,
  "fwhm_y": 1.9691775,
  "fwhm_z": 1.7496175,
  "gcor": 0.0202599,
  "gsr_x": -0.015812981873750687,
  "gsr_y": 0.007129976060241461,
  "provenance": {
    "md5sum": "cb011b894f9e6be6166ed5f96b883361",
    "settings": {
      "fd_thres": 0.2,
      "testing": false
    },
    "software": "mriqc",
    "version": "21.0.0rc2",
    "webapi_port": null,
    "webapi_url": "https://mriqc.nimh.nih.gov/api/v1"
  },
  "size_t": 144,
  "size_x": 64,
  "size_y": 64,
  "size_z": 30,
  "snr": 6.333428136144654,
  "spacing_tr": 1.6708860397338867,
  "spacing_x": 4.0,
  "spacing_y": 4.0,
  "spacing_z": 4.0,
  "summary_bg_k": 194.98453107969,
  "summary_bg_mad": 4711.8797922422455,
  "summary_bg_mean": 17152.8984375,
  "summary_bg_median": 3875.30078125,
  "summary_bg_n": 84627.0,
  "summary_bg_p05": 171.44998168945312,
  "summary_bg_p95": 72270.33125,
  "summary_bg_stdv": 50314.76171875,
  "summary_fg_k": 1.405183681261975,
  "summary_fg_mad": 219285.76373028956,
  "summary_fg_mean": 1519047.75,
  "summary_fg_median": 1500087.875,
  "summary_fg_n": 13563.0,
  "summary_fg_p05": 1173343.5125,
  "summary_fg_p95": 1924734.6375,
  "summary_fg_stdv": 236843.703125,
  "tsnr": 90.32906341552734
}