{
  "aor": 0.0009239999999999999,
  "aqi": 0.0029081852413793104,
  "bids_meta": {
    "CogAtlasID": "trm_4c8a834779883",
    "EPIFactor": 39,
    "EchoTime": 0.035,
    "FlipAngle": 75.0,
    "MagneticFieldStrength": 3.0,
    "Manufacturer": "Philips",
    "ManufacturerModelName": "Achieva",
    "NumberOfEchoes": 1,
    "NumberOfSlices": 30,
    "PatientPosition": "Head First Supine",
    "PhaseEncodingDirection": "i",
    "PixelBandwidth": 3733.3803359999997,
    "PreparationDirection": "Anterior-Posterior",
    "RepetitionTime": 1.67089,
    "ScanDuration": 247.0,
    "ScanMode": "MS",
    "ScanOptions": [
      "FS"
    ],
    "ScanningSequence": "FEEPI",
    "TaskDescription": "Resting state BOLD data were separated in three runs lasting four minutes each.",
    "TaskInstructions": " Subjects were asked to relax while fixating the central point in the middle of a grey-background screen that was projected on a LCD screen and viewed through a mirror placed above the subject head.",
    "TaskName": "Resting State",
    "dataset": "ds000133",
    "modality": "bold",
    "run_id": 3,
    "session_id": "post",
    "subject_id": "07",
    "task_id": "rest"
  },
  "dummy_trs": 0,
  "dvars_nstd": 17.410207099166673,
  "dvars_std": 1.2159274756944438,
  "dvars_vstd": 0.9949999015972222,
  "efc": 0.3655220737233688,
  "fber": 159566.421875,
  "fd_mean": 0.16906809506647413,
  "fd_num": 45,
  "fd_perc": 31.03448275862069,
  "fwhm_avg": 1.8458225,
  "fwhm_x": 1.7759375,
  "fwhm_y": 2.01531,
  "fwhm_z": 1.74622,
  "gcor": 0.0205883,
  "gsr_x": -0.015335665084421635,
  "gsr_y": 0.007125409319996834,
  "provenance": {
    "md5sum": "29609f74ca2ba50ede9641a2aeee65dd",
    "settings": {
      "fd_thres": 0.2,
      "testing": false
    },
    "software": "mriqc",
    "version": "21.0.0rc2",
    "webapi_port": null,
    "webapi_url": "https://mriqc.nimh.nih.gov/api/v1"
  },
  "size_t": 145,
  "size_x": 64,
  "size_y": 64,
  "size_z": 30,
  "snr": 6.302219876240582,
  "spacing_tr": 1.6708860397338867,
  "spacing_x": 4.0,
  "spacing_y": 4.0,
  "spacing_z": 4.0,
  "summary_bg_k": 194.62230689779074,
  "summary_bg_mad": 4536.5513114918485,
  "summary_bg_mean": 16612.34765625,
  "summary_bg_median": 3683.1435546875,
  "summary_bg_n": 84780.0,
  "summary_bg_p05": 141.01080017089845,
  "summary_bg_p95": 70672.6570312501,
  "summary_bg_stdv": 48541.796875,
  "summary_fg_k": 1.4334169154898655,
  "summary_fg_mad": 214149.01035636093,
  "summary_fg_mean": 1471337.875,
  "summary_fg_median": 1453220.75,
  "summary_fg_n": 13654.0,
  "summary_fg_p05": 1132582.15,
  "summary_fg_p95": 1863909.3687499992,
  "summary_fg_stdv": 230580.265625,
  "tsnr": 97.74043273925781
}