{
  "aor": 0.0006358620689655172,
  "aqi": 0.003103550827586207,
  "bids_meta": {
    "CogAtlasID": "trm_4c8a834779883",
    "EPIFactor": 39,
    "EchoTime": 0.035,
    "FlipAngle": 75.0,
    "MagneticFieldStrength": 3.0,
    "Manufacturer": "Philips",
    "ManufacturerModelName": "Achieva",
    "NumberOfEchoes": 1,
    "NumberOfSlices": 30,
    "PatientPosition": "Head First Supine",
    "PhaseEncodingDirection": "i",
    "PixelBandwidth": 3733.3803359999997,
    "PreparationDirection": "Anterior-Posterior",
    "RepetitionTime": 1.67089,
    "ScanDuration": 247.0,
    "ScanMode": "MS",
    "ScanOptions": [
      "FS"
    ],
    "ScanningSequence": "FEEPI",
    "TaskDescription": "Resting state BOLD data were separated in three runs lasting four minutes each.",
    "TaskInstructions": " Subjects were asked to relax while fixating the central point in the middle of a grey-background screen that was projected on a LCD screen and viewed through a mirror placed above the subject head.",
    "TaskName": "Resting State",
    "dataset": "ds000133",
    "modality": "bold",
    "run_id": 2,
    "session_id": "post",
    "subject_id": "07",
    "task_id": "rest"
  },
  "dummy_trs": 0,
  "dvars_nstd": 16.827891495624996,
  "dvars_std": 1.1870093176388887,
  "dvars_vstd": 0.974266672569445,
  "efc": 0.36606200088904534,
  "fber": 155804.671875,
  "fd_mean": 0.16584596467486676,
  "fd_num": 44,
  "fd_perc": 30.344827586206897,
  "fwhm_avg": 1.8307025000000001,
  "fwhm_x": 1.75176,
  "fwhm_y": 2.0049125,
  "fwhm_z": 1.735435,
  "gcor": 0.0216486,
  "gsr_x": -0.015488839708268642,
  "gsr_y": 0.007140732370316982,
  "provenance": {
    "md5sum": "4971fe2eab88328c1819f6340c38ea5d",
    "settings": {
      "fd_thres": 0.2,
      "testing": false
    },
    "software": "mriqc",
    "version": "21.0.0rc2",
    "webapi_port": null,
    "webapi_url": "https://mriqc.nimh.nih.gov/api/v1"
  },
  "size_t": 145,
  "size_x": 64,
  "size_y": 64,
  "size_z": 30,
  "snr": 6.273637301234904,
  "spacing_tr": 1.6708860397338867,
  "spacing_x": 4.0,
  "spacing_y": 4.0,
  "spacing_z": 4.0,
  "summary_bg_k": 202.39163755845416,
  "summary_bg_mad": 4756.030553363799,
  "summary_bg_mean": 17199.646484375,
  "summary_bg_median": 3837.36865234375,
  "summary_bg_n": 84700.0,
  "summary_bg_p05": 133.59129638671874,
  "summary_bg_p95": 72303.56914062501,
  "summary_bg_stdv": 50939.71484375,
  "summary_fg_k": 1.6013463149241787,
  "summary_fg_mad": 221781.53923986643,
  "summary_fg_mean": 1514265.375,
  "summary_fg_median": 1495286.125,
  "summary_fg_n": 13629.0,
  "summary_fg_p05": 1172290.1,
  "summary_fg_p95": 1918404.4,
  "summary_fg_stdv": 238335.625,
  "tsnr": 94.42279052734375
}