{
  "aor": 0.001209103448275862,
  "aqi": 0.0026287061379310344,
  "bids_meta": {
    "CogAtlasID": "trm_4c8a834779883",
    "EPIFactor": 39,
    "EchoTime": 0.035,
    "FlipAngle": 75.0,
    "MagneticFieldStrength": 3.0,
    "Manufacturer": "Philips",
    "ManufacturerModelName": "Achieva",
    "NumberOfEchoes": 1,
    "NumberOfSlices": 30,
    "PatientPosition": "Head First Supine",
    "PhaseEncodingDirection": "i",
    "PixelBandwidth": 3739.4607599999995,
    "PreparationDirection": "Anterior-Posterior",
    "RepetitionTime": 1.67136,
    "ScanDuration": 247.0,
    "ScanMode": "MS",
    "ScanOptions": [
      "FS"
    ],
    "ScanningSequence": "FEEPI",
    "TaskDescription": "Resting state BOLD data were separated in three runs lasting four minutes each.",
    "TaskInstructions": " Subjects were asked to relax while fixating the central point in the middle of a grey-background screen that was projected on a LCD screen and viewed through a mirror placed above the subject head.",
    "TaskName": "Resting State",
    "dataset": "ds000133",
    "modality": "bold",
    "run_id": 3,
    "session_id": "pre",
    "subject_id": "10",
    "task_id": "rest"
  },
  "dummy_trs": 0,
  "dvars_nstd": 16.240893947083336,
  "dvars_std": 1.2036437637499997,
  "dvars_vstd": 0.998677209861111,
  "efc": 0.37186373669176104,
  "fber": 318178.5,
  "fd_mean": 0.17967283894326946,
  "fd_num": 47,
  "fd_perc": 32.41379310344828,
  "fwhm_avg": 1.8658600000000003,
  "fwhm_x": 1.82234,
  "fwhm_y": 2.05832,
  "fwhm_z": 1.71692,
  "gcor": 0.0332798,
  "gsr_x": -0.016442611813545227,
  "gsr_y": 0.0021514759864658117,
  "provenance": {
    "md5sum": "3a29c438754ed9b31296026cd1b01463",
    "settings": {
      "fd_thres": 0.2,
      "testing": false
    },
    "software": "mriqc",
    "version": "21.0.0rc2",
    "webapi_port": null,
    "webapi_url": "https://mriqc.nimh.nih.gov/api/v1"
  },
  "size_t": 145,
  "size_x": 64,
  "size_y": 64,
  "size_z": 30,
  "snr": 6.398951705776462,
  "spacing_tr": 1.6713600158691406,
  "spacing_x": 4.0,
  "spacing_y": 4.0,
  "spacing_z": 4.0,
  "summary_bg_k": 151.9314062336489,
  "summary_bg_mad": 3451.375858579442,
  "summary_bg_mean": 18948.447265625,
  "summary_bg_median": 2578.706787109375,
  "summary_bg_n": 84172.0,
  "summary_bg_p05": 40.891843223571776,
  "summary_bg_p95": 94007.73554687492,
  "summary_bg_stdv": 58396.57421875,
  "summary_fg_k": 1.6135892343216005,
  "summary_fg_mad": 208831.84282496793,
  "summary_fg_mean": 1466867.125,
  "summary_fg_median": 1450736.25,
  "summary_fg_n": 13532.0,
  "summary_fg_p05": 1136619.575,
  "summary_fg_p95": 1849116.2562499999,
  "summary_fg_stdv": 226706.296875,
  "tsnr": 99.4832763671875
}