{
  "aor": 0.0013722758620689657,
  "aqi": 0.0027039593103448277,
  "bids_meta": {
    "CogAtlasID": "trm_4c8a834779883",
    "EPIFactor": 39,
    "EchoTime": 0.035,
    "FlipAngle": 75.0,
    "MagneticFieldStrength": 3.0,
    "Manufacturer": "Philips",
    "ManufacturerModelName": "Achieva",
    "NumberOfEchoes": 1,
    "NumberOfSlices": 30,
    "PatientPosition": "Head First Supine",
    "PhaseEncodingDirection": "i",
    "PixelBandwidth": 3730.340124,
    "PreparationDirection": "Anterior-Posterior",
    "RepetitionTime": 1.67065,
    "ScanDuration": 247.0,
    "ScanMode": "MS",
    "ScanOptions": [
      "FS"
    ],
    "ScanningSequence": "FEEPI",
    "TaskDescription": "Resting state BOLD data were separated in three runs lasting four minutes each.",
    "TaskInstructions": " Subjects were asked to relax while fixating the central point in the middle of a grey-background screen that was projected on a LCD screen and viewed through a mirror placed above the subject head.",
    "TaskName": "Resting State",
    "dataset": "ds000133",
    "modality": "bold",
    "run_id": 3,
    "session_id": "post",
    "subject_id": "14",
    "task_id": "rest"
  },
  "dummy_trs": 0,
  "dvars_nstd": 20.817446291319442,
  "dvars_std": 1.5237685374305556,
  "dvars_vstd": 0.9949442216666671,
  "efc": 0.37061533712740213,
  "fber": 193643.6875,
  "fd_mean": 0.13572375893488425,
  "fd_num": 21,
  "fd_perc": 14.482758620689655,
  "fwhm_avg": 1.7780816666666668,
  "fwhm_x": 1.6863625,
  "fwhm_y": 1.9491725,
  "fwhm_z": 1.69871,
  "gcor": 0.0413087,
  "gsr_x": -0.01531441230326891,
  "gsr_y": 0.0023116394877433777,
  "provenance": {
    "md5sum": "42fbeeb746eec330387fe67430ef4859",
    "settings": {
      "fd_thres": 0.2,
      "testing": false
    },
    "software": "mriqc",
    "version": "21.0.0rc2",
    "webapi_port": null,
    "webapi_url": "https://mriqc.nimh.nih.gov/api/v1"
  },
  "size_t": 145,
  "size_x": 64,
  "size_y": 64,
  "size_z": 30,
  "snr": 5.925143459647158,
  "spacing_tr": 1.6706459522247314,
  "spacing_x": 4.0,
  "spacing_y": 4.0,
  "spacing_z": 4.0,
  "summary_bg_k": 114.42042679336242,
  "summary_bg_mad": 3780.5861586899246,
  "summary_bg_mean": 18081.123046875,
  "summary_bg_median": 3078.38232421875,
  "summary_bg_n": 84583.0,
  "summary_bg_p05": 91.7484230041504,
  "summary_bg_p95": 88051.72734374998,
  "summary_bg_stdv": 56667.703125,
  "summary_fg_k": 1.9089470421739776,
  "summary_fg_mad": 211731.9054270035,
  "summary_fg_mean": 1373344.25,
  "summary_fg_median": 1351327.875,
  "summary_fg_n": 13787.0,
  "summary_fg_p05": 1059266.5875,
  "summary_fg_p95": 1765623.0499999998,
  "summary_fg_stdv": 228058.421875,
  "tsnr": 102.39137268066406
}