{
  "aor": 0.0013762068965517242,
  "aqi": 0.003855428620689655,
  "bids_meta": {
    "CogAtlasID": "trm_4c8a834779883",
    "EPIFactor": 39,
    "EchoTime": 0.035,
    "FlipAngle": 75.0,
    "MagneticFieldStrength": 3.0,
    "Manufacturer": "Philips",
    "ManufacturerModelName": "Achieva",
    "NumberOfEchoes": 1,
    "NumberOfSlices": 30,
    "PatientPosition": "Head First Supine",
    "PhaseEncodingDirection": "i",
    "PixelBandwidth": 3729.037176,
    "PreparationDirection": "Anterior-Posterior",
    "RepetitionTime": 1.671,
    "ScanDuration": 247.0,
    "ScanMode": "MS",
    "ScanOptions": [
      "FS"
    ],
    "ScanningSequence": "FEEPI",
    "TaskDescription": "Resting state BOLD data were separated in three runs lasting four minutes each.",
    "TaskInstructions": " Subjects were asked to relax while fixating the central point in the middle of a grey-background screen that was projected on a LCD screen and viewed through a mirror placed above the subject head.",
    "TaskName": "Resting State",
    "dataset": "ds000133",
    "modality": "bold",
    "run_id": 2,
    "session_id": "post",
    "subject_id": "22",
    "task_id": "rest"
  },
  "dummy_trs": 0,
  "dvars_nstd": 18.749932109861113,
  "dvars_std": 1.3084483258333335,
  "dvars_vstd": 0.9934612880555557,
  "efc": 0.3783450318974408,
  "fber": 345184.96875,
  "fd_mean": 0.14879148146775809,
  "fd_num": 16,
  "fd_perc": 11.03448275862069,
  "fwhm_avg": 1.7925233333333335,
  "fwhm_x": 1.7341725,
  "fwhm_y": 1.9817425,
  "fwhm_z": 1.661655,
  "gcor": 0.0269856,
  "gsr_x": -0.016520600765943527,
  "gsr_y": 0.0026173796504735947,
  "provenance": {
    "md5sum": "25f0fe9662f1363c4c5072072a949cc4",
    "settings": {
      "fd_thres": 0.2,
      "testing": false
    },
    "software": "mriqc",
    "version": "21.0.0rc2",
    "webapi_port": null,
    "webapi_url": "https://mriqc.nimh.nih.gov/api/v1"
  },
  "size_t": 145,
  "size_x": 64,
  "size_y": 64,
  "size_z": 30,
  "snr": 5.924460069792848,
  "spacing_tr": 1.6710031032562256,
  "spacing_x": 4.0,
  "spacing_y": 4.0,
  "spacing_z": 4.0,
  "summary_bg_k": 228.5834303506417,
  "summary_bg_mad": 2748.805922467939,
  "summary_bg_mean": 13264.123046875,
  "summary_bg_median": 2014.361083984375,
  "summary_bg_n": 82976.0,
  "summary_bg_p05": 43.489264488220215,
  "summary_bg_p95": 59053.9375,
  "summary_bg_stdv": 42352.234375,
  "summary_fg_k": 2.905242490263997,
  "summary_fg_mad": 174191.67595333242,
  "summary_fg_mean": 1223549.875,
  "summary_fg_median": 1203270.625,
  "summary_fg_n": 14569.0,
  "summary_fg_p05": 948285.7375,
  "summary_fg_p95": 1558143.275,
  "summary_fg_stdv": 203095.1875,
  "tsnr": 85.0501708984375
}