{
  "aor": 0.0025278620689655174,
  "aqi": 0.00568305027586207,
  "bids_meta": {
    "CogAtlasID": "trm_4c8a834779883",
    "EPIFactor": 39,
    "EchoTime": 0.035,
    "FlipAngle": 75.0,
    "MagneticFieldStrength": 3.0,
    "Manufacturer": "Philips",
    "ManufacturerModelName": "Achieva",
    "NumberOfEchoes": 1,
    "NumberOfSlices": 30,
    "PatientPosition": "Head First Supine",
    "PhaseEncodingDirection": "i",
    "PixelBandwidth": 3729.037176,
    "PreparationDirection": "Anterior-Posterior",
    "RepetitionTime": 1.671,
    "ScanDuration": 247.0,
    "ScanMode": "MS",
    "ScanOptions": [
      "FS"
    ],
    "ScanningSequence": "FEEPI",
    "TaskDescription": "Resting state BOLD data were separated in three runs lasting four minutes each.",
    "TaskInstructions": " Subjects were asked to relax while fixating the central point in the middle of a grey-background screen that was projected on a LCD screen and viewed through a mirror placed above the subject head.",
    "TaskName": "Resting State",
    "dataset": "ds000133",
    "modality": "bold",
    "run_id": 1,
    "session_id": "post",
    "subject_id": "22",
    "task_id": "rest"
  },
  "dummy_trs": 0,
  "dvars_nstd": 21.61365184493055,
  "dvars_std": 1.2556069142361106,
  "dvars_vstd": 1.0027054734027778,
  "efc": 0.3788933387802731,
  "fber": 321680.5,
  "fd_mean": 0.2251468386192095,
  "fd_num": 56,
  "fd_perc": 38.62068965517241,
  "fwhm_avg": 1.8157191666666666,
  "fwhm_x": 1.7538475,
  "fwhm_y": 2.0127675,
  "fwhm_z": 1.6805425,
  "gcor": 0.0479215,
  "gsr_x": -0.01691557839512825,
  "gsr_y": 0.002301890170201659,
  "provenance": {
    "md5sum": "d7f1b26323cc926a4417cd093cf924cb",
    "settings": {
      "fd_thres": 0.2,
      "testing": false
    },
    "software": "mriqc",
    "version": "21.0.0rc2",
    "webapi_port": null,
    "webapi_url": "https://mriqc.nimh.nih.gov/api/v1"
  },
  "size_t": 145,
  "size_x": 64,
  "size_y": 64,
  "size_z": 30,
  "snr": 5.885269522555448,
  "spacing_tr": 1.6710031032562256,
  "spacing_x": 4.0,
  "spacing_y": 4.0,
  "spacing_z": 4.0,
  "summary_bg_k": 198.17541196895428,
  "summary_bg_mad": 2802.139118986515,
  "summary_bg_mean": 13433.8408203125,
  "summary_bg_median": 2089.0478515625,
  "summary_bg_n": 82925.0,
  "summary_bg_p05": 60.49792327880859,
  "summary_bg_p95": 58792.68515625001,
  "summary_bg_stdv": 42834.16015625,
  "summary_fg_k": 2.86084035641879,
  "summary_fg_mad": 177093.03583230922,
  "summary_fg_mean": 1228751.625,
  "summary_fg_median": 1208359.5,
  "summary_fg_n": 14598.0,
  "summary_fg_p05": 949530.665625,
  "summary_fg_p95": 1569579.175,
  "summary_fg_stdv": 205312.28125,
  "tsnr": 67.57793426513672
}