{
  "aor": 0.0012670833333333334,
  "aqi": 0.004464871805555556,
  "bids_meta": {
    "CogAtlasID": "trm_4c8a834779883",
    "EPIFactor": 39,
    "EchoTime": 0.035,
    "FlipAngle": 75.0,
    "MagneticFieldStrength": 3.0,
    "Manufacturer": "Philips",
    "ManufacturerModelName": "Achieva",
    "NumberOfEchoes": 1,
    "NumberOfSlices": 30,
    "PatientPosition": "Head First Supine",
    "PhaseEncodingDirection": "i",
    "PixelBandwidth": 3729.037176,
    "PreparationDirection": "Anterior-Posterior",
    "RepetitionTime": 1.671,
    "ScanDuration": 247.0,
    "ScanMode": "MS",
    "ScanOptions": [
      "FS"
    ],
    "ScanningSequence": "FEEPI",
    "TaskDescription": "Resting state BOLD data were separated in three runs lasting four minutes each.",
    "TaskInstructions": " Subjects were asked to relax while fixating the central point in the middle of a grey-background screen that was projected on a LCD screen and viewed through a mirror placed above the subject head.",
    "TaskName": "Resting State",
    "dataset": "ds000133",
    "modality": "bold",
    "run_id": 3,
    "session_id": "post",
    "subject_id": "22",
    "task_id": "rest"
  },
  "dummy_trs": 1,
  "dvars_nstd": 18.5602767048951,
  "dvars_std": 1.2436706160139865,
  "dvars_vstd": 0.9705197965734267,
  "efc": 0.3782875327744037,
  "fber": 339403.9375,
  "fd_mean": 0.16156907902566087,
  "fd_num": 17,
  "fd_perc": 11.805555555555555,
  "fwhm_avg": 1.7907391666666668,
  "fwhm_x": 1.741335,
  "fwhm_y": 1.9659825,
  "fwhm_z": 1.6649,
  "gcor": 0.021477,
  "gsr_x": -0.01635979302227497,
  "gsr_y": 0.0029171695932745934,
  "provenance": {
    "md5sum": "0a08957bf8c3157a77bc8c38c1e7fe68",
    "settings": {
      "fd_thres": 0.2,
      "testing": false
    },
    "software": "mriqc",
    "version": "21.0.0rc2",
    "webapi_port": null,
    "webapi_url": "https://mriqc.nimh.nih.gov/api/v1"
  },
  "size_t": 144,
  "size_x": 64,
  "size_y": 64,
  "size_z": 30,
  "snr": 5.949333847100406,
  "spacing_tr": 1.6710031032562256,
  "spacing_x": 4.0,
  "spacing_y": 4.0,
  "spacing_z": 4.0,
  "summary_bg_k": 240.3801749838181,
  "summary_bg_mad": 2755.682379328939,
  "summary_bg_mean": 13294.61328125,
  "summary_bg_median": 2015.4154052734375,
  "summary_bg_n": 82989.0,
  "summary_bg_p05": 39.471332550048835,
  "summary_bg_p95": 58703.188281249975,
  "summary_bg_stdv": 42411.57421875,
  "summary_fg_k": 2.8790185918560987,
  "summary_fg_mad": 172630.1251666914,
  "summary_fg_mean": 1217601.5,
  "summary_fg_median": 1198059.5,
  "summary_fg_n": 14535.0,
  "summary_fg_p05": 947148.275,
  "summary_fg_p95": 1552944.0125,
  "summary_fg_stdv": 201370.15625,
  "tsnr": 86.75823211669922
}