{
  "aor": 0.0018665734265734266,
  "aqi": 0.004518225734265734,
  "bids_meta": {
    "CogAtlasID": "trm_4c8a834779883",
    "EPIFactor": 39,
    "EchoTime": 0.035,
    "FlipAngle": 75.0,
    "MagneticFieldStrength": 3.0,
    "Manufacturer": "Philips",
    "ManufacturerModelName": "Achieva",
    "NumberOfEchoes": 1,
    "NumberOfSlices": 30,
    "PatientPosition": "Head First Supine",
    "PhaseEncodingDirection": "i",
    "PixelBandwidth": 3743.8039199999994,
    "PreparationDirection": "Anterior-Posterior",
    "RepetitionTime": 1.67173,
    "ScanDuration": 247.0,
    "ScanMode": "MS",
    "ScanOptions": [
      "FS"
    ],
    "ScanningSequence": "FEEPI",
    "TaskDescription": "Resting state BOLD data were separated in three runs lasting four minutes each.",
    "TaskInstructions": " Subjects were asked to relax while fixating the central point in the middle of a grey-background screen that was projected on a LCD screen and viewed through a mirror placed above the subject head.",
    "TaskName": "Resting State",
    "dataset": "ds000133",
    "modality": "bold",
    "run_id": 1,
    "session_id": "post",
    "subject_id": "24",
    "task_id": "rest"
  },
  "dummy_trs": 2,
  "dvars_nstd": 19.609393193521132,
  "dvars_std": 1.4489144512676053,
  "dvars_vstd": 0.9962442478873244,
  "efc": 0.3827156784156776,
  "fber": 425202.5,
  "fd_mean": 0.10044716728800268,
  "fd_num": 10,
  "fd_perc": 6.993006993006993,
  "fwhm_avg": 1.8715725,
  "fwhm_x": 1.81938,
  "fwhm_y": 2.02608,
  "fwhm_z": 1.7692575,
  "gcor": 0.0288917,
  "gsr_x": -0.016854174435138702,
  "gsr_y": 0.0024565092753618956,
  "provenance": {
    "md5sum": "e763f46cb00784d3377376c601796209",
    "settings": {
      "fd_thres": 0.2,
      "testing": false
    },
    "software": "mriqc",
    "version": "21.0.0rc2",
    "webapi_port": null,
    "webapi_url": "https://mriqc.nimh.nih.gov/api/v1"
  },
  "size_t": 143,
  "size_x": 64,
  "size_y": 64,
  "size_z": 30,
  "snr": 6.420682134764247,
  "spacing_tr": 1.6717289686203003,
  "spacing_x": 4.0,
  "spacing_y": 4.0,
  "spacing_z": 4.0,
  "summary_bg_k": 218.2463121335843,
  "summary_bg_mad": 2590.1621517828926,
  "summary_bg_mean": 14618.4521484375,
  "summary_bg_median": 1863.7125244140625,
  "summary_bg_n": 82954.0,
  "summary_bg_p05": 22.759071636199963,
  "summary_bg_p95": 78121.82773437497,
  "summary_bg_stdv": 45973.625,
  "summary_fg_k": 2.648167994868624,
  "summary_fg_mad": 161968.63995077898,
  "summary_fg_mean": 1223595.0,
  "summary_fg_median": 1205699.75,
  "summary_fg_n": 15030.0,
  "summary_fg_p05": 962403.25,
  "summary_fg_p95": 1547052.1624999996,
  "summary_fg_stdv": 187777.5,
  "tsnr": 98.75920104980469
}