{
  "aor": 0.0013995862068965517,
  "aqi": 0.004611045448275862,
  "bids_meta": {
    "CogAtlasID": "trm_4c8a834779883",
    "EPIFactor": 39,
    "EchoTime": 0.035,
    "FlipAngle": 75.0,
    "MagneticFieldStrength": 3.0,
    "Manufacturer": "Philips",
    "ManufacturerModelName": "Achieva",
    "NumberOfEchoes": 1,
    "NumberOfSlices": 30,
    "PatientPosition": "Head First Supine",
    "PhaseEncodingDirection": "i",
    "PixelBandwidth": 3743.8039199999994,
    "PreparationDirection": "Anterior-Posterior",
    "RepetitionTime": 1.67173,
    "ScanDuration": 247.0,
    "ScanMode": "MS",
    "ScanOptions": [
      "FS"
    ],
    "ScanningSequence": "FEEPI",
    "TaskDescription": "Resting state BOLD data were separated in three runs lasting four minutes each.",
    "TaskInstructions": " Subjects were asked to relax while fixating the central point in the middle of a grey-background screen that was projected on a LCD screen and viewed through a mirror placed above the subject head.",
    "TaskName": "Resting State",
    "dataset": "ds000133",
    "modality": "bold",
    "run_id": 2,
    "session_id": "post",
    "subject_id": "24",
    "task_id": "rest"
  },
  "dummy_trs": 0,
  "dvars_nstd": 19.693480690416663,
  "dvars_std": 1.435320515833333,
  "dvars_vstd": 0.9933085775694445,
  "efc": 0.3839226251238935,
  "fber": 400414.21875,
  "fd_mean": 0.12254541442385285,
  "fd_num": 30,
  "fd_perc": 20.689655172413794,
  "fwhm_avg": 1.8718841666666666,
  "fwhm_x": 1.8299325,
  "fwhm_y": 2.02601,
  "fwhm_z": 1.75971,
  "gcor": 0.0304788,
  "gsr_x": -0.0174168199300766,
  "gsr_y": 0.0030512576922774315,
  "provenance": {
    "md5sum": "fdb825e0de6edf058f127b8f14b8a7b6",
    "settings": {
      "fd_thres": 0.2,
      "testing": false
    },
    "software": "mriqc",
    "version": "21.0.0rc2",
    "webapi_port": null,
    "webapi_url": "https://mriqc.nimh.nih.gov/api/v1"
  },
  "size_t": 145,
  "size_x": 64,
  "size_y": 64,
  "size_z": 30,
  "snr": 6.477581746004599,
  "spacing_tr": 1.6717289686203003,
  "spacing_x": 4.0,
  "spacing_y": 4.0,
  "spacing_z": 4.0,
  "summary_bg_k": 260.57453679602344,
  "summary_bg_mad": 2545.2437284339962,
  "summary_bg_mean": 15139.8193359375,
  "summary_bg_median": 1896.750244140625,
  "summary_bg_n": 82938.0,
  "summary_bg_p05": 33.26911487579346,
  "summary_bg_p95": 80166.28281249997,
  "summary_bg_stdv": 50147.44140625,
  "summary_fg_k": 2.56191284565631,
  "summary_fg_mad": 161320.65011865334,
  "summary_fg_mean": 1211131.875,
  "summary_fg_median": 1194004.75,
  "summary_fg_n": 15047.0,
  "summary_fg_p05": 953704.20625,
  "summary_fg_p95": 1527018.2375,
  "summary_fg_stdv": 184322.65625,
  "tsnr": 98.3917465209961
}