{
  "aor": 0.0014898620689655173,
  "aqi": 0.003023463310344827,
  "bids_meta": {
    "CogAtlasID": "trm_4c8a834779883",
    "EPIFactor": 39,
    "EchoTime": 0.035,
    "FlipAngle": 75.0,
    "MagneticFieldStrength": 3.0,
    "Manufacturer": "Philips",
    "ManufacturerModelName": "Achieva",
    "NumberOfEchoes": 1,
    "NumberOfSlices": 30,
    "PatientPosition": "Head First Supine",
    "PhaseEncodingDirection": "i",
    "PixelBandwidth": 3730.340124,
    "PreparationDirection": "Anterior-Posterior",
    "RepetitionTime": 1.67066,
    "ScanDuration": 247.0,
    "ScanMode": "MS",
    "ScanOptions": [
      "FS"
    ],
    "ScanningSequence": "FEEPI",
    "TaskDescription": "Resting state BOLD data were separated in three runs lasting four minutes each.",
    "TaskInstructions": " Subjects were asked to relax while fixating the central point in the middle of a grey-background screen that was projected on a LCD screen and viewed through a mirror placed above the subject head.",
    "TaskName": "Resting State",
    "dataset": "ds000133",
    "modality": "bold",
    "run_id": 1,
    "session_id": "post",
    "subject_id": "17",
    "task_id": "rest"
  },
  "dummy_trs": 0,
  "dvars_nstd": 12.308744284652779,
  "dvars_std": 1.059536152152778,
  "dvars_vstd": 0.9973523194444449,
  "efc": 0.37607172160818647,
  "fber": 244955.015625,
  "fd_mean": 0.08464941801131237,
  "fd_num": 6,
  "fd_perc": 4.137931034482759,
  "fwhm_avg": 1.84623,
  "fwhm_x": 1.796455,
  "fwhm_y": 2.0091525,
  "fwhm_z": 1.7330825,
  "gcor": 0.046026,
  "gsr_x": -0.012399344705045223,
  "gsr_y": 0.002412053756415844,
  "provenance": {
    "md5sum": "dccc53d579aa41da028096ce219eeba1",
    "settings": {
      "fd_thres": 0.2,
      "testing": false
    },
    "software": "mriqc",
    "version": "21.0.0rc2",
    "webapi_port": null,
    "webapi_url": "https://mriqc.nimh.nih.gov/api/v1"
  },
  "size_t": 145,
  "size_x": 64,
  "size_y": 64,
  "size_z": 30,
  "snr": 6.4614134233681195,
  "spacing_tr": 1.670657992362976,
  "spacing_x": 4.0,
  "spacing_y": 4.0,
  "spacing_z": 4.0,
  "summary_bg_k": 147.30300302024136,
  "summary_bg_mad": 4084.6793298480543,
  "summary_bg_mean": 18572.4296875,
  "summary_bg_median": 3044.22314453125,
  "summary_bg_n": 83520.0,
  "summary_bg_p05": 49.24377250671386,
  "summary_bg_p95": 85606.94179687502,
  "summary_bg_stdv": 53681.4765625,
  "summary_fg_k": 2.1860045992140806,
  "summary_fg_mad": 205254.60165962984,
  "summary_fg_mean": 1497185.0,
  "summary_fg_median": 1487820.625,
  "summary_fg_n": 14083.0,
  "summary_fg_p05": 1144414.75,
  "summary_fg_p95": 1871614.5125,
  "summary_fg_stdv": 230254.234375,
  "tsnr": 95.22358703613281
}