{
  "aor": 0.0009963448275862067,
  "aqi": 0.003015668827586207,
  "bids_meta": {
    "CogAtlasID": "trm_4c8a834779883",
    "EPIFactor": 39,
    "EchoTime": 0.035,
    "FlipAngle": 75.0,
    "MagneticFieldStrength": 3.0,
    "Manufacturer": "Philips",
    "ManufacturerModelName": "Achieva",
    "NumberOfEchoes": 1,
    "NumberOfSlices": 30,
    "PatientPosition": "Head First Supine",
    "PhaseEncodingDirection": "i",
    "PixelBandwidth": 3730.340124,
    "PreparationDirection": "Anterior-Posterior",
    "RepetitionTime": 1.67066,
    "ScanDuration": 247.0,
    "ScanMode": "MS",
    "ScanOptions": [
      "FS"
    ],
    "ScanningSequence": "FEEPI",
    "TaskDescription": "Resting state BOLD data were separated in three runs lasting four minutes each.",
    "TaskInstructions": " Subjects were asked to relax while fixating the central point in the middle of a grey-background screen that was projected on a LCD screen and viewed through a mirror placed above the subject head.",
    "TaskName": "Resting State",
    "dataset": "ds000133",
    "modality": "bold",
    "run_id": 2,
    "session_id": "post",
    "subject_id": "17",
    "task_id": "rest"
  },
  "dummy_trs": 0,
  "dvars_nstd": 12.331958691597219,
  "dvars_std": 1.0402301465277775,
  "dvars_vstd": 0.9804956150694445,
  "efc": 0.3763149116975589,
  "fber": 236667.65625,
  "fd_mean": 0.08161361503174176,
  "fd_num": 12,
  "fd_perc": 8.275862068965518,
  "fwhm_avg": 1.8405808333333333,
  "fwhm_x": 1.7989475,
  "fwhm_y": 1.990075,
  "fwhm_z": 1.73272,
  "gcor": 0.0470969,
  "gsr_x": -0.012745718471705914,
  "gsr_y": 0.0023395908065140247,
  "provenance": {
    "md5sum": "f195a496a907605aa20ee53e6a52c073",
    "settings": {
      "fd_thres": 0.2,
      "testing": false
    },
    "software": "mriqc",
    "version": "21.0.0rc2",
    "webapi_port": null,
    "webapi_url": "https://mriqc.nimh.nih.gov/api/v1"
  },
  "size_t": 145,
  "size_x": 64,
  "size_y": 64,
  "size_z": 30,
  "snr": 6.50295500278257,
  "spacing_tr": 1.670657992362976,
  "spacing_x": 4.0,
  "spacing_y": 4.0,
  "spacing_z": 4.0,
  "summary_bg_k": 146.3462985769964,
  "summary_bg_mad": 4138.344526013506,
  "summary_bg_mean": 18912.248046875,
  "summary_bg_median": 3101.1240234375,
  "summary_bg_n": 83540.0,
  "summary_bg_p05": 46.31749629974365,
  "summary_bg_p95": 86808.029296875,
  "summary_bg_stdv": 55189.75,
  "summary_fg_k": 2.156221802225173,
  "summary_fg_mad": 206104.31805611087,
  "summary_fg_mean": 1502344.375,
  "summary_fg_median": 1493023.25,
  "summary_fg_n": 14033.0,
  "summary_fg_p05": 1153007.7,
  "summary_fg_p95": 1877191.7249999999,
  "summary_fg_stdv": 229583.328125,
  "tsnr": 98.7439193725586
}