{
  "aor": 0.0010224827586206896,
  "aqi": 0.0025673304137931036,
  "bids_meta": {
    "CogAtlasID": "trm_4c8a834779883",
    "EPIFactor": 39,
    "EchoTime": 0.035,
    "FlipAngle": 75.0,
    "MagneticFieldStrength": 3.0,
    "Manufacturer": "Philips",
    "ManufacturerModelName": "Achieva",
    "NumberOfEchoes": 1,
    "NumberOfSlices": 30,
    "PatientPosition": "Head First Supine",
    "PhaseEncodingDirection": "i",
    "PixelBandwidth": 3730.340124,
    "PreparationDirection": "Anterior-Posterior",
    "RepetitionTime": 1.67066,
    "ScanDuration": 247.0,
    "ScanMode": "MS",
    "ScanOptions": [
      "FS"
    ],
    "ScanningSequence": "FEEPI",
    "TaskDescription": "Resting state BOLD data were separated in three runs lasting four minutes each.",
    "TaskInstructions": " Subjects were asked to relax while fixating the central point in the middle of a grey-background screen that was projected on a LCD screen and viewed through a mirror placed above the subject head.",
    "TaskName": "Resting State",
    "dataset": "ds000133",
    "modality": "bold",
    "run_id": 3,
    "session_id": "post",
    "subject_id": "17",
    "task_id": "rest"
  },
  "dummy_trs": 0,
  "dvars_nstd": 11.009889748263888,
  "dvars_std": 1.037709604791666,
  "dvars_vstd": 0.9926888646527782,
  "efc": 0.37660517083648726,
  "fber": 230158.046875,
  "fd_mean": 0.06395264876362822,
  "fd_num": 1,
  "fd_perc": 0.6896551724137931,
  "fwhm_avg": 1.8508266666666666,
  "fwhm_x": 1.8005375,
  "fwhm_y": 2.002155,
  "fwhm_z": 1.7497875,
  "gcor": 0.0444687,
  "gsr_x": -0.01295604556798935,
  "gsr_y": 0.0025201295502483845,
  "provenance": {
    "md5sum": "80094f764319cacf147727a388359a39",
    "settings": {
      "fd_thres": 0.2,
      "testing": false
    },
    "software": "mriqc",
    "version": "21.0.0rc2",
    "webapi_port": null,
    "webapi_url": "https://mriqc.nimh.nih.gov/api/v1"
  },
  "size_t": 145,
  "size_x": 64,
  "size_y": 64,
  "size_z": 30,
  "snr": 6.483594334721406,
  "spacing_tr": 1.670657992362976,
  "spacing_x": 4.0,
  "spacing_y": 4.0,
  "spacing_z": 4.0,
  "summary_bg_k": 138.8316487049372,
  "summary_bg_mad": 4174.428977292746,
  "summary_bg_mean": 19158.134765625,
  "summary_bg_median": 3130.70654296875,
  "summary_bg_n": 83560.0,
  "summary_bg_p05": 40.933106613159175,
  "summary_bg_p95": 88008.41171875001,
  "summary_bg_stdv": 56082.0078125,
  "summary_fg_k": 2.15702484063974,
  "summary_fg_mad": 206110.4337902622,
  "summary_fg_mean": 1503568.375,
  "summary_fg_median": 1493568.875,
  "summary_fg_n": 14020.0,
  "summary_fg_p05": 1155810.71875,
  "summary_fg_p95": 1878504.6124999998,
  "summary_fg_stdv": 230353.03125,
  "tsnr": 104.65895080566406
}