{
  "aor": 0.0012877241379310345,
  "aqi": 0.002966540137931035,
  "bids_meta": {
    "CogAtlasID": "trm_4c8a834779883",
    "EPIFactor": 39,
    "EchoTime": 0.035,
    "FlipAngle": 75.0,
    "MagneticFieldStrength": 3.0,
    "Manufacturer": "Philips",
    "ManufacturerModelName": "Achieva",
    "NumberOfEchoes": 1,
    "NumberOfSlices": 30,
    "PatientPosition": "Head First Supine",
    "PhaseEncodingDirection": "i",
    "PixelBandwidth": 3730.340124,
    "PreparationDirection": "Anterior-Posterior",
    "RepetitionTime": 1.67066,
    "ScanDuration": 247.0,
    "ScanMode": "MS",
    "ScanOptions": [
      "FS"
    ],
    "ScanningSequence": "FEEPI",
    "TaskDescription": "Resting state BOLD data were separated in three runs lasting four minutes each.",
    "TaskInstructions": " Subjects were asked to relax while fixating the central point in the middle of a grey-background screen that was projected on a LCD screen and viewed through a mirror placed above the subject head.",
    "TaskName": "Resting State",
    "dataset": "ds000133",
    "modality": "bold",
    "run_id": 1,
    "session_id": "post",
    "subject_id": "08",
    "task_id": "rest"
  },
  "dummy_trs": 0,
  "dvars_nstd": 20.779842959236102,
  "dvars_std": 1.3058452291666673,
  "dvars_vstd": 0.9916204285416664,
  "efc": 0.37343531995749024,
  "fber": 355868.90625,
  "fd_mean": 0.22051123735312675,
  "fd_num": 69,
  "fd_perc": 47.58620689655172,
  "fwhm_avg": 1.8628516666666666,
  "fwhm_x": 1.7718875,
  "fwhm_y": 2.0541625,
  "fwhm_z": 1.762505,
  "gcor": 0.0233473,
  "gsr_x": -0.014976365491747856,
  "gsr_y": 0.0057266405783593655,
  "provenance": {
    "md5sum": "7acce9f27cf2c9c4bcea34967766808d",
    "settings": {
      "fd_thres": 0.2,
      "testing": false
    },
    "software": "mriqc",
    "version": "21.0.0rc2",
    "webapi_port": null,
    "webapi_url": "https://mriqc.nimh.nih.gov/api/v1"
  },
  "size_t": 145,
  "size_x": 64,
  "size_y": 64,
  "size_z": 30,
  "snr": 6.0339692535113025,
  "spacing_tr": 1.6706609725952148,
  "spacing_x": 4.0,
  "spacing_y": 4.0,
  "spacing_z": 4.0,
  "summary_bg_k": 180.3381479765286,
  "summary_bg_mad": 3425.282401136733,
  "summary_bg_mean": 18268.525390625,
  "summary_bg_median": 2418.88134765625,
  "summary_bg_n": 83865.0,
  "summary_bg_p05": 27.316347503662108,
  "summary_bg_p95": 83345.91093750003,
  "summary_bg_stdv": 61101.54296875,
  "summary_fg_k": 1.8935553996615733,
  "summary_fg_mad": 211609.77606925412,
  "summary_fg_mean": 1455877.0,
  "summary_fg_median": 1432528.0,
  "summary_fg_n": 13975.0,
  "summary_fg_p05": 1124711.2875,
  "summary_fg_p95": 1872534.8749999995,
  "summary_fg_stdv": 237402.0625,
  "tsnr": 92.57942199707031
}