{
  "aor": 0.0051860000000000005,
  "aqi": 0.0036927275862068966,
  "bids_meta": {
    "CogAtlasID": "trm_4c8a834779883",
    "EPIFactor": 39,
    "EchoTime": 0.035,
    "FlipAngle": 75.0,
    "MagneticFieldStrength": 3.0,
    "Manufacturer": "Philips",
    "ManufacturerModelName": "Achieva",
    "NumberOfEchoes": 1,
    "NumberOfSlices": 30,
    "PatientPosition": "Head First Supine",
    "PhaseEncodingDirection": "i",
    "PixelBandwidth": 3730.340124,
    "PreparationDirection": "Anterior-Posterior",
    "RepetitionTime": 1.67065,
    "ScanDuration": 247.0,
    "ScanMode": "MS",
    "ScanOptions": [
      "FS"
    ],
    "ScanningSequence": "FEEPI",
    "TaskDescription": "Resting state BOLD data were separated in three runs lasting four minutes each.",
    "TaskInstructions": " Subjects were asked to relax while fixating the central point in the middle of a grey-background screen that was projected on a LCD screen and viewed through a mirror placed above the subject head.",
    "TaskName": "Resting State",
    "dataset": "ds000133",
    "modality": "bold",
    "run_id": 1,
    "session_id": "post",
    "subject_id": "14",
    "task_id": "rest"
  },
  "dummy_trs": 0,
  "dvars_nstd": 22.627890315277792,
  "dvars_std": 1.5610188010416663,
  "dvars_vstd": 1.0215568680555558,
  "efc": 0.37003351137594664,
  "fber": 219392.03125,
  "fd_mean": 0.16465454171925162,
  "fd_num": 24,
  "fd_perc": 16.551724137931036,
  "fwhm_avg": 1.7785374999999999,
  "fwhm_x": 1.6859975,
  "fwhm_y": 1.9472875,
  "fwhm_z": 1.7023275,
  "gcor": 0.0869868,
  "gsr_x": -0.01511383056640625,
  "gsr_y": 0.001786360633559525,
  "provenance": {
    "md5sum": "6f904dbe90370b651b8c51367f2a0303",
    "settings": {
      "fd_thres": 0.2,
      "testing": false
    },
    "software": "mriqc",
    "version": "21.0.0rc2",
    "webapi_port": null,
    "webapi_url": "https://mriqc.nimh.nih.gov/api/v1"
  },
  "size_t": 145,
  "size_x": 64,
  "size_y": 64,
  "size_z": 30,
  "snr": 5.8989651039112205,
  "spacing_tr": 1.6706459522247314,
  "spacing_x": 4.0,
  "spacing_y": 4.0,
  "spacing_z": 4.0,
  "summary_bg_k": 106.7798364030904,
  "summary_bg_mad": 3846.4694757564835,
  "summary_bg_mean": 17689.462890625,
  "summary_bg_median": 2904.579345703125,
  "summary_bg_n": 84545.0,
  "summary_bg_p05": 59.20124969482421,
  "summary_bg_p95": 84449.70937500002,
  "summary_bg_stdv": 55818.671875,
  "summary_fg_k": 1.8408420104846144,
  "summary_fg_mad": 213371.84880594802,
  "summary_fg_mean": 1370730.25,
  "summary_fg_median": 1347065.0,
  "summary_fg_n": 13813.0,
  "summary_fg_p05": 1058308.2,
  "summary_fg_p95": 1762767.2,
  "summary_fg_stdv": 228347.890625,
  "tsnr": 85.17752838134766
}