{
  "aor": 0.0010178620689655173,
  "aqi": 0.0026806560689655173,
  "bids_meta": {
    "CogAtlasID": "trm_4c8a834779883",
    "EPIFactor": 39,
    "EchoTime": 0.035,
    "FlipAngle": 75.0,
    "MagneticFieldStrength": 3.0,
    "Manufacturer": "Philips",
    "ManufacturerModelName": "Achieva",
    "NumberOfEchoes": 1,
    "NumberOfSlices": 30,
    "PatientPosition": "Head First Supine",
    "PhaseEncodingDirection": "i",
    "PixelBandwidth": 3730.340124,
    "PreparationDirection": "Anterior-Posterior",
    "RepetitionTime": 1.67065,
    "ScanDuration": 247.0,
    "ScanMode": "MS",
    "ScanOptions": [
      "FS"
    ],
    "ScanningSequence": "FEEPI",
    "TaskDescription": "Resting state BOLD data were separated in three runs lasting four minutes each.",
    "TaskInstructions": " Subjects were asked to relax while fixating the central point in the middle of a grey-background screen that was projected on a LCD screen and viewed through a mirror placed above the subject head.",
    "TaskName": "Resting State",
    "dataset": "ds000133",
    "modality": "bold",
    "run_id": 2,
    "session_id": "post",
    "subject_id": "14",
    "task_id": "rest"
  },
  "dummy_trs": 0,
  "dvars_nstd": 19.692944274930543,
  "dvars_std": 1.4910519549305556,
  "dvars_vstd": 0.9869806300694441,
  "efc": 0.37010729448835034,
  "fber": 214047.453125,
  "fd_mean": 0.11893898135446627,
  "fd_num": 3,
  "fd_perc": 2.0689655172413794,
  "fwhm_avg": 1.77644,
  "fwhm_x": 1.6860125,
  "fwhm_y": 1.941535,
  "fwhm_z": 1.7017725,
  "gcor": 0.0292216,
  "gsr_x": -0.015080486424267292,
  "gsr_y": 0.0020884645637124777,
  "provenance": {
    "md5sum": "dd0629cd1982071f5f685cc1f122caff",
    "settings": {
      "fd_thres": 0.2,
      "testing": false
    },
    "software": "mriqc",
    "version": "21.0.0rc2",
    "webapi_port": null,
    "webapi_url": "https://mriqc.nimh.nih.gov/api/v1"
  },
  "size_t": 145,
  "size_x": 64,
  "size_y": 64,
  "size_z": 30,
  "snr": 5.917405086078578,
  "spacing_tr": 1.6706459522247314,
  "spacing_x": 4.0,
  "spacing_y": 4.0,
  "spacing_z": 4.0,
  "summary_bg_k": 102.16703948387567,
  "summary_bg_mad": 3860.65355579444,
  "summary_bg_mean": 17796.896484375,
  "summary_bg_median": 2917.41552734375,
  "summary_bg_n": 84597.0,
  "summary_bg_p05": 36.30685501098633,
  "summary_bg_p95": 85558.60937499987,
  "summary_bg_stdv": 56160.54296875,
  "summary_fg_k": 1.859286594020019,
  "summary_fg_mad": 212000.71974174632,
  "summary_fg_mean": 1367144.25,
  "summary_fg_median": 1344325.5,
  "summary_fg_n": 13774.0,
  "summary_fg_p05": 1053882.825,
  "summary_fg_p95": 1754292.275,
  "summary_fg_stdv": 227173.34375,
  "tsnr": 104.49007415771484
}