{
  "aor": 0.0019551724137931038,
  "aqi": 0.007940820827586206,
  "bids_meta": {
    "CogAtlasID": "trm_4c8a834779883",
    "EPIFactor": 39,
    "EchoTime": 0.035,
    "FlipAngle": 75.0,
    "MagneticFieldStrength": 3.0,
    "Manufacturer": "Philips",
    "ManufacturerModelName": "Achieva",
    "NumberOfEchoes": 1,
    "NumberOfSlices": 30,
    "PatientPosition": "Head First Supine",
    "PhaseEncodingDirection": "i",
    "PixelBandwidth": 3743.8039199999994,
    "PreparationDirection": "Anterior-Posterior",
    "RepetitionTime": 1.67173,
    "ScanDuration": 247.0,
    "ScanMode": "MS",
    "ScanOptions": [
      "FS"
    ],
    "ScanningSequence": "FEEPI",
    "TaskDescription": "Resting state BOLD data were separated in three runs lasting four minutes each.",
    "TaskInstructions": " Subjects were asked to relax while fixating the central point in the middle of a grey-background screen that was projected on a LCD screen and viewed through a mirror placed above the subject head.",
    "TaskName": "Resting State",
    "dataset": "ds000133",
    "modality": "bold",
    "run_id": 3,
    "session_id": "post",
    "subject_id": "24",
    "task_id": "rest"
  },
  "dummy_trs": 0,
  "dvars_nstd": 22.934507899583345,
  "dvars_std": 1.3285150359027769,
  "dvars_vstd": 1.0002532930555554,
  "efc": 0.384669757139667,
  "fber": 395668.625,
  "fd_mean": 0.2139343623120599,
  "fd_num": 66,
  "fd_perc": 45.51724137931034,
  "fwhm_avg": 1.8734358333333334,
  "fwhm_x": 1.832075,
  "fwhm_y": 2.024055,
  "fwhm_z": 1.7641775,
  "gcor": 0.0773944,
  "gsr_x": -0.017846986651420593,
  "gsr_y": 0.003588224295526743,
  "provenance": {
    "md5sum": "a9bc736d9af67b339409e48d0ebba9a8",
    "settings": {
      "fd_thres": 0.2,
      "testing": false
    },
    "software": "mriqc",
    "version": "21.0.0rc2",
    "webapi_port": null,
    "webapi_url": "https://mriqc.nimh.nih.gov/api/v1"
  },
  "size_t": 145,
  "size_x": 64,
  "size_y": 64,
  "size_z": 30,
  "snr": 6.520868388091624,
  "spacing_tr": 1.6717289686203003,
  "spacing_x": 4.0,
  "spacing_y": 4.0,
  "spacing_z": 4.0,
  "summary_bg_k": 288.4931902395052,
  "summary_bg_mad": 2684.0873584809397,
  "summary_bg_mean": 15885.6318359375,
  "summary_bg_median": 1957.1387939453125,
  "summary_bg_n": 82938.0,
  "summary_bg_p05": 37.738970947265635,
  "summary_bg_p95": 83539.53632812467,
  "summary_bg_stdv": 53827.6640625,
  "summary_fg_k": 2.588991799838632,
  "summary_fg_mad": 162935.38925988326,
  "summary_fg_mean": 1242967.5,
  "summary_fg_median": 1224481.5,
  "summary_fg_n": 15035.0,
  "summary_fg_p05": 979181.89375,
  "summary_fg_p95": 1565915.9,
  "summary_fg_stdv": 187772.65625,
  "tsnr": 72.33169555664062
}