{
  "aor": 0.0006606206896551724,
  "aqi": 0.0037724169655172415,
  "bids_meta": {
    "CogAtlasID": "trm_4c8a834779883",
    "EPIFactor": 39,
    "EchoTime": 0.035,
    "FlipAngle": 75.0,
    "MagneticFieldStrength": 3.0,
    "Manufacturer": "Philips",
    "ManufacturerModelName": "Achieva",
    "NumberOfEchoes": 1,
    "NumberOfSlices": 30,
    "PatientPosition": "Head First Supine",
    "PhaseEncodingDirection": "i",
    "PixelBandwidth": 3738.1578119999995,
    "PreparationDirection": "Anterior-Posterior",
    "RepetitionTime": 1.67123,
    "ScanDuration": 247.0,
    "ScanMode": "MS",
    "ScanOptions": [
      "FS"
    ],
    "ScanningSequence": "FEEPI",
    "TaskDescription": "Resting state BOLD data were separated in three runs lasting four minutes each.",
    "TaskInstructions": " Subjects were asked to relax while fixating the central point in the middle of a grey-background screen that was projected on a LCD screen and viewed through a mirror placed above the subject head.",
    "TaskName": "Resting State",
    "dataset": "ds000133",
    "modality": "bold",
    "run_id": 3,
    "session_id": "post",
    "subject_id": "02",
    "task_id": "rest"
  },
  "dummy_trs": 0,
  "dvars_nstd": 17.43033259416667,
  "dvars_std": 1.265063370555556,
  "dvars_vstd": 0.9875915769444448,
  "efc": 0.3695937248018128,
  "fber": 315935.6875,
  "fd_mean": 0.0645998288112905,
  "fd_num": 5,
  "fd_perc": 3.4482758620689653,
  "fwhm_avg": 1.823875,
  "fwhm_x": 1.7057175,
  "fwhm_y": 2.0363275,
  "fwhm_z": 1.72958,
  "gcor": 0.0481985,
  "gsr_x": -0.020267101004719734,
  "gsr_y": 0.011478953063488007,
  "provenance": {
    "md5sum": "a47daa650384d9240bf53ad6883eaf4f",
    "settings": {
      "fd_thres": 0.2,
      "testing": false
    },
    "software": "mriqc",
    "version": "21.0.0rc2",
    "webapi_port": null,
    "webapi_url": "https://mriqc.nimh.nih.gov/api/v1"
  },
  "size_t": 145,
  "size_x": 64,
  "size_y": 64,
  "size_z": 30,
  "snr": 6.1973645305399065,
  "spacing_tr": 1.6712340116500854,
  "spacing_x": 4.0,
  "spacing_y": 4.0,
  "spacing_z": 4.0,
  "summary_bg_k": 246.96875164880296,
  "summary_bg_mad": 3500.6312881838357,
  "summary_bg_mean": 19207.7734375,
  "summary_bg_median": 2495.437744140625,
  "summary_bg_n": 84562.0,
  "summary_bg_p05": 26.141993618011476,
  "summary_bg_p95": 87736.85078124993,
  "summary_bg_stdv": 64424.29296875,
  "summary_fg_k": 1.0907208152622978,
  "summary_fg_mad": 213412.5277043183,
  "summary_fg_mean": 1426040.75,
  "summary_fg_median": 1411279.875,
  "summary_fg_n": 13238.0,
  "summary_fg_p05": 1082421.70625,
  "summary_fg_p95": 1798105.3125,
  "summary_fg_stdv": 227713.984375,
  "tsnr": 91.47853088378906
}