{
  "aor": 0.0017813103448275863,
  "aqi": 0.0037796138620689655,
  "bids_meta": {
    "CogAtlasID": "trm_4c8a834779883",
    "EPIFactor": 39,
    "EchoTime": 0.035,
    "FlipAngle": 75.0,
    "MagneticFieldStrength": 3.0,
    "Manufacturer": "Philips",
    "ManufacturerModelName": "Achieva",
    "NumberOfEchoes": 1,
    "NumberOfSlices": 30,
    "PatientPosition": "Head First Supine",
    "PhaseEncodingDirection": "i",
    "PixelBandwidth": 3738.1578119999995,
    "PreparationDirection": "Anterior-Posterior",
    "RepetitionTime": 1.67123,
    "ScanDuration": 247.0,
    "ScanMode": "MS",
    "ScanOptions": [
      "FS"
    ],
    "ScanningSequence": "FEEPI",
    "TaskDescription": "Resting state BOLD data were separated in three runs lasting four minutes each.",
    "TaskInstructions": " Subjects were asked to relax while fixating the central point in the middle of a grey-background screen that was projected on a LCD screen and viewed through a mirror placed above the subject head.",
    "TaskName": "Resting State",
    "dataset": "ds000133",
    "modality": "bold",
    "run_id": 1,
    "session_id": "post",
    "subject_id": "02",
    "task_id": "rest"
  },
  "dummy_trs": 0,
  "dvars_nstd": 18.390619350486112,
  "dvars_std": 1.2548544577777778,
  "dvars_vstd": 0.9923035418055558,
  "efc": 0.36878291287871706,
  "fber": 453295.28125,
  "fd_mean": 0.11568953897152746,
  "fd_num": 36,
  "fd_perc": 24.82758620689655,
  "fwhm_avg": 1.820505,
  "fwhm_x": 1.7188575,
  "fwhm_y": 2.034215,
  "fwhm_z": 1.7084425,
  "gcor": 0.0283828,
  "gsr_x": -0.019918059930205345,
  "gsr_y": 0.009921249933540821,
  "provenance": {
    "md5sum": "f1ac75743918255739810fc0687d0bba",
    "settings": {
      "fd_thres": 0.2,
      "testing": false
    },
    "software": "mriqc",
    "version": "21.0.0rc2",
    "webapi_port": null,
    "webapi_url": "https://mriqc.nimh.nih.gov/api/v1"
  },
  "size_t": 145,
  "size_x": 64,
  "size_y": 64,
  "size_z": 30,
  "snr": 6.152176866954464,
  "spacing_tr": 1.6712340116500854,
  "spacing_x": 4.0,
  "spacing_y": 4.0,
  "spacing_z": 4.0,
  "summary_bg_k": 218.27840656079414,
  "summary_bg_mad": 2953.4600923088437,
  "summary_bg_mean": 18311.67578125,
  "summary_bg_median": 2069.93505859375,
  "summary_bg_n": 84521.0,
  "summary_bg_p05": 21.94948387145996,
  "summary_bg_p95": 85232.53125,
  "summary_bg_stdv": 59248.6796875,
  "summary_fg_k": 1.1960052422033147,
  "summary_fg_mad": 213069.02730281826,
  "summary_fg_mean": 1407625.375,
  "summary_fg_median": 1393792.25,
  "summary_fg_n": 13242.0,
  "summary_fg_p05": 1068204.9,
  "summary_fg_p95": 1778023.6749999993,
  "summary_fg_stdv": 226544.140625,
  "tsnr": 81.72463989257812
}