{
  "aor": 0.0009339310344827585,
  "aqi": 0.0029015216551724135,
  "bids_meta": {
    "CogAtlasID": "trm_4c8a834779883",
    "EPIFactor": 39,
    "EchoTime": 0.035,
    "FlipAngle": 75.0,
    "MagneticFieldStrength": 3.0,
    "Manufacturer": "Philips",
    "ManufacturerModelName": "Achieva",
    "NumberOfEchoes": 1,
    "NumberOfSlices": 30,
    "PatientPosition": "Head First Supine",
    "PhaseEncodingDirection": "i",
    "PixelBandwidth": 3730.340124,
    "PreparationDirection": "Anterior-Posterior",
    "RepetitionTime": 1.67066,
    "ScanDuration": 247.0,
    "ScanMode": "MS",
    "ScanOptions": [
      "FS"
    ],
    "ScanningSequence": "FEEPI",
    "TaskDescription": "Resting state BOLD data were separated in three runs lasting four minutes each.",
    "TaskInstructions": " Subjects were asked to relax while fixating the central point in the middle of a grey-background screen that was projected on a LCD screen and viewed through a mirror placed above the subject head.",
    "TaskName": "Resting State",
    "dataset": "ds000133",
    "modality": "bold",
    "run_id": 2,
    "session_id": "pre",
    "subject_id": "17",
    "task_id": "rest"
  },
  "dummy_trs": 0,
  "dvars_nstd": 13.163526661249996,
  "dvars_std": 1.0847480660416662,
  "dvars_vstd": 0.9850023432638894,
  "efc": 0.3759682529020288,
  "fber": 259517.90625,
  "fd_mean": 0.07097100060238674,
  "fd_num": 5,
  "fd_perc": 3.4482758620689653,
  "fwhm_avg": 1.8559933333333332,
  "fwhm_x": 1.788975,
  "fwhm_y": 2.03435,
  "fwhm_z": 1.744655,
  "gcor": 0.016988,
  "gsr_x": -0.012766611762344837,
  "gsr_y": 0.004476271569728851,
  "provenance": {
    "md5sum": "227824ed5c2dd2b9dc2f2d254796079c",
    "settings": {
      "fd_thres": 0.2,
      "testing": false
    },
    "software": "mriqc",
    "version": "21.0.0rc2",
    "webapi_port": null,
    "webapi_url": "https://mriqc.nimh.nih.gov/api/v1"
  },
  "size_t": 145,
  "size_x": 64,
  "size_y": 64,
  "size_z": 30,
  "snr": 6.244645439246571,
  "spacing_tr": 1.670657992362976,
  "spacing_x": 4.0,
  "spacing_y": 4.0,
  "spacing_z": 4.0,
  "summary_bg_k": 195.87007902854765,
  "summary_bg_mad": 4096.933013656379,
  "summary_bg_mean": 19928.837890625,
  "summary_bg_median": 3059.347412109375,
  "summary_bg_n": 83593.0,
  "summary_bg_p05": 57.599441528320334,
  "summary_bg_p95": 88601.2,
  "summary_bg_stdv": 62139.5078125,
  "summary_fg_k": 2.146324849488698,
  "summary_fg_mad": 221343.3376216594,
  "summary_fg_mean": 1557250.0,
  "summary_fg_median": 1545031.25,
  "summary_fg_n": 14112.0,
  "summary_fg_p05": 1195055.3,
  "summary_fg_p95": 1967241.8499999999,
  "summary_fg_stdv": 247408.203125,
  "tsnr": 99.08665466308594
}