{
  "aor": 0.001400896551724138,
  "aqi": 0.003279496827586207,
  "bids_meta": {
    "CogAtlasID": "trm_4c8a834779883",
    "EPIFactor": 39,
    "EchoTime": 0.035,
    "FlipAngle": 75.0,
    "MagneticFieldStrength": 3.0,
    "Manufacturer": "Philips",
    "ManufacturerModelName": "Achieva",
    "NumberOfEchoes": 1,
    "NumberOfSlices": 30,
    "PatientPosition": "Head First Supine",
    "PhaseEncodingDirection": "i",
    "PixelBandwidth": 3730.340124,
    "PreparationDirection": "Anterior-Posterior",
    "RepetitionTime": 1.67066,
    "ScanDuration": 247.0,
    "ScanMode": "MS",
    "ScanOptions": [
      "FS"
    ],
    "ScanningSequence": "FEEPI",
    "TaskDescription": "Resting state BOLD data were separated in three runs lasting four minutes each.",
    "TaskInstructions": " Subjects were asked to relax while fixating the central point in the middle of a grey-background screen that was projected on a LCD screen and viewed through a mirror placed above the subject head.",
    "TaskName": "Resting State",
    "dataset": "ds000133",
    "modality": "bold",
    "run_id": 1,
    "session_id": "pre",
    "subject_id": "17",
    "task_id": "rest"
  },
  "dummy_trs": 0,
  "dvars_nstd": 12.752895427847227,
  "dvars_std": 1.0749228609027777,
  "dvars_vstd": 0.9962053542361112,
  "efc": 0.3756786177845908,
  "fber": 265411.40625,
  "fd_mean": 0.06805976724055031,
  "fd_num": 6,
  "fd_perc": 4.137931034482759,
  "fwhm_avg": 1.8449525,
  "fwhm_x": 1.77872,
  "fwhm_y": 2.02937,
  "fwhm_z": 1.7267675,
  "gcor": 0.0372569,
  "gsr_x": -0.012567508034408092,
  "gsr_y": 0.004512242507189512,
  "provenance": {
    "md5sum": "1f1efefe0d8bed400a3b1353a555c8f2",
    "settings": {
      "fd_thres": 0.2,
      "testing": false
    },
    "software": "mriqc",
    "version": "21.0.0rc2",
    "webapi_port": null,
    "webapi_url": "https://mriqc.nimh.nih.gov/api/v1"
  },
  "size_t": 145,
  "size_x": 64,
  "size_y": 64,
  "size_z": 30,
  "snr": 6.272570585184343,
  "spacing_tr": 1.670657992362976,
  "spacing_x": 4.0,
  "spacing_y": 4.0,
  "spacing_z": 4.0,
  "summary_bg_k": 188.22125292045635,
  "summary_bg_mad": 4096.320956115156,
  "summary_bg_mean": 19997.876953125,
  "summary_bg_median": 3069.10205078125,
  "summary_bg_n": 83602.0,
  "summary_bg_p05": 68.36444625854493,
  "summary_bg_p95": 89158.04218749997,
  "summary_bg_stdv": 61951.3828125,
  "summary_fg_k": 2.135773100175207,
  "summary_fg_mad": 221781.72456514376,
  "summary_fg_mean": 1578741.75,
  "summary_fg_median": 1567002.875,
  "summary_fg_n": 14081.0,
  "summary_fg_p05": 1211753.0,
  "summary_fg_p95": 1989424.75,
  "summary_fg_stdv": 249809.421875,
  "tsnr": 92.7967300415039
}