{
  "aor": 0.004679241379310345,
  "aqi": 0.004342496896551725,
  "bids_meta": {
    "CogAtlasID": "trm_4c8a834779883",
    "EPIFactor": 39,
    "EchoTime": 0.035,
    "FlipAngle": 75.0,
    "MagneticFieldStrength": 3.0,
    "Manufacturer": "Philips",
    "ManufacturerModelName": "Achieva",
    "NumberOfEchoes": 1,
    "NumberOfSlices": 30,
    "PatientPosition": "Head First Supine",
    "PhaseEncodingDirection": "i",
    "PixelBandwidth": 3730.340124,
    "PreparationDirection": "Anterior-Posterior",
    "RepetitionTime": 1.67065,
    "ScanDuration": 247.0,
    "ScanMode": "MS",
    "ScanOptions": [
      "FS"
    ],
    "ScanningSequence": "FEEPI",
    "TaskDescription": "Resting state BOLD data were separated in three runs lasting four minutes each.",
    "TaskInstructions": " Subjects were asked to relax while fixating the central point in the middle of a grey-background screen that was projected on a LCD screen and viewed through a mirror placed above the subject head.",
    "TaskName": "Resting State",
    "dataset": "ds000133",
    "modality": "bold",
    "run_id": 1,
    "session_id": "post",
    "subject_id": "15",
    "task_id": "rest"
  },
  "dummy_trs": 0,
  "dvars_nstd": 18.963205099097216,
  "dvars_std": 1.1976203763194448,
  "dvars_vstd": 1.0089925254166665,
  "efc": 0.36024935956790344,
  "fber": 308228.28125,
  "fd_mean": 0.18188703540037057,
  "fd_num": 47,
  "fd_perc": 32.41379310344828,
  "fwhm_avg": 1.875590833333333,
  "fwhm_x": 1.811425,
  "fwhm_y": 2.0663675,
  "fwhm_z": 1.74898,
  "gcor": 0.0545205,
  "gsr_x": -0.015128128230571747,
  "gsr_y": -0.0029407553374767303,
  "provenance": {
    "md5sum": "40328c7c112358511c381c13a158fa70",
    "settings": {
      "fd_thres": 0.2,
      "testing": false
    },
    "software": "mriqc",
    "version": "21.0.0rc2",
    "webapi_port": null,
    "webapi_url": "https://mriqc.nimh.nih.gov/api/v1"
  },
  "size_t": 145,
  "size_x": 64,
  "size_y": 64,
  "size_z": 30,
  "snr": 6.1976372806294995,
  "spacing_tr": 1.6706520318984985,
  "spacing_x": 4.0,
  "spacing_y": 4.0,
  "spacing_z": 4.0,
  "summary_bg_k": 88.13311394907468,
  "summary_bg_mad": 3360.7000937592616,
  "summary_bg_mean": 18399.69921875,
  "summary_bg_median": 2431.79345703125,
  "summary_bg_n": 85661.0,
  "summary_bg_p05": 38.38267517089844,
  "summary_bg_p95": 86145.734375,
  "summary_bg_stdv": 61946.234375,
  "summary_fg_k": 2.7333167563058325,
  "summary_fg_mad": 185721.8734066505,
  "summary_fg_mean": 1362436.0,
  "summary_fg_median": 1344336.625,
  "summary_fg_n": 12677.0,
  "summary_fg_p05": 1070230.95,
  "summary_fg_p95": 1730762.1749999998,
  "summary_fg_stdv": 216902.59375,
  "tsnr": 79.3533706665039
}