{
  "aor": 0.0016971034482758621,
  "aqi": 0.0032920896551724135,
  "bids_meta": {
    "CogAtlasID": "trm_4c8a834779883",
    "EPIFactor": 39,
    "EchoTime": 0.035,
    "FlipAngle": 75.0,
    "MagneticFieldStrength": 3.0,
    "Manufacturer": "Philips",
    "ManufacturerModelName": "Achieva",
    "NumberOfEchoes": 1,
    "NumberOfSlices": 30,
    "PatientPosition": "Head First Supine",
    "PhaseEncodingDirection": "i",
    "PixelBandwidth": 3729.037176,
    "PreparationDirection": "Anterior-Posterior",
    "RepetitionTime": 1.67053,
    "ScanDuration": 247.0,
    "ScanMode": "MS",
    "ScanOptions": [
      "FS"
    ],
    "ScanningSequence": "FEEPI",
    "TaskDescription": "Resting state BOLD data were separated in three runs lasting four minutes each.",
    "TaskInstructions": " Subjects were asked to relax while fixating the central point in the middle of a grey-background screen that was projected on a LCD screen and viewed through a mirror placed above the subject head.",
    "TaskName": "Resting State",
    "dataset": "ds000133",
    "modality": "bold",
    "run_id": 1,
    "session_id": "post",
    "subject_id": "09",
    "task_id": "rest"
  },
  "dummy_trs": 0,
  "dvars_nstd": 22.758781022152796,
  "dvars_std": 1.4831035096527776,
  "dvars_vstd": 0.9997955298611113,
  "efc": 0.3844806191974804,
  "fber": 159287.265625,
  "fd_mean": 0.13408975641997528,
  "fd_num": 22,
  "fd_perc": 15.172413793103448,
  "fwhm_avg": 1.9432124999999998,
  "fwhm_x": 1.8686675,
  "fwhm_y": 2.116345,
  "fwhm_z": 1.844625,
  "gcor": 0.0430249,
  "gsr_x": -0.019861457869410515,
  "gsr_y": 0.0007254456868395209,
  "provenance": {
    "md5sum": "642f2ddcdfd301617faee5782f054ed8",
    "settings": {
      "fd_thres": 0.2,
      "testing": false
    },
    "software": "mriqc",
    "version": "21.0.0rc2",
    "webapi_port": null,
    "webapi_url": "https://mriqc.nimh.nih.gov/api/v1"
  },
  "size_t": 145,
  "size_x": 64,
  "size_y": 64,
  "size_z": 30,
  "snr": 6.044979937663054,
  "spacing_tr": 1.6705260276794434,
  "spacing_x": 4.0,
  "spacing_y": 4.0,
  "spacing_z": 4.0,
  "summary_bg_k": 65.55785277031563,
  "summary_bg_mad": 5348.124431313696,
  "summary_bg_mean": 26151.2734375,
  "summary_bg_median": 3730.2314453125,
  "summary_bg_n": 83769.0,
  "summary_bg_p05": 34.89080886840821,
  "summary_bg_p95": 108385.69218749992,
  "summary_bg_stdv": 80913.609375,
  "summary_fg_k": 1.9276837388462935,
  "summary_fg_mad": 215832.1345249194,
  "summary_fg_mean": 1482577.75,
  "summary_fg_median": 1457435.75,
  "summary_fg_n": 14140.0,
  "summary_fg_p05": 1142941.15,
  "summary_fg_p95": 1895395.9999999998,
  "summary_fg_stdv": 241090.0,
  "tsnr": 92.1904067993164
}