{
  "aor": 0.003685517241379311,
  "aqi": 0.004623891586206897,
  "bids_meta": {
    "CogAtlasID": "trm_4c8a834779883",
    "EPIFactor": 39,
    "EchoTime": 0.035,
    "FlipAngle": 75.0,
    "MagneticFieldStrength": 3.0,
    "Manufacturer": "Philips",
    "ManufacturerModelName": "Achieva",
    "NumberOfEchoes": 1,
    "NumberOfSlices": 30,
    "PatientPosition": "Head First Supine",
    "PhaseEncodingDirection": "i",
    "PixelBandwidth": 3729.037176,
    "PreparationDirection": "Anterior-Posterior",
    "RepetitionTime": 1.67053,
    "ScanDuration": 247.0,
    "ScanMode": "MS",
    "ScanOptions": [
      "FS"
    ],
    "ScanningSequence": "FEEPI",
    "TaskDescription": "Resting state BOLD data were separated in three runs lasting four minutes each.",
    "TaskInstructions": " Subjects were asked to relax while fixating the central point in the middle of a grey-background screen that was projected on a LCD screen and viewed through a mirror placed above the subject head.",
    "TaskName": "Resting State",
    "dataset": "ds000133",
    "modality": "bold",
    "run_id": 2,
    "session_id": "post",
    "subject_id": "09",
    "task_id": "rest"
  },
  "dummy_trs": 0,
  "dvars_nstd": 22.103683994583335,
  "dvars_std": 1.379112183819444,
  "dvars_vstd": 1.0270152062499995,
  "efc": 0.3836430634962279,
  "fber": 232818.234375,
  "fd_mean": 0.149995328086043,
  "fd_num": 39,
  "fd_perc": 26.896551724137932,
  "fwhm_avg": 1.9486533333333333,
  "fwhm_x": 1.865395,
  "fwhm_y": 2.1353375,
  "fwhm_z": 1.8452275,
  "gcor": 0.0441489,
  "gsr_x": -0.019624173641204834,
  "gsr_y": 0.0003372106875758618,
  "provenance": {
    "md5sum": "66cba53c4e462d4bdaca9f83222c6946",
    "settings": {
      "fd_thres": 0.2,
      "testing": false
    },
    "software": "mriqc",
    "version": "21.0.0rc2",
    "webapi_port": null,
    "webapi_url": "https://mriqc.nimh.nih.gov/api/v1"
  },
  "size_t": 145,
  "size_x": 64,
  "size_y": 64,
  "size_z": 30,
  "snr": 6.079590230061349,
  "spacing_tr": 1.6705260276794434,
  "spacing_x": 4.0,
  "spacing_y": 4.0,
  "spacing_z": 4.0,
  "summary_bg_k": 61.50929401557946,
  "summary_bg_mad": 4371.806132489433,
  "summary_bg_mean": 24805.490234375,
  "summary_bg_median": 3003.828125,
  "summary_bg_n": 83720.0,
  "summary_bg_p05": 24.799089241027833,
  "summary_bg_p95": 103096.74804687501,
  "summary_bg_stdv": 77746.9453125,
  "summary_fg_k": 2.0139195659760416,
  "summary_fg_mad": 207817.2795943168,
  "summary_fg_mean": 1440869.5,
  "summary_fg_median": 1417218.25,
  "summary_fg_n": 14146.0,
  "summary_fg_p05": 1113301.53125,
  "summary_fg_p95": 1840908.75,
  "summary_fg_stdv": 233102.578125,
  "tsnr": 78.05938720703125
}