{
  "aor": 0.0029268275862068963,
  "aqi": 0.005262057793103448,
  "bids_meta": {
    "CogAtlasID": "trm_4c8a834779883",
    "EPIFactor": 39,
    "EchoTime": 0.035,
    "FlipAngle": 75.0,
    "MagneticFieldStrength": 3.0,
    "Manufacturer": "Philips",
    "ManufacturerModelName": "Achieva",
    "NumberOfEchoes": 1,
    "NumberOfSlices": 30,
    "PatientPosition": "Head First Supine",
    "PhaseEncodingDirection": "i",
    "PixelBandwidth": 3729.037176,
    "PreparationDirection": "Anterior-Posterior",
    "RepetitionTime": 1.67053,
    "ScanDuration": 247.0,
    "ScanMode": "MS",
    "ScanOptions": [
      "FS"
    ],
    "ScanningSequence": "FEEPI",
    "TaskDescription": "Resting state BOLD data were separated in three runs lasting four minutes each.",
    "TaskInstructions": " Subjects were asked to relax while fixating the central point in the middle of a grey-background screen that was projected on a LCD screen and viewed through a mirror placed above the subject head.",
    "TaskName": "Resting State",
    "dataset": "ds000133",
    "modality": "bold",
    "run_id": 3,
    "session_id": "post",
    "subject_id": "09",
    "task_id": "rest"
  },
  "dummy_trs": 0,
  "dvars_nstd": 22.57077244222223,
  "dvars_std": 1.3401283382638889,
  "dvars_vstd": 1.0086228997222222,
  "efc": 0.38513373197537826,
  "fber": 138253.03125,
  "fd_mean": 0.20024461322196774,
  "fd_num": 45,
  "fd_perc": 31.03448275862069,
  "fwhm_avg": 1.9422925,
  "fwhm_x": 1.86444,
  "fwhm_y": 2.1230925,
  "fwhm_z": 1.839345,
  "gcor": 0.0482851,
  "gsr_x": -0.01969687081873417,
  "gsr_y": 0.00010087825648952276,
  "provenance": {
    "md5sum": "72a254ed7ad32ad685c30d3ca8e23dd0",
    "settings": {
      "fd_thres": 0.2,
      "testing": false
    },
    "software": "mriqc",
    "version": "21.0.0rc2",
    "webapi_port": null,
    "webapi_url": "https://mriqc.nimh.nih.gov/api/v1"
  },
  "size_t": 145,
  "size_x": 64,
  "size_y": 64,
  "size_z": 30,
  "snr": 6.134374954438124,
  "spacing_tr": 1.6705260276794434,
  "spacing_x": 4.0,
  "spacing_y": 4.0,
  "spacing_z": 4.0,
  "summary_bg_k": 59.565809261824604,
  "summary_bg_mad": 5370.936430081821,
  "summary_bg_mean": 26215.931640625,
  "summary_bg_median": 3958.41845703125,
  "summary_bg_n": 83790.0,
  "summary_bg_p05": 109.87924118041992,
  "summary_bg_p95": 106922.55664062501,
  "summary_bg_stdv": 79985.9609375,
  "summary_fg_k": 2.025226479767605,
  "summary_fg_mad": 211018.95908517964,
  "summary_fg_mean": 1475697.0,
  "summary_fg_median": 1452479.25,
  "summary_fg_n": 14145.0,
  "summary_fg_p05": 1145251.8,
  "summary_fg_p95": 1880656.4749999999,
  "summary_fg_stdv": 236768.6875,
  "tsnr": 72.52896118164062
}