{
  "aor": 0.0027474482758620693,
  "aqi": 0.005761158482758621,
  "bids_meta": {
    "CogAtlasID": "trm_4c8a834779883",
    "EPIFactor": 39,
    "EchoTime": 0.035,
    "FlipAngle": 75.0,
    "MagneticFieldStrength": 3.0,
    "Manufacturer": "Philips",
    "ManufacturerModelName": "Achieva",
    "NumberOfEchoes": 1,
    "NumberOfSlices": 30,
    "PatientPosition": "Head First Supine",
    "PhaseEncodingDirection": "i",
    "PixelBandwidth": 3729.037176,
    "PreparationDirection": "Anterior-Posterior",
    "RepetitionTime": 1.67052,
    "ScanDuration": 247.0,
    "ScanMode": "MS",
    "ScanOptions": [
      "FS"
    ],
    "ScanningSequence": "FEEPI",
    "TaskDescription": "Resting state BOLD data were separated in three runs lasting four minutes each.",
    "TaskInstructions": " Subjects were asked to relax while fixating the central point in the middle of a grey-background screen that was projected on a LCD screen and viewed through a mirror placed above the subject head.",
    "TaskName": "Resting State",
    "dataset": "ds000133",
    "modality": "bold",
    "run_id": 1,
    "session_id": "post",
    "subject_id": "20",
    "task_id": "rest"
  },
  "dummy_trs": 0,
  "dvars_nstd": 20.41444081055555,
  "dvars_std": 1.231521799930555,
  "dvars_vstd": 1.0214342098611113,
  "efc": 0.3821338526642221,
  "fber": 219592.40625,
  "fd_mean": 0.25282354213913405,
  "fd_num": 89,
  "fd_perc": 61.37931034482759,
  "fwhm_avg": 1.8589008333333332,
  "fwhm_x": 1.7774525,
  "fwhm_y": 2.0646825,
  "fwhm_z": 1.7345675,
  "gcor": 0.0954352,
  "gsr_x": -0.015866823494434357,
  "gsr_y": 0.010245604440569878,
  "provenance": {
    "md5sum": "f964de0f62cf420efcad5cb655dcfe45",
    "settings": {
      "fd_thres": 0.2,
      "testing": false
    },
    "software": "mriqc",
    "version": "21.0.0rc2",
    "webapi_port": null,
    "webapi_url": "https://mriqc.nimh.nih.gov/api/v1"
  },
  "size_t": 145,
  "size_x": 64,
  "size_y": 64,
  "size_z": 30,
  "snr": 6.114950356533167,
  "spacing_tr": 1.670522928237915,
  "spacing_x": 4.0,
  "spacing_y": 4.0,
  "spacing_z": 4.0,
  "summary_bg_k": 176.10950217291258,
  "summary_bg_mad": 3071.518300288056,
  "summary_bg_mean": 16713.22265625,
  "summary_bg_median": 2558.552734375,
  "summary_bg_n": 83182.0,
  "summary_bg_p05": 139.9244255065918,
  "summary_bg_p95": 73719.37656249998,
  "summary_bg_stdv": 57483.60546875,
  "summary_fg_k": 1.4760854865490174,
  "summary_fg_mad": 183704.42243781898,
  "summary_fg_mean": 1239440.0,
  "summary_fg_median": 1220268.25,
  "summary_fg_n": 14680.0,
  "summary_fg_p05": 951574.690625,
  "summary_fg_p95": 1576446.3187499999,
  "summary_fg_stdv": 199548.09375,
  "tsnr": 77.03010559082031
}