{
  "aor": 0.0011247586206896553,
  "aqi": 0.003096788,
  "bids_meta": {
    "CogAtlasID": "trm_4c8a834779883",
    "EPIFactor": 39,
    "EchoTime": 0.035,
    "FlipAngle": 75.0,
    "MagneticFieldStrength": 3.0,
    "Manufacturer": "Philips",
    "ManufacturerModelName": "Achieva",
    "NumberOfEchoes": 1,
    "NumberOfSlices": 30,
    "PatientPosition": "Head First Supine",
    "PhaseEncodingDirection": "i",
    "PixelBandwidth": 3730.340124,
    "PreparationDirection": "Anterior-Posterior",
    "RepetitionTime": 1.67066,
    "ScanDuration": 247.0,
    "ScanMode": "MS",
    "ScanOptions": [
      "FS"
    ],
    "ScanningSequence": "FEEPI",
    "TaskDescription": "Resting state BOLD data were separated in three runs lasting four minutes each.",
    "TaskInstructions": " Subjects were asked to relax while fixating the central point in the middle of a grey-background screen that was projected on a LCD screen and viewed through a mirror placed above the subject head.",
    "TaskName": "Resting State",
    "dataset": "ds000133",
    "modality": "bold",
    "run_id": 1,
    "session_id": "pre",
    "subject_id": "25",
    "task_id": "rest"
  },
  "dummy_trs": 0,
  "dvars_nstd": 19.62004703930556,
  "dvars_std": 1.1314589785416667,
  "dvars_vstd": 0.9756285517361104,
  "efc": 0.38449458539274006,
  "fber": 236876.09375,
  "fd_mean": 0.22380384028048747,
  "fd_num": 74,
  "fd_perc": 51.03448275862069,
  "fwhm_avg": 1.8965691666666666,
  "fwhm_x": 1.83237,
  "fwhm_y": 2.068435,
  "fwhm_z": 1.7889025,
  "gcor": 0.102866,
  "gsr_x": -0.010064196772873402,
  "gsr_y": -0.0005902815028093755,
  "provenance": {
    "md5sum": "48889351b8785c86e00a9d565e59e79a",
    "settings": {
      "fd_thres": 0.2,
      "testing": false
    },
    "software": "mriqc",
    "version": "21.0.0rc2",
    "webapi_port": null,
    "webapi_url": "https://mriqc.nimh.nih.gov/api/v1"
  },
  "size_t": 145,
  "size_x": 64,
  "size_y": 64,
  "size_z": 30,
  "snr": 5.037679515940554,
  "spacing_tr": 1.6706609725952148,
  "spacing_x": 4.0,
  "spacing_y": 4.0,
  "spacing_z": 4.0,
  "summary_bg_k": 84.4239120612167,
  "summary_bg_mad": 3356.331607996516,
  "summary_bg_mean": 14736.5498046875,
  "summary_bg_median": 2385.84765625,
  "summary_bg_n": 82648.0,
  "summary_bg_p05": 26.747048377990723,
  "summary_bg_p95": 64905.64472656233,
  "summary_bg_stdv": 41793.2109375,
  "summary_fg_k": 2.6806712027497728,
  "summary_fg_mad": 197825.00395478233,
  "summary_fg_mean": 1193175.875,
  "summary_fg_median": 1159284.75,
  "summary_fg_n": 15212.0,
  "summary_fg_p05": 898250.725,
  "summary_fg_p95": 1595110.8,
  "summary_fg_stdv": 230115.203125,
  "tsnr": 82.1905517578125
}