{
  "aor": 0.0008811724137931035,
  "aqi": 0.0032444493793103452,
  "bids_meta": {
    "CogAtlasID": "trm_4c8a834779883",
    "EPIFactor": 39,
    "EchoTime": 0.035,
    "FlipAngle": 75.0,
    "MagneticFieldStrength": 3.0,
    "Manufacturer": "Philips",
    "ManufacturerModelName": "Achieva",
    "NumberOfEchoes": 1,
    "NumberOfSlices": 30,
    "PatientPosition": "Head First Supine",
    "PhaseEncodingDirection": "i",
    "PixelBandwidth": 3730.340124,
    "PreparationDirection": "Anterior-Posterior",
    "RepetitionTime": 1.67066,
    "ScanDuration": 247.0,
    "ScanMode": "MS",
    "ScanOptions": [
      "FS"
    ],
    "ScanningSequence": "FEEPI",
    "TaskDescription": "Resting state BOLD data were separated in three runs lasting four minutes each.",
    "TaskInstructions": " Subjects were asked to relax while fixating the central point in the middle of a grey-background screen that was projected on a LCD screen and viewed through a mirror placed above the subject head.",
    "TaskName": "Resting State",
    "dataset": "ds000133",
    "modality": "bold",
    "run_id": 3,
    "session_id": "pre",
    "subject_id": "25",
    "task_id": "rest"
  },
  "dummy_trs": 0,
  "dvars_nstd": 17.795358127847226,
  "dvars_std": 1.0920788377777775,
  "dvars_vstd": 0.9685986714583336,
  "efc": 0.3839803916847122,
  "fber": 271931.5,
  "fd_mean": 0.1915694762860919,
  "fd_num": 53,
  "fd_perc": 36.55172413793103,
  "fwhm_avg": 1.8681774999999998,
  "fwhm_x": 1.8102425,
  "fwhm_y": 2.0360975,
  "fwhm_z": 1.7581925,
  "gcor": 0.0464454,
  "gsr_x": -0.01000988855957985,
  "gsr_y": -0.000258647371083498,
  "provenance": {
    "md5sum": "5a644e808daa2bc6f43c98d3b5962507",
    "settings": {
      "fd_thres": 0.2,
      "testing": false
    },
    "software": "mriqc",
    "version": "21.0.0rc2",
    "webapi_port": null,
    "webapi_url": "https://mriqc.nimh.nih.gov/api/v1"
  },
  "size_t": 145,
  "size_x": 64,
  "size_y": 64,
  "size_z": 30,
  "snr": 5.0416496912684625,
  "spacing_tr": 1.6706609725952148,
  "spacing_x": 4.0,
  "spacing_y": 4.0,
  "spacing_z": 4.0,
  "summary_bg_k": 85.78585587290983,
  "summary_bg_mad": 3232.2905912807837,
  "summary_bg_mean": 14632.0400390625,
  "summary_bg_median": 2247.80615234375,
  "summary_bg_n": 82605.0,
  "summary_bg_p05": 15.977167320251464,
  "summary_bg_p95": 64813.795312500035,
  "summary_bg_stdv": 41802.453125,
  "summary_fg_k": 2.808448898641795,
  "summary_fg_mad": 195453.95235683722,
  "summary_fg_mean": 1205831.75,
  "summary_fg_median": 1169890.625,
  "summary_fg_n": 15217.0,
  "summary_fg_p05": 912678.775,
  "summary_fg_p95": 1611576.9,
  "summary_fg_stdv": 232037.578125,
  "tsnr": 86.27322387695312
}