{
  "aor": 0.0012858333333333333,
  "aqi": 0.003785074513888889,
  "bids_meta": {
    "CogAtlasID": "trm_4c8a834779883",
    "EPIFactor": 39,
    "EchoTime": 0.035,
    "FlipAngle": 75.0,
    "MagneticFieldStrength": 3.0,
    "Manufacturer": "Philips",
    "ManufacturerModelName": "Achieva",
    "NumberOfEchoes": 1,
    "NumberOfSlices": 30,
    "PatientPosition": "Head First Supine",
    "PhaseEncodingDirection": "i",
    "PixelBandwidth": 3754.66182,
    "PreparationDirection": "Anterior-Posterior",
    "RepetitionTime": 1.67256,
    "ScanDuration": 248.0,
    "ScanMode": "MS",
    "ScanOptions": [
      "FS"
    ],
    "ScanningSequence": "FEEPI",
    "TaskDescription": "Resting state BOLD data were separated in three runs lasting four minutes each.",
    "TaskInstructions": " Subjects were asked to relax while fixating the central point in the middle of a grey-background screen that was projected on a LCD screen and viewed through a mirror placed above the subject head.",
    "TaskName": "Resting State",
    "dataset": "ds000133",
    "modality": "bold",
    "run_id": 1,
    "session_id": "pre",
    "subject_id": "05",
    "task_id": "rest"
  },
  "dummy_trs": 1,
  "dvars_nstd": 17.24755164482518,
  "dvars_std": 1.1019471134265735,
  "dvars_vstd": 0.9898300808391608,
  "efc": 0.4012013938919772,
  "fber": 153673.515625,
  "fd_mean": 0.29647954324543885,
  "fd_num": 112,
  "fd_perc": 77.77777777777777,
  "fwhm_avg": 1.8473666666666666,
  "fwhm_x": 1.7634775,
  "fwhm_y": 1.9879625,
  "fwhm_z": 1.79066,
  "gcor": 0.0162117,
  "gsr_x": -0.00830464344471693,
  "gsr_y": 0.005203088745474815,
  "provenance": {
    "md5sum": "31cf86358ec93ce4a00b79c70b41e8ea",
    "settings": {
      "fd_thres": 0.2,
      "testing": false
    },
    "software": "mriqc",
    "version": "21.0.0rc2",
    "webapi_port": null,
    "webapi_url": "https://mriqc.nimh.nih.gov/api/v1"
  },
  "size_t": 144,
  "size_x": 64,
  "size_y": 64,
  "size_z": 30,
  "snr": 5.92759511000926,
  "spacing_tr": 1.6725629568099976,
  "spacing_x": 4.0,
  "spacing_y": 4.0,
  "spacing_z": 4.0,
  "summary_bg_k": 85.86607683805231,
  "summary_bg_mad": 4729.359187367428,
  "summary_bg_mean": 20749.49609375,
  "summary_bg_median": 3698.83154296875,
  "summary_bg_n": 80933.0,
  "summary_bg_p05": 107.50221099853516,
  "summary_bg_p95": 95719.88906249974,
  "summary_bg_stdv": 62431.0859375,
  "summary_fg_k": 2.814826844469337,
  "summary_fg_mad": 214164.94833020988,
  "summary_fg_mean": 1491131.0,
  "summary_fg_median": 1465346.5,
  "summary_fg_n": 16120.0,
  "summary_fg_p05": 1156453.95625,
  "summary_fg_p95": 1907549.525,
  "summary_fg_stdv": 247199.921875,
  "tsnr": 87.24954986572266
}