{
  "aor": 0.01129551724137931,
  "aqi": 0.007979031724137931,
  "bids_meta": {
    "CogAtlasID": "trm_4c8a834779883",
    "EPIFactor": 39,
    "EchoTime": 0.035,
    "FlipAngle": 75.0,
    "MagneticFieldStrength": 3.0,
    "Manufacturer": "Philips",
    "ManufacturerModelName": "Achieva",
    "NumberOfEchoes": 1,
    "NumberOfSlices": 30,
    "PatientPosition": "Head First Supine",
    "PhaseEncodingDirection": "i",
    "PixelBandwidth": 3725.996964,
    "PreparationDirection": "Anterior-Posterior",
    "RepetitionTime": 1.67032,
    "ScanDuration": 247.0,
    "ScanMode": "MS",
    "ScanOptions": [
      "FS"
    ],
    "ScanningSequence": "FEEPI",
    "TaskDescription": "Resting state BOLD data were separated in three runs lasting four minutes each.",
    "TaskInstructions": " Subjects were asked to relax while fixating the central point in the middle of a grey-background screen that was projected on a LCD screen and viewed through a mirror placed above the subject head.",
    "TaskName": "Resting State",
    "dataset": "ds000133",
    "modality": "bold",
    "run_id": 2,
    "session_id": "pre",
    "subject_id": "13",
    "task_id": "rest"
  },
  "dummy_trs": 0,
  "dvars_nstd": 14.193638053402784,
  "dvars_std": 0.9765339706944444,
  "dvars_vstd": 0.9345997549305554,
  "efc": 0.3929295433080823,
  "fber": 239459.796875,
  "fd_mean": 0.17668086930230398,
  "fd_num": 40,
  "fd_perc": 27.586206896551722,
  "fwhm_avg": 1.8486758333333333,
  "fwhm_x": 1.763535,
  "fwhm_y": 2.05126,
  "fwhm_z": 1.7312325,
  "gcor": 0.0233529,
  "gsr_x": -0.007034477312117815,
  "gsr_y": 0.012022745795547962,
  "provenance": {
    "md5sum": "2ea1175e6a6a6d1035c65d7df5454aff",
    "settings": {
      "fd_thres": 0.2,
      "testing": false
    },
    "software": "mriqc",
    "version": "21.0.0rc2",
    "webapi_port": null,
    "webapi_url": "https://mriqc.nimh.nih.gov/api/v1"
  },
  "size_t": 145,
  "size_x": 64,
  "size_y": 64,
  "size_z": 30,
  "snr": 5.892474100059811,
  "spacing_tr": 1.6703189611434937,
  "spacing_x": 4.0,
  "spacing_y": 4.0,
  "spacing_z": 4.0,
  "summary_bg_k": 411.0595273062995,
  "summary_bg_mad": 3598.929833216892,
  "summary_bg_mean": 14607.7548828125,
  "summary_bg_median": 2715.28125,
  "summary_bg_n": 81529.0,
  "summary_bg_p05": 84.92160491943359,
  "summary_bg_p95": 53958.16171874997,
  "summary_bg_stdv": 54790.57421875,
  "summary_fg_k": 2.7481931837591675,
  "summary_fg_mad": 192708.2657108035,
  "summary_fg_mean": 1352413.25,
  "summary_fg_median": 1331460.25,
  "summary_fg_n": 16461.0,
  "summary_fg_p05": 1051828.0,
  "summary_fg_p95": 1741181.125,
  "summary_fg_stdv": 225952.59375,
  "tsnr": 69.75643920898438
}