{
  "aor": 0.0031655862068965517,
  "aqi": 0.005460606689655173,
  "bids_meta": {
    "CogAtlasID": "trm_4c8a834779883",
    "EPIFactor": 39,
    "EchoTime": 0.035,
    "FlipAngle": 75.0,
    "MagneticFieldStrength": 3.0,
    "Manufacturer": "Philips",
    "ManufacturerModelName": "Achieva",
    "NumberOfEchoes": 1,
    "NumberOfSlices": 30,
    "PatientPosition": "Head First Supine",
    "PhaseEncodingDirection": "i",
    "PixelBandwidth": 3725.996964,
    "PreparationDirection": "Anterior-Posterior",
    "RepetitionTime": 1.67032,
    "ScanDuration": 247.0,
    "ScanMode": "MS",
    "ScanOptions": [
      "FS"
    ],
    "ScanningSequence": "FEEPI",
    "TaskDescription": "Resting state BOLD data were separated in three runs lasting four minutes each.",
    "TaskInstructions": " Subjects were asked to relax while fixating the central point in the middle of a grey-background screen that was projected on a LCD screen and viewed through a mirror placed above the subject head.",
    "TaskName": "Resting State",
    "dataset": "ds000133",
    "modality": "bold",
    "run_id": 1,
    "session_id": "pre",
    "subject_id": "13",
    "task_id": "rest"
  },
  "dummy_trs": 0,
  "dvars_nstd": 14.692377653402778,
  "dvars_std": 1.0606900686805558,
  "dvars_vstd": 0.9608006432638881,
  "efc": 0.39271279984377605,
  "fber": 211084.359375,
  "fd_mean": 0.13702593835022725,
  "fd_num": 30,
  "fd_perc": 20.689655172413794,
  "fwhm_avg": 1.8586083333333334,
  "fwhm_x": 1.7827775,
  "fwhm_y": 2.0506675,
  "fwhm_z": 1.74238,
  "gcor": 0.0927106,
  "gsr_x": -0.007046903949230909,
  "gsr_y": 0.011881873942911625,
  "provenance": {
    "md5sum": "b331d013f4b962592f8e1b7f744c4dcb",
    "settings": {
      "fd_thres": 0.2,
      "testing": false
    },
    "software": "mriqc",
    "version": "21.0.0rc2",
    "webapi_port": null,
    "webapi_url": "https://mriqc.nimh.nih.gov/api/v1"
  },
  "size_t": 145,
  "size_x": 64,
  "size_y": 64,
  "size_z": 30,
  "snr": 5.770332692430645,
  "spacing_tr": 1.6703189611434937,
  "spacing_x": 4.0,
  "spacing_y": 4.0,
  "spacing_z": 4.0,
  "summary_bg_k": 379.9658009728181,
  "summary_bg_mad": 3748.7553206847983,
  "summary_bg_mean": 15065.8115234375,
  "summary_bg_median": 2935.146728515625,
  "summary_bg_n": 81587.0,
  "summary_bg_p05": 129.6960205078125,
  "summary_bg_p95": 55380.34218749996,
  "summary_bg_stdv": 55319.796875,
  "summary_fg_k": 2.8341723288837404,
  "summary_fg_mad": 200202.4492747947,
  "summary_fg_mean": 1374951.375,
  "summary_fg_median": 1352410.0,
  "summary_fg_n": 16413.0,
  "summary_fg_p05": 1063344.025,
  "summary_fg_p95": 1781634.475,
  "summary_fg_stdv": 234365.828125,
  "tsnr": 73.89619445800781
}