{
  "aor": 0.004102206896551724,
  "aqi": 0.005524184758620689,
  "bids_meta": {
    "CogAtlasID": "trm_4c8a834779883",
    "EPIFactor": 39,
    "EchoTime": 0.035,
    "FlipAngle": 75.0,
    "MagneticFieldStrength": 3.0,
    "Manufacturer": "Philips",
    "ManufacturerModelName": "Achieva",
    "NumberOfEchoes": 1,
    "NumberOfSlices": 30,
    "PatientPosition": "Head First Supine",
    "PhaseEncodingDirection": "i",
    "PixelBandwidth": 3730.340124,
    "PreparationDirection": "Anterior-Posterior",
    "RepetitionTime": 1.67065,
    "ScanDuration": 247.0,
    "ScanMode": "MS",
    "ScanOptions": [
      "FS"
    ],
    "ScanningSequence": "FEEPI",
    "TaskDescription": "Resting state BOLD data were separated in three runs lasting four minutes each.",
    "TaskInstructions": " Subjects were asked to relax while fixating the central point in the middle of a grey-background screen that was projected on a LCD screen and viewed through a mirror placed above the subject head.",
    "TaskName": "Resting State",
    "dataset": "ds000133",
    "modality": "bold",
    "run_id": 3,
    "session_id": "pre",
    "subject_id": "15",
    "task_id": "rest"
  },
  "dummy_trs": 0,
  "dvars_nstd": 14.177999549375002,
  "dvars_std": 1.1010700953472226,
  "dvars_vstd": 0.9902536618749997,
  "efc": 0.35989048778034843,
  "fber": 256837.5,
  "fd_mean": 0.12614872254174866,
  "fd_num": 24,
  "fd_perc": 16.551724137931036,
  "fwhm_avg": 1.8565891666666667,
  "fwhm_x": 1.796745,
  "fwhm_y": 2.028365,
  "fwhm_z": 1.7446575,
  "gcor": 0.0341375,
  "gsr_x": -0.015147549100220203,
  "gsr_y": -0.0006610284326598048,
  "provenance": {
    "md5sum": "53e739bc625fc31d2ae8c96ada0ba205",
    "settings": {
      "fd_thres": 0.2,
      "testing": false
    },
    "software": "mriqc",
    "version": "21.0.0rc2",
    "webapi_port": null,
    "webapi_url": "https://mriqc.nimh.nih.gov/api/v1"
  },
  "size_t": 145,
  "size_x": 64,
  "size_y": 64,
  "size_z": 30,
  "snr": 6.3155458444662065,
  "spacing_tr": 1.6706520318984985,
  "spacing_x": 4.0,
  "spacing_y": 4.0,
  "spacing_z": 4.0,
  "summary_bg_k": 78.05096454029201,
  "summary_bg_mad": 4068.236236029411,
  "summary_bg_mean": 22086.619140625,
  "summary_bg_median": 3228.579345703125,
  "summary_bg_n": 85895.0,
  "summary_bg_p05": 110.42265853881835,
  "summary_bg_p95": 106295.52421875001,
  "summary_bg_stdv": 71247.015625,
  "summary_fg_k": 2.333342884536222,
  "summary_fg_mad": 217850.23413222152,
  "summary_fg_mean": 1602645.375,
  "summary_fg_median": 1583209.375,
  "summary_fg_n": 12609.0,
  "summary_fg_p05": 1255326.025,
  "summary_fg_p95": 2021799.2999999998,
  "summary_fg_stdv": 250674.546875,
  "tsnr": 76.09083557128906
}