{
  "aor": 0.00131,
  "aqi": 0.00500521151724138,
  "bids_meta": {
    "CogAtlasID": "trm_4c8a834779883",
    "EPIFactor": 39,
    "EchoTime": 0.035,
    "FlipAngle": 75.0,
    "MagneticFieldStrength": 3.0,
    "Manufacturer": "Philips",
    "ManufacturerModelName": "Achieva",
    "NumberOfEchoes": 1,
    "NumberOfSlices": 30,
    "PatientPosition": "Head First Supine",
    "PhaseEncodingDirection": "i",
    "PixelBandwidth": 3737.7234959999996,
    "PreparationDirection": "Anterior-Posterior",
    "RepetitionTime": 1.67127,
    "ScanDuration": 247.0,
    "ScanMode": "MS",
    "ScanOptions": [
      "FS"
    ],
    "ScanningSequence": "FEEPI",
    "TaskDescription": "Resting state BOLD data were separated in three runs lasting four minutes each.",
    "TaskInstructions": " Subjects were asked to relax while fixating the central point in the middle of a grey-background screen that was projected on a LCD screen and viewed through a mirror placed above the subject head.",
    "TaskName": "Resting State",
    "dataset": "ds000133",
    "modality": "bold",
    "run_id": 1,
    "session_id": "post",
    "subject_id": "10",
    "task_id": "rest"
  },
  "dummy_trs": 0,
  "dvars_nstd": 18.013802316597225,
  "dvars_std": 1.1507924803472218,
  "dvars_vstd": 0.9742271006250003,
  "efc": 0.3742593849084281,
  "fber": 339221.59375,
  "fd_mean": 0.18816376136860472,
  "fd_num": 49,
  "fd_perc": 33.793103448275865,
  "fwhm_avg": 1.8572483333333334,
  "fwhm_x": 1.825005,
  "fwhm_y": 2.03527,
  "fwhm_z": 1.71147,
  "gcor": 0.0335789,
  "gsr_x": -0.01605582796037197,
  "gsr_y": 0.002640825230628252,
  "provenance": {
    "md5sum": "59d1a9963c26b905fa6a7c864c61e775",
    "settings": {
      "fd_thres": 0.2,
      "testing": false
    },
    "software": "mriqc",
    "version": "21.0.0rc2",
    "webapi_port": null,
    "webapi_url": "https://mriqc.nimh.nih.gov/api/v1"
  },
  "size_t": 145,
  "size_x": 64,
  "size_y": 64,
  "size_z": 30,
  "snr": 6.3993138072794515,
  "spacing_tr": 1.6712700128555298,
  "spacing_x": 4.0,
  "spacing_y": 4.0,
  "spacing_z": 4.0,
  "summary_bg_k": 132.83031947545163,
  "summary_bg_mad": 3331.717930588676,
  "summary_bg_mean": 19286.05859375,
  "summary_bg_median": 2484.68408203125,
  "summary_bg_n": 83934.0,
  "summary_bg_p05": 52.27586956024172,
  "summary_bg_p95": 94393.27578124977,
  "summary_bg_stdv": 59126.0625,
  "summary_fg_k": 1.6169147800770967,
  "summary_fg_mad": 207912.0734736625,
  "summary_fg_mean": 1462723.75,
  "summary_fg_median": 1446985.25,
  "summary_fg_n": 13754.0,
  "summary_fg_p05": 1129429.2875,
  "summary_fg_p95": 1841096.46875,
  "summary_fg_stdv": 226107.46875,
  "tsnr": 77.11131286621094
}