{
  "aor": 0.0016835862068965517,
  "aqi": 0.004413183724137931,
  "bids_meta": {
    "CogAtlasID": "trm_4c8a834779883",
    "EPIFactor": 39,
    "EchoTime": 0.035,
    "FlipAngle": 75.0,
    "MagneticFieldStrength": 3.0,
    "Manufacturer": "Philips",
    "ManufacturerModelName": "Achieva",
    "NumberOfEchoes": 1,
    "NumberOfSlices": 30,
    "PatientPosition": "Head First Supine",
    "PhaseEncodingDirection": "i",
    "PixelBandwidth": 3730.340124,
    "PreparationDirection": "Anterior-Posterior",
    "RepetitionTime": 1.67065,
    "ScanDuration": 247.0,
    "ScanMode": "MS",
    "ScanOptions": [
      "FS"
    ],
    "ScanningSequence": "FEEPI",
    "TaskDescription": "Resting state BOLD data were separated in three runs lasting four minutes each.",
    "TaskInstructions": " Subjects were asked to relax while fixating the central point in the middle of a grey-background screen that was projected on a LCD screen and viewed through a mirror placed above the subject head.",
    "TaskName": "Resting State",
    "dataset": "ds000133",
    "modality": "bold",
    "run_id": 2,
    "session_id": "post",
    "subject_id": "15",
    "task_id": "rest"
  },
  "dummy_trs": 0,
  "dvars_nstd": 19.25219026555556,
  "dvars_std": 1.2072262515277776,
  "dvars_vstd": 0.9894549990277779,
  "efc": 0.36108899534079036,
  "fber": 255434.765625,
  "fd_mean": 0.2570761174098943,
  "fd_num": 100,
  "fd_perc": 68.96551724137932,
  "fwhm_avg": 1.8939475000000001,
  "fwhm_x": 1.8202975,
  "fwhm_y": 2.0963,
  "fwhm_z": 1.765245,
  "gcor": 0.0979726,
  "gsr_x": -0.015097422525286674,
  "gsr_y": -0.002892877208068967,
  "provenance": {
    "md5sum": "50b7807027887b7222702ef731baa9cf",
    "settings": {
      "fd_thres": 0.2,
      "testing": false
    },
    "software": "mriqc",
    "version": "21.0.0rc2",
    "webapi_port": null,
    "webapi_url": "https://mriqc.nimh.nih.gov/api/v1"
  },
  "size_t": 145,
  "size_x": 64,
  "size_y": 64,
  "size_z": 30,
  "snr": 6.096356242037804,
  "spacing_tr": 1.6706520318984985,
  "spacing_x": 4.0,
  "spacing_y": 4.0,
  "spacing_z": 4.0,
  "summary_bg_k": 88.98479484702588,
  "summary_bg_mad": 3312.808101224662,
  "summary_bg_mean": 18833.181640625,
  "summary_bg_median": 2638.5205078125,
  "summary_bg_n": 85664.0,
  "summary_bg_p05": 101.58730735778813,
  "summary_bg_p95": 87413.67929687488,
  "summary_bg_stdv": 63120.61328125,
  "summary_fg_k": 2.839687320154985,
  "summary_fg_mad": 186135.51942561357,
  "summary_fg_mean": 1357971.25,
  "summary_fg_median": 1339382.375,
  "summary_fg_n": 12656.0,
  "summary_fg_p05": 1063327.46875,
  "summary_fg_p95": 1736868.90625,
  "summary_fg_stdv": 219693.4375,
  "tsnr": 77.6451416015625
}