{
  "aor": 0.0035928275862068962,
  "aqi": 0.003543846896551724,
  "bids_meta": {
    "CogAtlasID": "trm_4c8a834779883",
    "EPIFactor": 39,
    "EchoTime": 0.035,
    "FlipAngle": 75.0,
    "MagneticFieldStrength": 3.0,
    "Manufacturer": "Philips",
    "ManufacturerModelName": "Achieva",
    "NumberOfEchoes": 1,
    "NumberOfSlices": 30,
    "PatientPosition": "Head First Supine",
    "PhaseEncodingDirection": "i",
    "PixelBandwidth": 3730.340124,
    "PreparationDirection": "Anterior-Posterior",
    "RepetitionTime": 1.67065,
    "ScanDuration": 247.0,
    "ScanMode": "MS",
    "ScanOptions": [
      "FS"
    ],
    "ScanningSequence": "FEEPI",
    "TaskDescription": "Resting state BOLD data were separated in three runs lasting four minutes each.",
    "TaskInstructions": " Subjects were asked to relax while fixating the central point in the middle of a grey-background screen that was projected on a LCD screen and viewed through a mirror placed above the subject head.",
    "TaskName": "Resting State",
    "dataset": "ds000133",
    "modality": "bold",
    "run_id": 3,
    "session_id": "post",
    "subject_id": "15",
    "task_id": "rest"
  },
  "dummy_trs": 0,
  "dvars_nstd": 17.048422435972228,
  "dvars_std": 1.2230487012500004,
  "dvars_vstd": 1.0161071070138894,
  "efc": 0.3603737478516416,
  "fber": 272472.0625,
  "fd_mean": 0.1564300738641082,
  "fd_num": 36,
  "fd_perc": 24.82758620689655,
  "fwhm_avg": 1.86754,
  "fwhm_x": 1.7995175,
  "fwhm_y": 2.0761625,
  "fwhm_z": 1.72694,
  "gcor": 0.0758994,
  "gsr_x": -0.015130795538425446,
  "gsr_y": -0.002232098951935768,
  "provenance": {
    "md5sum": "58bab25161966dc2069f523efe8f5193",
    "settings": {
      "fd_thres": 0.2,
      "testing": false
    },
    "software": "mriqc",
    "version": "21.0.0rc2",
    "webapi_port": null,
    "webapi_url": "https://mriqc.nimh.nih.gov/api/v1"
  },
  "size_t": 145,
  "size_x": 64,
  "size_y": 64,
  "size_z": 30,
  "snr": 6.205849928165869,
  "spacing_tr": 1.6706520318984985,
  "spacing_x": 4.0,
  "spacing_y": 4.0,
  "spacing_z": 4.0,
  "summary_bg_k": 85.58739552962601,
  "summary_bg_mad": 3377.6684191408176,
  "summary_bg_mean": 18600.966796875,
  "summary_bg_median": 2575.9052734375,
  "summary_bg_n": 85784.0,
  "summary_bg_p05": 51.977779006958016,
  "summary_bg_p95": 86819.57421874997,
  "summary_bg_stdv": 62437.4453125,
  "summary_fg_k": 2.932457244394956,
  "summary_fg_mad": 183337.84903929348,
  "summary_fg_mean": 1354353.375,
  "summary_fg_median": 1337402.75,
  "summary_fg_n": 12629.0,
  "summary_fg_p05": 1062150.275,
  "summary_fg_p95": 1722563.9499999997,
  "summary_fg_stdv": 215498.25,
  "tsnr": 89.37812805175781
}