{
  "aor": 0.0007629655172413794,
  "aqi": 0.0028865513103448277,
  "bids_meta": {
    "CogAtlasID": "trm_4c8a834779883",
    "EPIFactor": 39,
    "EchoTime": 0.035,
    "FlipAngle": 75.0,
    "MagneticFieldStrength": 3.0,
    "Manufacturer": "Philips",
    "ManufacturerModelName": "Achieva",
    "NumberOfEchoes": 1,
    "NumberOfSlices": 30,
    "PatientPosition": "Head First Supine",
    "PhaseEncodingDirection": "i",
    "PixelBandwidth": 3730.340124,
    "PreparationDirection": "Anterior-Posterior",
    "RepetitionTime": 1.67066,
    "ScanDuration": 247.0,
    "ScanMode": "MS",
    "ScanOptions": [
      "FS"
    ],
    "ScanningSequence": "FEEPI",
    "TaskDescription": "Resting state BOLD data were separated in three runs lasting four minutes each.",
    "TaskInstructions": " Subjects were asked to relax while fixating the central point in the middle of a grey-background screen that was projected on a LCD screen and viewed through a mirror placed above the subject head.",
    "TaskName": "Resting State",
    "dataset": "ds000133",
    "modality": "bold",
    "run_id": 2,
    "session_id": "pre",
    "subject_id": "25",
    "task_id": "rest"
  },
  "dummy_trs": 0,
  "dvars_nstd": 18.590026590486122,
  "dvars_std": 1.1127780300694439,
  "dvars_vstd": 0.9773342197916663,
  "efc": 0.3844291522821831,
  "fber": 218561.875,
  "fd_mean": 0.23537266800005996,
  "fd_num": 69,
  "fd_perc": 47.58620689655172,
  "fwhm_avg": 1.87116,
  "fwhm_x": 1.8107825,
  "fwhm_y": 2.0390825,
  "fwhm_z": 1.763615,
  "gcor": 0.010785,
  "gsr_x": -0.01012911181896925,
  "gsr_y": -0.0005159361753612757,
  "provenance": {
    "md5sum": "562833d7301dbede4e70b1d832a2a247",
    "settings": {
      "fd_thres": 0.2,
      "testing": false
    },
    "software": "mriqc",
    "version": "21.0.0rc2",
    "webapi_port": null,
    "webapi_url": "https://mriqc.nimh.nih.gov/api/v1"
  },
  "size_t": 145,
  "size_x": 64,
  "size_y": 64,
  "size_z": 30,
  "snr": 5.031099041135939,
  "spacing_tr": 1.6706609725952148,
  "spacing_x": 4.0,
  "spacing_y": 4.0,
  "spacing_z": 4.0,
  "summary_bg_k": 81.61133345591401,
  "summary_bg_mad": 3350.5496210967526,
  "summary_bg_mean": 14722.98046875,
  "summary_bg_median": 2465.9404296875,
  "summary_bg_n": 82633.0,
  "summary_bg_p05": 41.32513046264649,
  "summary_bg_p95": 64574.53828124991,
  "summary_bg_stdv": 41384.8046875,
  "summary_fg_k": 2.8012766569687457,
  "summary_fg_mad": 194727.8479203241,
  "summary_fg_mean": 1190690.875,
  "summary_fg_median": 1156196.25,
  "summary_fg_n": 15191.0,
  "summary_fg_p05": 898012.9375,
  "summary_fg_p95": 1591133.5625,
  "summary_fg_stdv": 229802.3125,
  "tsnr": 91.291748046875
}