{
  "aor": 0.0010959310344827585,
  "aqi": 0.00348169475862069,
  "bids_meta": {
    "CogAtlasID": "trm_4c8a834779883",
    "EPIFactor": 39,
    "EchoTime": 0.035,
    "FlipAngle": 75.0,
    "MagneticFieldStrength": 3.0,
    "Manufacturer": "Philips",
    "ManufacturerModelName": "Achieva",
    "NumberOfEchoes": 1,
    "NumberOfSlices": 30,
    "PatientPosition": "Head First Supine",
    "PhaseEncodingDirection": "i",
    "PixelBandwidth": 3748.581396,
    "PreparationDirection": "Anterior-Posterior",
    "RepetitionTime": 1.67204,
    "ScanDuration": 247.0,
    "ScanMode": "MS",
    "ScanOptions": [
      "FS"
    ],
    "ScanningSequence": "FEEPI",
    "TaskDescription": "Resting state BOLD data were separated in three runs lasting four minutes each.",
    "TaskInstructions": " Subjects were asked to relax while fixating the central point in the middle of a grey-background screen that was projected on a LCD screen and viewed through a mirror placed above the subject head.",
    "TaskName": "Resting State",
    "dataset": "ds000133",
    "modality": "bold",
    "run_id": 1,
    "session_id": "post",
    "subject_id": "05",
    "task_id": "rest"
  },
  "dummy_trs": 0,
  "dvars_nstd": 16.86744487986111,
  "dvars_std": 1.1005835406944444,
  "dvars_vstd": 0.9872603409027771,
  "efc": 0.40428816076683377,
  "fber": 222707.515625,
  "fd_mean": 0.22739914197769917,
  "fd_num": 66,
  "fd_perc": 45.51724137931034,
  "fwhm_avg": 1.8965016666666665,
  "fwhm_x": 1.82728,
  "fwhm_y": 2.025025,
  "fwhm_z": 1.8372,
  "gcor": 0.0200856,
  "gsr_x": -0.009265500120818615,
  "gsr_y": 0.005023153033107519,
  "provenance": {
    "md5sum": "c9665feae3c79c665c30c5136d4f2cdf",
    "settings": {
      "fd_thres": 0.2,
      "testing": false
    },
    "software": "mriqc",
    "version": "21.0.0rc2",
    "webapi_port": null,
    "webapi_url": "https://mriqc.nimh.nih.gov/api/v1"
  },
  "size_t": 145,
  "size_x": 64,
  "size_y": 64,
  "size_z": 30,
  "snr": 5.846881118097775,
  "spacing_tr": 1.6720410585403442,
  "spacing_x": 4.0,
  "spacing_y": 4.0,
  "spacing_z": 4.0,
  "summary_bg_k": 82.54665031005213,
  "summary_bg_mad": 3878.8712205851293,
  "summary_bg_mean": 19995.693359375,
  "summary_bg_median": 2967.684814453125,
  "summary_bg_n": 80501.0,
  "summary_bg_p05": 83.22174835205078,
  "summary_bg_p95": 94459.2421875,
  "summary_bg_stdv": 60489.18359375,
  "summary_fg_k": 2.697291687772312,
  "summary_fg_mad": 209198.6942114094,
  "summary_fg_mean": 1448893.875,
  "summary_fg_median": 1422304.375,
  "summary_fg_n": 16449.0,
  "summary_fg_p05": 1118937.875,
  "summary_fg_p95": 1862683.55,
  "summary_fg_stdv": 243251.25,
  "tsnr": 87.90731048583984
}