{
  "aor": 0.0011519444444444442,
  "aqi": 0.003141828541666667,
  "bids_meta": {
    "CogAtlasID": "trm_4c8a834779883",
    "EPIFactor": 39,
    "EchoTime": 0.035,
    "FlipAngle": 75.0,
    "MagneticFieldStrength": 3.0,
    "Manufacturer": "Philips",
    "ManufacturerModelName": "Achieva",
    "NumberOfEchoes": 1,
    "NumberOfSlices": 30,
    "PatientPosition": "Head First Supine",
    "PhaseEncodingDirection": "i",
    "PixelBandwidth": 3748.581396,
    "PreparationDirection": "Anterior-Posterior",
    "RepetitionTime": 1.67204,
    "ScanDuration": 247.0,
    "ScanMode": "MS",
    "ScanOptions": [
      "FS"
    ],
    "ScanningSequence": "FEEPI",
    "TaskDescription": "Resting state BOLD data were separated in three runs lasting four minutes each.",
    "TaskInstructions": " Subjects were asked to relax while fixating the central point in the middle of a grey-background screen that was projected on a LCD screen and viewed through a mirror placed above the subject head.",
    "TaskName": "Resting State",
    "dataset": "ds000133",
    "modality": "bold",
    "run_id": 2,
    "session_id": "post",
    "subject_id": "05",
    "task_id": "rest"
  },
  "dummy_trs": 1,
  "dvars_nstd": 14.702249486573427,
  "dvars_std": 1.0940964295104894,
  "dvars_vstd": 0.9832011439860135,
  "efc": 0.4036685668575591,
  "fber": 237893.890625,
  "fd_mean": 0.14115215204628212,
  "fd_num": 20,
  "fd_perc": 13.88888888888889,
  "fwhm_avg": 1.8995291666666667,
  "fwhm_x": 1.83759,
  "fwhm_y": 2.020265,
  "fwhm_z": 1.8407325,
  "gcor": 0.0210962,
  "gsr_x": -0.009356317110359669,
  "gsr_y": 0.004243392031639814,
  "provenance": {
    "md5sum": "700751b0648ff9757ea51c5006771341",
    "settings": {
      "fd_thres": 0.2,
      "testing": false
    },
    "software": "mriqc",
    "version": "21.0.0rc2",
    "webapi_port": null,
    "webapi_url": "https://mriqc.nimh.nih.gov/api/v1"
  },
  "size_t": 144,
  "size_x": 64,
  "size_y": 64,
  "size_z": 30,
  "snr": 5.825894405885495,
  "spacing_tr": 1.6720410585403442,
  "spacing_x": 4.0,
  "spacing_y": 4.0,
  "spacing_z": 4.0,
  "summary_bg_k": 81.73380919269914,
  "summary_bg_mad": 3906.740233087966,
  "summary_bg_mean": 20142.439453125,
  "summary_bg_median": 2899.27685546875,
  "summary_bg_n": 80526.0,
  "summary_bg_p05": 51.64687252044678,
  "summary_bg_p95": 95902.349609375,
  "summary_bg_stdv": 60958.72265625,
  "summary_fg_k": 2.764894981762512,
  "summary_fg_mad": 211964.48865003156,
  "summary_fg_mean": 1468520.5,
  "summary_fg_median": 1441997.75,
  "summary_fg_n": 16384.0,
  "summary_fg_p05": 1134596.03125,
  "summary_fg_p95": 1889830.0999999996,
  "summary_fg_stdv": 247507.703125,
  "tsnr": 95.84010314941406
}