{
  "aor": 0.003568620689655173,
  "aqi": 0.007482653931034482,
  "bids_meta": {
    "CogAtlasID": "trm_4c8a834779883",
    "EPIFactor": 39,
    "EchoTime": 0.035,
    "FlipAngle": 75.0,
    "MagneticFieldStrength": 3.0,
    "Manufacturer": "Philips",
    "ManufacturerModelName": "Achieva",
    "NumberOfEchoes": 1,
    "NumberOfSlices": 30,
    "PatientPosition": "Head First Supine",
    "PhaseEncodingDirection": "i",
    "PixelBandwidth": 3730.340124,
    "PreparationDirection": "Anterior-Posterior",
    "RepetitionTime": 1.67066,
    "ScanDuration": 247.0,
    "ScanMode": "MS",
    "ScanOptions": [
      "FS"
    ],
    "ScanningSequence": "FEEPI",
    "TaskDescription": "Resting state BOLD data were separated in three runs lasting four minutes each.",
    "TaskInstructions": " Subjects were asked to relax while fixating the central point in the middle of a grey-background screen that was projected on a LCD screen and viewed through a mirror placed above the subject head.",
    "TaskName": "Resting State",
    "dataset": "ds000133",
    "modality": "bold",
    "run_id": 1,
    "session_id": "pre",
    "subject_id": "21",
    "task_id": "rest"
  },
  "dummy_trs": 0,
  "dvars_nstd": 24.800965004444453,
  "dvars_std": 1.2199950095833325,
  "dvars_vstd": 1.0265401084027779,
  "efc": 0.35813567991893613,
  "fber": 377208.625,
  "fd_mean": 0.40919681285769144,
  "fd_num": 121,
  "fd_perc": 83.44827586206897,
  "fwhm_avg": 1.9876525,
  "fwhm_x": 1.9412975,
  "fwhm_y": 2.189915,
  "fwhm_z": 1.831745,
  "gcor": 0.0579733,
  "gsr_x": -0.015276830643415451,
  "gsr_y": 0.00400408823043108,
  "provenance": {
    "md5sum": "269f0a56762569c45f04004117b0737f",
    "settings": {
      "fd_thres": 0.2,
      "testing": false
    },
    "software": "mriqc",
    "version": "21.0.0rc2",
    "webapi_port": null,
    "webapi_url": "https://mriqc.nimh.nih.gov/api/v1"
  },
  "size_t": 145,
  "size_x": 64,
  "size_y": 64,
  "size_z": 30,
  "snr": 6.010174743822255,
  "spacing_tr": 1.6706609725952148,
  "spacing_x": 4.0,
  "spacing_y": 4.0,
  "spacing_z": 4.0,
  "summary_bg_k": 198.65974316613006,
  "summary_bg_mad": 2750.0456189450106,
  "summary_bg_mean": 14782.9912109375,
  "summary_bg_median": 1966.116943359375,
  "summary_bg_n": 85752.0,
  "summary_bg_p05": 33.50576915740967,
  "summary_bg_p95": 70694.640234375,
  "summary_bg_stdv": 47562.87890625,
  "summary_fg_k": 2.769849742320929,
  "summary_fg_mad": 165157.43933486854,
  "summary_fg_mean": 1193369.25,
  "summary_fg_median": 1180413.75,
  "summary_fg_n": 12689.0,
  "summary_fg_p05": 918256.7000000001,
  "summary_fg_p95": 1508199.2499999995,
  "summary_fg_stdv": 196394.828125,
  "tsnr": 61.02219772338867
}