{
  "aor": 0.0019795172413793103,
  "aqi": 0.0032831135862068962,
  "bids_meta": {
    "CogAtlasID": "trm_4c8a834779883",
    "EPIFactor": 39,
    "EchoTime": 0.035,
    "FlipAngle": 75.0,
    "MagneticFieldStrength": 3.0,
    "Manufacturer": "Philips",
    "ManufacturerModelName": "Achieva",
    "NumberOfEchoes": 1,
    "NumberOfSlices": 30,
    "PatientPosition": "Head First Supine",
    "PhaseEncodingDirection": "i",
    "PixelBandwidth": 3721.2194879999997,
    "PreparationDirection": "Anterior-Posterior",
    "RepetitionTime": 1.66991,
    "ScanDuration": 247.0,
    "ScanMode": "MS",
    "ScanOptions": [
      "FS"
    ],
    "ScanningSequence": "FEEPI",
    "TaskDescription": "Resting state BOLD data were separated in three runs lasting four minutes each.",
    "TaskInstructions": " Subjects were asked to relax while fixating the central point in the middle of a grey-background screen that was projected on a LCD screen and viewed through a mirror placed above the subject head.",
    "TaskName": "Resting State",
    "dataset": "ds000133",
    "modality": "bold",
    "run_id": 3,
    "session_id": "post",
    "subject_id": "18",
    "task_id": "rest"
  },
  "dummy_trs": 0,
  "dvars_nstd": 12.597007619027778,
  "dvars_std": 1.1665061766666671,
  "dvars_vstd": 1.0033545132638886,
  "efc": 0.3599590112830479,
  "fber": 222184.0625,
  "fd_mean": 0.0516580192649319,
  "fd_num": 7,
  "fd_perc": 4.827586206896552,
  "fwhm_avg": 1.8146950000000002,
  "fwhm_x": 1.6896175,
  "fwhm_y": 2.0506875,
  "fwhm_z": 1.70378,
  "gcor": 0.0395734,
  "gsr_x": -0.017741890624165535,
  "gsr_y": 0.0021621370688080788,
  "provenance": {
    "md5sum": "70fa9fe8c1b2cc3207754fdd1f13be72",
    "settings": {
      "fd_thres": 0.2,
      "testing": false
    },
    "software": "mriqc",
    "version": "21.0.0rc2",
    "webapi_port": null,
    "webapi_url": "https://mriqc.nimh.nih.gov/api/v1"
  },
  "size_t": 145,
  "size_x": 64,
  "size_y": 64,
  "size_z": 30,
  "snr": 6.462563443221747,
  "spacing_tr": 1.6699050664901733,
  "spacing_x": 4.0,
  "spacing_y": 4.0,
  "spacing_z": 4.0,
  "summary_bg_k": 110.90927514007356,
  "summary_bg_mad": 4016.4822067862515,
  "summary_bg_mean": 20878.810546875,
  "summary_bg_median": 3201.78857421875,
  "summary_bg_n": 85841.0,
  "summary_bg_p05": 80.35211181640625,
  "summary_bg_p95": 103950.140625,
  "summary_bg_stdv": 65124.25,
  "summary_fg_k": 2.146559436054533,
  "summary_fg_mad": 200969.78858551,
  "summary_fg_mean": 1506911.25,
  "summary_fg_median": 1489479.0,
  "summary_fg_n": 12272.0,
  "summary_fg_p05": 1173063.1875,
  "summary_fg_p95": 1893255.4374999998,
  "summary_fg_stdv": 230468.65625,
  "tsnr": 94.22593688964844
}