{
  "aor": 0.0010459310344827586,
  "aqi": 0.0034187520689655166,
  "bids_meta": {
    "CogAtlasID": "trm_4c8a834779883",
    "EPIFactor": 39,
    "EchoTime": 0.035,
    "FlipAngle": 75.0,
    "MagneticFieldStrength": 3.0,
    "Manufacturer": "Philips",
    "ManufacturerModelName": "Achieva",
    "NumberOfEchoes": 1,
    "NumberOfSlices": 30,
    "PatientPosition": "Head First Supine",
    "PhaseEncodingDirection": "i",
    "PixelBandwidth": 3721.2194879999997,
    "PreparationDirection": "Anterior-Posterior",
    "RepetitionTime": 1.66991,
    "ScanDuration": 247.0,
    "ScanMode": "MS",
    "ScanOptions": [
      "FS"
    ],
    "ScanningSequence": "FEEPI",
    "TaskDescription": "Resting state BOLD data were separated in three runs lasting four minutes each.",
    "TaskInstructions": " Subjects were asked to relax while fixating the central point in the middle of a grey-background screen that was projected on a LCD screen and viewed through a mirror placed above the subject head.",
    "TaskName": "Resting State",
    "dataset": "ds000133",
    "modality": "bold",
    "run_id": 2,
    "session_id": "post",
    "subject_id": "18",
    "task_id": "rest"
  },
  "dummy_trs": 0,
  "dvars_nstd": 12.451990895277778,
  "dvars_std": 1.1167149311111115,
  "dvars_vstd": 0.9781723950000001,
  "efc": 0.35921844635057737,
  "fber": 224742.25,
  "fd_mean": 0.06034887205863727,
  "fd_num": 10,
  "fd_perc": 6.896551724137931,
  "fwhm_avg": 1.816580833333333,
  "fwhm_x": 1.7032375,
  "fwhm_y": 2.04621,
  "fwhm_z": 1.700295,
  "gcor": 0.0540291,
  "gsr_x": -0.017812499776482582,
  "gsr_y": 0.0018284580437466502,
  "provenance": {
    "md5sum": "34cc49d9ad22ddb9bbb0d39d3ea866f2",
    "settings": {
      "fd_thres": 0.2,
      "testing": false
    },
    "software": "mriqc",
    "version": "21.0.0rc2",
    "webapi_port": null,
    "webapi_url": "https://mriqc.nimh.nih.gov/api/v1"
  },
  "size_t": 145,
  "size_x": 64,
  "size_y": 64,
  "size_z": 30,
  "snr": 6.488855290698231,
  "spacing_tr": 1.6699050664901733,
  "spacing_x": 4.0,
  "spacing_y": 4.0,
  "spacing_z": 4.0,
  "summary_bg_k": 122.21739516624241,
  "summary_bg_mad": 4005.817089991223,
  "summary_bg_mean": 20868.4609375,
  "summary_bg_median": 3204.868408203125,
  "summary_bg_n": 85863.0,
  "summary_bg_p05": 86.3232635498047,
  "summary_bg_p95": 102775.37031249984,
  "summary_bg_stdv": 66599.890625,
  "summary_fg_k": 1.9899320517393049,
  "summary_fg_mad": 206576.89751325955,
  "summary_fg_mean": 1518917.125,
  "summary_fg_median": 1502082.75,
  "summary_fg_n": 12296.0,
  "summary_fg_p05": 1187215.0625,
  "summary_fg_p95": 1908429.96875,
  "summary_fg_stdv": 231477.140625,
  "tsnr": 92.24370574951172
}