{
  "aor": 0.0020360689655172415,
  "aqi": 0.006589294896551724,
  "bids_meta": {
    "CogAtlasID": "trm_4c8a834779883",
    "EPIFactor": 39,
    "EchoTime": 0.035,
    "FlipAngle": 75.0,
    "MagneticFieldStrength": 3.0,
    "Manufacturer": "Philips",
    "ManufacturerModelName": "Achieva",
    "NumberOfEchoes": 1,
    "NumberOfSlices": 30,
    "PatientPosition": "Head First Supine",
    "PhaseEncodingDirection": "i",
    "PixelBandwidth": 3721.2194879999997,
    "PreparationDirection": "Anterior-Posterior",
    "RepetitionTime": 1.66991,
    "ScanDuration": 247.0,
    "ScanMode": "MS",
    "ScanOptions": [
      "FS"
    ],
    "ScanningSequence": "FEEPI",
    "TaskDescription": "Resting state BOLD data were separated in three runs lasting four minutes each.",
    "TaskInstructions": " Subjects were asked to relax while fixating the central point in the middle of a grey-background screen that was projected on a LCD screen and viewed through a mirror placed above the subject head.",
    "TaskName": "Resting State",
    "dataset": "ds000133",
    "modality": "bold",
    "run_id": 1,
    "session_id": "post",
    "subject_id": "18",
    "task_id": "rest"
  },
  "dummy_trs": 0,
  "dvars_nstd": 14.254115813263885,
  "dvars_std": 1.0587457763888883,
  "dvars_vstd": 0.9570746764583331,
  "efc": 0.3580515558789785,
  "fber": 238960.765625,
  "fd_mean": 0.11737162061508272,
  "fd_num": 35,
  "fd_perc": 24.137931034482758,
  "fwhm_avg": 1.8167941666666667,
  "fwhm_x": 1.6993425,
  "fwhm_y": 2.033975,
  "fwhm_z": 1.717065,
  "gcor": 0.0530786,
  "gsr_x": -0.01762705296278,
  "gsr_y": 0.0014549222541972995,
  "provenance": {
    "md5sum": "a2676efc1bc42b32b5c83b469d6b155f",
    "settings": {
      "fd_thres": 0.2,
      "testing": false
    },
    "software": "mriqc",
    "version": "21.0.0rc2",
    "webapi_port": null,
    "webapi_url": "https://mriqc.nimh.nih.gov/api/v1"
  },
  "size_t": 145,
  "size_x": 64,
  "size_y": 64,
  "size_z": 30,
  "snr": 6.5311595035694125,
  "spacing_tr": 1.6699050664901733,
  "spacing_x": 4.0,
  "spacing_y": 4.0,
  "spacing_z": 4.0,
  "summary_bg_k": 101.34030826194203,
  "summary_bg_mad": 4044.152908573643,
  "summary_bg_mean": 20134.375,
  "summary_bg_median": 3104.8642578125,
  "summary_bg_n": 85926.0,
  "summary_bg_p05": 67.26882362365723,
  "summary_bg_p95": 100404.705078125,
  "summary_bg_stdv": 62476.2109375,
  "summary_fg_k": 2.5685069989510856,
  "summary_fg_mad": 202680.2482324722,
  "summary_fg_mean": 1513866.375,
  "summary_fg_median": 1501062.0,
  "summary_fg_n": 12177.0,
  "summary_fg_p05": 1184858.725,
  "summary_fg_p95": 1894743.2999999986,
  "summary_fg_stdv": 229821.421875,
  "tsnr": 71.55632019042969
}