{
  "aor": 0.002424305555555556,
  "aqi": 0.0033883744444444443,
  "bids_meta": {
    "CogAtlasID": "trm_4c8a834779883",
    "EPIFactor": 39,
    "EchoTime": 0.035,
    "FlipAngle": 75.0,
    "MagneticFieldStrength": 3.0,
    "Manufacturer": "Philips",
    "ManufacturerModelName": "Achieva",
    "NumberOfEchoes": 1,
    "NumberOfSlices": 30,
    "PatientPosition": "Head First Supine",
    "PhaseEncodingDirection": "i",
    "PixelBandwidth": 3725.996964,
    "PreparationDirection": "Anterior-Posterior",
    "RepetitionTime": 1.67031,
    "ScanDuration": 247.0,
    "ScanMode": "MS",
    "ScanOptions": [
      "FS"
    ],
    "ScanningSequence": "FEEPI",
    "TaskDescription": "Resting state BOLD data were separated in three runs lasting four minutes each.",
    "TaskInstructions": " Subjects were asked to relax while fixating the central point in the middle of a grey-background screen that was projected on a LCD screen and viewed through a mirror placed above the subject head.",
    "TaskName": "Resting State",
    "dataset": "ds000133",
    "modality": "bold",
    "run_id": 2,
    "session_id": "pre",
    "subject_id": "19",
    "task_id": "rest"
  },
  "dummy_trs": 1,
  "dvars_nstd": 21.66990286783217,
  "dvars_std": 1.5465955511888112,
  "dvars_vstd": 1.005954485454546,
  "efc": 0.35802228629955135,
  "fber": 392589.75,
  "fd_mean": 0.10777086509687178,
  "fd_num": 19,
  "fd_perc": 13.194444444444445,
  "fwhm_avg": 1.8093899999999998,
  "fwhm_x": 1.7971075,
  "fwhm_y": 1.9781775,
  "fwhm_z": 1.652885,
  "gcor": 0.0795166,
  "gsr_x": -0.010890341363847256,
  "gsr_y": -0.0033131332602351904,
  "provenance": {
    "md5sum": "70b20754f5b2a6f01f4a7fc1388ddb53",
    "settings": {
      "fd_thres": 0.2,
      "testing": false
    },
    "software": "mriqc",
    "version": "21.0.0rc2",
    "webapi_port": null,
    "webapi_url": "https://mriqc.nimh.nih.gov/api/v1"
  },
  "size_t": 144,
  "size_x": 64,
  "size_y": 64,
  "size_z": 30,
  "snr": 5.981187459735629,
  "spacing_tr": 1.6703100204467773,
  "spacing_x": 4.0,
  "spacing_y": 4.0,
  "spacing_z": 4.0,
  "summary_bg_k": 191.52549849624722,
  "summary_bg_mad": 2905.657764903227,
  "summary_bg_mean": 18119.75390625,
  "summary_bg_median": 2267.134765625,
  "summary_bg_n": 85390.0,
  "summary_bg_p05": 59.26319561004639,
  "summary_bg_p95": 81628.29882812504,
  "summary_bg_stdv": 65198.0859375,
  "summary_fg_k": 2.259029099303996,
  "summary_fg_mad": 215356.9605138884,
  "summary_fg_mean": 1443043.125,
  "summary_fg_median": 1421920.125,
  "summary_fg_n": 12290.0,
  "summary_fg_p05": 1105949.4125,
  "summary_fg_p95": 1838272.0749999995,
  "summary_fg_stdv": 237722.40625,
  "tsnr": 85.75852966308594
}