{
  "aor": 0.0008891724137931033,
  "aqi": 0.0024908608965517236,
  "bids_meta": {
    "CogAtlasID": "trm_4c8a834779883",
    "EPIFactor": 39,
    "EchoTime": 0.035,
    "FlipAngle": 75.0,
    "MagneticFieldStrength": 3.0,
    "Manufacturer": "Philips",
    "ManufacturerModelName": "Achieva",
    "NumberOfEchoes": 1,
    "NumberOfSlices": 30,
    "PatientPosition": "Head First Supine",
    "PhaseEncodingDirection": "i",
    "PixelBandwidth": 3725.996964,
    "PreparationDirection": "Anterior-Posterior",
    "RepetitionTime": 1.67031,
    "ScanDuration": 247.0,
    "ScanMode": "MS",
    "ScanOptions": [
      "FS"
    ],
    "ScanningSequence": "FEEPI",
    "TaskDescription": "Resting state BOLD data were separated in three runs lasting four minutes each.",
    "TaskInstructions": " Subjects were asked to relax while fixating the central point in the middle of a grey-background screen that was projected on a LCD screen and viewed through a mirror placed above the subject head.",
    "TaskName": "Resting State",
    "dataset": "ds000133",
    "modality": "bold",
    "run_id": 3,
    "session_id": "pre",
    "subject_id": "19",
    "task_id": "rest"
  },
  "dummy_trs": 0,
  "dvars_nstd": 18.603306929027774,
  "dvars_std": 1.4712990152777774,
  "dvars_vstd": 0.9867606020833328,
  "efc": 0.35790651545544155,
  "fber": 412417.3125,
  "fd_mean": 0.09419589490240485,
  "fd_num": 14,
  "fd_perc": 9.655172413793103,
  "fwhm_avg": 1.7989058333333334,
  "fwhm_x": 1.7812875,
  "fwhm_y": 1.97406,
  "fwhm_z": 1.64137,
  "gcor": 0.0756344,
  "gsr_x": -0.010669493116438389,
  "gsr_y": -0.002498953603208065,
  "provenance": {
    "md5sum": "7948b19097b07c0aacb26c1f0c844314",
    "settings": {
      "fd_thres": 0.2,
      "testing": false
    },
    "software": "mriqc",
    "version": "21.0.0rc2",
    "webapi_port": null,
    "webapi_url": "https://mriqc.nimh.nih.gov/api/v1"
  },
  "size_t": 145,
  "size_x": 64,
  "size_y": 64,
  "size_z": 30,
  "snr": 6.006439164089674,
  "spacing_tr": 1.6703100204467773,
  "spacing_x": 4.0,
  "spacing_y": 4.0,
  "spacing_z": 4.0,
  "summary_bg_k": 192.47693718078824,
  "summary_bg_mad": 2991.6362171494966,
  "summary_bg_mean": 17975.728515625,
  "summary_bg_median": 2207.951416015625,
  "summary_bg_n": 85378.0,
  "summary_bg_p05": 28.958438968658452,
  "summary_bg_p95": 80953.54257812488,
  "summary_bg_stdv": 64963.46875,
  "summary_fg_k": 2.2899396611386464,
  "summary_fg_mad": 212046.40242260403,
  "summary_fg_mean": 1437971.25,
  "summary_fg_median": 1417180.5,
  "summary_fg_n": 12330.0,
  "summary_fg_p05": 1106301.15625,
  "summary_fg_p95": 1832287.0875,
  "summary_fg_stdv": 235933.96875,
  "tsnr": 100.26837158203125
}