{
  "aor": 0.0006575862068965518,
  "aqi": 0.0033073608965517244,
  "bids_meta": {
    "CogAtlasID": "trm_4c8a834779883",
    "EPIFactor": 39,
    "EchoTime": 0.035,
    "FlipAngle": 75.0,
    "MagneticFieldStrength": 3.0,
    "Manufacturer": "Philips",
    "ManufacturerModelName": "Achieva",
    "NumberOfEchoes": 1,
    "NumberOfSlices": 30,
    "PatientPosition": "Head First Supine",
    "PhaseEncodingDirection": "i",
    "PixelBandwidth": 3729.037176,
    "PreparationDirection": "Anterior-Posterior",
    "RepetitionTime": 1.67052,
    "ScanDuration": 247.0,
    "ScanMode": "MS",
    "ScanOptions": [
      "FS"
    ],
    "ScanningSequence": "FEEPI",
    "TaskDescription": "Resting state BOLD data were separated in three runs lasting four minutes each.",
    "TaskInstructions": " Subjects were asked to relax while fixating the central point in the middle of a grey-background screen that was projected on a LCD screen and viewed through a mirror placed above the subject head.",
    "TaskName": "Resting State",
    "dataset": "ds000133",
    "modality": "bold",
    "run_id": 2,
    "session_id": "post",
    "subject_id": "23",
    "task_id": "rest"
  },
  "dummy_trs": 0,
  "dvars_nstd": 16.26079196423611,
  "dvars_std": 1.251076392986111,
  "dvars_vstd": 0.9844537665972227,
  "efc": 0.39068767181581676,
  "fber": 229541.828125,
  "fd_mean": 0.10435979038850156,
  "fd_num": 5,
  "fd_perc": 3.4482758620689653,
  "fwhm_avg": 1.8707391666666666,
  "fwhm_x": 1.7972,
  "fwhm_y": 2.0347025,
  "fwhm_z": 1.780315,
  "gcor": 0.0501751,
  "gsr_x": -0.015235455706715584,
  "gsr_y": 0.005124672316014767,
  "provenance": {
    "md5sum": "988b8de0f5bfaacfa4349b0e4dc23ccc",
    "settings": {
      "fd_thres": 0.2,
      "testing": false
    },
    "software": "mriqc",
    "version": "21.0.0rc2",
    "webapi_port": null,
    "webapi_url": "https://mriqc.nimh.nih.gov/api/v1"
  },
  "size_t": 145,
  "size_x": 64,
  "size_y": 64,
  "size_z": 30,
  "snr": 6.532186262858485,
  "spacing_tr": 1.670522928237915,
  "spacing_x": 4.0,
  "spacing_y": 4.0,
  "spacing_z": 4.0,
  "summary_bg_k": 153.21319754517324,
  "summary_bg_mad": 3273.9684182331894,
  "summary_bg_mean": 17902.30078125,
  "summary_bg_median": 2438.623779296875,
  "summary_bg_n": 82684.0,
  "summary_bg_p05": 48.87881889343265,
  "summary_bg_p95": 83335.77187499993,
  "summary_bg_stdv": 53869.52734375,
  "summary_fg_k": 1.8916849435549983,
  "summary_fg_mad": 165513.6345178645,
  "summary_fg_mean": 1198775.75,
  "summary_fg_median": 1180318.875,
  "summary_fg_n": 14649.0,
  "summary_fg_p05": 950316.875,
  "summary_fg_p95": 1515670.8499999999,
  "summary_fg_stdv": 180686.609375,
  "tsnr": 98.11213684082031
}