{
  "aor": 0.0009120000000000002,
  "aqi": 0.0035156707586206895,
  "bids_meta": {
    "CogAtlasID": "trm_4c8a834779883",
    "EPIFactor": 39,
    "EchoTime": 0.035,
    "FlipAngle": 75.0,
    "MagneticFieldStrength": 3.0,
    "Manufacturer": "Philips",
    "ManufacturerModelName": "Achieva",
    "NumberOfEchoes": 1,
    "NumberOfSlices": 30,
    "PatientPosition": "Head First Supine",
    "PhaseEncodingDirection": "i",
    "PixelBandwidth": 3729.037176,
    "PreparationDirection": "Anterior-Posterior",
    "RepetitionTime": 1.67052,
    "ScanDuration": 247.0,
    "ScanMode": "MS",
    "ScanOptions": [
      "FS"
    ],
    "ScanningSequence": "FEEPI",
    "TaskDescription": "Resting state BOLD data were separated in three runs lasting four minutes each.",
    "TaskInstructions": " Subjects were asked to relax while fixating the central point in the middle of a grey-background screen that was projected on a LCD screen and viewed through a mirror placed above the subject head.",
    "TaskName": "Resting State",
    "dataset": "ds000133",
    "modality": "bold",
    "run_id": 3,
    "session_id": "post",
    "subject_id": "23",
    "task_id": "rest"
  },
  "dummy_trs": 0,
  "dvars_nstd": 17.213241623541666,
  "dvars_std": 1.219043740208333,
  "dvars_vstd": 0.9976268679861112,
  "efc": 0.38953109255646284,
  "fber": 330292.5625,
  "fd_mean": 0.19894638135015727,
  "fd_num": 62,
  "fd_perc": 42.758620689655174,
  "fwhm_avg": 1.8842383333333332,
  "fwhm_x": 1.8269925,
  "fwhm_y": 2.039635,
  "fwhm_z": 1.7860875,
  "gcor": 0.0306866,
  "gsr_x": -0.01533276867121458,
  "gsr_y": 0.005252248607575893,
  "provenance": {
    "md5sum": "9be06b0f9e968d1989797548f6a0b5d7",
    "settings": {
      "fd_thres": 0.2,
      "testing": false
    },
    "software": "mriqc",
    "version": "21.0.0rc2",
    "webapi_port": null,
    "webapi_url": "https://mriqc.nimh.nih.gov/api/v1"
  },
  "size_t": 145,
  "size_x": 64,
  "size_y": 64,
  "size_z": 30,
  "snr": 6.507659039912362,
  "spacing_tr": 1.670522928237915,
  "spacing_x": 4.0,
  "spacing_y": 4.0,
  "spacing_z": 4.0,
  "summary_bg_k": 148.1562746254632,
  "summary_bg_mad": 2787.009630053266,
  "summary_bg_mean": 17152.638671875,
  "summary_bg_median": 1979.137939453125,
  "summary_bg_n": 82682.0,
  "summary_bg_p05": 26.696830844879152,
  "summary_bg_p95": 80674.92460937498,
  "summary_bg_stdv": 52386.71484375,
  "summary_fg_k": 2.0166032462243964,
  "summary_fg_mad": 159627.98169831323,
  "summary_fg_mean": 1166615.5,
  "summary_fg_median": 1148336.125,
  "summary_fg_n": 14629.0,
  "summary_fg_p05": 923903.6,
  "summary_fg_p95": 1473520.2999999993,
  "summary_fg_stdv": 176453.140625,
  "tsnr": 94.23780822753906
}