{
  "aor": 0.0010175172413793103,
  "aqi": 0.0035557471724137935,
  "bids_meta": {
    "CogAtlasID": "trm_4c8a834779883",
    "EPIFactor": 39,
    "EchoTime": 0.035,
    "FlipAngle": 75.0,
    "MagneticFieldStrength": 3.0,
    "Manufacturer": "Philips",
    "ManufacturerModelName": "Achieva",
    "NumberOfEchoes": 1,
    "NumberOfSlices": 30,
    "PatientPosition": "Head First Supine",
    "PhaseEncodingDirection": "i",
    "PixelBandwidth": 3729.037176,
    "PreparationDirection": "Anterior-Posterior",
    "RepetitionTime": 1.67052,
    "ScanDuration": 247.0,
    "ScanMode": "MS",
    "ScanOptions": [
      "FS"
    ],
    "ScanningSequence": "FEEPI",
    "TaskDescription": "Resting state BOLD data were separated in three runs lasting four minutes each.",
    "TaskInstructions": " Subjects were asked to relax while fixating the central point in the middle of a grey-background screen that was projected on a LCD screen and viewed through a mirror placed above the subject head.",
    "TaskName": "Resting State",
    "dataset": "ds000133",
    "modality": "bold",
    "run_id": 1,
    "session_id": "post",
    "subject_id": "23",
    "task_id": "rest"
  },
  "dummy_trs": 0,
  "dvars_nstd": 17.915115482708323,
  "dvars_std": 1.2883360982638883,
  "dvars_vstd": 0.9987152046527777,
  "efc": 0.39042385930195456,
  "fber": 241737.75,
  "fd_mean": 0.12713560719911904,
  "fd_num": 15,
  "fd_perc": 10.344827586206897,
  "fwhm_avg": 1.8571408333333332,
  "fwhm_x": 1.7856125,
  "fwhm_y": 2.01638,
  "fwhm_z": 1.76943,
  "gcor": 0.0410521,
  "gsr_x": -0.015149234794080257,
  "gsr_y": 0.005268340930342674,
  "provenance": {
    "md5sum": "b4be83a45d91d55da8a5d18accc4c832",
    "settings": {
      "fd_thres": 0.2,
      "testing": false
    },
    "software": "mriqc",
    "version": "21.0.0rc2",
    "webapi_port": null,
    "webapi_url": "https://mriqc.nimh.nih.gov/api/v1"
  },
  "size_t": 145,
  "size_x": 64,
  "size_y": 64,
  "size_z": 30,
  "snr": 6.601635543605599,
  "spacing_tr": 1.670522928237915,
  "spacing_x": 4.0,
  "spacing_y": 4.0,
  "spacing_z": 4.0,
  "summary_bg_k": 148.42989040826495,
  "summary_bg_mad": 3206.3086298865655,
  "summary_bg_mean": 17475.005859375,
  "summary_bg_median": 2355.403076171875,
  "summary_bg_n": 82624.0,
  "summary_bg_p05": 38.99273109436035,
  "summary_bg_p95": 81187.31718749998,
  "summary_bg_stdv": 52472.48046875,
  "summary_fg_k": 1.9075892769914065,
  "summary_fg_mad": 163380.26258807362,
  "summary_fg_mean": 1191132.875,
  "summary_fg_median": 1173603.875,
  "summary_fg_n": 14672.0,
  "summary_fg_p05": 947239.925,
  "summary_fg_p95": 1501177.4749999999,
  "summary_fg_stdv": 177768.65625,
  "tsnr": 95.9449462890625
}