{
  "aor": 0.0011153103448275862,
  "aqi": 0.004441133103448275,
  "bids_meta": {
    "CogAtlasID": "trm_4c8a834779883",
    "EPIFactor": 39,
    "EchoTime": 0.035,
    "FlipAngle": 75.0,
    "MagneticFieldStrength": 3.0,
    "Manufacturer": "Philips",
    "ManufacturerModelName": "Achieva",
    "NumberOfEchoes": 1,
    "NumberOfSlices": 30,
    "PatientPosition": "Head First Supine",
    "PhaseEncodingDirection": "i",
    "PixelBandwidth": 3733.3803359999997,
    "PreparationDirection": "Anterior-Posterior",
    "RepetitionTime": 1.67088,
    "ScanDuration": 247.0,
    "ScanMode": "MS",
    "ScanOptions": [
      "FS"
    ],
    "ScanningSequence": "FEEPI",
    "TaskDescription": "Resting state BOLD data were separated in three runs lasting four minutes each.",
    "TaskInstructions": " Subjects were asked to relax while fixating the central point in the middle of a grey-background screen that was projected on a LCD screen and viewed through a mirror placed above the subject head.",
    "TaskName": "Resting State",
    "dataset": "ds000133",
    "modality": "bold",
    "run_id": 2,
    "session_id": "pre",
    "subject_id": "04",
    "task_id": "rest"
  },
  "dummy_trs": 0,
  "dvars_nstd": 21.058552827847205,
  "dvars_std": 1.408608481736111,
  "dvars_vstd": 0.9822894531944443,
  "efc": 0.37224236915984305,
  "fber": 292947.125,
  "fd_mean": 0.13133434768150276,
  "fd_num": 24,
  "fd_perc": 16.551724137931036,
  "fwhm_avg": 1.9150883333333333,
  "fwhm_x": 1.8543475,
  "fwhm_y": 2.073295,
  "fwhm_z": 1.8176225,
  "gcor": 0.0539032,
  "gsr_x": -0.012515283189713955,
  "gsr_y": 0.004793655127286911,
  "provenance": {
    "md5sum": "f97b00d908e9817a973a73a79f701fd5",
    "settings": {
      "fd_thres": 0.2,
      "testing": false
    },
    "software": "mriqc",
    "version": "21.0.0rc2",
    "webapi_port": null,
    "webapi_url": "https://mriqc.nimh.nih.gov/api/v1"
  },
  "size_t": 145,
  "size_x": 64,
  "size_y": 64,
  "size_z": 30,
  "snr": 6.372059145735359,
  "spacing_tr": 1.6708769798278809,
  "spacing_x": 4.0,
  "spacing_y": 4.0,
  "spacing_z": 4.0,
  "summary_bg_k": 112.74563799625525,
  "summary_bg_mad": 3754.8216694503462,
  "summary_bg_mean": 18474.30078125,
  "summary_bg_median": 2854.77587890625,
  "summary_bg_n": 84068.0,
  "summary_bg_p05": 66.97285346984863,
  "summary_bg_p95": 85509.6765625,
  "summary_bg_stdv": 58950.62109375,
  "summary_fg_k": 1.614205649856971,
  "summary_fg_mad": 217575.58207124335,
  "summary_fg_mean": 1526521.5,
  "summary_fg_median": 1510693.375,
  "summary_fg_n": 14045.0,
  "summary_fg_p05": 1176660.475,
  "summary_fg_p95": 1922001.4749999999,
  "summary_fg_stdv": 237072.4375,
  "tsnr": 83.62423706054688
}