{
  "aor": 0.0010709655172413792,
  "aqi": 0.0038513466206896553,
  "bids_meta": {
    "CogAtlasID": "trm_4c8a834779883",
    "EPIFactor": 39,
    "EchoTime": 0.035,
    "FlipAngle": 75.0,
    "MagneticFieldStrength": 3.0,
    "Manufacturer": "Philips",
    "ManufacturerModelName": "Achieva",
    "NumberOfEchoes": 1,
    "NumberOfSlices": 30,
    "PatientPosition": "Head First Supine",
    "PhaseEncodingDirection": "i",
    "PixelBandwidth": 3733.3803359999997,
    "PreparationDirection": "Anterior-Posterior",
    "RepetitionTime": 1.67088,
    "ScanDuration": 247.0,
    "ScanMode": "MS",
    "ScanOptions": [
      "FS"
    ],
    "ScanningSequence": "FEEPI",
    "TaskDescription": "Resting state BOLD data were separated in three runs lasting four minutes each.",
    "TaskInstructions": " Subjects were asked to relax while fixating the central point in the middle of a grey-background screen that was projected on a LCD screen and viewed through a mirror placed above the subject head.",
    "TaskName": "Resting State",
    "dataset": "ds000133",
    "modality": "bold",
    "run_id": 3,
    "session_id": "pre",
    "subject_id": "04",
    "task_id": "rest"
  },
  "dummy_trs": 0,
  "dvars_nstd": 21.580190817291655,
  "dvars_std": 1.4207763303472218,
  "dvars_vstd": 0.9921330088888887,
  "efc": 0.3724438686705999,
  "fber": 286738.96875,
  "fd_mean": 0.16046368958971777,
  "fd_num": 51,
  "fd_perc": 35.172413793103445,
  "fwhm_avg": 1.927325,
  "fwhm_x": 1.8674025,
  "fwhm_y": 2.09272,
  "fwhm_z": 1.8218525,
  "gcor": 0.0667869,
  "gsr_x": -0.012174462899565697,
  "gsr_y": 0.004831613041460514,
  "provenance": {
    "md5sum": "39f846b6c5c5af958bccb09e4251ca5d",
    "settings": {
      "fd_thres": 0.2,
      "testing": false
    },
    "software": "mriqc",
    "version": "21.0.0rc2",
    "webapi_port": null,
    "webapi_url": "https://mriqc.nimh.nih.gov/api/v1"
  },
  "size_t": 145,
  "size_x": 64,
  "size_y": 64,
  "size_z": 30,
  "snr": 6.379745110039777,
  "spacing_tr": 1.6708769798278809,
  "spacing_x": 4.0,
  "spacing_y": 4.0,
  "spacing_z": 4.0,
  "summary_bg_k": 125.86483502791441,
  "summary_bg_mad": 3624.9849112244256,
  "summary_bg_mean": 18272.251953125,
  "summary_bg_median": 2842.05078125,
  "summary_bg_n": 84030.0,
  "summary_bg_p05": 92.00871086120605,
  "summary_bg_p95": 85093.08398437506,
  "summary_bg_stdv": 57972.32421875,
  "summary_fg_k": 1.7113156523336297,
  "summary_fg_mad": 214060.42487380523,
  "summary_fg_mean": 1504198.75,
  "summary_fg_median": 1488661.375,
  "summary_fg_n": 14092.0,
  "summary_fg_p05": 1156367.05,
  "summary_fg_p95": 1896957.98125,
  "summary_fg_stdv": 233333.546875,
  "tsnr": 89.62171936035156
}