{
  "aor": 0.01254896551724138,
  "aqi": 0.006131363655172414,
  "bids_meta": {
    "CogAtlasID": "trm_4c8a834779883",
    "EPIFactor": 39,
    "EchoTime": 0.035,
    "FlipAngle": 75.0,
    "MagneticFieldStrength": 3.0,
    "Manufacturer": "Philips",
    "ManufacturerModelName": "Achieva",
    "NumberOfEchoes": 1,
    "NumberOfSlices": 30,
    "PatientPosition": "Head First Supine",
    "PhaseEncodingDirection": "i",
    "PixelBandwidth": 3729.037176,
    "PreparationDirection": "Anterior-Posterior",
    "RepetitionTime": 1.67053,
    "ScanDuration": 247.0,
    "ScanMode": "MS",
    "ScanOptions": [
      "FS"
    ],
    "ScanningSequence": "FEEPI",
    "TaskDescription": "Resting state BOLD data were separated in three runs lasting four minutes each.",
    "TaskInstructions": " Subjects were asked to relax while fixating the central point in the middle of a grey-background screen that was projected on a LCD screen and viewed through a mirror placed above the subject head.",
    "TaskName": "Resting State",
    "dataset": "ds000133",
    "modality": "bold",
    "run_id": 1,
    "session_id": "pre",
    "subject_id": "14",
    "task_id": "rest"
  },
  "dummy_trs": 0,
  "dvars_nstd": 27.09636372993055,
  "dvars_std": 1.3362759442361112,
  "dvars_vstd": 1.1410253754861113,
  "efc": 0.3618654266513001,
  "fber": 262778.34375,
  "fd_mean": 0.6029988758075582,
  "fd_num": 141,
  "fd_perc": 97.24137931034483,
  "fwhm_avg": 1.7849033333333333,
  "fwhm_x": 1.7080525,
  "fwhm_y": 1.998205,
  "fwhm_z": 1.6484525,
  "gcor": 0.10072,
  "gsr_x": -0.015428067184984684,
  "gsr_y": 0.005734151229262352,
  "provenance": {
    "md5sum": "74909c0fd10c83e4afd5bdea8c504bfd",
    "settings": {
      "fd_thres": 0.2,
      "testing": false
    },
    "software": "mriqc",
    "version": "21.0.0rc2",
    "webapi_port": null,
    "webapi_url": "https://mriqc.nimh.nih.gov/api/v1"
  },
  "size_t": 145,
  "size_x": 64,
  "size_y": 64,
  "size_z": 30,
  "snr": 5.96616869651457,
  "spacing_tr": 1.6705260276794434,
  "spacing_x": 4.0,
  "spacing_y": 4.0,
  "spacing_z": 4.0,
  "summary_bg_k": 113.17259418532244,
  "summary_bg_mad": 3802.5485840371243,
  "summary_bg_mean": 18848.810546875,
  "summary_bg_median": 3057.3466796875,
  "summary_bg_n": 84974.0,
  "summary_bg_p05": 174.72628555297854,
  "summary_bg_p95": 92607.86796874923,
  "summary_bg_stdv": 59004.80859375,
  "summary_fg_k": 1.4245225613710213,
  "summary_fg_mad": 230887.5894032892,
  "summary_fg_mean": 1496363.875,
  "summary_fg_median": 1473418.0,
  "summary_fg_n": 13322.0,
  "summary_fg_p05": 1143935.25625,
  "summary_fg_p95": 1916821.36875,
  "summary_fg_stdv": 246952.90625,
  "tsnr": 63.503021240234375
}