{
  "aor": 0.0036378472222222216,
  "aqi": 0.004313889930555555,
  "bids_meta": {
    "CogAtlasID": "trm_4c8a834779883",
    "EPIFactor": 39,
    "EchoTime": 0.035,
    "FlipAngle": 75.0,
    "MagneticFieldStrength": 3.0,
    "Manufacturer": "Philips",
    "ManufacturerModelName": "Achieva",
    "NumberOfEchoes": 1,
    "NumberOfSlices": 30,
    "PatientPosition": "Head First Supine",
    "PhaseEncodingDirection": "i",
    "PixelBandwidth": 3732.0773879999997,
    "PreparationDirection": "Anterior-Posterior",
    "RepetitionTime": 1.67082,
    "ScanDuration": 247.0,
    "ScanMode": "MS",
    "ScanOptions": [
      "FS"
    ],
    "ScanningSequence": "FEEPI",
    "TaskDescription": "Resting state BOLD data were separated in three runs lasting four minutes each.",
    "TaskInstructions": " Subjects were asked to relax while fixating the central point in the middle of a grey-background screen that was projected on a LCD screen and viewed through a mirror placed above the subject head.",
    "TaskName": "Resting State",
    "dataset": "ds000133",
    "modality": "bold",
    "run_id": 2,
    "session_id": "pre",
    "subject_id": "03",
    "task_id": "rest"
  },
  "dummy_trs": 1,
  "dvars_nstd": 15.873528833986011,
  "dvars_std": 1.1589629286013985,
  "dvars_vstd": 1.0154501062937062,
  "efc": 0.36645052855504534,
  "fber": 263730.46875,
  "fd_mean": 0.14923338400988573,
  "fd_num": 28,
  "fd_perc": 19.444444444444443,
  "fwhm_avg": 1.7676383333333334,
  "fwhm_x": 1.680905,
  "fwhm_y": 1.9283825,
  "fwhm_z": 1.6936275,
  "gcor": 0.0858999,
  "gsr_x": -0.016025973483920097,
  "gsr_y": -0.0006899895961396396,
  "provenance": {
    "md5sum": "16f4bcb9cffd7fa073559918ae77a52b",
    "settings": {
      "fd_thres": 0.2,
      "testing": false
    },
    "software": "mriqc",
    "version": "21.0.0rc2",
    "webapi_port": null,
    "webapi_url": "https://mriqc.nimh.nih.gov/api/v1"
  },
  "size_t": 144,
  "size_x": 64,
  "size_y": 64,
  "size_z": 30,
  "snr": 6.824506528071538,
  "spacing_tr": 1.6708229780197144,
  "spacing_x": 4.0,
  "spacing_y": 4.0,
  "spacing_z": 4.0,
  "summary_bg_k": 68.86808003083513,
  "summary_bg_mad": 3778.445099742723,
  "summary_bg_mean": 21880.591796875,
  "summary_bg_median": 2948.002685546875,
  "summary_bg_n": 85467.0,
  "summary_bg_p05": 71.29853820800781,
  "summary_bg_p95": 104571.11718749991,
  "summary_bg_stdv": 67234.9140625,
  "summary_fg_k": 2.0998259684008067,
  "summary_fg_mad": 200531.58696730295,
  "summary_fg_mean": 1503986.0,
  "summary_fg_median": 1488859.25,
  "summary_fg_n": 12987.0,
  "summary_fg_p05": 1191464.5,
  "summary_fg_p95": 1867031.9749999996,
  "summary_fg_stdv": 218155.25,
  "tsnr": 87.40987396240234
}