{
  "aor": 0.003941736111111111,
  "aqi": 0.006278116041666667,
  "bids_meta": {
    "CogAtlasID": "trm_4c8a834779883",
    "EPIFactor": 39,
    "EchoTime": 0.035,
    "FlipAngle": 75.0,
    "MagneticFieldStrength": 3.0,
    "Manufacturer": "Philips",
    "ManufacturerModelName": "Achieva",
    "NumberOfEchoes": 1,
    "NumberOfSlices": 30,
    "PatientPosition": "Head First Supine",
    "PhaseEncodingDirection": "i",
    "PixelBandwidth": 3732.0773879999997,
    "PreparationDirection": "Anterior-Posterior",
    "RepetitionTime": 1.67082,
    "ScanDuration": 247.0,
    "ScanMode": "MS",
    "ScanOptions": [
      "FS"
    ],
    "ScanningSequence": "FEEPI",
    "TaskDescription": "Resting state BOLD data were separated in three runs lasting four minutes each.",
    "TaskInstructions": " Subjects were asked to relax while fixating the central point in the middle of a grey-background screen that was projected on a LCD screen and viewed through a mirror placed above the subject head.",
    "TaskName": "Resting State",
    "dataset": "ds000133",
    "modality": "bold",
    "run_id": 3,
    "session_id": "pre",
    "subject_id": "03",
    "task_id": "rest"
  },
  "dummy_trs": 1,
  "dvars_nstd": 18.153406069230762,
  "dvars_std": 1.136895186363636,
  "dvars_vstd": 0.9961348751748254,
  "efc": 0.36658918018713377,
  "fber": 267814.40625,
  "fd_mean": 0.19081413527838456,
  "fd_num": 37,
  "fd_perc": 25.694444444444443,
  "fwhm_avg": 1.754065,
  "fwhm_x": 1.6653875,
  "fwhm_y": 1.9245825,
  "fwhm_z": 1.672225,
  "gcor": 0.0627811,
  "gsr_x": -0.01628096029162407,
  "gsr_y": -0.0006163700018078089,
  "provenance": {
    "md5sum": "880be1e35a36bf37ecc4481401d28590",
    "settings": {
      "fd_thres": 0.2,
      "testing": false
    },
    "software": "mriqc",
    "version": "21.0.0rc2",
    "webapi_port": null,
    "webapi_url": "https://mriqc.nimh.nih.gov/api/v1"
  },
  "size_t": 144,
  "size_x": 64,
  "size_y": 64,
  "size_z": 30,
  "snr": 6.88463271364767,
  "spacing_tr": 1.6708229780197144,
  "spacing_x": 4.0,
  "spacing_y": 4.0,
  "spacing_z": 4.0,
  "summary_bg_k": 74.29956863226329,
  "summary_bg_mad": 3783.667756993119,
  "summary_bg_mean": 21815.419921875,
  "summary_bg_median": 2898.58642578125,
  "summary_bg_n": 85464.0,
  "summary_bg_p05": 66.12454223632812,
  "summary_bg_p95": 104279.25390624981,
  "summary_bg_stdv": 67241.2265625,
  "summary_fg_k": 2.1527062314101517,
  "summary_fg_mad": 195922.73264580098,
  "summary_fg_mean": 1489421.75,
  "summary_fg_median": 1474031.0,
  "summary_fg_n": 12990.0,
  "summary_fg_p05": 1184224.66875,
  "summary_fg_p95": 1845298.5687499999,
  "summary_fg_stdv": 214096.28125,
  "tsnr": 74.5422592163086
}