{
  "aor": 0.003970827586206896,
  "aqi": 0.004362400413793103,
  "bids_meta": {
    "CogAtlasID": "trm_4c8a834779883",
    "EPIFactor": 39,
    "EchoTime": 0.035,
    "FlipAngle": 75.0,
    "MagneticFieldStrength": 3.0,
    "Manufacturer": "Philips",
    "ManufacturerModelName": "Achieva",
    "NumberOfEchoes": 1,
    "NumberOfSlices": 30,
    "PatientPosition": "Head First Supine",
    "PhaseEncodingDirection": "i",
    "PixelBandwidth": 3732.0773879999997,
    "PreparationDirection": "Anterior-Posterior",
    "RepetitionTime": 1.67082,
    "ScanDuration": 247.0,
    "ScanMode": "MS",
    "ScanOptions": [
      "FS"
    ],
    "ScanningSequence": "FEEPI",
    "TaskDescription": "Resting state BOLD data were separated in three runs lasting four minutes each.",
    "TaskInstructions": " Subjects were asked to relax while fixating the central point in the middle of a grey-background screen that was projected on a LCD screen and viewed through a mirror placed above the subject head.",
    "TaskName": "Resting State",
    "dataset": "ds000133",
    "modality": "bold",
    "run_id": 1,
    "session_id": "pre",
    "subject_id": "03",
    "task_id": "rest"
  },
  "dummy_trs": 0,
  "dvars_nstd": 16.508669455555562,
  "dvars_std": 1.168188983125,
  "dvars_vstd": 1.0279507240277779,
  "efc": 0.3660284523051131,
  "fber": 252367.609375,
  "fd_mean": 0.15358222335729582,
  "fd_num": 29,
  "fd_perc": 20.0,
  "fwhm_avg": 1.7541650000000002,
  "fwhm_x": 1.667155,
  "fwhm_y": 1.9157025,
  "fwhm_z": 1.6796375,
  "gcor": 0.0832955,
  "gsr_x": -0.015994563698768616,
  "gsr_y": -0.0006075365818105638,
  "provenance": {
    "md5sum": "b1f7f62fa8379277eeef8f4252a36ce5",
    "settings": {
      "fd_thres": 0.2,
      "testing": false
    },
    "software": "mriqc",
    "version": "21.0.0rc2",
    "webapi_port": null,
    "webapi_url": "https://mriqc.nimh.nih.gov/api/v1"
  },
  "size_t": 145,
  "size_x": 64,
  "size_y": 64,
  "size_z": 30,
  "snr": 6.84937207920296,
  "spacing_tr": 1.6708229780197144,
  "spacing_x": 4.0,
  "spacing_y": 4.0,
  "spacing_z": 4.0,
  "summary_bg_k": 70.3285274131277,
  "summary_bg_mad": 3878.0581602254324,
  "summary_bg_mean": 21966.09765625,
  "summary_bg_median": 3035.1708984375,
  "summary_bg_n": 85521.0,
  "summary_bg_p05": 83.93745422363281,
  "summary_bg_p95": 103485.96875,
  "summary_bg_stdv": 67655.921875,
  "summary_fg_k": 2.2576771250976515,
  "summary_fg_mad": 199892.77073640435,
  "summary_fg_mean": 1511484.375,
  "summary_fg_median": 1496259.625,
  "summary_fg_n": 12956.0,
  "summary_fg_p05": 1197935.28125,
  "summary_fg_p95": 1875869.46875,
  "summary_fg_stdv": 218443.65625,
  "tsnr": 86.34060668945312
}