{
  "aor": 0.0010472413793103448,
  "aqi": 0.0028609252413793105,
  "bids_meta": {
    "CogAtlasID": "trm_4c8a834779883",
    "EPIFactor": 39,
    "EchoTime": 0.035,
    "FlipAngle": 75.0,
    "MagneticFieldStrength": 3.0,
    "Manufacturer": "Philips",
    "ManufacturerModelName": "Achieva",
    "NumberOfEchoes": 1,
    "NumberOfSlices": 30,
    "PatientPosition": "Head First Supine",
    "PhaseEncodingDirection": "i",
    "PixelBandwidth": 3725.996964,
    "PreparationDirection": "Anterior-Posterior",
    "RepetitionTime": 1.67031,
    "ScanDuration": 247.0,
    "ScanMode": "MS",
    "ScanOptions": [
      "FS"
    ],
    "ScanningSequence": "FEEPI",
    "TaskDescription": "Resting state BOLD data were separated in three runs lasting four minutes each.",
    "TaskInstructions": " Subjects were asked to relax while fixating the central point in the middle of a grey-background screen that was projected on a LCD screen and viewed through a mirror placed above the subject head.",
    "TaskName": "Resting State",
    "dataset": "ds000133",
    "modality": "bold",
    "run_id": 1,
    "session_id": "pre",
    "subject_id": "19",
    "task_id": "rest"
  },
  "dummy_trs": 0,
  "dvars_nstd": 22.107477036111117,
  "dvars_std": 1.5513875726388893,
  "dvars_vstd": 0.9700533489583337,
  "efc": 0.3575395016732032,
  "fber": 421647.34375,
  "fd_mean": 0.09038925079400222,
  "fd_num": 11,
  "fd_perc": 7.586206896551724,
  "fwhm_avg": 1.8266033333333331,
  "fwhm_x": 1.810765,
  "fwhm_y": 1.9847975,
  "fwhm_z": 1.6842475,
  "gcor": 0.0588868,
  "gsr_x": -0.01098851952701807,
  "gsr_y": -0.002978396601974964,
  "provenance": {
    "md5sum": "8cf1440d75dc7714429bd2bf49d45c10",
    "settings": {
      "fd_thres": 0.2,
      "testing": false
    },
    "software": "mriqc",
    "version": "21.0.0rc2",
    "webapi_port": null,
    "webapi_url": "https://mriqc.nimh.nih.gov/api/v1"
  },
  "size_t": 145,
  "size_x": 64,
  "size_y": 64,
  "size_z": 30,
  "snr": 5.898914633664906,
  "spacing_tr": 1.6703100204467773,
  "spacing_x": 4.0,
  "spacing_y": 4.0,
  "spacing_z": 4.0,
  "summary_bg_k": 182.9791235286552,
  "summary_bg_mad": 3051.549999357278,
  "summary_bg_mean": 17970.58984375,
  "summary_bg_median": 2191.2373046875,
  "summary_bg_n": 85370.0,
  "summary_bg_p05": 26.04991340637207,
  "summary_bg_p95": 80789.55,
  "summary_bg_stdv": 65071.859375,
  "summary_fg_k": 2.297896503770061,
  "summary_fg_mad": 218062.43157474513,
  "summary_fg_mean": 1445645.75,
  "summary_fg_median": 1423250.0,
  "summary_fg_n": 12242.0,
  "summary_fg_p05": 1106250.64375,
  "summary_fg_p95": 1848202.6124999998,
  "summary_fg_stdv": 241263.34375,
  "tsnr": 94.90337371826172
}