{
  "aor": 0.0013837241379310345,
  "aqi": 0.005726394,
  "bids_meta": {
    "CogAtlasID": "trm_4c8a834779883",
    "EPIFactor": 39,
    "EchoTime": 0.035,
    "FlipAngle": 75.0,
    "MagneticFieldStrength": 3.0,
    "Manufacturer": "Philips",
    "ManufacturerModelName": "Achieva",
    "NumberOfEchoes": 1,
    "NumberOfSlices": 30,
    "PatientPosition": "Head First Supine",
    "PhaseEncodingDirection": "i",
    "PixelBandwidth": 3743.8039199999994,
    "PreparationDirection": "Anterior-Posterior",
    "RepetitionTime": 1.67175,
    "ScanDuration": 247.0,
    "ScanMode": "MS",
    "ScanOptions": [
      "FS"
    ],
    "ScanningSequence": "FEEPI",
    "TaskDescription": "Resting state BOLD data were separated in three runs lasting four minutes each.",
    "TaskInstructions": " Subjects were asked to relax while fixating the central point in the middle of a grey-background screen that was projected on a LCD screen and viewed through a mirror placed above the subject head.",
    "TaskName": "Resting State",
    "dataset": "ds000133",
    "modality": "bold",
    "run_id": 3,
    "session_id": "pre",
    "subject_id": "24",
    "task_id": "rest"
  },
  "dummy_trs": 0,
  "dvars_nstd": 20.16123937229166,
  "dvars_std": 1.427380033819444,
  "dvars_vstd": 0.9463569291666667,
  "efc": 0.38193841507651416,
  "fber": 336488.5,
  "fd_mean": 0.08914413615746736,
  "fd_num": 9,
  "fd_perc": 6.206896551724138,
  "fwhm_avg": 1.8562008333333333,
  "fwhm_x": 1.816505,
  "fwhm_y": 1.99551,
  "fwhm_z": 1.7565875,
  "gcor": 0.0271706,
  "gsr_x": -0.01723635010421276,
  "gsr_y": 0.003012367757037282,
  "provenance": {
    "md5sum": "5919f6769fa2de9be76a19f4d08f11ee",
    "settings": {
      "fd_thres": 0.2,
      "testing": false
    },
    "software": "mriqc",
    "version": "21.0.0rc2",
    "webapi_port": null,
    "webapi_url": "https://mriqc.nimh.nih.gov/api/v1"
  },
  "size_t": 145,
  "size_x": 64,
  "size_y": 64,
  "size_z": 30,
  "snr": 6.462405432926959,
  "spacing_tr": 1.6717469692230225,
  "spacing_x": 4.0,
  "spacing_y": 4.0,
  "spacing_z": 4.0,
  "summary_bg_k": 209.20302676411984,
  "summary_bg_mad": 2870.4589815859226,
  "summary_bg_mean": 15432.7294921875,
  "summary_bg_median": 2161.33056640625,
  "summary_bg_n": 83202.0,
  "summary_bg_p05": 52.53567962646485,
  "summary_bg_p95": 82470.34570312491,
  "summary_bg_stdv": 47094.6171875,
  "summary_fg_k": 2.461314293923496,
  "summary_fg_mad": 167271.2594479029,
  "summary_fg_mean": 1252728.0,
  "summary_fg_median": 1234375.625,
  "summary_fg_n": 14892.0,
  "summary_fg_p05": 988305.91875,
  "summary_fg_p95": 1580074.0437499997,
  "summary_fg_stdv": 191002.28125,
  "tsnr": 89.70634460449219
}