{
  "aor": 0.001313793103448276,
  "aqi": 0.004915785034482759,
  "bids_meta": {
    "CogAtlasID": "trm_4c8a834779883",
    "EPIFactor": 39,
    "EchoTime": 0.035,
    "FlipAngle": 75.0,
    "MagneticFieldStrength": 3.0,
    "Manufacturer": "Philips",
    "ManufacturerModelName": "Achieva",
    "NumberOfEchoes": 1,
    "NumberOfSlices": 30,
    "PatientPosition": "Head First Supine",
    "PhaseEncodingDirection": "i",
    "PixelBandwidth": 3730.340124,
    "PreparationDirection": "Anterior-Posterior",
    "RepetitionTime": 1.67065,
    "ScanDuration": 247.0,
    "ScanMode": "MS",
    "ScanOptions": [
      "FS"
    ],
    "ScanningSequence": "FEEPI",
    "TaskDescription": "Resting state BOLD data were separated in three runs lasting four minutes each.",
    "TaskInstructions": " Subjects were asked to relax while fixating the central point in the middle of a grey-background screen that was projected on a LCD screen and viewed through a mirror placed above the subject head.",
    "TaskName": "Resting State",
    "dataset": "ds000133",
    "modality": "bold",
    "run_id": 1,
    "session_id": "pre",
    "subject_id": "15",
    "task_id": "rest"
  },
  "dummy_trs": 0,
  "dvars_nstd": 19.66631642972222,
  "dvars_std": 1.180092470763889,
  "dvars_vstd": 0.9841009678472223,
  "efc": 0.3600682447591639,
  "fber": 274390.25,
  "fd_mean": 0.24755293865130984,
  "fd_num": 93,
  "fd_perc": 64.13793103448276,
  "fwhm_avg": 1.8141575,
  "fwhm_x": 1.741265,
  "fwhm_y": 2.0099775,
  "fwhm_z": 1.69123,
  "gcor": 0.0368421,
  "gsr_x": -0.015718858689069748,
  "gsr_y": -0.0013674662914127111,
  "provenance": {
    "md5sum": "c64365c774f69d1805e0e07e6567487a",
    "settings": {
      "fd_thres": 0.2,
      "testing": false
    },
    "software": "mriqc",
    "version": "21.0.0rc2",
    "webapi_port": null,
    "webapi_url": "https://mriqc.nimh.nih.gov/api/v1"
  },
  "size_t": 145,
  "size_x": 64,
  "size_y": 64,
  "size_z": 30,
  "snr": 6.2308265745260165,
  "spacing_tr": 1.6706520318984985,
  "spacing_x": 4.0,
  "spacing_y": 4.0,
  "spacing_z": 4.0,
  "summary_bg_k": 81.686084571329,
  "summary_bg_mad": 3943.2349246722347,
  "summary_bg_mean": 21528.826171875,
  "summary_bg_median": 3074.36474609375,
  "summary_bg_n": 85915.0,
  "summary_bg_p05": 89.1737808227539,
  "summary_bg_p95": 102893.64765625002,
  "summary_bg_stdv": 69656.5625,
  "summary_fg_k": 2.9743325241275187,
  "summary_fg_mad": 212204.4848841522,
  "summary_fg_mean": 1565813.5,
  "summary_fg_median": 1547310.25,
  "summary_fg_n": 12508.0,
  "summary_fg_p05": 1231111.4375,
  "summary_fg_p95": 1982896.96875,
  "summary_fg_stdv": 248321.53125,
  "tsnr": 77.9761962890625
}