{
  "aor": 0.003048137931034483,
  "aqi": 0.004158505931034484,
  "bids_meta": {
    "CogAtlasID": "trm_4c8a834779883",
    "EPIFactor": 39,
    "EchoTime": 0.035,
    "FlipAngle": 75.0,
    "MagneticFieldStrength": 3.0,
    "Manufacturer": "Philips",
    "ManufacturerModelName": "Achieva",
    "NumberOfEchoes": 1,
    "NumberOfSlices": 30,
    "PatientPosition": "Head First Supine",
    "PhaseEncodingDirection": "i",
    "PixelBandwidth": 3730.340124,
    "PreparationDirection": "Anterior-Posterior",
    "RepetitionTime": 1.67065,
    "ScanDuration": 247.0,
    "ScanMode": "MS",
    "ScanOptions": [
      "FS"
    ],
    "ScanningSequence": "FEEPI",
    "TaskDescription": "Resting state BOLD data were separated in three runs lasting four minutes each.",
    "TaskInstructions": " Subjects were asked to relax while fixating the central point in the middle of a grey-background screen that was projected on a LCD screen and viewed through a mirror placed above the subject head.",
    "TaskName": "Resting State",
    "dataset": "ds000133",
    "modality": "bold",
    "run_id": 2,
    "session_id": "pre",
    "subject_id": "15",
    "task_id": "rest"
  },
  "dummy_trs": 0,
  "dvars_nstd": 15.80427953916666,
  "dvars_std": 1.1496082602083335,
  "dvars_vstd": 0.9929625963194445,
  "efc": 0.3600728209167596,
  "fber": 268831.28125,
  "fd_mean": 0.176224924272248,
  "fd_num": 39,
  "fd_perc": 26.896551724137932,
  "fwhm_avg": 1.838095,
  "fwhm_x": 1.77875,
  "fwhm_y": 2.0069575,
  "fwhm_z": 1.7285775,
  "gcor": 0.0546136,
  "gsr_x": -0.015636734664440155,
  "gsr_y": -0.0011786858085542917,
  "provenance": {
    "md5sum": "24e72251f0f1d07f64b0a2fc8e44ee79",
    "settings": {
      "fd_thres": 0.2,
      "testing": false
    },
    "software": "mriqc",
    "version": "21.0.0rc2",
    "webapi_port": null,
    "webapi_url": "https://mriqc.nimh.nih.gov/api/v1"
  },
  "size_t": 145,
  "size_x": 64,
  "size_y": 64,
  "size_z": 30,
  "snr": 6.204712204783372,
  "spacing_tr": 1.6706520318984985,
  "spacing_x": 4.0,
  "spacing_y": 4.0,
  "spacing_z": 4.0,
  "summary_bg_k": 85.86027426913698,
  "summary_bg_mad": 3906.9141565171635,
  "summary_bg_mean": 21562.841796875,
  "summary_bg_median": 3082.934326171875,
  "summary_bg_n": 85911.0,
  "summary_bg_p05": 109.06095886230469,
  "summary_bg_p95": 102607.625,
  "summary_bg_stdv": 70171.0703125,
  "summary_fg_k": 2.7345938489237627,
  "summary_fg_mad": 213998.9895443759,
  "summary_fg_mean": 1564623.125,
  "summary_fg_median": 1546936.875,
  "summary_fg_n": 12557.0,
  "summary_fg_p05": 1221993.6,
  "summary_fg_p95": 1984067.7,
  "summary_fg_stdv": 249306.53125,
  "tsnr": 84.30955505371094
}