{
  "aor": 0.0010430344827586208,
  "aqi": 0.0037816414482758623,
  "bids_meta": {
    "CogAtlasID": "trm_4c8a834779883",
    "EPIFactor": 39,
    "EchoTime": 0.035,
    "FlipAngle": 75.0,
    "MagneticFieldStrength": 3.0,
    "Manufacturer": "Philips",
    "ManufacturerModelName": "Achieva",
    "NumberOfEchoes": 1,
    "NumberOfSlices": 30,
    "PatientPosition": "Head First Supine",
    "PhaseEncodingDirection": "i",
    "PixelBandwidth": 3736.4205479999996,
    "PreparationDirection": "Anterior-Posterior",
    "RepetitionTime": 1.67112,
    "ScanDuration": 247.0,
    "ScanMode": "MS",
    "ScanOptions": [
      "FS"
    ],
    "ScanningSequence": "FEEPI",
    "TaskDescription": "Resting state BOLD data were separated in three runs lasting four minutes each.",
    "TaskInstructions": " Subjects were asked to relax while fixating the central point in the middle of a grey-background screen that was projected on a LCD screen and viewed through a mirror placed above the subject head.",
    "TaskName": "Resting State",
    "dataset": "ds000133",
    "modality": "bold",
    "run_id": 3,
    "session_id": "post",
    "subject_id": "04",
    "task_id": "rest"
  },
  "dummy_trs": 0,
  "dvars_nstd": 21.089170899652785,
  "dvars_std": 1.5221913595138887,
  "dvars_vstd": 0.9964519172222226,
  "efc": 0.3727252429321184,
  "fber": 379143.46875,
  "fd_mean": 0.1328167332305881,
  "fd_num": 43,
  "fd_perc": 29.655172413793103,
  "fwhm_avg": 1.9160599999999999,
  "fwhm_x": 1.8696275,
  "fwhm_y": 2.090895,
  "fwhm_z": 1.7876575,
  "gcor": 0.059337,
  "gsr_x": -0.013846196234226227,
  "gsr_y": 0.005763661116361618,
  "provenance": {
    "md5sum": "98ee914d85af19024fb564efc07de455",
    "settings": {
      "fd_thres": 0.2,
      "testing": false
    },
    "software": "mriqc",
    "version": "21.0.0rc2",
    "webapi_port": null,
    "webapi_url": "https://mriqc.nimh.nih.gov/api/v1"
  },
  "size_t": 145,
  "size_x": 64,
  "size_y": 64,
  "size_z": 30,
  "snr": 6.457061449392957,
  "spacing_tr": 1.671120047569275,
  "spacing_x": 4.0,
  "spacing_y": 4.0,
  "spacing_z": 4.0,
  "summary_bg_k": 128.3546875078669,
  "summary_bg_mad": 3227.606660042509,
  "summary_bg_mean": 18970.369140625,
  "summary_bg_median": 2471.9052734375,
  "summary_bg_n": 84069.0,
  "summary_bg_p05": 61.6266212463379,
  "summary_bg_p95": 89658.91093749992,
  "summary_bg_stdv": 62651.06640625,
  "summary_fg_k": 1.7214634900848838,
  "summary_fg_mad": 213705.80495566642,
  "summary_fg_mean": 1525598.125,
  "summary_fg_median": 1508053.625,
  "summary_fg_n": 14032.0,
  "summary_fg_p05": 1184025.5875,
  "summary_fg_p95": 1914027.0312499995,
  "summary_fg_stdv": 233542.75,
  "tsnr": 96.06143188476562
}