{
  "aor": 0.001470344827586207,
  "aqi": 0.004815824344827586,
  "bids_meta": {
    "CogAtlasID": "trm_4c8a834779883",
    "EPIFactor": 39,
    "EchoTime": 0.035,
    "FlipAngle": 75.0,
    "MagneticFieldStrength": 3.0,
    "Manufacturer": "Philips",
    "ManufacturerModelName": "Achieva",
    "NumberOfEchoes": 1,
    "NumberOfSlices": 30,
    "PatientPosition": "Head First Supine",
    "PhaseEncodingDirection": "i",
    "PixelBandwidth": 3736.4205479999996,
    "PreparationDirection": "Anterior-Posterior",
    "RepetitionTime": 1.67112,
    "ScanDuration": 247.0,
    "ScanMode": "MS",
    "ScanOptions": [
      "FS"
    ],
    "ScanningSequence": "FEEPI",
    "TaskDescription": "Resting state BOLD data were separated in three runs lasting four minutes each.",
    "TaskInstructions": " Subjects were asked to relax while fixating the central point in the middle of a grey-background screen that was projected on a LCD screen and viewed through a mirror placed above the subject head.",
    "TaskName": "Resting State",
    "dataset": "ds000133",
    "modality": "bold",
    "run_id": 1,
    "session_id": "post",
    "subject_id": "04",
    "task_id": "rest"
  },
  "dummy_trs": 0,
  "dvars_nstd": 22.158273511736105,
  "dvars_std": 1.4970678503472221,
  "dvars_vstd": 0.9946559211805555,
  "efc": 0.37244796938325064,
  "fber": 369765.1875,
  "fd_mean": 0.10405819317813715,
  "fd_num": 11,
  "fd_perc": 7.586206896551724,
  "fwhm_avg": 1.9164675000000002,
  "fwhm_x": 1.8684025,
  "fwhm_y": 2.085285,
  "fwhm_z": 1.795715,
  "gcor": 0.0610427,
  "gsr_x": -0.013568045571446419,
  "gsr_y": 0.0053235325030982494,
  "provenance": {
    "md5sum": "ba9a12914caf1ba324aceda1224eaa54",
    "settings": {
      "fd_thres": 0.2,
      "testing": false
    },
    "software": "mriqc",
    "version": "21.0.0rc2",
    "webapi_port": null,
    "webapi_url": "https://mriqc.nimh.nih.gov/api/v1"
  },
  "size_t": 145,
  "size_x": 64,
  "size_y": 64,
  "size_z": 30,
  "snr": 6.467604331512716,
  "spacing_tr": 1.671120047569275,
  "spacing_x": 4.0,
  "spacing_y": 4.0,
  "spacing_z": 4.0,
  "summary_bg_k": 108.5759309711067,
  "summary_bg_mad": 3306.22828470775,
  "summary_bg_mean": 18732.486328125,
  "summary_bg_median": 2509.842041015625,
  "summary_bg_n": 84050.0,
  "summary_bg_p05": 62.11805896759033,
  "summary_bg_p95": 87107.3136718751,
  "summary_bg_stdv": 61007.3203125,
  "summary_fg_k": 1.754784682274999,
  "summary_fg_mad": 215730.7615982291,
  "summary_fg_mean": 1533261.125,
  "summary_fg_median": 1516836.625,
  "summary_fg_n": 14004.0,
  "summary_fg_p05": 1191724.5875,
  "summary_fg_p95": 1929654.9874999998,
  "summary_fg_stdv": 234519.984375,
  "tsnr": 82.6865234375
}