{
  "aor": 0.004993103448275862,
  "aqi": 0.0055929375862068965,
  "bids_meta": {
    "CogAtlasID": "trm_4c8a834779883",
    "EPIFactor": 39,
    "EchoTime": 0.035,
    "FlipAngle": 75.0,
    "MagneticFieldStrength": 3.0,
    "Manufacturer": "Philips",
    "ManufacturerModelName": "Achieva",
    "NumberOfEchoes": 1,
    "NumberOfSlices": 30,
    "PatientPosition": "Head First Supine",
    "PhaseEncodingDirection": "i",
    "PixelBandwidth": 3727.299912,
    "PreparationDirection": "Anterior-Posterior",
    "RepetitionTime": 1.67042,
    "ScanDuration": 247.0,
    "ScanMode": "MS",
    "ScanOptions": [
      "FS"
    ],
    "ScanningSequence": "FEEPI",
    "TaskDescription": "Resting state BOLD data were separated in three runs lasting four minutes each.",
    "TaskInstructions": " Subjects were asked to relax while fixating the central point in the middle of a grey-background screen that was projected on a LCD screen and viewed through a mirror placed above the subject head.",
    "TaskName": "Resting State",
    "dataset": "ds000133",
    "modality": "bold",
    "run_id": 2,
    "session_id": "post",
    "subject_id": "21",
    "task_id": "rest"
  },
  "dummy_trs": 0,
  "dvars_nstd": 26.028007957708326,
  "dvars_std": 1.2769906390277774,
  "dvars_vstd": 1.0508845847222217,
  "efc": 0.35625603804414985,
  "fber": 364129.5,
  "fd_mean": 0.3826259087775456,
  "fd_num": 132,
  "fd_perc": 91.03448275862068,
  "fwhm_avg": 2.0189858333333333,
  "fwhm_x": 1.97168,
  "fwhm_y": 2.2155275,
  "fwhm_z": 1.86975,
  "gcor": 0.0799259,
  "gsr_x": -0.014614636078476906,
  "gsr_y": 0.0030457398388534784,
  "provenance": {
    "md5sum": "2104ddd45546fc3ff3dd18a4bd3ab95e",
    "settings": {
      "fd_thres": 0.2,
      "testing": false
    },
    "software": "mriqc",
    "version": "21.0.0rc2",
    "webapi_port": null,
    "webapi_url": "https://mriqc.nimh.nih.gov/api/v1"
  },
  "size_t": 145,
  "size_x": 64,
  "size_y": 64,
  "size_z": 30,
  "snr": 5.887073439762043,
  "spacing_tr": 1.6704180240631104,
  "spacing_x": 4.0,
  "spacing_y": 4.0,
  "spacing_z": 4.0,
  "summary_bg_k": 174.3093198118665,
  "summary_bg_mad": 2680.7331225337575,
  "summary_bg_mean": 14876.9326171875,
  "summary_bg_median": 1993.0025634765625,
  "summary_bg_n": 85961.0,
  "summary_bg_p05": 45.629764556884766,
  "summary_bg_p95": 71161.5078125,
  "summary_bg_stdv": 47746.32421875,
  "summary_fg_k": 2.804908549697526,
  "summary_fg_mad": 171287.9995083892,
  "summary_fg_mean": 1204240.125,
  "summary_fg_median": 1192246.25,
  "summary_fg_n": 12511.0,
  "summary_fg_p05": 918934.375,
  "summary_fg_p95": 1537501.1875,
  "summary_fg_stdv": 202511.25,
  "tsnr": 66.71650695800781
}