{
  "aor": 0.007171034482758619,
  "aqi": 0.006486199586206896,
  "bids_meta": {
    "CogAtlasID": "trm_4c8a834779883",
    "EPIFactor": 39,
    "EchoTime": 0.035,
    "FlipAngle": 75.0,
    "MagneticFieldStrength": 3.0,
    "Manufacturer": "Philips",
    "ManufacturerModelName": "Achieva",
    "NumberOfEchoes": 1,
    "NumberOfSlices": 30,
    "PatientPosition": "Head First Supine",
    "PhaseEncodingDirection": "i",
    "PixelBandwidth": 3727.299912,
    "PreparationDirection": "Anterior-Posterior",
    "RepetitionTime": 1.67042,
    "ScanDuration": 247.0,
    "ScanMode": "MS",
    "ScanOptions": [
      "FS"
    ],
    "ScanningSequence": "FEEPI",
    "TaskDescription": "Resting state BOLD data were separated in three runs lasting four minutes each.",
    "TaskInstructions": " Subjects were asked to relax while fixating the central point in the middle of a grey-background screen that was projected on a LCD screen and viewed through a mirror placed above the subject head.",
    "TaskName": "Resting State",
    "dataset": "ds000133",
    "modality": "bold",
    "run_id": 3,
    "session_id": "post",
    "subject_id": "21",
    "task_id": "rest"
  },
  "dummy_trs": 0,
  "dvars_nstd": 25.949213762986133,
  "dvars_std": 1.3042547595833323,
  "dvars_vstd": 1.061243095138889,
  "efc": 0.35727414396326973,
  "fber": 288447.875,
  "fd_mean": 0.399612869039571,
  "fd_num": 114,
  "fd_perc": 78.62068965517241,
  "fwhm_avg": 2.0115883333333335,
  "fwhm_x": 1.964445,
  "fwhm_y": 2.2060475,
  "fwhm_z": 1.8642725,
  "gcor": 0.0633783,
  "gsr_x": -0.014883678406476974,
  "gsr_y": 0.00342144095338881,
  "provenance": {
    "md5sum": "0302a2c9e8db6788b62ab577f30b3404",
    "settings": {
      "fd_thres": 0.2,
      "testing": false
    },
    "software": "mriqc",
    "version": "21.0.0rc2",
    "webapi_port": null,
    "webapi_url": "https://mriqc.nimh.nih.gov/api/v1"
  },
  "size_t": 145,
  "size_x": 64,
  "size_y": 64,
  "size_z": 30,
  "snr": 5.8975326380209845,
  "spacing_tr": 1.6704180240631104,
  "spacing_x": 4.0,
  "spacing_y": 4.0,
  "spacing_z": 4.0,
  "summary_bg_k": 174.64105504375482,
  "summary_bg_mad": 2989.127459911913,
  "summary_bg_mean": 15280.5634765625,
  "summary_bg_median": 2243.414794921875,
  "summary_bg_n": 85908.0,
  "summary_bg_p05": 58.28951358795166,
  "summary_bg_p95": 72537.74531249997,
  "summary_bg_stdv": 48779.59375,
  "summary_fg_k": 2.7055191182795726,
  "summary_fg_mad": 172425.71138581494,
  "summary_fg_mean": 1212434.0,
  "summary_fg_median": 1200327.25,
  "summary_fg_n": 12564.0,
  "summary_fg_p05": 924554.878125,
  "summary_fg_p95": 1543396.8624999998,
  "summary_fg_stdv": 203522.3125,
  "tsnr": 63.74327087402344
}