{
  "aor": 0.0006938194444444444,
  "aqi": 0.001881117361111111,
  "bids_meta": {
    "CogAtlasID": "trm_4c8a834779883",
    "EPIFactor": 39,
    "EchoTime": 0.035,
    "FlipAngle": 75.0,
    "MagneticFieldStrength": 3.0,
    "Manufacturer": "Philips",
    "ManufacturerModelName": "Achieva",
    "NumberOfEchoes": 1,
    "NumberOfSlices": 30,
    "PatientPosition": "Head First Supine",
    "PhaseEncodingDirection": "i",
    "PixelBandwidth": 3730.340124,
    "PreparationDirection": "Anterior-Posterior",
    "RepetitionTime": 1.67066,
    "ScanDuration": 247.0,
    "ScanMode": "MS",
    "ScanOptions": [
      "FS"
    ],
    "ScanningSequence": "FEEPI",
    "TaskDescription": "Resting state BOLD data were separated in three runs lasting four minutes each.",
    "TaskInstructions": " Subjects were asked to relax while fixating the central point in the middle of a grey-background screen that was projected on a LCD screen and viewed through a mirror placed above the subject head.",
    "TaskName": "Resting State",
    "dataset": "ds000133",
    "modality": "bold",
    "run_id": 2,
    "session_id": "post",
    "subject_id": "12",
    "task_id": "rest"
  },
  "dummy_trs": 1,
  "dvars_nstd": 14.366724494755246,
  "dvars_std": 1.220608503986014,
  "dvars_vstd": 0.99433044,
  "efc": 0.3613859107089489,
  "fber": 291621.0,
  "fd_mean": 0.08095269731787974,
  "fd_num": 0,
  "fd_perc": 0.0,
  "fwhm_avg": 1.8497558333333333,
  "fwhm_x": 1.7793625,
  "fwhm_y": 2.04134,
  "fwhm_z": 1.728565,
  "gcor": 0.0387458,
  "gsr_x": -0.018302468582987785,
  "gsr_y": -0.0006071375100873411,
  "provenance": {
    "md5sum": "b966c92789a41e2e85436d8cfb8f0e93",
    "settings": {
      "fd_thres": 0.2,
      "testing": false
    },
    "software": "mriqc",
    "version": "21.0.0rc2",
    "webapi_port": null,
    "webapi_url": "https://mriqc.nimh.nih.gov/api/v1"
  },
  "size_t": 144,
  "size_x": 64,
  "size_y": 64,
  "size_z": 30,
  "snr": 6.498374097472376,
  "spacing_tr": 1.670657992362976,
  "spacing_x": 4.0,
  "spacing_y": 4.0,
  "spacing_z": 4.0,
  "summary_bg_k": 53.46139015112001,
  "summary_bg_mad": 3123.783648124701,
  "summary_bg_mean": 20515.623046875,
  "summary_bg_median": 2520.24951171875,
  "summary_bg_n": 86110.0,
  "summary_bg_p05": 85.91187591552735,
  "summary_bg_p95": 111189.3429687501,
  "summary_bg_stdv": 63738.36328125,
  "summary_fg_k": 1.6008491269328653,
  "summary_fg_mad": 188631.2949351904,
  "summary_fg_mean": 1351114.375,
  "summary_fg_median": 1338872.625,
  "summary_fg_n": 12459.0,
  "summary_fg_p05": 1050316.7875,
  "summary_fg_p95": 1697192.8624999998,
  "summary_fg_stdv": 206023.671875,
  "tsnr": 121.6597671508789
}