{
  "aor": 0.0005154482758620689,
  "aqi": 0.0028001366896551728,
  "bids_meta": {
    "CogAtlasID": "trm_4c8a834779883",
    "EPIFactor": 39,
    "EchoTime": 0.035,
    "FlipAngle": 75.0,
    "MagneticFieldStrength": 3.0,
    "Manufacturer": "Philips",
    "ManufacturerModelName": "Achieva",
    "NumberOfEchoes": 1,
    "NumberOfSlices": 30,
    "PatientPosition": "Head First Supine",
    "PhaseEncodingDirection": "i",
    "PixelBandwidth": 3730.340124,
    "PreparationDirection": "Anterior-Posterior",
    "RepetitionTime": 1.67065,
    "ScanDuration": 247.0,
    "ScanMode": "MS",
    "ScanOptions": [
      "FS"
    ],
    "ScanningSequence": "FEEPI",
    "TaskDescription": "Resting state BOLD data were separated in three runs lasting four minutes each.",
    "TaskInstructions": " Subjects were asked to relax while fixating the central point in the middle of a grey-background screen that was projected on a LCD screen and viewed through a mirror placed above the subject head.",
    "TaskName": "Resting State",
    "dataset": "ds000133",
    "modality": "bold",
    "run_id": 1,
    "session_id": "pre",
    "subject_id": "12",
    "task_id": "rest"
  },
  "dummy_trs": 0,
  "dvars_nstd": 13.984652883194444,
  "dvars_std": 1.084156677430555,
  "dvars_vstd": 0.9791491380555561,
  "efc": 0.3591724767674567,
  "fber": 238867.875,
  "fd_mean": 0.13263037343513523,
  "fd_num": 17,
  "fd_perc": 11.724137931034482,
  "fwhm_avg": 1.8437666666666666,
  "fwhm_x": 1.7717125,
  "fwhm_y": 2.0264475,
  "fwhm_z": 1.73314,
  "gcor": 0.0532719,
  "gsr_x": -0.01709754765033722,
  "gsr_y": -0.0004915708559565246,
  "provenance": {
    "md5sum": "4ac5db4bf46d14ffdd02107d32138379",
    "settings": {
      "fd_thres": 0.2,
      "testing": false
    },
    "software": "mriqc",
    "version": "21.0.0rc2",
    "webapi_port": null,
    "webapi_url": "https://mriqc.nimh.nih.gov/api/v1"
  },
  "size_t": 145,
  "size_x": 64,
  "size_y": 64,
  "size_z": 30,
  "snr": 6.451621860290479,
  "spacing_tr": 1.6706520318984985,
  "spacing_x": 4.0,
  "spacing_y": 4.0,
  "spacing_z": 4.0,
  "summary_bg_k": 48.71309458133458,
  "summary_bg_mad": 3222.572382135885,
  "summary_bg_mean": 19695.408203125,
  "summary_bg_median": 2729.37548828125,
  "summary_bg_n": 86316.0,
  "summary_bg_p05": 147.37825393676758,
  "summary_bg_p95": 104865.732421875,
  "summary_bg_stdv": 60166.5234375,
  "summary_fg_k": 1.5873059977590138,
  "summary_fg_mad": 189136.39897850755,
  "summary_fg_mean": 1352018.25,
  "summary_fg_median": 1340171.5,
  "summary_fg_n": 12314.0,
  "summary_fg_p05": 1046071.7625,
  "summary_fg_p95": 1698839.8499999999,
  "summary_fg_stdv": 207717.859375,
  "tsnr": 94.82918548583984
}