{
  "aor": 0.0007715277777777778,
  "aqi": 0.002285325763888889,
  "bids_meta": {
    "CogAtlasID": "trm_4c8a834779883",
    "EPIFactor": 39,
    "EchoTime": 0.035,
    "FlipAngle": 75.0,
    "MagneticFieldStrength": 3.0,
    "Manufacturer": "Philips",
    "ManufacturerModelName": "Achieva",
    "NumberOfEchoes": 1,
    "NumberOfSlices": 30,
    "PatientPosition": "Head First Supine",
    "PhaseEncodingDirection": "i",
    "PixelBandwidth": 3730.340124,
    "PreparationDirection": "Anterior-Posterior",
    "RepetitionTime": 1.67065,
    "ScanDuration": 247.0,
    "ScanMode": "MS",
    "ScanOptions": [
      "FS"
    ],
    "ScanningSequence": "FEEPI",
    "TaskDescription": "Resting state BOLD data were separated in three runs lasting four minutes each.",
    "TaskInstructions": " Subjects were asked to relax while fixating the central point in the middle of a grey-background screen that was projected on a LCD screen and viewed through a mirror placed above the subject head.",
    "TaskName": "Resting State",
    "dataset": "ds000133",
    "modality": "bold",
    "run_id": 2,
    "session_id": "pre",
    "subject_id": "12",
    "task_id": "rest"
  },
  "dummy_trs": 1,
  "dvars_nstd": 13.196428425944054,
  "dvars_std": 1.091680291258741,
  "dvars_vstd": 0.9842636318881126,
  "efc": 0.36010651807723715,
  "fber": 254731.21875,
  "fd_mean": 0.11022359747438318,
  "fd_num": 4,
  "fd_perc": 2.7777777777777777,
  "fwhm_avg": 1.8358608333333333,
  "fwhm_x": 1.7611675,
  "fwhm_y": 2.026065,
  "fwhm_z": 1.72035,
  "gcor": 0.0396077,
  "gsr_x": -0.017640361562371254,
  "gsr_y": -0.0007812894182279706,
  "provenance": {
    "md5sum": "8949147ef54a82b022f8e5bcb35dee91",
    "settings": {
      "fd_thres": 0.2,
      "testing": false
    },
    "software": "mriqc",
    "version": "21.0.0rc2",
    "webapi_port": null,
    "webapi_url": "https://mriqc.nimh.nih.gov/api/v1"
  },
  "size_t": 144,
  "size_x": 64,
  "size_y": 64,
  "size_z": 30,
  "snr": 6.48642641746086,
  "spacing_tr": 1.6706520318984985,
  "spacing_x": 4.0,
  "spacing_y": 4.0,
  "spacing_z": 4.0,
  "summary_bg_k": 48.84746403945998,
  "summary_bg_mad": 3159.1004202095623,
  "summary_bg_mean": 20029.673828125,
  "summary_bg_median": 2630.852783203125,
  "summary_bg_n": 86305.0,
  "summary_bg_p05": 108.35536499023436,
  "summary_bg_p95": 109317.49062500006,
  "summary_bg_stdv": 61410.0859375,
  "summary_fg_k": 1.5475516695928313,
  "summary_fg_mad": 187594.40000862308,
  "summary_fg_mean": 1342582.0,
  "summary_fg_median": 1330693.875,
  "summary_fg_n": 12352.0,
  "summary_fg_p05": 1035407.415625,
  "summary_fg_p95": 1684362.0375,
  "summary_fg_stdv": 205142.234375,
  "tsnr": 106.87200927734375
}