{
  "aor": 0.0005246206896551724,
  "aqi": 0.0026644677931034477,
  "bids_meta": {
    "CogAtlasID": "trm_4c8a834779883",
    "EPIFactor": 39,
    "EchoTime": 0.035,
    "FlipAngle": 75.0,
    "MagneticFieldStrength": 3.0,
    "Manufacturer": "Philips",
    "ManufacturerModelName": "Achieva",
    "NumberOfEchoes": 1,
    "NumberOfSlices": 30,
    "PatientPosition": "Head First Supine",
    "PhaseEncodingDirection": "i",
    "PixelBandwidth": 3729.037176,
    "PreparationDirection": "Anterior-Posterior",
    "RepetitionTime": 1.67053,
    "ScanDuration": 247.0,
    "ScanMode": "MS",
    "ScanOptions": [
      "FS"
    ],
    "ScanningSequence": "FEEPI",
    "TaskDescription": "Resting state BOLD data were separated in three runs lasting four minutes each.",
    "TaskInstructions": " Subjects were asked to relax while fixating the central point in the middle of a grey-background screen that was projected on a LCD screen and viewed through a mirror placed above the subject head.",
    "TaskName": "Resting State",
    "dataset": "ds000133",
    "modality": "bold",
    "run_id": 1,
    "session_id": "post",
    "subject_id": "01",
    "task_id": "rest"
  },
  "dummy_trs": 0,
  "dvars_nstd": 17.293214393611112,
  "dvars_std": 1.2986900577083336,
  "dvars_vstd": 0.980552757569444,
  "efc": 0.3756869380711284,
  "fber": 265340.90625,
  "fd_mean": 0.10273468804484744,
  "fd_num": 5,
  "fd_perc": 3.4482758620689653,
  "fwhm_avg": 1.88753,
  "fwhm_x": 1.787665,
  "fwhm_y": 2.1207125,
  "fwhm_z": 1.7542125,
  "gcor": 0.0266139,
  "gsr_x": -0.017670881003141403,
  "gsr_y": 0.007895806804299355,
  "provenance": {
    "md5sum": "52425e1a4a18acdb6f2f9690d86fbf94",
    "settings": {
      "fd_thres": 0.2,
      "testing": false
    },
    "software": "mriqc",
    "version": "21.0.0rc2",
    "webapi_port": null,
    "webapi_url": "https://mriqc.nimh.nih.gov/api/v1"
  },
  "size_t": 145,
  "size_x": 64,
  "size_y": 64,
  "size_z": 30,
  "snr": 5.957691918274554,
  "spacing_tr": 1.6705260276794434,
  "spacing_x": 4.0,
  "spacing_y": 4.0,
  "spacing_z": 4.0,
  "summary_bg_k": 179.50547731635868,
  "summary_bg_mad": 3651.727154185375,
  "summary_bg_mean": 18983.28515625,
  "summary_bg_median": 2864.99609375,
  "summary_bg_n": 83664.0,
  "summary_bg_p05": 69.94625282287599,
  "summary_bg_p95": 93230.19453124999,
  "summary_bg_stdv": 61462.52734375,
  "summary_fg_k": 2.8495561624159977,
  "summary_fg_mad": 208505.02169842608,
  "summary_fg_mean": 1483001.75,
  "summary_fg_median": 1460793.875,
  "summary_fg_n": 14285.0,
  "summary_fg_p05": 1146782.775,
  "summary_fg_p95": 1890560.4499999997,
  "summary_fg_stdv": 245186.015625,
  "tsnr": 105.027099609375
}