{
  "aor": 0.0006452413793103448,
  "aqi": 0.0028156357931034483,
  "bids_meta": {
    "CogAtlasID": "trm_4c8a834779883",
    "EPIFactor": 39,
    "EchoTime": 0.035,
    "FlipAngle": 75.0,
    "MagneticFieldStrength": 3.0,
    "Manufacturer": "Philips",
    "ManufacturerModelName": "Achieva",
    "NumberOfEchoes": 1,
    "NumberOfSlices": 30,
    "PatientPosition": "Head First Supine",
    "PhaseEncodingDirection": "i",
    "PixelBandwidth": 3729.037176,
    "PreparationDirection": "Anterior-Posterior",
    "RepetitionTime": 1.67053,
    "ScanDuration": 247.0,
    "ScanMode": "MS",
    "ScanOptions": [
      "FS"
    ],
    "ScanningSequence": "FEEPI",
    "TaskDescription": "Resting state BOLD data were separated in three runs lasting four minutes each.",
    "TaskInstructions": " Subjects were asked to relax while fixating the central point in the middle of a grey-background screen that was projected on a LCD screen and viewed through a mirror placed above the subject head.",
    "TaskName": "Resting State",
    "dataset": "ds000133",
    "modality": "bold",
    "run_id": 3,
    "session_id": "post",
    "subject_id": "01",
    "task_id": "rest"
  },
  "dummy_trs": 0,
  "dvars_nstd": 19.319730566805543,
  "dvars_std": 1.3411273394444443,
  "dvars_vstd": 0.9836664712499995,
  "efc": 0.3759773457866021,
  "fber": 358810.34375,
  "fd_mean": 0.12447776961750673,
  "fd_num": 0,
  "fd_perc": 0.0,
  "fwhm_avg": 1.8816408333333332,
  "fwhm_x": 1.7691475,
  "fwhm_y": 2.11601,
  "fwhm_z": 1.759765,
  "gcor": 0.0289949,
  "gsr_x": -0.017735764384269714,
  "gsr_y": 0.007221884094178677,
  "provenance": {
    "md5sum": "9fd8e3aef235b4bb254b40b80d1ea525",
    "settings": {
      "fd_thres": 0.2,
      "testing": false
    },
    "software": "mriqc",
    "version": "21.0.0rc2",
    "webapi_port": null,
    "webapi_url": "https://mriqc.nimh.nih.gov/api/v1"
  },
  "size_t": 145,
  "size_x": 64,
  "size_y": 64,
  "size_z": 30,
  "snr": 5.950327101915503,
  "spacing_tr": 1.6705260276794434,
  "spacing_x": 4.0,
  "spacing_y": 4.0,
  "spacing_z": 4.0,
  "summary_bg_k": 172.6829804477568,
  "summary_bg_mad": 3520.992070588748,
  "summary_bg_mean": 19162.875,
  "summary_bg_median": 2480.640625,
  "summary_bg_n": 83593.0,
  "summary_bg_p05": 15.701632690429689,
  "summary_bg_p95": 95541.12812499986,
  "summary_bg_stdv": 64070.984375,
  "summary_fg_k": 2.831280732149522,
  "summary_fg_mad": 207802.17558421576,
  "summary_fg_mean": 1489156.875,
  "summary_fg_median": 1465859.875,
  "summary_fg_n": 14320.0,
  "summary_fg_p05": 1151800.68125,
  "summary_fg_p95": 1900379.8374999997,
  "summary_fg_stdv": 246340.859375,
  "tsnr": 100.42338562011719
}