{
  "aor": 0.0007164583333333334,
  "aqi": 0.002670901527777778,
  "bids_meta": {
    "CogAtlasID": "trm_4c8a834779883",
    "EPIFactor": 39,
    "EchoTime": 0.035,
    "FlipAngle": 75.0,
    "MagneticFieldStrength": 3.0,
    "Manufacturer": "Philips",
    "ManufacturerModelName": "Achieva",
    "NumberOfEchoes": 1,
    "NumberOfSlices": 30,
    "PatientPosition": "Head First Supine",
    "PhaseEncodingDirection": "i",
    "PixelBandwidth": 3729.037176,
    "PreparationDirection": "Anterior-Posterior",
    "RepetitionTime": 1.67053,
    "ScanDuration": 247.0,
    "ScanMode": "MS",
    "ScanOptions": [
      "FS"
    ],
    "ScanningSequence": "FEEPI",
    "TaskDescription": "Resting state BOLD data were separated in three runs lasting four minutes each.",
    "TaskInstructions": " Subjects were asked to relax while fixating the central point in the middle of a grey-background screen that was projected on a LCD screen and viewed through a mirror placed above the subject head.",
    "TaskName": "Resting State",
    "dataset": "ds000133",
    "modality": "bold",
    "run_id": 2,
    "session_id": "post",
    "subject_id": "01",
    "task_id": "rest"
  },
  "dummy_trs": 1,
  "dvars_nstd": 17.96925513433566,
  "dvars_std": 1.3126080150349657,
  "dvars_vstd": 0.9853804955944057,
  "efc": 0.37591310128840766,
  "fber": 295285.09375,
  "fd_mean": 0.12413822515741066,
  "fd_num": 8,
  "fd_perc": 5.555555555555555,
  "fwhm_avg": 1.8772808333333335,
  "fwhm_x": 1.770385,
  "fwhm_y": 2.1090725,
  "fwhm_z": 1.752385,
  "gcor": 0.0269722,
  "gsr_x": -0.017575271427631378,
  "gsr_y": 0.0067321499809622765,
  "provenance": {
    "md5sum": "29a67ebde00b8da07a8c6259ab1e3bae",
    "settings": {
      "fd_thres": 0.2,
      "testing": false
    },
    "software": "mriqc",
    "version": "21.0.0rc2",
    "webapi_port": null,
    "webapi_url": "https://mriqc.nimh.nih.gov/api/v1"
  },
  "size_t": 144,
  "size_x": 64,
  "size_y": 64,
  "size_z": 30,
  "snr": 5.9504737411463,
  "spacing_tr": 1.6705260276794434,
  "spacing_x": 4.0,
  "spacing_y": 4.0,
  "spacing_z": 4.0,
  "summary_bg_k": 170.82042417455276,
  "summary_bg_mad": 3596.308132077088,
  "summary_bg_mean": 19350.681640625,
  "summary_bg_median": 2714.52685546875,
  "summary_bg_n": 83646.0,
  "summary_bg_p05": 36.025190353393555,
  "summary_bg_p95": 95157.181640625,
  "summary_bg_stdv": 64384.0234375,
  "summary_fg_k": 2.9010224174815606,
  "summary_fg_mad": 207587.47625044844,
  "summary_fg_mean": 1490394.625,
  "summary_fg_median": 1466499.25,
  "summary_fg_n": 14294.0,
  "summary_fg_p05": 1155769.98125,
  "summary_fg_p95": 1903313.0687499996,
  "summary_fg_stdv": 246442.21875,
  "tsnr": 105.3899917602539
}