{
  "aor": 0.0006928275862068965,
  "aqi": 0.004481164965517242,
  "bids_meta": {
    "CogAtlasID": "trm_4c8a834779883",
    "EPIFactor": 39,
    "EchoTime": 0.035,
    "FlipAngle": 75.0,
    "MagneticFieldStrength": 3.0,
    "Manufacturer": "Philips",
    "ManufacturerModelName": "Achieva",
    "NumberOfEchoes": 1,
    "NumberOfSlices": 30,
    "PatientPosition": "Head First Supine",
    "PhaseEncodingDirection": "i",
    "PixelBandwidth": 3737.7234959999996,
    "PreparationDirection": "Anterior-Posterior",
    "RepetitionTime": 1.67127,
    "ScanDuration": 247.0,
    "ScanMode": "MS",
    "ScanOptions": [
      "FS"
    ],
    "ScanningSequence": "FEEPI",
    "TaskDescription": "Resting state BOLD data were separated in three runs lasting four minutes each.",
    "TaskInstructions": " Subjects were asked to relax while fixating the central point in the middle of a grey-background screen that was projected on a LCD screen and viewed through a mirror placed above the subject head.",
    "TaskName": "Resting State",
    "dataset": "ds000133",
    "modality": "bold",
    "run_id": 3,
    "session_id": "post",
    "subject_id": "10",
    "task_id": "rest"
  },
  "dummy_trs": 0,
  "dvars_nstd": 17.09319559708334,
  "dvars_std": 1.149048358055556,
  "dvars_vstd": 0.9718821355555557,
  "efc": 0.37488905230747516,
  "fber": 336954.03125,
  "fd_mean": 0.2106923548094778,
  "fd_num": 66,
  "fd_perc": 45.51724137931034,
  "fwhm_avg": 1.8519366666666663,
  "fwhm_x": 1.81444,
  "fwhm_y": 2.03807,
  "fwhm_z": 1.7033,
  "gcor": 0.0655684,
  "gsr_x": -0.01638505607843399,
  "gsr_y": 0.003039541421458125,
  "provenance": {
    "md5sum": "125c70a90dc427ab177f7e0f3f8e66d6",
    "settings": {
      "fd_thres": 0.2,
      "testing": false
    },
    "software": "mriqc",
    "version": "21.0.0rc2",
    "webapi_port": null,
    "webapi_url": "https://mriqc.nimh.nih.gov/api/v1"
  },
  "size_t": 145,
  "size_x": 64,
  "size_y": 64,
  "size_z": 30,
  "snr": 6.414760943568457,
  "spacing_tr": 1.6712700128555298,
  "spacing_x": 4.0,
  "spacing_y": 4.0,
  "spacing_z": 4.0,
  "summary_bg_k": 158.6365410508465,
  "summary_bg_mad": 3356.646781999471,
  "summary_bg_mean": 19856.3828125,
  "summary_bg_median": 2505.35986328125,
  "summary_bg_n": 83927.0,
  "summary_bg_p05": 54.10838928222657,
  "summary_bg_p95": 96498.34765624991,
  "summary_bg_stdv": 62455.6875,
  "summary_fg_k": 1.7642431681979955,
  "summary_fg_mad": 209561.0051285567,
  "summary_fg_mean": 1462833.625,
  "summary_fg_median": 1447459.5,
  "summary_fg_n": 13763.0,
  "summary_fg_p05": 1135119.7875,
  "summary_fg_p95": 1845505.65,
  "summary_fg_stdv": 225636.921875,
  "tsnr": 79.24085998535156
}