{
  "aor": 0.001035310344827586,
  "aqi": 0.007202193448275862,
  "bids_meta": {
    "CogAtlasID": "trm_4c8a834779883",
    "EPIFactor": 39,
    "EchoTime": 0.035,
    "FlipAngle": 75.0,
    "MagneticFieldStrength": 3.0,
    "Manufacturer": "Philips",
    "ManufacturerModelName": "Achieva",
    "NumberOfEchoes": 1,
    "NumberOfSlices": 30,
    "PatientPosition": "Head First Supine",
    "PhaseEncodingDirection": "i",
    "PixelBandwidth": 3730.340124,
    "PreparationDirection": "Anterior-Posterior",
    "RepetitionTime": 1.67066,
    "ScanDuration": 247.0,
    "ScanMode": "MS",
    "ScanOptions": [
      "FS"
    ],
    "ScanningSequence": "FEEPI",
    "TaskDescription": "Resting state BOLD data were separated in three runs lasting four minutes each.",
    "TaskInstructions": " Subjects were asked to relax while fixating the central point in the middle of a grey-background screen that was projected on a LCD screen and viewed through a mirror placed above the subject head.",
    "TaskName": "Resting State",
    "dataset": "ds000133",
    "modality": "bold",
    "run_id": 1,
    "session_id": "pre",
    "subject_id": "23",
    "task_id": "rest"
  },
  "dummy_trs": 0,
  "dvars_nstd": 16.862862242916677,
  "dvars_std": 1.1015371084027772,
  "dvars_vstd": 0.9465111964583335,
  "efc": 0.39113203454754636,
  "fber": 280272.46875,
  "fd_mean": 0.17483572122489424,
  "fd_num": 53,
  "fd_perc": 36.55172413793103,
  "fwhm_avg": 1.8293191666666668,
  "fwhm_x": 1.75836,
  "fwhm_y": 1.9914275,
  "fwhm_z": 1.73817,
  "gcor": 0.0303501,
  "gsr_x": -0.01626642420887947,
  "gsr_y": 0.003439878113567829,
  "provenance": {
    "md5sum": "5f9d4883185135fcbed602bc4aa2d46f",
    "settings": {
      "fd_thres": 0.2,
      "testing": false
    },
    "software": "mriqc",
    "version": "21.0.0rc2",
    "webapi_port": null,
    "webapi_url": "https://mriqc.nimh.nih.gov/api/v1"
  },
  "size_t": 145,
  "size_x": 64,
  "size_y": 64,
  "size_z": 30,
  "snr": 6.7310016537770325,
  "spacing_tr": 1.6706609725952148,
  "spacing_x": 4.0,
  "spacing_y": 4.0,
  "spacing_z": 4.0,
  "summary_bg_k": 110.93389412686646,
  "summary_bg_mad": 2985.317568560312,
  "summary_bg_mean": 18305.4453125,
  "summary_bg_median": 2231.685546875,
  "summary_bg_n": 82757.0,
  "summary_bg_p05": 59.09095764160156,
  "summary_bg_p95": 85483.19218749995,
  "summary_bg_stdv": 54868.16796875,
  "summary_fg_k": 2.0432165193435194,
  "summary_fg_mad": 165554.96205470536,
  "summary_fg_mean": 1214830.625,
  "summary_fg_median": 1198838.125,
  "summary_fg_n": 14602.0,
  "summary_fg_p05": 965570.028125,
  "summary_fg_p95": 1521823.7625,
  "summary_fg_stdv": 178100.84375,
  "tsnr": 72.5389175415039
}