{
  "aor": 0.0017452413793103444,
  "aqi": 0.004051547172413793,
  "bids_meta": {
    "CogAtlasID": "trm_4c8a834779883",
    "EPIFactor": 39,
    "EchoTime": 0.035,
    "FlipAngle": 75.0,
    "MagneticFieldStrength": 3.0,
    "Manufacturer": "Philips",
    "ManufacturerModelName": "Achieva",
    "NumberOfEchoes": 1,
    "NumberOfSlices": 30,
    "PatientPosition": "Head First Supine",
    "PhaseEncodingDirection": "i",
    "PixelBandwidth": 3730.340124,
    "PreparationDirection": "Anterior-Posterior",
    "RepetitionTime": 1.67066,
    "ScanDuration": 247.0,
    "ScanMode": "MS",
    "ScanOptions": [
      "FS"
    ],
    "ScanningSequence": "FEEPI",
    "TaskDescription": "Resting state BOLD data were separated in three runs lasting four minutes each.",
    "TaskInstructions": " Subjects were asked to relax while fixating the central point in the middle of a grey-background screen that was projected on a LCD screen and viewed through a mirror placed above the subject head.",
    "TaskName": "Resting State",
    "dataset": "ds000133",
    "modality": "bold",
    "run_id": 2,
    "session_id": "pre",
    "subject_id": "23",
    "task_id": "rest"
  },
  "dummy_trs": 0,
  "dvars_nstd": 15.334796368958333,
  "dvars_std": 1.1346815527777772,
  "dvars_vstd": 0.9866234668750005,
  "efc": 0.38995287165330444,
  "fber": 256957.296875,
  "fd_mean": 0.13947614440517325,
  "fd_num": 19,
  "fd_perc": 13.10344827586207,
  "fwhm_avg": 1.8394683333333333,
  "fwhm_x": 1.7681225,
  "fwhm_y": 1.9876275,
  "fwhm_z": 1.762655,
  "gcor": 0.0265753,
  "gsr_x": -0.016078822314739227,
  "gsr_y": 0.0038094171322882175,
  "provenance": {
    "md5sum": "9ca5c59096ab6421e2fdfe0aec189729",
    "settings": {
      "fd_thres": 0.2,
      "testing": false
    },
    "software": "mriqc",
    "version": "21.0.0rc2",
    "webapi_port": null,
    "webapi_url": "https://mriqc.nimh.nih.gov/api/v1"
  },
  "size_t": 145,
  "size_x": 64,
  "size_y": 64,
  "size_z": 30,
  "snr": 6.711231280244186,
  "spacing_tr": 1.6706609725952148,
  "spacing_x": 4.0,
  "spacing_y": 4.0,
  "spacing_z": 4.0,
  "summary_bg_k": 119.70894661845581,
  "summary_bg_mad": 3171.910532304118,
  "summary_bg_mean": 18125.125,
  "summary_bg_median": 2341.114990234375,
  "summary_bg_n": 82865.0,
  "summary_bg_p05": 47.17941589355468,
  "summary_bg_p95": 84855.37187500001,
  "summary_bg_stdv": 54065.55078125,
  "summary_fg_k": 1.73703610861355,
  "summary_fg_mad": 165784.30208538042,
  "summary_fg_mean": 1221160.5,
  "summary_fg_median": 1203778.75,
  "summary_fg_n": 14538.0,
  "summary_fg_p05": 969127.959375,
  "summary_fg_p95": 1530950.40625,
  "summary_fg_stdv": 179361.625,
  "tsnr": 88.86524963378906
}