{
  "aor": 0.0008555555555555556,
  "aqi": 0.0038663029166666673,
  "bids_meta": {
    "CogAtlasID": "trm_4c8a834779883",
    "EPIFactor": 39,
    "EchoTime": 0.035,
    "FlipAngle": 75.0,
    "MagneticFieldStrength": 3.0,
    "Manufacturer": "Philips",
    "ManufacturerModelName": "Achieva",
    "NumberOfEchoes": 1,
    "NumberOfSlices": 30,
    "PatientPosition": "Head First Supine",
    "PhaseEncodingDirection": "i",
    "PixelBandwidth": 3730.340124,
    "PreparationDirection": "Anterior-Posterior",
    "RepetitionTime": 1.67066,
    "ScanDuration": 247.0,
    "ScanMode": "MS",
    "ScanOptions": [
      "FS"
    ],
    "ScanningSequence": "FEEPI",
    "TaskDescription": "Resting state BOLD data were separated in three runs lasting four minutes each.",
    "TaskInstructions": " Subjects were asked to relax while fixating the central point in the middle of a grey-background screen that was projected on a LCD screen and viewed through a mirror placed above the subject head.",
    "TaskName": "Resting State",
    "dataset": "ds000133",
    "modality": "bold",
    "run_id": 3,
    "session_id": "pre",
    "subject_id": "23",
    "task_id": "rest"
  },
  "dummy_trs": 1,
  "dvars_nstd": 17.77112205867133,
  "dvars_std": 1.2122533695104893,
  "dvars_vstd": 0.9813152005594409,
  "efc": 0.389509994687028,
  "fber": 258372.84375,
  "fd_mean": 0.15956477149447154,
  "fd_num": 41,
  "fd_perc": 28.47222222222222,
  "fwhm_avg": 1.8398199999999998,
  "fwhm_x": 1.7642725,
  "fwhm_y": 1.986555,
  "fwhm_z": 1.7686325,
  "gcor": 0.0414893,
  "gsr_x": -0.015844125300645828,
  "gsr_y": 0.004464640282094479,
  "provenance": {
    "md5sum": "974b7f8d7099abef3b0b6118a5ff6aba",
    "settings": {
      "fd_thres": 0.2,
      "testing": false
    },
    "software": "mriqc",
    "version": "21.0.0rc2",
    "webapi_port": null,
    "webapi_url": "https://mriqc.nimh.nih.gov/api/v1"
  },
  "size_t": 144,
  "size_x": 64,
  "size_y": 64,
  "size_z": 30,
  "snr": 6.68637359317905,
  "spacing_tr": 1.6706609725952148,
  "spacing_x": 4.0,
  "spacing_y": 4.0,
  "spacing_z": 4.0,
  "summary_bg_k": 115.3857151175537,
  "summary_bg_mad": 3124.90261283008,
  "summary_bg_mean": 17764.298828125,
  "summary_bg_median": 2316.126220703125,
  "summary_bg_n": 82857.0,
  "summary_bg_p05": 57.33841247558595,
  "summary_bg_p95": 83640.43906249997,
  "summary_bg_stdv": 52380.5234375,
  "summary_fg_k": 1.9016431026027023,
  "summary_fg_mad": 163574.5761413365,
  "summary_fg_mean": 1206281.625,
  "summary_fg_median": 1190382.25,
  "summary_fg_n": 14551.0,
  "summary_fg_p05": 955954.53125,
  "summary_fg_p95": 1512381.3125,
  "summary_fg_stdv": 178024.953125,
  "tsnr": 89.14237976074219
}