{
  "aor": 0.003717655172413793,
  "aqi": 0.006802676482758621,
  "bids_meta": {
    "CogAtlasID": "trm_4c8a834779883",
    "EPIFactor": 39,
    "EchoTime": 0.035,
    "FlipAngle": 75.0,
    "MagneticFieldStrength": 3.0,
    "Manufacturer": "Philips",
    "ManufacturerModelName": "Achieva",
    "NumberOfEchoes": 1,
    "NumberOfSlices": 30,
    "PatientPosition": "Head First Supine",
    "PhaseEncodingDirection": "i",
    "PixelBandwidth": 3725.996964,
    "PreparationDirection": "Anterior-Posterior",
    "RepetitionTime": 1.67098,
    "ScanDuration": 247.0,
    "ScanMode": "MS",
    "ScanOptions": [
      "FS"
    ],
    "ScanningSequence": "FEEPI",
    "TaskDescription": "Resting state BOLD data were separated in three runs lasting four minutes each.",
    "TaskInstructions": " Subjects were asked to relax while fixating the central point in the middle of a grey-background screen that was projected on a LCD screen and viewed through a mirror placed above the subject head.",
    "TaskName": "Resting State",
    "dataset": "ds000133",
    "modality": "bold",
    "run_id": 1,
    "session_id": "post",
    "subject_id": "26",
    "task_id": "rest"
  },
  "dummy_trs": 0,
  "dvars_nstd": 24.008903324791675,
  "dvars_std": 1.4066529107638885,
  "dvars_vstd": 0.9799557574999999,
  "efc": 0.37573992046718796,
  "fber": 314794.28125,
  "fd_mean": 0.18513347006300387,
  "fd_num": 48,
  "fd_perc": 33.10344827586207,
  "fwhm_avg": 1.886855,
  "fwhm_x": 1.8297,
  "fwhm_y": 2.067705,
  "fwhm_z": 1.76316,
  "gcor": 0.106007,
  "gsr_x": -0.019620442762970924,
  "gsr_y": 0.0037231978494673967,
  "provenance": {
    "md5sum": "20dfd0639ac0bef741c6bc7e66cfd22e",
    "settings": {
      "fd_thres": 0.2,
      "testing": false
    },
    "software": "mriqc",
    "version": "21.0.0rc2",
    "webapi_port": null,
    "webapi_url": "https://mriqc.nimh.nih.gov/api/v1"
  },
  "size_t": 145,
  "size_x": 64,
  "size_y": 64,
  "size_z": 30,
  "snr": 6.331353928415817,
  "spacing_tr": 1.670975923538208,
  "spacing_x": 4.0,
  "spacing_y": 4.0,
  "spacing_z": 4.0,
  "summary_bg_k": 102.0091864136602,
  "summary_bg_mad": 2682.4456620226015,
  "summary_bg_mean": 14464.9521484375,
  "summary_bg_median": 2082.658935546875,
  "summary_bg_n": 83725.0,
  "summary_bg_p05": 70.27522583007811,
  "summary_bg_p95": 71610.72031250005,
  "summary_bg_stdv": 41404.234375,
  "summary_fg_k": 1.7318102584411816,
  "summary_fg_mad": 171164.20222314398,
  "summary_fg_mean": 1193535.25,
  "summary_fg_median": 1176383.5,
  "summary_fg_n": 14145.0,
  "summary_fg_p05": 929974.6125,
  "summary_fg_p95": 1506399.4749999999,
  "summary_fg_stdv": 185796.265625,
  "tsnr": 65.0424575805664
}