{
  "aor": 0.0007543448275862068,
  "aqi": 0.003818129655172414,
  "bids_meta": {
    "CogAtlasID": "trm_4c8a834779883",
    "EPIFactor": 39,
    "EchoTime": 0.035,
    "FlipAngle": 75.0,
    "MagneticFieldStrength": 3.0,
    "Manufacturer": "Philips",
    "ManufacturerModelName": "Achieva",
    "NumberOfEchoes": 1,
    "NumberOfSlices": 30,
    "PatientPosition": "Head First Supine",
    "PhaseEncodingDirection": "i",
    "PixelBandwidth": 3725.996964,
    "PreparationDirection": "Anterior-Posterior",
    "RepetitionTime": 1.67098,
    "ScanDuration": 247.0,
    "ScanMode": "MS",
    "ScanOptions": [
      "FS"
    ],
    "ScanningSequence": "FEEPI",
    "TaskDescription": "Resting state BOLD data were separated in three runs lasting four minutes each.",
    "TaskInstructions": " Subjects were asked to relax while fixating the central point in the middle of a grey-background screen that was projected on a LCD screen and viewed through a mirror placed above the subject head.",
    "TaskName": "Resting State",
    "dataset": "ds000133",
    "modality": "bold",
    "run_id": 3,
    "session_id": "post",
    "subject_id": "26",
    "task_id": "rest"
  },
  "dummy_trs": 0,
  "dvars_nstd": 22.267370700555563,
  "dvars_std": 1.508028635833333,
  "dvars_vstd": 0.9787227940972217,
  "efc": 0.37549325368665515,
  "fber": 332928.15625,
  "fd_mean": 0.10187770992863264,
  "fd_num": 16,
  "fd_perc": 11.03448275862069,
  "fwhm_avg": 1.8726816666666668,
  "fwhm_x": 1.81711,
  "fwhm_y": 2.05441,
  "fwhm_z": 1.746525,
  "gcor": 0.0282435,
  "gsr_x": -0.01931621879339218,
  "gsr_y": 0.0035189958289265633,
  "provenance": {
    "md5sum": "c070afd5e1ba385b94e06a0c331befca",
    "settings": {
      "fd_thres": 0.2,
      "testing": false
    },
    "software": "mriqc",
    "version": "21.0.0rc2",
    "webapi_port": null,
    "webapi_url": "https://mriqc.nimh.nih.gov/api/v1"
  },
  "size_t": 145,
  "size_x": 64,
  "size_y": 64,
  "size_z": 30,
  "snr": 6.261766659776553,
  "spacing_tr": 1.670975923538208,
  "spacing_x": 4.0,
  "spacing_y": 4.0,
  "spacing_z": 4.0,
  "summary_bg_k": 117.75943896547199,
  "summary_bg_mad": 2686.237681429735,
  "summary_bg_mean": 14286.017578125,
  "summary_bg_median": 2018.6622314453125,
  "summary_bg_n": 83680.0,
  "summary_bg_p05": 41.72933235168457,
  "summary_bg_p95": 71506.13320312502,
  "summary_bg_stdv": 41322.10546875,
  "summary_fg_k": 1.9173582073967763,
  "summary_fg_mad": 171649.56912442727,
  "summary_fg_mean": 1192671.125,
  "summary_fg_median": 1175932.75,
  "summary_fg_n": 14182.0,
  "summary_fg_p05": 929960.9375,
  "summary_fg_p95": 1509504.24375,
  "summary_fg_stdv": 187789.0625,
  "tsnr": 90.63988494873047
}