{
  "aor": 0.0007199305555555556,
  "aqi": 0.00262316375,
  "bids_meta": {
    "CogAtlasID": "trm_4c8a834779883",
    "EPIFactor": 39,
    "EchoTime": 0.035,
    "FlipAngle": 75.0,
    "MagneticFieldStrength": 3.0,
    "Manufacturer": "Philips",
    "ManufacturerModelName": "Achieva",
    "NumberOfEchoes": 1,
    "NumberOfSlices": 30,
    "PatientPosition": "Head First Supine",
    "PhaseEncodingDirection": "i",
    "PixelBandwidth": 3730.340124,
    "PreparationDirection": "Anterior-Posterior",
    "RepetitionTime": 1.67065,
    "ScanDuration": 247.0,
    "ScanMode": "MS",
    "ScanOptions": [
      "FS"
    ],
    "ScanningSequence": "FEEPI",
    "TaskDescription": "Resting state BOLD data were separated in three runs lasting four minutes each.",
    "TaskInstructions": " Subjects were asked to relax while fixating the central point in the middle of a grey-background screen that was projected on a LCD screen and viewed through a mirror placed above the subject head.",
    "TaskName": "Resting State",
    "dataset": "ds000133",
    "modality": "bold",
    "run_id": 2,
    "session_id": "pre",
    "subject_id": "02",
    "task_id": "rest"
  },
  "dummy_trs": 1,
  "dvars_nstd": 20.794581346503506,
  "dvars_std": 1.4466166163636365,
  "dvars_vstd": 0.977068366083916,
  "efc": 0.3700849782912439,
  "fber": 172239.984375,
  "fd_mean": 0.07865939946715533,
  "fd_num": 4,
  "fd_perc": 2.7777777777777777,
  "fwhm_avg": 1.8535891666666668,
  "fwhm_x": 1.7591,
  "fwhm_y": 2.0533925,
  "fwhm_z": 1.748275,
  "gcor": 0.0303419,
  "gsr_x": -0.020015276968479156,
  "gsr_y": 0.008610867895185947,
  "provenance": {
    "md5sum": "90ceee8248079e21f1b705813bb29092",
    "settings": {
      "fd_thres": 0.2,
      "testing": false
    },
    "software": "mriqc",
    "version": "21.0.0rc2",
    "webapi_port": null,
    "webapi_url": "https://mriqc.nimh.nih.gov/api/v1"
  },
  "size_t": 144,
  "size_x": 64,
  "size_y": 64,
  "size_z": 30,
  "snr": 5.916140418309134,
  "spacing_tr": 1.6706490516662598,
  "spacing_x": 4.0,
  "spacing_y": 4.0,
  "spacing_z": 4.0,
  "summary_bg_k": 161.57188080530722,
  "summary_bg_mad": 3950.3091832376035,
  "summary_bg_mean": 19407.076171875,
  "summary_bg_median": 3285.8447265625,
  "summary_bg_n": 84639.0,
  "summary_bg_p05": 165.3908462524415,
  "summary_bg_p95": 88643.0890624999,
  "summary_bg_stdv": 57813.078125,
  "summary_fg_k": 1.190598882652722,
  "summary_fg_mad": 223968.00686160757,
  "summary_fg_mean": 1419642.5,
  "summary_fg_median": 1408513.75,
  "summary_fg_n": 13213.0,
  "summary_fg_p05": 1056306.725,
  "summary_fg_p95": 1813795.3,
  "summary_fg_stdv": 238070.828125,
  "tsnr": 94.22817993164062
}